{
  "aor": 0.0020382051282051283,
  "aqi": 0.008819516,
  "bids_meta": {
    "AcquisitionMatrixPE": 78,
    "AcquisitionNumber": 16,
    "AcquisitionTime": "11:33:14.480000",
    "ConversionSoftware": "dcm2niix",
    "ConversionSoftwareVersion": "v1.0.20180622 GCC4.9.2",
    "DeviceSerialNumber": "34111",
    "EchoTime": 0.03,
    "EchoTrainLength": 31,
    "FlipAngle": 75,
    "ImageOrientationPatientDICOM": [
      0.998746,
      0.00633731,
      0.0496559,
      -1.24683e-18,
      0.991954,
      -0.126598
    ],
    "ImageType": [
      "ORIGINAL",
      "PRIMARY",
      "M",
      "FFE",
      "M",
      "FFE"
    ],
    "InPlanePhaseEncodingDirectionDICOM": "COL",
    "InstitutionName": "INSERM_PURPAN",
    "InstitutionalDepartmentName": "NEURO-SCIENCES",
    "MRAcquisitionType": "2D",
    "MagneticFieldStrength": 3,
    "Manufacturer": "Philips",
    "ManufacturersModelName": "Achieva_dStream",
    "Modality": "MR",
    "PatientPosition": "HFS",
    "PercentPhaseFOV": 100,
    "PhaseEncodingAxis": "j",
    "PhaseEncodingSteps": 78,
    "PhilipsRescaleIntercept": 0,
    "PhilipsRescaleSlope": 0.811966,
    "PhilipsScaleSlope": 0.0257819,
    "PixelBandwidth": 3427,
    "ProtocolName": "EPI_run10_195dyn_SENSE",
    "ReconMatrixPE": 80,
    "RepetitionTime": 2,
    "SAR": 0.0793447,
    "ScanOptions": "FS",
    "ScanningSequence": "GR",
    "SequenceVariant": "SK",
    "SeriesDescription": "EPI_run10_195dyn",
    "SeriesNumber": 1601,
    "SliceThickness": 3,
    "SoftwareVersions": "5.1.7_5.1.7.2",
    "SpacingBetweenSlices": 3.2,
    "StationName": "PHILIPS-IL8E2TF",
    "TaskName": "faces",
    "UsePhilipsFloatNotDisplayScaling": 1,
    "dataset": "ds001761",
    "modality": "bold",
    "run_id": 10,
    "session_id": "01",
    "subject_id": "01",
    "task_id": "faces"
  },
  "dummy_trs": 0,
  "dvars_nstd": 27.887197484690706,
  "dvars_std": 1.1244301886597943,
  "dvars_vstd": 1.0137924337113404,
  "efc": 0.42095184810973657,
  "fber": 124224.390625,
  "fd_mean": 0.1259854865057648,
  "fd_num": 13,
  "fd_perc": 6.666666666666667,
  "fwhm_avg": 1.6894344215066095,
  "fwhm_x": 1.6484766666666666,
  "fwhm_y": 1.8393966666666666,
  "fwhm_z": 1.580429931186495,
  "gcor": 0.0236445,
  "gsr_x": -0.009857501834630966,
  "gsr_y": 0.01727059669792652,
  "provenance": {
    "md5sum": "9c6f93d631dd71ec1ddfffe25fd84800",
    "settings": {
      "fd_thres": 0.2,
      "testing": false
    },
    "software": "mriqc",
    "version": "21.0.0rc2",
    "webapi_port": null,
    "webapi_url": "https://mriqc.nimh.nih.gov/api/v1"
  },
  "size_t": 195,
  "size_x": 80,
  "size_y": 80,
  "size_z": 41,
  "snr": 5.304722962600974,
  "spacing_tr": 1.999998688697815,
  "spacing_x": 3.0,
  "spacing_y": 3.0,
  "spacing_z": 3.200002670288086,
  "summary_bg_k": 163.8752634561388,
  "summary_bg_mad": 152.96216642526855,
  "summary_bg_mean": 1276.6368408203125,
  "summary_bg_median": 147.60267639160156,
  "summary_bg_n": 180391.0,
  "summary_bg_p05": 21.02734375,
  "summary_bg_p95": 5844.74658203125,
  "summary_bg_stdv": 3978.023681640625,
  "summary_fg_k": 2.9517790582953882,
  "summary_fg_mad": 7932.550237523361,
  "summary_fg_mean": 53623.68359375,
  "summary_fg_median": 51959.70703125,
  "summary_fg_n": 38726.0,
  "summary_fg_p05": 41780.640625,
  "summary_fg_p95": 71883.49609375,
  "summary_fg_stdv": 9794.86328125,
  "tsnr": 54.51167297363281
}