{
  "aor": 0.003303928571428572,
  "aqi": 0.006728851250000001,
  "bids_meta": {
    "AcquisitionMatrixPE": 78,
    "AcquisitionNumber": 7,
    "AcquisitionTime": "10:38:24.690000",
    "ConversionSoftware": "dcm2niix",
    "ConversionSoftwareVersion": "v1.0.20180622 GCC4.9.2",
    "DeviceSerialNumber": "34111",
    "EchoTime": 0.03,
    "EchoTrainLength": 31,
    "FlipAngle": 75,
    "ImageOrientationPatientDICOM": [
      0.998746,
      0.00633731,
      0.0496559,
      -1.24683e-18,
      0.991954,
      -0.126598
    ],
    "ImageType": [
      "ORIGINAL",
      "PRIMARY",
      "M",
      "FFE",
      "M",
      "FFE"
    ],
    "InPlanePhaseEncodingDirectionDICOM": "COL",
    "InstitutionName": "INSERM_PURPAN",
    "InstitutionalDepartmentName": "NEURO-SCIENCES",
    "MRAcquisitionType": "2D",
    "MagneticFieldStrength": 3,
    "Manufacturer": "Philips",
    "ManufacturersModelName": "Achieva_dStream",
    "Modality": "MR",
    "PatientPosition": "HFS",
    "PercentPhaseFOV": 100,
    "PhaseEncodingAxis": "j",
    "PhaseEncodingSteps": 78,
    "PhilipsRescaleIntercept": 0,
    "PhilipsRescaleSlope": 0.855433,
    "PhilipsScaleSlope": 0.0257384,
    "PixelBandwidth": 3427,
    "ProtocolName": "EPI_LOCALIZER_56dyn_SENSE",
    "ReconMatrixPE": 80,
    "RepetitionTime": 2,
    "SAR": 0.0793447,
    "ScanOptions": "FS",
    "ScanningSequence": "GR",
    "SequenceVariant": "SK",
    "SeriesDescription": "EPI_LOCALIZER_56dyn",
    "SeriesNumber": 701,
    "SliceThickness": 3,
    "SoftwareVersions": "5.1.7_5.1.7.2",
    "SpacingBetweenSlices": 3.2,
    "StationName": "PHILIPS-IL8E2TF",
    "TaskName": "loc",
    "UsePhilipsFloatNotDisplayScaling": 1,
    "dataset": "ds001761",
    "modality": "bold",
    "run_id": 1,
    "session_id": "01",
    "subject_id": "01",
    "task_id": "loc"
  },
  "dummy_trs": 0,
  "dvars_nstd": 26.714314374363635,
  "dvars_std": 1.1106700263636362,
  "dvars_vstd": 1.0130082274545453,
  "efc": 0.4210855366680882,
  "fber": 132924.875,
  "fd_mean": 0.10586263389304666,
  "fd_num": 2,
  "fd_perc": 3.5714285714285716,
  "fwhm_avg": 1.6792245562249153,
  "fwhm_x": 1.6346066666666665,
  "fwhm_y": 1.8076433333333333,
  "fwhm_z": 1.5954236686747456,
  "gcor": 0.00948696,
  "gsr_x": -0.010703779757022858,
  "gsr_y": 0.015534845180809498,
  "provenance": {
    "md5sum": "dda95544223c8ad8e63b51b34dca4add",
    "settings": {
      "fd_thres": 0.2,
      "testing": false
    },
    "software": "mriqc",
    "version": "21.0.0rc2",
    "webapi_port": null,
    "webapi_url": "https://mriqc.nimh.nih.gov/api/v1"
  },
  "size_t": 56,
  "size_x": 80,
  "size_y": 80,
  "size_z": 41,
  "snr": 5.368161109838518,
  "spacing_tr": 1.999998688697815,
  "spacing_x": 3.0,
  "spacing_y": 3.0,
  "spacing_z": 3.200002670288086,
  "summary_bg_k": 158.53588808968146,
  "summary_bg_mad": 145.2934196843363,
  "summary_bg_mean": 1270.935546875,
  "summary_bg_median": 141.16372680664062,
  "summary_bg_n": 180676.0,
  "summary_bg_p05": 19.704004764556885,
  "summary_bg_p95": 5683.65185546875,
  "summary_bg_stdv": 3993.667724609375,
  "summary_fg_k": 3.132325553223449,
  "summary_fg_mad": 7736.959677271484,
  "summary_fg_mean": 53222.4375,
  "summary_fg_median": 51590.1796875,
  "summary_fg_n": 38625.0,
  "summary_fg_p05": 41818.3609375,
  "summary_fg_p95": 71197.95156249999,
  "summary_fg_stdv": 9610.2763671875,
  "tsnr": 65.1158447265625
}