{
  "aor": 0.0016794358974358973,
  "aqi": 0.00549767117948718,
  "bids_meta": {
    "AcquisitionMatrixPE": 78,
    "AcquisitionNumber": 4,
    "AcquisitionTime": "10:16:31.320000",
    "ConversionSoftware": "dcm2niix",
    "ConversionSoftwareVersion": "v1.0.20180622 GCC4.9.2",
    "DeviceSerialNumber": "34111",
    "EchoTime": 0.03,
    "EchoTrainLength": 31,
    "FlipAngle": 75,
    "ImageOrientationPatientDICOM": [
      0.998746,
      0.00633731,
      0.0496559,
      -1.24683e-18,
      0.991954,
      -0.126598
    ],
    "ImageType": [
      "ORIGINAL",
      "PRIMARY",
      "M",
      "FFE",
      "M",
      "FFE"
    ],
    "InPlanePhaseEncodingDirectionDICOM": "COL",
    "InstitutionName": "INSERM_PURPAN",
    "InstitutionalDepartmentName": "NEURO-SCIENCES",
    "MRAcquisitionType": "2D",
    "MagneticFieldStrength": 3,
    "Manufacturer": "Philips",
    "ManufacturersModelName": "Achieva_dStream",
    "Modality": "MR",
    "PatientPosition": "HFS",
    "PercentPhaseFOV": 100,
    "PhaseEncodingAxis": "j",
    "PhaseEncodingSteps": 78,
    "PhilipsRescaleIntercept": 0,
    "PhilipsRescaleSlope": 0.81978,
    "PhilipsScaleSlope": 0.0243462,
    "PixelBandwidth": 3427,
    "ProtocolName": "EPI_run1_195dyn_SENSE",
    "ReconMatrixPE": 80,
    "RepetitionTime": 2,
    "SAR": 0.0793447,
    "ScanOptions": "FS",
    "ScanningSequence": "GR",
    "SequenceVariant": "SK",
    "SeriesDescription": "EPI_run1_195dyn",
    "SeriesNumber": 401,
    "SliceThickness": 3,
    "SoftwareVersions": "5.1.7_5.1.7.2",
    "SpacingBetweenSlices": 3.2,
    "StationName": "PHILIPS-IL8E2TF",
    "TaskName": "faces",
    "UsePhilipsFloatNotDisplayScaling": 1,
    "dataset": "ds001761",
    "modality": "bold",
    "run_id": 1,
    "session_id": "01",
    "subject_id": "01",
    "task_id": "faces"
  },
  "dummy_trs": 0,
  "dvars_nstd": 25.18624410938145,
  "dvars_std": 1.1543963575773195,
  "dvars_vstd": 1.0199898566494847,
  "efc": 0.4196819213955888,
  "fber": 136066.734375,
  "fd_mean": 0.11140864850823898,
  "fd_num": 9,
  "fd_perc": 4.615384615384615,
  "fwhm_avg": 1.7136157938765815,
  "fwhm_x": 1.6649266666666669,
  "fwhm_y": 1.8361033333333332,
  "fwhm_z": 1.6398173816297446,
  "gcor": 0.0186086,
  "gsr_x": -0.01189599558711052,
  "gsr_y": 0.01602189801633358,
  "provenance": {
    "md5sum": "4832423adc82a1b0d71d15fa7dc2abc0",
    "settings": {
      "fd_thres": 0.2,
      "testing": false
    },
    "software": "mriqc",
    "version": "21.0.0rc2",
    "webapi_port": null,
    "webapi_url": "https://mriqc.nimh.nih.gov/api/v1"
  },
  "size_t": 195,
  "size_x": 80,
  "size_y": 80,
  "size_z": 41,
  "snr": 5.018067924781175,
  "spacing_tr": 1.999998688697815,
  "spacing_x": 3.0,
  "spacing_y": 3.0,
  "spacing_z": 3.200002670288086,
  "summary_bg_k": 170.90553286944265,
  "summary_bg_mad": 153.13017967029856,
  "summary_bg_mean": 1325.116943359375,
  "summary_bg_median": 147.85894775390625,
  "summary_bg_n": 180773.0,
  "summary_bg_p05": 22.183128356933594,
  "summary_bg_p95": 5750.575878906247,
  "summary_bg_stdv": 4178.6513671875,
  "summary_fg_k": 2.975949060745391,
  "summary_fg_mad": 8759.239968298218,
  "summary_fg_mean": 56213.0,
  "summary_fg_median": 54422.0390625,
  "summary_fg_n": 38582.0,
  "summary_fg_p05": 43043.7302734375,
  "summary_fg_p95": 76472.00507812499,
  "summary_fg_stdv": 10845.0771484375,
  "tsnr": 64.8985595703125
}