{
  "aor": 0.002174564102564103,
  "aqi": 0.009507194051282052,
  "bids_meta": {
    "AcquisitionMatrixPE": 78,
    "AcquisitionNumber": 5,
    "AcquisitionTime": "10:23:40.830000",
    "ConversionSoftware": "dcm2niix",
    "ConversionSoftwareVersion": "v1.0.20180622 GCC4.9.2",
    "DeviceSerialNumber": "34111",
    "EchoTime": 0.03,
    "EchoTrainLength": 31,
    "FlipAngle": 75,
    "ImageOrientationPatientDICOM": [
      0.998746,
      0.00633731,
      0.0496559,
      -1.24683e-18,
      0.991954,
      -0.126598
    ],
    "ImageType": [
      "ORIGINAL",
      "PRIMARY",
      "M",
      "FFE",
      "M",
      "FFE"
    ],
    "InPlanePhaseEncodingDirectionDICOM": "COL",
    "InstitutionName": "INSERM_PURPAN",
    "InstitutionalDepartmentName": "NEURO-SCIENCES",
    "MRAcquisitionType": "2D",
    "MagneticFieldStrength": 3,
    "Manufacturer": "Philips",
    "ManufacturersModelName": "Achieva_dStream",
    "Modality": "MR",
    "PatientPosition": "HFS",
    "PercentPhaseFOV": 100,
    "PhaseEncodingAxis": "j",
    "PhaseEncodingSteps": 78,
    "PhilipsRescaleIntercept": 0,
    "PhilipsRescaleSlope": 0.819292,
    "PhilipsScaleSlope": 0.02543,
    "PixelBandwidth": 3427,
    "ProtocolName": "EPI_run2_195dyn_SENSE",
    "ReconMatrixPE": 80,
    "RepetitionTime": 2,
    "SAR": 0.0793447,
    "ScanOptions": "FS",
    "ScanningSequence": "GR",
    "SequenceVariant": "SK",
    "SeriesDescription": "EPI_run2_195dyn",
    "SeriesNumber": 501,
    "SliceThickness": 3,
    "SoftwareVersions": "5.1.7_5.1.7.2",
    "SpacingBetweenSlices": 3.2,
    "StationName": "PHILIPS-IL8E2TF",
    "TaskName": "faces",
    "UsePhilipsFloatNotDisplayScaling": 1,
    "dataset": "ds001761",
    "modality": "bold",
    "run_id": 2,
    "session_id": "01",
    "subject_id": "01",
    "task_id": "faces"
  },
  "dummy_trs": 0,
  "dvars_nstd": 27.284101141958757,
  "dvars_std": 1.1143437271134027,
  "dvars_vstd": 1.0042757648453613,
  "efc": 0.421235306050173,
  "fber": 131118.828125,
  "fd_mean": 0.11304692888807565,
  "fd_num": 8,
  "fd_perc": 4.102564102564102,
  "fwhm_avg": 1.6894300425159576,
  "fwhm_x": 1.6482033333333332,
  "fwhm_y": 1.82531,
  "fwhm_z": 1.5947767942145397,
  "gcor": 0.0119512,
  "gsr_x": -0.011723572388291359,
  "gsr_y": 0.015413867309689522,
  "provenance": {
    "md5sum": "a31a5a715d8a17ed9403d798862b42d4",
    "settings": {
      "fd_thres": 0.2,
      "testing": false
    },
    "software": "mriqc",
    "version": "21.0.0rc2",
    "webapi_port": null,
    "webapi_url": "https://mriqc.nimh.nih.gov/api/v1"
  },
  "size_t": 195,
  "size_x": 80,
  "size_y": 80,
  "size_z": 41,
  "snr": 5.31773150632952,
  "spacing_tr": 1.999998688697815,
  "spacing_x": 3.0,
  "spacing_y": 3.0,
  "spacing_z": 3.200002670288086,
  "summary_bg_k": 159.36431353744095,
  "summary_bg_mad": 151.38023352300283,
  "summary_bg_mean": 1324.2105712890625,
  "summary_bg_median": 146.60140991210938,
  "summary_bg_n": 180850.0,
  "summary_bg_p05": 22.57598810195923,
  "summary_bg_p95": 5834.836083984356,
  "summary_bg_stdv": 4138.20654296875,
  "summary_fg_k": 3.0283476564131844,
  "summary_fg_mad": 8066.1205354393915,
  "summary_fg_mean": 54797.83984375,
  "summary_fg_median": 53132.875,
  "summary_fg_n": 38617.0,
  "summary_fg_p05": 42808.7015625,
  "summary_fg_p95": 73508.45,
  "summary_fg_stdv": 9991.513671875,
  "tsnr": 55.960304260253906
}