{
  "aor": 0.0016132820512820515,
  "aqi": 0.010261515948717949,
  "bids_meta": {
    "AcquisitionMatrixPE": 78,
    "AcquisitionNumber": 6,
    "AcquisitionTime": "10:30:53.980000",
    "ConversionSoftware": "dcm2niix",
    "ConversionSoftwareVersion": "v1.0.20180622 GCC4.9.2",
    "DeviceSerialNumber": "34111",
    "EchoTime": 0.03,
    "EchoTrainLength": 31,
    "FlipAngle": 75,
    "ImageOrientationPatientDICOM": [
      0.998746,
      0.00633731,
      0.0496559,
      -1.24683e-18,
      0.991954,
      -0.126598
    ],
    "ImageType": [
      "ORIGINAL",
      "PRIMARY",
      "M",
      "FFE",
      "M",
      "FFE"
    ],
    "InPlanePhaseEncodingDirectionDICOM": "COL",
    "InstitutionName": "INSERM_PURPAN",
    "InstitutionalDepartmentName": "NEURO-SCIENCES",
    "MRAcquisitionType": "2D",
    "MagneticFieldStrength": 3,
    "Manufacturer": "Philips",
    "ManufacturersModelName": "Achieva_dStream",
    "Modality": "MR",
    "PatientPosition": "HFS",
    "PercentPhaseFOV": 100,
    "PhaseEncodingAxis": "j",
    "PhaseEncodingSteps": 78,
    "PhilipsRescaleIntercept": 0,
    "PhilipsRescaleSlope": 0.817827,
    "PhilipsScaleSlope": 0.0255163,
    "PixelBandwidth": 3427,
    "ProtocolName": "EPI_run3_195dyn_SENSE",
    "ReconMatrixPE": 80,
    "RepetitionTime": 2,
    "SAR": 0.0793447,
    "ScanOptions": "FS",
    "ScanningSequence": "GR",
    "SequenceVariant": "SK",
    "SeriesDescription": "EPI_run3_195dyn",
    "SeriesNumber": 601,
    "SliceThickness": 3,
    "SoftwareVersions": "5.1.7_5.1.7.2",
    "SpacingBetweenSlices": 3.2,
    "StationName": "PHILIPS-IL8E2TF",
    "TaskName": "faces",
    "UsePhilipsFloatNotDisplayScaling": 1,
    "dataset": "ds001761",
    "modality": "bold",
    "run_id": 3,
    "session_id": "01",
    "subject_id": "01",
    "task_id": "faces"
  },
  "dummy_trs": 0,
  "dvars_nstd": 26.328318143814407,
  "dvars_std": 1.0882368980927841,
  "dvars_vstd": 0.9855569775773203,
  "efc": 0.4209427954844996,
  "fber": 132000.0,
  "fd_mean": 0.12665710366748015,
  "fd_num": 17,
  "fd_perc": 8.717948717948717,
  "fwhm_avg": 1.6966473311585604,
  "fwhm_x": 1.6552433333333332,
  "fwhm_y": 1.8290499999999998,
  "fwhm_z": 1.6056486601423479,
  "gcor": 0.0124561,
  "gsr_x": -0.011128386482596397,
  "gsr_y": 0.016103778034448624,
  "provenance": {
    "md5sum": "12cacfddc66aa72f873e9bd8ca2146a6",
    "settings": {
      "fd_thres": 0.2,
      "testing": false
    },
    "software": "mriqc",
    "version": "21.0.0rc2",
    "webapi_port": null,
    "webapi_url": "https://mriqc.nimh.nih.gov/api/v1"
  },
  "size_t": 195,
  "size_x": 80,
  "size_y": 80,
  "size_z": 41,
  "snr": 5.294481613910315,
  "spacing_tr": 1.999998688697815,
  "spacing_x": 3.0,
  "spacing_y": 3.0,
  "spacing_z": 3.200002670288086,
  "summary_bg_k": 162.6334310838757,
  "summary_bg_mad": 152.18583404258808,
  "summary_bg_mean": 1308.8331298828125,
  "summary_bg_median": 146.0896453857422,
  "summary_bg_n": 180723.0,
  "summary_bg_p05": 21.654766273498538,
  "summary_bg_p95": 5852.607910156249,
  "summary_bg_stdv": 4109.8046875,
  "summary_fg_k": 3.061204906646063,
  "summary_fg_mad": 8010.071221881981,
  "summary_fg_mean": 54543.61328125,
  "summary_fg_median": 52849.3046875,
  "summary_fg_n": 38650.0,
  "summary_fg_p05": 42591.5716796875,
  "summary_fg_p95": 73261.53164062499,
  "summary_fg_stdv": 9981.8310546875,
  "tsnr": 53.9381103515625
}