{
  "aor": 0.005796250000000001,
  "aqi": 0.009775538750000002,
  "bids_meta": {
    "AcquisitionMatrixPE": 78,
    "AcquisitionNumber": 12,
    "AcquisitionTime": "11:08:59.700000",
    "ConversionSoftware": "dcm2niix",
    "ConversionSoftwareVersion": "v1.0.20180622 GCC4.9.2",
    "DeviceSerialNumber": "34111",
    "EchoTime": 0.03,
    "EchoTrainLength": 31,
    "FlipAngle": 75,
    "ImageOrientationPatientDICOM": [
      0.998746,
      0.00633731,
      0.0496559,
      -1.24683e-18,
      0.991954,
      -0.126598
    ],
    "ImageType": [
      "ORIGINAL",
      "PRIMARY",
      "M",
      "FFE",
      "M",
      "FFE"
    ],
    "InPlanePhaseEncodingDirectionDICOM": "COL",
    "InstitutionName": "INSERM_PURPAN",
    "InstitutionalDepartmentName": "NEURO-SCIENCES",
    "MRAcquisitionType": "2D",
    "MagneticFieldStrength": 3,
    "Manufacturer": "Philips",
    "ManufacturersModelName": "Achieva_dStream",
    "Modality": "MR",
    "PatientPosition": "HFS",
    "PercentPhaseFOV": 100,
    "PhaseEncodingAxis": "j",
    "PhaseEncodingSteps": 78,
    "PhilipsRescaleIntercept": 0,
    "PhilipsRescaleSlope": 0.809768,
    "PhilipsScaleSlope": 0.025685,
    "PixelBandwidth": 3427,
    "ProtocolName": "EPI_LOCALIZER_56dyn_SENSE",
    "ReconMatrixPE": 80,
    "RepetitionTime": 2,
    "SAR": 0.0793447,
    "ScanOptions": "FS",
    "ScanningSequence": "GR",
    "SequenceVariant": "SK",
    "SeriesDescription": "EPI_LOCALIZER_56dyn",
    "SeriesNumber": 1201,
    "SliceThickness": 3,
    "SoftwareVersions": "5.1.7_5.1.7.2",
    "SpacingBetweenSlices": 3.2,
    "StationName": "PHILIPS-IL8E2TF",
    "TaskName": "loc",
    "UsePhilipsFloatNotDisplayScaling": 1,
    "dataset": "ds001761",
    "modality": "bold",
    "run_id": 2,
    "session_id": "01",
    "subject_id": "01",
    "task_id": "loc"
  },
  "dummy_trs": 0,
  "dvars_nstd": 29.350573521818188,
  "dvars_std": 1.1169962443636363,
  "dvars_vstd": 1.0116160601818183,
  "efc": 0.42026361941134227,
  "fber": 128193.796875,
  "fd_mean": 0.17791134241126788,
  "fd_num": 12,
  "fd_perc": 21.428571428571427,
  "fwhm_avg": 1.6854401817125553,
  "fwhm_x": 1.64344,
  "fwhm_y": 1.81921,
  "fwhm_z": 1.5936705451376658,
  "gcor": 0.0306357,
  "gsr_x": -0.010683323256671429,
  "gsr_y": 0.01656658761203289,
  "provenance": {
    "md5sum": "efd544ef0dff46c4131305e812a261f6",
    "settings": {
      "fd_thres": 0.2,
      "testing": false
    },
    "software": "mriqc",
    "version": "21.0.0rc2",
    "webapi_port": null,
    "webapi_url": "https://mriqc.nimh.nih.gov/api/v1"
  },
  "size_t": 56,
  "size_x": 80,
  "size_y": 80,
  "size_z": 41,
  "snr": 5.260327814943012,
  "spacing_tr": 1.999998688697815,
  "spacing_x": 3.0,
  "spacing_y": 3.0,
  "spacing_z": 3.200002670288086,
  "summary_bg_k": 174.16554884032303,
  "summary_bg_mad": 153.74025772400262,
  "summary_bg_mean": 1264.715087890625,
  "summary_bg_median": 147.3126220703125,
  "summary_bg_n": 180557.0,
  "summary_bg_p05": 20.628006744384766,
  "summary_bg_p95": 5793.253027343737,
  "summary_bg_stdv": 3903.078369140625,
  "summary_fg_k": 2.943409746933666,
  "summary_fg_mad": 8158.728155654289,
  "summary_fg_mean": 54548.984375,
  "summary_fg_median": 52809.8515625,
  "summary_fg_n": 38780.0,
  "summary_fg_p05": 42503.3255859375,
  "summary_fg_p95": 73311.39335937497,
  "summary_fg_stdv": 10039.140625,
  "tsnr": 54.460044860839844
}