{
  "aor": 0.0012509230769230768,
  "aqi": 0.011647923025641027,
  "bids_meta": {
    "AcquisitionMatrixPE": 78,
    "AcquisitionNumber": 10,
    "AcquisitionTime": "10:54:45.380000",
    "ConversionSoftware": "dcm2niix",
    "ConversionSoftwareVersion": "v1.0.20180622 GCC4.9.2",
    "DeviceSerialNumber": "34111",
    "EchoTime": 0.03,
    "EchoTrainLength": 31,
    "FlipAngle": 75,
    "ImageOrientationPatientDICOM": [
      0.998746,
      0.00633731,
      0.0496559,
      -1.24683e-18,
      0.991954,
      -0.126598
    ],
    "ImageType": [
      "ORIGINAL",
      "PRIMARY",
      "M",
      "FFE",
      "M",
      "FFE"
    ],
    "InPlanePhaseEncodingDirectionDICOM": "COL",
    "InstitutionName": "INSERM_PURPAN",
    "InstitutionalDepartmentName": "NEURO-SCIENCES",
    "MRAcquisitionType": "2D",
    "MagneticFieldStrength": 3,
    "Manufacturer": "Philips",
    "ManufacturersModelName": "Achieva_dStream",
    "Modality": "MR",
    "PatientPosition": "HFS",
    "PercentPhaseFOV": 100,
    "PhaseEncodingAxis": "j",
    "PhaseEncodingSteps": 78,
    "PhilipsRescaleIntercept": 0,
    "PhilipsRescaleSlope": 0.831013,
    "PhilipsScaleSlope": 0.0256118,
    "PixelBandwidth": 3427,
    "ProtocolName": "EPI_run5_195dyn_SENSE",
    "ReconMatrixPE": 80,
    "RepetitionTime": 2,
    "SAR": 0.0793447,
    "ScanOptions": "FS",
    "ScanningSequence": "GR",
    "SequenceVariant": "SK",
    "SeriesDescription": "EPI_run5_195dyn",
    "SeriesNumber": 1001,
    "SliceThickness": 3,
    "SoftwareVersions": "5.1.7_5.1.7.2",
    "SpacingBetweenSlices": 3.2,
    "StationName": "PHILIPS-IL8E2TF",
    "TaskName": "faces",
    "UsePhilipsFloatNotDisplayScaling": 1,
    "dataset": "ds001761",
    "modality": "bold",
    "run_id": 5,
    "session_id": "01",
    "subject_id": "01",
    "task_id": "faces"
  },
  "dummy_trs": 0,
  "dvars_nstd": 28.12549813288659,
  "dvars_std": 1.1080809254123714,
  "dvars_vstd": 0.9916855170103088,
  "efc": 0.42136143165579504,
  "fber": 124187.203125,
  "fd_mean": 0.12293113359607673,
  "fd_num": 16,
  "fd_perc": 8.205128205128204,
  "fwhm_avg": 1.6921847661880616,
  "fwhm_x": 1.6540166666666665,
  "fwhm_y": 1.8329733333333333,
  "fwhm_z": 1.589564298564185,
  "gcor": 0.0235981,
  "gsr_x": -0.010911921970546246,
  "gsr_y": 0.01679156720638275,
  "provenance": {
    "md5sum": "dc733159bdff66e27fa73f7da9a8a613",
    "settings": {
      "fd_thres": 0.2,
      "testing": false
    },
    "software": "mriqc",
    "version": "21.0.0rc2",
    "webapi_port": null,
    "webapi_url": "https://mriqc.nimh.nih.gov/api/v1"
  },
  "size_t": 195,
  "size_x": 80,
  "size_y": 80,
  "size_z": 41,
  "snr": 5.297696021016008,
  "spacing_tr": 1.999998688697815,
  "spacing_x": 3.0,
  "spacing_y": 3.0,
  "spacing_z": 3.200002670288086,
  "summary_bg_k": 162.58331841291485,
  "summary_bg_mad": 159.1728594207841,
  "summary_bg_mean": 1309.214599609375,
  "summary_bg_median": 149.43280029296875,
  "summary_bg_n": 180646.0,
  "summary_bg_p05": 22.028478145599365,
  "summary_bg_p95": 5933.2166748046875,
  "summary_bg_stdv": 4050.861083984375,
  "summary_fg_k": 2.9825819450805167,
  "summary_fg_mad": 8024.532384927326,
  "summary_fg_mean": 54333.83203125,
  "summary_fg_median": 52628.7578125,
  "summary_fg_n": 38706.0,
  "summary_fg_p05": 42348.1484375,
  "summary_fg_p95": 72950.220703125,
  "summary_fg_stdv": 9934.14453125,
  "tsnr": 50.166725158691406
}