{
  "bids_meta": {
    "AcquisitionMatrixPE": 240,
    "AcquisitionNumber": 2,
    "AcquisitionTime": "10:07:18.510000",
    "BodyPartExamined": "HEAD",
    "ConversionSoftware": "dcm2niix",
    "ConversionSoftwareVersion": "v1.0.20180622 GCC4.9.2",
    "DeviceSerialNumber": "34111",
    "EchoTime": 0.003739,
    "EchoTrainLength": 119,
    "FlipAngle": 8,
    "ImageOrientationPatientDICOM": [
      0.0811749,
      0.9967,
      -3.13066e-12,
      0.0247115,
      -0.00201259,
      -0.999693
    ],
    "ImageType": [
      "ORIGINAL",
      "PRIMARY",
      "M",
      "FFE",
      "M",
      "FFE"
    ],
    "InPlanePhaseEncodingDirectionDICOM": "ROW",
    "MRAcquisitionType": "3D",
    "MagneticFieldStrength": 3,
    "Manufacturer": "Philips",
    "ManufacturersModelName": "Achieva_dStream",
    "Modality": "MR",
    "PatientPosition": "HFS",
    "PercentPhaseFOV": 100,
    "PhaseEncodingSteps": 240,
    "PhilipsRescaleIntercept": 0,
    "PhilipsRescaleSlope": 4.60513,
    "PhilipsScaleSlope": 0.00171501,
    "PixelBandwidth": 191,
    "ProtocolName": "sT1W_1mm_3D_32ch",
    "ReconMatrixPE": 240,
    "RepetitionTime": 0.0081676,
    "SAR": 0.0131201,
    "ScanOptions": "OTHER",
    "ScanningSequence": "GR",
    "SequenceVariant": "MP",
    "SeriesDescription": "sT1W_1mm_3D_32ch",
    "SeriesNumber": 201,
    "SliceThickness": 1,
    "SoftwareVersions": "5.3.1_5.3.1.1",
    "SpacingBetweenSlices": 1,
    "StationName": "HOST_INGENIA",
    "UsePhilipsFloatNotDisplayScaling": 1,
    "acq_id": "01",
    "dataset": "ds001761",
    "modality": "T1w",
    "session_id": "06",
    "subject_id": "01"
  },
  "cjv": 0.3043364351212279,
  "cnr": 3.9199150694648894,
  "efc": 0.7348301643440678,
  "fber": 500.44281005859375,
  "fwhm_avg": 3.682323686560966,
  "fwhm_x": 3.694951059682898,
  "fwhm_y": 3.94251,
  "fwhm_z": 3.40951,
  "icvs_csf": 0.25575202148403703,
  "icvs_gm": 0.36684367049433375,
  "icvs_wm": 0.3774043080216292,
  "inu_med": 2.3264479637145996,
  "inu_range": 0.6073139309883118,
  "provenance": {
    "md5sum": "4175ae44f2c6cda43296b33d3c8a7659",
    "settings": {
      "testing": false
    },
    "software": "mriqc",
    "version": "21.0.0rc2",
    "warnings": {
      "large_rot_frame": true,
      "small_air_mask": true
    },
    "webapi_port": null,
    "webapi_url": "https://mriqc.nimh.nih.gov/api/v1"
  },
  "qi_1": 0.0,
  "qi_2": 8.602093377186834e-06,
  "rpve_csf": 19.587885889605317,
  "rpve_gm": 12.74647116360812,
  "rpve_wm": 17.050038988916633,
  "size_x": 170,
  "size_y": 240,
  "size_z": 240,
  "snr_csf": 3.232913428310187,
  "snr_gm": 7.424035521810584,
  "snr_total": 10.415855812691968,
  "snr_wm": 20.590618487955133,
  "snrd_csf": 21.382982367234565,
  "snrd_gm": 43.29976437884603,
  "snrd_total": 44.84434368719187,
  "snrd_wm": 69.85028431549505,
  "spacing_x": 1.0000051259994507,
  "spacing_y": 1.0,
  "spacing_z": 1.0,
  "summary_bg_k": 1.7480633460770614,
  "summary_bg_mad": 9.37912028160121,
  "summary_bg_mean": 10.721942901611328,
  "summary_bg_median": 9.456950187683105,
  "summary_bg_n": 265152.0,
  "summary_bg_p05": 0.0,
  "summary_bg_p95": 26.010621643066404,
  "summary_bg_stdv": 8.53383731842041,
  "summary_csf_k": 18.894823625455103,
  "summary_csf_mad": 82.3125205384895,
  "summary_csf_mean": 300.3067321777344,
  "summary_csf_median": 306.1249084472656,
  "summary_csf_n": 8887.0,
  "summary_csf_p05": 127.98503189086914,
  "summary_csf_p95": 438.0377868652341,
  "summary_csf_stdv": 94.68477630615234,
  "summary_gm_k": 0.5335150055673918,
  "summary_gm_mad": 74.23114396830752,
  "summary_gm_mean": 625.3966674804688,
  "summary_gm_median": 619.891845703125,
  "summary_gm_n": 11144.0,
  "summary_gm_p05": 495.80322113037107,
  "summary_gm_p95": 776.1765106201173,
  "summary_gm_stdv": 83.49421691894531,
  "summary_wm_k": 2.2197869253302054,
  "summary_wm_mad": 41.448613608932064,
  "summary_wm_mean": 998.8087158203125,
  "summary_wm_median": 999.9967041015625,
  "summary_wm_n": 193455.0,
  "summary_wm_p05": 917.332177734375,
  "summary_wm_p95": 1073.4005126953125,
  "summary_wm_stdv": 48.565521240234375,
  "tpm_overlap_csf": 0.15014885365962982,
  "tpm_overlap_gm": 0.4087301194667816,
  "tpm_overlap_wm": 0.5010853409767151,
  "wm2max": 0.6189746408902184
}