{
  "aor": 0.0028127941176470583,
  "aqi": 0.006539987647058824,
  "bids_meta": {
    "AcquisitionMatrixPE": 78,
    "AcquisitionNumber": 11,
    "AcquisitionTime": "13:19:9.140000",
    "BodyPartExamined": "HEAD",
    "ConversionSoftware": "dcm2niix",
    "ConversionSoftwareVersion": "v1.0.20180622 GCC4.9.2",
    "DeviceSerialNumber": "34111",
    "EchoTime": 0.030001,
    "EchoTrainLength": 31,
    "FlipAngle": 75,
    "ImageOrientationPatientDICOM": [
      0.999138,
      0.0354676,
      0.0215574,
      -0.0327312,
      0.992685,
      -0.116209
    ],
    "ImageType": [
      "ORIGINAL",
      "PRIMARY",
      "M",
      "FFE",
      "M",
      "FFE"
    ],
    "InPlanePhaseEncodingDirectionDICOM": "COL",
    "MRAcquisitionType": "2D",
    "MagneticFieldStrength": 3,
    "Manufacturer": "Philips",
    "ManufacturersModelName": "Achieva_dStream",
    "Modality": "MR",
    "PatientPosition": "HFS",
    "PercentPhaseFOV": 100,
    "PhaseEncodingAxis": "j",
    "PhaseEncodingSteps": 78,
    "PhilipsRescaleIntercept": 0,
    "PhilipsRescaleSlope": 0.786325,
    "PhilipsScaleSlope": 0.00771894,
    "PixelBandwidth": 3420,
    "ProtocolName": "EPI_run9_204dyn",
    "ReconMatrixPE": 80,
    "RepetitionTime": 2,
    "SAR": 0.0791062,
    "ScanOptions": "FS",
    "ScanningSequence": "GR",
    "SequenceVariant": "SK",
    "SeriesDescription": "EPI_run9_204dyn",
    "SeriesNumber": 1101,
    "SliceThickness": 3,
    "SoftwareVersions": "5.3.1_5.3.1.1",
    "SpacingBetweenSlices": 3.2,
    "StationName": "HOST_INGENIA",
    "TaskName": "faces",
    "UsePhilipsFloatNotDisplayScaling": 1,
    "dataset": "ds001761",
    "modality": "bold",
    "run_id": 9,
    "session_id": "07",
    "subject_id": "02",
    "task_id": "faces"
  },
  "dummy_trs": 0,
  "dvars_nstd": 24.773559231921194,
  "dvars_std": 1.166768923990147,
  "dvars_vstd": 1.0016966340394087,
  "efc": 0.44878500382719855,
  "fber": 99135.0546875,
  "fd_mean": 0.11134323303736574,
  "fd_num": 18,
  "fd_perc": 8.823529411764707,
  "fwhm_avg": 1.9066740071817667,
  "fwhm_x": 1.8484766666666665,
  "fwhm_y": 2.086113333333333,
  "fwhm_z": 1.7854320215453001,
  "gcor": 0.0222077,
  "gsr_x": -0.008179239928722382,
  "gsr_y": 0.016105005517601967,
  "provenance": {
    "md5sum": "abc0af794318e52735b620a441ff18ba",
    "settings": {
      "fd_thres": 0.2,
      "testing": false
    },
    "software": "mriqc",
    "version": "21.0.0rc2",
    "webapi_port": null,
    "webapi_url": "https://mriqc.nimh.nih.gov/api/v1"
  },
  "size_t": 204,
  "size_x": 80,
  "size_y": 80,
  "size_z": 41,
  "snr": 5.47210267670672,
  "spacing_tr": 1.9999991655349731,
  "spacing_x": 3.0,
  "spacing_y": 3.0,
  "spacing_z": 3.199998617172241,
  "summary_bg_k": 144.97776476764187,
  "summary_bg_mad": 615.6680020359856,
  "summary_bg_mean": 3646.629150390625,
  "summary_bg_median": 498.6856384277344,
  "summary_bg_n": 172029.0,
  "summary_bg_p05": 26.555451583862297,
  "summary_bg_p95": 16522.923828125004,
  "summary_bg_stdv": 10438.64453125,
  "summary_fg_k": 2.5328773365324686,
  "summary_fg_mad": 27250.43726706994,
  "summary_fg_mean": 163761.96875,
  "summary_fg_median": 161103.125,
  "summary_fg_n": 44136.0,
  "summary_fg_p05": 122893.5703125,
  "summary_fg_p95": 212343.2890625,
  "summary_fg_stdv": 29440.474609375,
  "tsnr": 64.43714141845703
}