{
  "bids_meta": {
    "AcquisitionMatrixPE": 240,
    "AcquisitionNumber": 2,
    "AcquisitionTime": "10:09:34.800000",
    "BodyPartExamined": "HEAD",
    "ConversionSoftware": "dcm2niix",
    "ConversionSoftwareVersion": "v1.0.20180622 GCC4.9.2",
    "DeviceSerialNumber": "34111",
    "EchoTime": 0.00373,
    "EchoTrainLength": 119,
    "FlipAngle": 8,
    "ImageOrientationPatientDICOM": [
      0,
      1,
      0,
      0.0658457,
      0,
      -0.99783
    ],
    "ImageType": [
      "ORIGINAL",
      "PRIMARY",
      "M",
      "FFE",
      "M",
      "FFE"
    ],
    "InPlanePhaseEncodingDirectionDICOM": "ROW",
    "MRAcquisitionType": "3D",
    "MagneticFieldStrength": 3,
    "Manufacturer": "Philips",
    "ManufacturersModelName": "Achieva_dStream",
    "Modality": "MR",
    "PatientPosition": "HFS",
    "PercentPhaseFOV": 100,
    "PhaseEncodingSteps": 240,
    "PhilipsRescaleIntercept": 0,
    "PhilipsRescaleSlope": 4.48987,
    "PhilipsScaleSlope": 0.00168192,
    "PixelBandwidth": 191,
    "ProtocolName": "sT1W_1mm_3D_32ch",
    "ReconMatrixPE": 240,
    "RepetitionTime": 0.0081319,
    "SAR": 0.0130521,
    "ScanOptions": "OTHER",
    "ScanningSequence": "GR",
    "SequenceVariant": "MP",
    "SeriesDescription": "sT1W_1mm_3D_32ch",
    "SeriesNumber": 201,
    "SliceThickness": 1,
    "SoftwareVersions": "5.3.1_5.3.1.1",
    "SpacingBetweenSlices": 1,
    "StationName": "HOST_INGENIA",
    "UsePhilipsFloatNotDisplayScaling": 1,
    "acq_id": "01",
    "dataset": "ds001761",
    "modality": "T1w",
    "session_id": "06",
    "subject_id": "03"
  },
  "cjv": 0.2723036327280568,
  "cnr": 4.296584273414464,
  "efc": 0.743814765015183,
  "fber": 246.064697265625,
  "fwhm_avg": 3.7276114206572704,
  "fwhm_x": 3.7720042619718113,
  "fwhm_y": 3.96622,
  "fwhm_z": 3.44461,
  "icvs_csf": 0.2660373830195315,
  "icvs_gm": 0.3498551054692291,
  "icvs_wm": 0.38410751151123934,
  "inu_med": 2.4659817218780518,
  "inu_range": 0.6959432125091549,
  "provenance": {
    "md5sum": "85b6de6aea040e14076f6a073ae219f8",
    "settings": {
      "testing": false
    },
    "software": "mriqc",
    "version": "21.0.0rc2",
    "warnings": {
      "large_rot_frame": true,
      "small_air_mask": true
    },
    "webapi_port": null,
    "webapi_url": "https://mriqc.nimh.nih.gov/api/v1"
  },
  "qi_1": 0.0,
  "qi_2": 3.4321746659743506e-05,
  "rpve_csf": 17.25080684483039,
  "rpve_gm": 11.717013153348287,
  "rpve_wm": 15.53126406475934,
  "size_x": 170,
  "size_y": 240,
  "size_z": 240,
  "snr_csf": 3.6953560798274605,
  "snr_gm": 6.953979510576074,
  "snr_total": 11.337117840015237,
  "snr_wm": 23.36201792964217,
  "snrd_csf": 37.509745806551,
  "snrd_gm": 75.25860850114827,
  "snrd_total": 80.0664047218006,
  "snrd_wm": 127.43085985770249,
  "spacing_x": 1.0000041723251343,
  "spacing_y": 1.0,
  "spacing_z": 1.0,
  "summary_bg_k": 5.55110132607704,
  "summary_bg_mad": 5.141001976271475,
  "summary_bg_mean": 7.892678737640381,
  "summary_bg_median": 7.510032653808594,
  "summary_bg_n": 213358.0,
  "summary_bg_p05": 0.0,
  "summary_bg_p95": 18.978829193115235,
  "summary_bg_stdv": 5.962972640991211,
  "summary_csf_k": 1.37746539495018,
  "summary_csf_mad": 65.05672832358155,
  "summary_csf_mean": 288.57476806640625,
  "summary_csf_median": 294.3473815917969,
  "summary_csf_n": 11973.0,
  "summary_csf_p05": 142.20877075195312,
  "summary_csf_p95": 408.28637084960934,
  "summary_csf_stdv": 79.64999389648438,
  "summary_gm_k": 0.8144930233459493,
  "summary_gm_mad": 73.97374272254709,
  "summary_gm_mean": 597.3631591796875,
  "summary_gm_median": 590.5711669921875,
  "summary_gm_n": 14249.0,
  "summary_gm_p05": 469.37200927734375,
  "summary_gm_p95": 753.8580078125,
  "summary_gm_stdv": 84.92266082763672,
  "summary_wm_k": 1.5703347240719712,
  "summary_wm_mad": 37.5093655757298,
  "summary_wm_mean": 998.1363525390625,
  "summary_wm_median": 999.978515625,
  "summary_wm_n": 229716.0,
  "summary_wm_p05": 925.2671966552734,
  "summary_wm_p95": 1063.3753051757812,
  "summary_wm_stdv": 42.80350875854492,
  "tpm_overlap_csf": 0.1465839445590973,
  "tpm_overlap_gm": 0.40322345495224,
  "tpm_overlap_wm": 0.5032627582550049,
  "wm2max": 0.7205974574188445
}