{
  "aor": 0.005463872549019608,
  "aqi": 0.0071109552450980395,
  "bids_meta": {
    "AcquisitionMatrixPE": 78,
    "AcquisitionNumber": 5,
    "AcquisitionTime": "11:00:2.150000",
    "BodyPartExamined": "HEAD",
    "ConversionSoftware": "dcm2niix",
    "ConversionSoftwareVersion": "v1.0.20180622 GCC4.9.2",
    "DeviceSerialNumber": "34111",
    "EchoTime": 0.030001,
    "EchoTrainLength": 31,
    "FlipAngle": 75,
    "ImageOrientationPatientDICOM": [
      0.99677,
      0.0479335,
      0.0644359,
      -0.0407869,
      0.993316,
      -0.107983
    ],
    "ImageType": [
      "ORIGINAL",
      "PRIMARY",
      "M",
      "FFE",
      "M",
      "FFE"
    ],
    "InPlanePhaseEncodingDirectionDICOM": "COL",
    "MRAcquisitionType": "2D",
    "MagneticFieldStrength": 3,
    "Manufacturer": "Philips",
    "ManufacturersModelName": "Achieva_dStream",
    "Modality": "MR",
    "PatientPosition": "HFS",
    "PercentPhaseFOV": 100,
    "PhaseEncodingAxis": "j",
    "PhaseEncodingSteps": 78,
    "PhilipsRescaleIntercept": 0,
    "PhilipsRescaleSlope": 0.774115,
    "PhilipsScaleSlope": 0.00761921,
    "PixelBandwidth": 3420,
    "ProtocolName": "EPI_run3_204dyn",
    "ReconMatrixPE": 80,
    "RepetitionTime": 2,
    "SAR": 0.0791077,
    "ScanOptions": "FS",
    "ScanningSequence": "GR",
    "SequenceVariant": "SK",
    "SeriesDescription": "EPI_run3_204dyn",
    "SeriesNumber": 501,
    "SliceThickness": 3,
    "SoftwareVersions": "5.3.1_5.3.1.1",
    "SpacingBetweenSlices": 3.2,
    "StationName": "HOST_INGENIA",
    "TaskName": "faces",
    "UsePhilipsFloatNotDisplayScaling": 1,
    "dataset": "ds001761",
    "modality": "bold",
    "run_id": 3,
    "session_id": "05",
    "subject_id": "02",
    "task_id": "faces"
  },
  "dummy_trs": 0,
  "dvars_nstd": 28.75741414620688,
  "dvars_std": 1.243874920985222,
  "dvars_vstd": 1.0482977854187199,
  "efc": 0.4505606170624941,
  "fber": 64216.59765625,
  "fd_mean": 0.12240162331062338,
  "fd_num": 20,
  "fd_perc": 9.803921568627452,
  "fwhm_avg": 1.8140714619810538,
  "fwhm_x": 1.74543,
  "fwhm_y": 1.9950566666666667,
  "fwhm_z": 1.701727719276495,
  "gcor": 0.016256,
  "gsr_x": -0.006009437143802643,
  "gsr_y": 0.018260376527905464,
  "provenance": {
    "md5sum": "d1924d4d42591b988ecba5fa64bdc91b",
    "settings": {
      "fd_thres": 0.2,
      "testing": false
    },
    "software": "mriqc",
    "version": "21.0.0rc2",
    "webapi_port": null,
    "webapi_url": "https://mriqc.nimh.nih.gov/api/v1"
  },
  "size_t": 204,
  "size_x": 80,
  "size_y": 80,
  "size_z": 41,
  "snr": 5.48621457683019,
  "spacing_tr": 1.9999991655349731,
  "spacing_x": 3.0,
  "spacing_y": 3.0,
  "spacing_z": 3.200000762939453,
  "summary_bg_k": 130.3864474254673,
  "summary_bg_mad": 719.5947617225625,
  "summary_bg_mean": 3837.08642578125,
  "summary_bg_median": 627.5127563476562,
  "summary_bg_n": 172146.0,
  "summary_bg_p05": 50.90072727203369,
  "summary_bg_p95": 17402.9619140625,
  "summary_bg_stdv": 10685.51953125,
  "summary_fg_k": 3.0122626979908205,
  "summary_fg_mad": 26239.02456613315,
  "summary_fg_mean": 162725.40625,
  "summary_fg_median": 159938.625,
  "summary_fg_n": 44228.0,
  "summary_fg_p05": 123214.133203125,
  "summary_fg_p95": 210599.76093750002,
  "summary_fg_stdv": 29152.490234375,
  "tsnr": 62.0255012512207
}