{
  "aor": 0.0017824019607843137,
  "aqi": 0.005826088039215686,
  "bids_meta": {
    "AcquisitionMatrixPE": 78,
    "AcquisitionNumber": 6,
    "AcquisitionTime": "11:07:51.160000",
    "BodyPartExamined": "HEAD",
    "ConversionSoftware": "dcm2niix",
    "ConversionSoftwareVersion": "v1.0.20180622 GCC4.9.2",
    "DeviceSerialNumber": "34111",
    "EchoTime": 0.030001,
    "EchoTrainLength": 31,
    "FlipAngle": 75,
    "ImageOrientationPatientDICOM": [
      0.99677,
      0.0479335,
      0.0644359,
      -0.0407869,
      0.993316,
      -0.107983
    ],
    "ImageType": [
      "ORIGINAL",
      "PRIMARY",
      "M",
      "FFE",
      "M",
      "FFE"
    ],
    "InPlanePhaseEncodingDirectionDICOM": "COL",
    "MRAcquisitionType": "2D",
    "MagneticFieldStrength": 3,
    "Manufacturer": "Philips",
    "ManufacturersModelName": "Achieva_dStream",
    "Modality": "MR",
    "PatientPosition": "HFS",
    "PercentPhaseFOV": 100,
    "PhaseEncodingAxis": "j",
    "PhaseEncodingSteps": 78,
    "PhilipsRescaleIntercept": 0,
    "PhilipsRescaleSlope": 0.758486,
    "PhilipsScaleSlope": 0.00769219,
    "PixelBandwidth": 3420,
    "ProtocolName": "EPI_run4_204dyn",
    "ReconMatrixPE": 80,
    "RepetitionTime": 2,
    "SAR": 0.0791077,
    "ScanOptions": "FS",
    "ScanningSequence": "GR",
    "SequenceVariant": "SK",
    "SeriesDescription": "EPI_run4_204dyn",
    "SeriesNumber": 601,
    "SliceThickness": 3,
    "SoftwareVersions": "5.3.1_5.3.1.1",
    "SpacingBetweenSlices": 3.2,
    "StationName": "HOST_INGENIA",
    "TaskName": "faces",
    "UsePhilipsFloatNotDisplayScaling": 1,
    "dataset": "ds001761",
    "modality": "bold",
    "run_id": 4,
    "session_id": "05",
    "subject_id": "02",
    "task_id": "faces"
  },
  "dummy_trs": 0,
  "dvars_nstd": 27.0037216416256,
  "dvars_std": 1.2195613931034484,
  "dvars_vstd": 1.0170233575369454,
  "efc": 0.45085645074376085,
  "fber": 64255.83203125,
  "fd_mean": 0.07516558453769685,
  "fd_num": 6,
  "fd_perc": 2.9411764705882355,
  "fwhm_avg": 1.8030576429958132,
  "fwhm_x": 1.7319266666666666,
  "fwhm_y": 1.9812966666666665,
  "fwhm_z": 1.695949595654107,
  "gcor": 0.0117147,
  "gsr_x": -0.005914241541177034,
  "gsr_y": 0.018510345369577408,
  "provenance": {
    "md5sum": "57a44711c4faa784c631aefe7c563f93",
    "settings": {
      "fd_thres": 0.2,
      "testing": false
    },
    "software": "mriqc",
    "version": "21.0.0rc2",
    "webapi_port": null,
    "webapi_url": "https://mriqc.nimh.nih.gov/api/v1"
  },
  "size_t": 204,
  "size_x": 80,
  "size_y": 80,
  "size_z": 41,
  "snr": 5.510662602347429,
  "spacing_tr": 1.9999991655349731,
  "spacing_x": 3.0,
  "spacing_y": 3.0,
  "spacing_z": 3.200000762939453,
  "summary_bg_k": 131.30928774065953,
  "summary_bg_mad": 720.5220554792068,
  "summary_bg_mean": 3850.483642578125,
  "summary_bg_median": 626.59130859375,
  "summary_bg_n": 172124.0,
  "summary_bg_p05": 47.75167045593262,
  "summary_bg_p95": 17553.748535156272,
  "summary_bg_stdv": 10713.5625,
  "summary_fg_k": 2.9863344313996567,
  "summary_fg_mad": 26113.292948305978,
  "summary_fg_mean": 162438.953125,
  "summary_fg_median": 159683.8125,
  "summary_fg_n": 44232.0,
  "summary_fg_p05": 123115.68515625,
  "summary_fg_p95": 209925.325,
  "summary_fg_stdv": 28976.916015625,
  "tsnr": 69.08348846435547
}