{
  "aor": 0.0037312499999999998,
  "aqi": 0.004516770892857143,
  "bids_meta": {
    "AcquisitionMatrixPE": 78,
    "AcquisitionNumber": 6,
    "AcquisitionTime": "11:43:11.220000",
    "BodyPartExamined": "HEAD",
    "ConversionSoftware": "dcm2niix",
    "ConversionSoftwareVersion": "v1.0.20180622 GCC4.9.2",
    "DeviceSerialNumber": "34111",
    "EchoTime": 0.030001,
    "EchoTrainLength": 31,
    "FlipAngle": 75,
    "ImageOrientationPatientDICOM": [
      0.99423,
      0.0740489,
      0.0776113,
      -0.0698468,
      0.996011,
      -0.0555305
    ],
    "ImageType": [
      "ORIGINAL",
      "PRIMARY",
      "M",
      "FFE",
      "M",
      "FFE"
    ],
    "InPlanePhaseEncodingDirectionDICOM": "COL",
    "MRAcquisitionType": "2D",
    "MagneticFieldStrength": 3,
    "Manufacturer": "Philips",
    "ManufacturersModelName": "Achieva_dStream",
    "Modality": "MR",
    "PatientPosition": "HFS",
    "PercentPhaseFOV": 100,
    "PhaseEncodingAxis": "j",
    "PhaseEncodingSteps": 78,
    "PhilipsRescaleIntercept": 0,
    "PhilipsRescaleSlope": 0.798046,
    "PhilipsScaleSlope": 0.00706627,
    "PixelBandwidth": 3420,
    "ProtocolName": "EPI_LOCALIZER_56dyn",
    "ReconMatrixPE": 80,
    "RepetitionTime": 2,
    "SAR": 0.0791082,
    "ScanOptions": "FS",
    "ScanningSequence": "GR",
    "SequenceVariant": "SK",
    "SeriesDescription": "EPI_LOCALIZER_56dyn",
    "SeriesNumber": 601,
    "SliceThickness": 3,
    "SoftwareVersions": "5.3.1_5.3.1.1",
    "SpacingBetweenSlices": 3.2,
    "StationName": "HOST_INGENIA",
    "TaskName": "loc",
    "UsePhilipsFloatNotDisplayScaling": 1,
    "dataset": "ds001761",
    "modality": "bold",
    "run_id": 1,
    "session_id": "02",
    "subject_id": "04",
    "task_id": "loc"
  },
  "dummy_trs": 0,
  "dvars_nstd": 22.55251998945455,
  "dvars_std": 1.1684697820000005,
  "dvars_vstd": 1.0191571687272727,
  "efc": 0.4149930052934252,
  "fber": 110059.390625,
  "fd_mean": 0.05075117947332244,
  "fd_num": 0,
  "fd_perc": 0.0,
  "fwhm_avg": 1.8479685169125049,
  "fwhm_x": 1.84365,
  "fwhm_y": 1.9761933333333335,
  "fwhm_z": 1.724062217404181,
  "gcor": 0.0223135,
  "gsr_x": -0.0018030848586931825,
  "gsr_y": 0.0028443390037864447,
  "provenance": {
    "md5sum": "e7fe7d05d15dcb8f0668f7d536f53333",
    "settings": {
      "fd_thres": 0.2,
      "testing": false
    },
    "software": "mriqc",
    "version": "21.0.0rc2",
    "webapi_port": null,
    "webapi_url": "https://mriqc.nimh.nih.gov/api/v1"
  },
  "size_t": 56,
  "size_x": 80,
  "size_y": 80,
  "size_z": 41,
  "snr": 4.857494605237854,
  "spacing_tr": 1.9999991655349731,
  "spacing_x": 3.0,
  "spacing_y": 3.0,
  "spacing_z": 3.200000524520874,
  "summary_bg_k": 123.45385672789416,
  "summary_bg_mad": 628.5671797575898,
  "summary_bg_mean": 3813.66015625,
  "summary_bg_median": 520.5552978515625,
  "summary_bg_n": 180939.0,
  "summary_bg_p05": 22.941287612915037,
  "summary_bg_p95": 16858.022851562528,
  "summary_bg_stdv": 11453.072265625,
  "summary_fg_k": 4.72922520916123,
  "summary_fg_mad": 27889.46198890552,
  "summary_fg_mean": 179529.953125,
  "summary_fg_median": 174291.109375,
  "summary_fg_n": 37491.0,
  "summary_fg_p05": 135374.3515625,
  "summary_fg_p95": 240426.0078125,
  "summary_fg_stdv": 35880.38671875,
  "tsnr": 78.91661834716797
}