{
  "aor": 0.003301607142857143,
  "aqi": 0.004409686607142857,
  "bids_meta": {
    "AcquisitionMatrixPE": 78,
    "AcquisitionNumber": 10,
    "AcquisitionTime": "12:09:54.060000",
    "BodyPartExamined": "HEAD",
    "ConversionSoftware": "dcm2niix",
    "ConversionSoftwareVersion": "v1.0.20180622 GCC4.9.2",
    "DeviceSerialNumber": "34111",
    "EchoTime": 0.030001,
    "EchoTrainLength": 31,
    "FlipAngle": 75,
    "ImageOrientationPatientDICOM": [
      0.99423,
      0.0740489,
      0.0776113,
      -0.0698468,
      0.996011,
      -0.0555305
    ],
    "ImageType": [
      "ORIGINAL",
      "PRIMARY",
      "M",
      "FFE",
      "M",
      "FFE"
    ],
    "InPlanePhaseEncodingDirectionDICOM": "COL",
    "MRAcquisitionType": "2D",
    "MagneticFieldStrength": 3,
    "Manufacturer": "Philips",
    "ManufacturersModelName": "Achieva_dStream",
    "Modality": "MR",
    "PatientPosition": "HFS",
    "PercentPhaseFOV": 100,
    "PhaseEncodingAxis": "j",
    "PhaseEncodingSteps": 78,
    "PhilipsRescaleIntercept": 0,
    "PhilipsRescaleSlope": 0.80757,
    "PhilipsScaleSlope": 0.00716793,
    "PixelBandwidth": 3420,
    "ProtocolName": "EPI_LOCALIZER_56dyn",
    "ReconMatrixPE": 80,
    "RepetitionTime": 2,
    "SAR": 0.0791082,
    "ScanOptions": "FS",
    "ScanningSequence": "GR",
    "SequenceVariant": "SK",
    "SeriesDescription": "EPI_LOCALIZER_56dyn",
    "SeriesNumber": 1001,
    "SliceThickness": 3,
    "SoftwareVersions": "5.3.1_5.3.1.1",
    "SpacingBetweenSlices": 3.2,
    "StationName": "HOST_INGENIA",
    "TaskName": "loc",
    "UsePhilipsFloatNotDisplayScaling": 1,
    "dataset": "ds001761",
    "modality": "bold",
    "run_id": 2,
    "session_id": "02",
    "subject_id": "04",
    "task_id": "loc"
  },
  "dummy_trs": 0,
  "dvars_nstd": 23.675002739090917,
  "dvars_std": 1.1888202610909089,
  "dvars_vstd": 1.0135281778181817,
  "efc": 0.416751315409597,
  "fber": 112761.59375,
  "fd_mean": 0.05517491147951502,
  "fd_num": 0,
  "fd_perc": 0.0,
  "fwhm_avg": 1.8552101134556842,
  "fwhm_x": 1.84471,
  "fwhm_y": 1.98443,
  "fwhm_z": 1.7364903403670529,
  "gcor": 0.0341629,
  "gsr_x": -0.001756905228830874,
  "gsr_y": 0.002605636604130268,
  "provenance": {
    "md5sum": "d51b00cd9573b078cb81579c4592d84d",
    "settings": {
      "fd_thres": 0.2,
      "testing": false
    },
    "software": "mriqc",
    "version": "21.0.0rc2",
    "webapi_port": null,
    "webapi_url": "https://mriqc.nimh.nih.gov/api/v1"
  },
  "size_t": 56,
  "size_x": 80,
  "size_y": 80,
  "size_z": 41,
  "snr": 4.899652972221398,
  "spacing_tr": 1.9999991655349731,
  "spacing_x": 3.0,
  "spacing_y": 3.0,
  "spacing_z": 3.200000524520874,
  "summary_bg_k": 118.77984254114445,
  "summary_bg_mad": 608.7169015284406,
  "summary_bg_mean": 3862.865478515625,
  "summary_bg_median": 505.1883544921875,
  "summary_bg_n": 180774.0,
  "summary_bg_p05": 28.680238342285154,
  "summary_bg_p95": 17311.43828125,
  "summary_bg_stdv": 11508.1162109375,
  "summary_fg_k": 4.634022692104123,
  "summary_fg_mad": 27381.05683908625,
  "summary_fg_mean": 176491.328125,
  "summary_fg_median": 171360.921875,
  "summary_fg_n": 37628.0,
  "summary_fg_p05": 133121.4796875,
  "summary_fg_p95": 235822.37109375006,
  "summary_fg_stdv": 34973.62890625,
  "tsnr": 77.06285858154297
}