{
  "aor": 0.00111,
  "aqi": 0.00564791882051282,
  "bids_meta": {
    "AcquisitionMatrixPE": 78,
    "AcquisitionNumber": 12,
    "AcquisitionTime": "12:22:3.720000",
    "BodyPartExamined": "HEAD",
    "ConversionSoftware": "dcm2niix",
    "ConversionSoftwareVersion": "v1.0.20180622 GCC4.9.2",
    "DeviceSerialNumber": "34111",
    "EchoTime": 0.030001,
    "EchoTrainLength": 31,
    "FlipAngle": 75,
    "ImageOrientationPatientDICOM": [
      0.99423,
      0.0740489,
      0.0776113,
      -0.0698468,
      0.996011,
      -0.0555305
    ],
    "ImageType": [
      "ORIGINAL",
      "PRIMARY",
      "M",
      "FFE",
      "M",
      "FFE"
    ],
    "InPlanePhaseEncodingDirectionDICOM": "COL",
    "MRAcquisitionType": "2D",
    "MagneticFieldStrength": 3,
    "Manufacturer": "Philips",
    "ManufacturersModelName": "Achieva_dStream",
    "Modality": "MR",
    "PatientPosition": "HFS",
    "PercentPhaseFOV": 100,
    "PhaseEncodingAxis": "j",
    "PhaseEncodingSteps": 78,
    "PhilipsRescaleIntercept": 0,
    "PhilipsRescaleSlope": 0.801465,
    "PhilipsScaleSlope": 0.00724918,
    "PixelBandwidth": 3420,
    "ProtocolName": "EPI_run8_195dyn",
    "ReconMatrixPE": 80,
    "RepetitionTime": 2,
    "SAR": 0.0791082,
    "ScanOptions": "FS",
    "ScanningSequence": "GR",
    "SequenceVariant": "SK",
    "SeriesDescription": "EPI_run8_195dyn",
    "SeriesNumber": 1201,
    "SliceThickness": 3,
    "SoftwareVersions": "5.3.1_5.3.1.1",
    "SpacingBetweenSlices": 3.2,
    "StationName": "HOST_INGENIA",
    "TaskName": "faces",
    "UsePhilipsFloatNotDisplayScaling": 1,
    "dataset": "ds001761",
    "modality": "bold",
    "run_id": 8,
    "session_id": "02",
    "subject_id": "04",
    "task_id": "faces"
  },
  "dummy_trs": 0,
  "dvars_nstd": 24.304923892989684,
  "dvars_std": 1.206329891907216,
  "dvars_vstd": 1.0084982294329896,
  "efc": 0.417289278168404,
  "fber": 107894.9765625,
  "fd_mean": 0.06640362311750013,
  "fd_num": 1,
  "fd_perc": 0.5128205128205128,
  "fwhm_avg": 1.8494346965380262,
  "fwhm_x": 1.8382866666666666,
  "fwhm_y": 1.9689333333333332,
  "fwhm_z": 1.7410840896140785,
  "gcor": 0.0616773,
  "gsr_x": -0.0012374559883028269,
  "gsr_y": 0.002338145859539509,
  "provenance": {
    "md5sum": "4a09c652d576258116752e3ff0688bc7",
    "settings": {
      "fd_thres": 0.2,
      "testing": false
    },
    "software": "mriqc",
    "version": "21.0.0rc2",
    "webapi_port": null,
    "webapi_url": "https://mriqc.nimh.nih.gov/api/v1"
  },
  "size_t": 195,
  "size_x": 80,
  "size_y": 80,
  "size_z": 41,
  "snr": 4.890345422557752,
  "spacing_tr": 1.9999991655349731,
  "spacing_x": 3.0,
  "spacing_y": 3.0,
  "spacing_z": 3.200000524520874,
  "summary_bg_k": 115.23726741414184,
  "summary_bg_mad": 611.4589215753965,
  "summary_bg_mean": 3901.28662109375,
  "summary_bg_median": 512.774658203125,
  "summary_bg_n": 180787.0,
  "summary_bg_p05": 33.111806869506836,
  "summary_bg_p95": 17349.87460937494,
  "summary_bg_stdv": 11611.93359375,
  "summary_fg_k": 4.777599008046359,
  "summary_fg_mad": 26966.901175610576,
  "summary_fg_mean": 174687.234375,
  "summary_fg_median": 169599.96875,
  "summary_fg_n": 37612.0,
  "summary_fg_p05": 132110.58828125,
  "summary_fg_p95": 233291.1125,
  "summary_fg_stdv": 34680.109375,
  "tsnr": 68.44938659667969
}