{
  "aor": 0.0014804615384615386,
  "aqi": 0.005643767025641026,
  "bids_meta": {
    "AcquisitionMatrixPE": 78,
    "AcquisitionNumber": 7,
    "AcquisitionTime": "11:45:55.120000",
    "BodyPartExamined": "HEAD",
    "ConversionSoftware": "dcm2niix",
    "ConversionSoftwareVersion": "v1.0.20180622 GCC4.9.2",
    "DeviceSerialNumber": "34111",
    "EchoTime": 0.030001,
    "EchoTrainLength": 31,
    "FlipAngle": 75,
    "ImageOrientationPatientDICOM": [
      0.99423,
      0.0740489,
      0.0776113,
      -0.0698468,
      0.996011,
      -0.0555305
    ],
    "ImageType": [
      "ORIGINAL",
      "PRIMARY",
      "M",
      "FFE",
      "M",
      "FFE"
    ],
    "InPlanePhaseEncodingDirectionDICOM": "COL",
    "MRAcquisitionType": "2D",
    "MagneticFieldStrength": 3,
    "Manufacturer": "Philips",
    "ManufacturersModelName": "Achieva_dStream",
    "Modality": "MR",
    "PatientPosition": "HFS",
    "PercentPhaseFOV": 100,
    "PhaseEncodingAxis": "j",
    "PhaseEncodingSteps": 78,
    "PhilipsRescaleIntercept": 0,
    "PhilipsRescaleSlope": 0.781441,
    "PhilipsScaleSlope": 0.00707441,
    "PixelBandwidth": 3420,
    "ProtocolName": "EPI_run4_195dyn",
    "ReconMatrixPE": 80,
    "RepetitionTime": 2,
    "SAR": 0.0791082,
    "ScanOptions": "FS",
    "ScanningSequence": "GR",
    "SequenceVariant": "SK",
    "SeriesDescription": "EPI_run4_195dyn",
    "SeriesNumber": 701,
    "SliceThickness": 3,
    "SoftwareVersions": "5.3.1_5.3.1.1",
    "SpacingBetweenSlices": 3.2,
    "StationName": "HOST_INGENIA",
    "TaskName": "faces",
    "UsePhilipsFloatNotDisplayScaling": 1,
    "dataset": "ds001761",
    "modality": "bold",
    "run_id": 4,
    "session_id": "02",
    "subject_id": "04",
    "task_id": "faces"
  },
  "dummy_trs": 0,
  "dvars_nstd": 24.30215540582474,
  "dvars_std": 1.2111887001030925,
  "dvars_vstd": 1.0206639074226802,
  "efc": 0.41607324704163745,
  "fber": 107517.7421875,
  "fd_mean": 0.06391818268210561,
  "fd_num": 1,
  "fd_perc": 0.5128205128205128,
  "fwhm_avg": 1.8397951147027871,
  "fwhm_x": 1.8331833333333334,
  "fwhm_y": 1.9725366666666666,
  "fwhm_z": 1.7136653441083614,
  "gcor": 0.0468653,
  "gsr_x": -0.0013900680933147669,
  "gsr_y": 0.0029333699494600296,
  "provenance": {
    "md5sum": "3e413c5fea3893523c70d9ae11900b4b",
    "settings": {
      "fd_thres": 0.2,
      "testing": false
    },
    "software": "mriqc",
    "version": "21.0.0rc2",
    "webapi_port": null,
    "webapi_url": "https://mriqc.nimh.nih.gov/api/v1"
  },
  "size_t": 195,
  "size_x": 80,
  "size_y": 80,
  "size_z": 41,
  "snr": 4.857843458806512,
  "spacing_tr": 1.9999991655349731,
  "spacing_x": 3.0,
  "spacing_y": 3.0,
  "spacing_z": 3.200000524520874,
  "summary_bg_k": 115.66172572233808,
  "summary_bg_mad": 630.6191391436711,
  "summary_bg_mean": 3927.045654296875,
  "summary_bg_median": 525.7646484375,
  "summary_bg_n": 180913.0,
  "summary_bg_p05": 31.81812286376954,
  "summary_bg_p95": 17285.151562499992,
  "summary_bg_stdv": 11793.7978515625,
  "summary_fg_k": 4.83137145919965,
  "summary_fg_mad": 27702.306624478853,
  "summary_fg_mean": 179100.65625,
  "summary_fg_median": 173899.53125,
  "summary_fg_n": 37443.0,
  "summary_fg_p05": 135260.8859375,
  "summary_fg_p95": 239671.52500000002,
  "summary_fg_stdv": 35797.203125,
  "tsnr": 69.79144287109375
}