{
  "aor": 0.0011557948717948719,
  "aqi": 0.005643009384615386,
  "bids_meta": {
    "AcquisitionMatrixPE": 78,
    "AcquisitionNumber": 9,
    "AcquisitionTime": "12:02:27.950000",
    "BodyPartExamined": "HEAD",
    "ConversionSoftware": "dcm2niix",
    "ConversionSoftwareVersion": "v1.0.20180622 GCC4.9.2",
    "DeviceSerialNumber": "34111",
    "EchoTime": 0.030001,
    "EchoTrainLength": 31,
    "FlipAngle": 75,
    "ImageOrientationPatientDICOM": [
      0.99423,
      0.0740489,
      0.0776113,
      -0.0698468,
      0.996011,
      -0.0555305
    ],
    "ImageType": [
      "ORIGINAL",
      "PRIMARY",
      "M",
      "FFE",
      "M",
      "FFE"
    ],
    "InPlanePhaseEncodingDirectionDICOM": "COL",
    "MRAcquisitionType": "2D",
    "MagneticFieldStrength": 3,
    "Manufacturer": "Philips",
    "ManufacturersModelName": "Achieva_dStream",
    "Modality": "MR",
    "PatientPosition": "HFS",
    "PercentPhaseFOV": 100,
    "PhaseEncodingAxis": "j",
    "PhaseEncodingSteps": 78,
    "PhilipsRescaleIntercept": 0,
    "PhilipsRescaleSlope": 0.787057,
    "PhilipsScaleSlope": 0.00726958,
    "PixelBandwidth": 3420,
    "ProtocolName": "EPI_run6_195dyn",
    "ReconMatrixPE": 80,
    "RepetitionTime": 2,
    "SAR": 0.0791082,
    "ScanOptions": "FS",
    "ScanningSequence": "GR",
    "SequenceVariant": "SK",
    "SeriesDescription": "EPI_run6_195dyn",
    "SeriesNumber": 901,
    "SliceThickness": 3,
    "SoftwareVersions": "5.3.1_5.3.1.1",
    "SpacingBetweenSlices": 3.2,
    "StationName": "HOST_INGENIA",
    "TaskName": "faces",
    "UsePhilipsFloatNotDisplayScaling": 1,
    "dataset": "ds001761",
    "modality": "bold",
    "run_id": 6,
    "session_id": "02",
    "subject_id": "04",
    "task_id": "faces"
  },
  "dummy_trs": 0,
  "dvars_nstd": 24.93333455706186,
  "dvars_std": 1.208813717164949,
  "dvars_vstd": 1.0091508105154638,
  "efc": 0.4168153331306819,
  "fber": 108671.546875,
  "fd_mean": 0.0684993382153594,
  "fd_num": 3,
  "fd_perc": 1.5384615384615385,
  "fwhm_avg": 1.8490906693868732,
  "fwhm_x": 1.8371666666666666,
  "fwhm_y": 1.9804899999999999,
  "fwhm_z": 1.729615341493953,
  "gcor": 0.0696821,
  "gsr_x": -0.0008987736073322594,
  "gsr_y": 0.002073846058920026,
  "provenance": {
    "md5sum": "585d2c421a29277e74321368ba71b808",
    "settings": {
      "fd_thres": 0.2,
      "testing": false
    },
    "software": "mriqc",
    "version": "21.0.0rc2",
    "webapi_port": null,
    "webapi_url": "https://mriqc.nimh.nih.gov/api/v1"
  },
  "size_t": 195,
  "size_x": 80,
  "size_y": 80,
  "size_z": 41,
  "snr": 4.8348307089291005,
  "spacing_tr": 1.9999991655349731,
  "spacing_x": 3.0,
  "spacing_y": 3.0,
  "spacing_z": 3.200000524520874,
  "summary_bg_k": 109.2066557020567,
  "summary_bg_mad": 613.5410370399272,
  "summary_bg_mean": 3920.135009765625,
  "summary_bg_median": 513.4263916015625,
  "summary_bg_n": 180771.0,
  "summary_bg_p05": 32.154767990112305,
  "summary_bg_p95": 17312.37890625,
  "summary_bg_stdv": 11744.3271484375,
  "summary_fg_k": 4.81975948557505,
  "summary_fg_mad": 27482.81199916103,
  "summary_fg_mean": 176194.59375,
  "summary_fg_median": 171020.0,
  "summary_fg_n": 37608.0,
  "summary_fg_p05": 132908.68046875,
  "summary_fg_p95": 236030.4773437501,
  "summary_fg_stdv": 35372.01953125,
  "tsnr": 69.32808685302734
}