{
  "bids_meta": {
    "AcquisitionMatrixPE": 240,
    "AcquisitionNumber": 2,
    "AcquisitionTime": "11:13:43.790000",
    "BodyPartExamined": "HEAD",
    "ConversionSoftware": "dcm2niix",
    "ConversionSoftwareVersion": "v1.0.20180622 GCC4.9.2",
    "DeviceSerialNumber": "34111",
    "EchoTime": 0.003758,
    "EchoTrainLength": 119,
    "FlipAngle": 8,
    "ImageOrientationPatientDICOM": [
      -0.0739248,
      0.997255,
      -0.00428585,
      0.0578787,
      -2.16839e-19,
      -0.998324
    ],
    "ImageType": [
      "ORIGINAL",
      "PRIMARY",
      "M",
      "FFE",
      "M",
      "FFE"
    ],
    "InPlanePhaseEncodingDirectionDICOM": "ROW",
    "MRAcquisitionType": "3D",
    "MagneticFieldStrength": 3,
    "Manufacturer": "Philips",
    "ManufacturersModelName": "Achieva_dStream",
    "Modality": "MR",
    "PatientPosition": "HFS",
    "PercentPhaseFOV": 100,
    "PhaseEncodingSteps": 240,
    "PhilipsRescaleIntercept": 0,
    "PhilipsRescaleSlope": 4.55458,
    "PhilipsScaleSlope": 0.00172739,
    "PixelBandwidth": 191,
    "ProtocolName": "sT1W_1mm_3D_32ch",
    "ReconMatrixPE": 240,
    "RepetitionTime": 0.0082034,
    "SAR": 0.0137531,
    "ScanOptions": "OTHER",
    "ScanningSequence": "GR",
    "SequenceVariant": "MP",
    "SeriesDescription": "sT1W_1mm_3D_32ch",
    "SeriesNumber": 201,
    "SliceThickness": 1,
    "SoftwareVersions": "5.3.1_5.3.1.1",
    "SpacingBetweenSlices": 1,
    "StationName": "HOST_INGENIA",
    "UsePhilipsFloatNotDisplayScaling": 1,
    "acq_id": "01",
    "dataset": "ds001761",
    "modality": "T1w",
    "session_id": "02",
    "subject_id": "04"
  },
  "cjv": 0.31448753200854096,
  "cnr": 3.8292408198240304,
  "efc": 0.7459431796098206,
  "fber": 1103.393798828125,
  "fwhm_avg": 3.6363473598132754,
  "fwhm_x": 3.8443120794398262,
  "fwhm_y": 3.70147,
  "fwhm_z": 3.36326,
  "icvs_csf": 0.2672129943875123,
  "icvs_gm": 0.3594941229298801,
  "icvs_wm": 0.37329288268260763,
  "inu_med": 2.7159388065338135,
  "inu_range": 0.8558577775955203,
  "provenance": {
    "md5sum": "75443d2f1b6391535590b6103f2609b3",
    "settings": {
      "testing": false
    },
    "software": "mriqc",
    "version": "21.0.0rc2",
    "warnings": {
      "large_rot_frame": true,
      "small_air_mask": true
    },
    "webapi_port": null,
    "webapi_url": "https://mriqc.nimh.nih.gov/api/v1"
  },
  "qi_1": 0.0,
  "qi_2": 3.224114640532372e-05,
  "rpve_csf": 19.109006339989335,
  "rpve_gm": 12.733978862281713,
  "rpve_wm": 17.39254901680474,
  "size_x": 170,
  "size_y": 240,
  "size_z": 240,
  "snr_csf": 4.296032652635378,
  "snr_gm": 7.4457202824327595,
  "snr_total": 10.43841185367793,
  "snr_wm": 19.573482625965653,
  "snrd_csf": 44.25927584064334,
  "snrd_gm": 80.15341600678195,
  "snrd_total": 84.33254501865333,
  "snrd_wm": 128.5849432085347,
  "spacing_x": 0.9999916553497314,
  "spacing_y": 1.0,
  "spacing_z": 1.0,
  "summary_bg_k": 3.618560917215923,
  "summary_bg_mad": 5.094962454612437,
  "summary_bg_mean": 8.585531234741211,
  "summary_bg_median": 6.771126747131348,
  "summary_bg_n": 182360.0,
  "summary_bg_p05": 0.0,
  "summary_bg_p95": 23.929556369781494,
  "summary_bg_stdv": 7.5263590812683105,
  "summary_csf_k": 1.5253517171702775,
  "summary_csf_mad": 61.16231851054955,
  "summary_csf_mean": 338.3693542480469,
  "summary_csf_median": 344.2021484375,
  "summary_csf_n": 9741.0,
  "summary_csf_p05": 184.02734375,
  "summary_csf_p95": 457.0700988769531,
  "summary_csf_stdv": 80.1168212890625,
  "summary_gm_k": 0.5094313393326129,
  "summary_gm_mad": 73.80429859082395,
  "summary_gm_mean": 628.8387451171875,
  "summary_gm_median": 623.3490600585938,
  "summary_gm_n": 10200.0,
  "summary_gm_p05": 495.57789306640626,
  "summary_gm_p95": 780.1437042236327,
  "summary_gm_stdv": 83.71500396728516,
  "summary_wm_k": 1.2496936573445456,
  "summary_wm_mad": 44.64728445974603,
  "summary_wm_mean": 998.01318359375,
  "summary_wm_median": 999.9985961914062,
  "summary_wm_n": 199424.0,
  "summary_wm_p05": 909.7763946533204,
  "summary_wm_p95": 1077.0518920898435,
  "summary_wm_stdv": 51.08932876586914,
  "tpm_overlap_csf": 0.12866345047950745,
  "tpm_overlap_gm": 0.39547863602638245,
  "tpm_overlap_wm": 0.505184531211853,
  "wm2max": 0.6578621088308612
}