{
  "aor": 0.0013203431372549018,
  "aqi": 0.007094980931372549,
  "bids_meta": {
    "AcquisitionMatrixPE": 78,
    "AcquisitionNumber": 3,
    "AcquisitionTime": "12:13:24.010000",
    "BodyPartExamined": "HEAD",
    "ConversionSoftware": "dcm2niix",
    "ConversionSoftwareVersion": "v1.0.20180622 GCC4.9.2",
    "DeviceSerialNumber": "34111",
    "EchoTime": 0.03,
    "EchoTrainLength": 31,
    "FlipAngle": 75,
    "ImageOrientationPatientDICOM": [
      0.995319,
      0.0966373,
      0.000580399,
      -0.0962527,
      0.99186,
      -0.0833638
    ],
    "ImageType": [
      "ORIGINAL",
      "PRIMARY",
      "M",
      "FFE",
      "M",
      "FFE"
    ],
    "InPlanePhaseEncodingDirectionDICOM": "COL",
    "MRAcquisitionType": "2D",
    "MagneticFieldStrength": 3,
    "Manufacturer": "Philips",
    "ManufacturersModelName": "Achieva_dStream",
    "Modality": "MR",
    "PatientPosition": "HFS",
    "PercentPhaseFOV": 100,
    "PhaseEncodingAxis": "j",
    "PhaseEncodingSteps": 78,
    "PhilipsRescaleIntercept": 0,
    "PhilipsRescaleSlope": 0.839072,
    "PhilipsScaleSlope": 0.00771338,
    "PixelBandwidth": 3411,
    "ProtocolName": "EPI_run1_204dyn",
    "ReconMatrixPE": 80,
    "RepetitionTime": 2,
    "SAR": 0.0790621,
    "ScanOptions": "FS",
    "ScanningSequence": "GR",
    "SequenceVariant": "SK",
    "SeriesDescription": "EPI_run1_204dyn",
    "SeriesNumber": 301,
    "SliceThickness": 3,
    "SoftwareVersions": "5.3.1_5.3.1.1",
    "SpacingBetweenSlices": 3.2,
    "StationName": "HOST_INGENIA",
    "TaskName": "faces",
    "UsePhilipsFloatNotDisplayScaling": 1,
    "dataset": "ds001761",
    "modality": "bold",
    "run_id": 1,
    "session_id": "06",
    "subject_id": "04",
    "task_id": "faces"
  },
  "dummy_trs": 0,
  "dvars_nstd": 28.54947746004926,
  "dvars_std": 1.2426609747290636,
  "dvars_vstd": 1.0050295540394087,
  "efc": 0.41618566002084567,
  "fber": 111996.625,
  "fd_mean": 0.07511208518211425,
  "fd_num": 3,
  "fd_perc": 1.4705882352941178,
  "fwhm_avg": 1.817657137342012,
  "fwhm_x": 1.7797733333333332,
  "fwhm_y": 1.94048,
  "fwhm_z": 1.7327180786927037,
  "gcor": 0.0321973,
  "gsr_x": -0.002881172811612487,
  "gsr_y": 0.002524306531995535,
  "provenance": {
    "md5sum": "83a387737e0771f90bc6138f2104e645",
    "settings": {
      "fd_thres": 0.2,
      "testing": false
    },
    "software": "mriqc",
    "version": "21.0.0rc2",
    "webapi_port": null,
    "webapi_url": "https://mriqc.nimh.nih.gov/api/v1"
  },
  "size_t": 204,
  "size_x": 80,
  "size_y": 80,
  "size_z": 41,
  "snr": 4.656122828378496,
  "spacing_tr": 1.9999991655349731,
  "spacing_x": 3.0,
  "spacing_y": 3.0,
  "spacing_z": 3.2000012397766113,
  "summary_bg_k": 128.12875345934822,
  "summary_bg_mad": 511.9185931198551,
  "summary_bg_mean": 3485.299560546875,
  "summary_bg_median": 450.9389343261719,
  "summary_bg_n": 180541.0,
  "summary_bg_p05": 48.0241584777832,
  "summary_bg_p95": 14807.388671875,
  "summary_bg_stdv": 10755.3037109375,
  "summary_fg_k": 4.768217027983829,
  "summary_fg_mad": 24831.965563792342,
  "summary_fg_mean": 157198.890625,
  "summary_fg_median": 152100.375,
  "summary_fg_n": 37635.0,
  "summary_fg_p05": 118155.41171875,
  "summary_fg_p95": 213829.43593749998,
  "summary_fg_stdv": 32666.310546875,
  "tsnr": 59.869041442871094
}