{
  "aor": 0.0012019607843137253,
  "aqi": 0.005372310980392156,
  "bids_meta": {
    "AcquisitionMatrixPE": 78,
    "AcquisitionNumber": 12,
    "AcquisitionTime": "13:24:23.030000",
    "BodyPartExamined": "HEAD",
    "ConversionSoftware": "dcm2niix",
    "ConversionSoftwareVersion": "v1.0.20180622 GCC4.9.2",
    "DeviceSerialNumber": "34111",
    "EchoTime": 0.03,
    "EchoTrainLength": 31,
    "FlipAngle": 75,
    "ImageOrientationPatientDICOM": [
      0.995319,
      0.0966373,
      0.000580399,
      -0.0962527,
      0.99186,
      -0.0833638
    ],
    "ImageType": [
      "ORIGINAL",
      "PRIMARY",
      "M",
      "FFE",
      "M",
      "FFE"
    ],
    "InPlanePhaseEncodingDirectionDICOM": "COL",
    "MRAcquisitionType": "2D",
    "MagneticFieldStrength": 3,
    "Manufacturer": "Philips",
    "ManufacturersModelName": "Achieva_dStream",
    "Modality": "MR",
    "PatientPosition": "HFS",
    "PercentPhaseFOV": 100,
    "PhaseEncodingAxis": "j",
    "PhaseEncodingSteps": 78,
    "PhilipsRescaleIntercept": 0,
    "PhilipsRescaleSlope": 0.799756,
    "PhilipsScaleSlope": 0.00797159,
    "PixelBandwidth": 3411,
    "ProtocolName": "EPI_run10_204dyn",
    "ReconMatrixPE": 80,
    "RepetitionTime": 2,
    "SAR": 0.0790621,
    "ScanOptions": "FS",
    "ScanningSequence": "GR",
    "SequenceVariant": "SK",
    "SeriesDescription": "EPI_run10_204dyn",
    "SeriesNumber": 1201,
    "SliceThickness": 3,
    "SoftwareVersions": "5.3.1_5.3.1.1",
    "SpacingBetweenSlices": 3.2,
    "StationName": "HOST_INGENIA",
    "TaskName": "faces",
    "UsePhilipsFloatNotDisplayScaling": 1,
    "dataset": "ds001761",
    "modality": "bold",
    "run_id": 10,
    "session_id": "06",
    "subject_id": "04",
    "task_id": "faces"
  },
  "dummy_trs": 0,
  "dvars_nstd": 28.340609996748768,
  "dvars_std": 1.271225175812808,
  "dvars_vstd": 1.00834378182266,
  "efc": 0.4204436024076146,
  "fber": 112537.3125,
  "fd_mean": 0.058449665308116884,
  "fd_num": 0,
  "fd_perc": 0.0,
  "fwhm_avg": 1.793407765832515,
  "fwhm_x": 1.75261,
  "fwhm_y": 1.9219233333333332,
  "fwhm_z": 1.7056899641642114,
  "gcor": 0.0329577,
  "gsr_x": -0.0025501996278762817,
  "gsr_y": 6.516886787721887e-05,
  "provenance": {
    "md5sum": "39da65d106d4e1068b590ffb0783cedf",
    "settings": {
      "fd_thres": 0.2,
      "testing": false
    },
    "software": "mriqc",
    "version": "21.0.0rc2",
    "webapi_port": null,
    "webapi_url": "https://mriqc.nimh.nih.gov/api/v1"
  },
  "size_t": 204,
  "size_x": 80,
  "size_y": 80,
  "size_z": 41,
  "snr": 4.770192649581685,
  "spacing_tr": 1.9999991655349731,
  "spacing_x": 3.0,
  "spacing_y": 3.0,
  "spacing_z": 3.2000012397766113,
  "summary_bg_k": 105.6842160095786,
  "summary_bg_mad": 495.7494490626404,
  "summary_bg_mean": 3604.800537109375,
  "summary_bg_median": 437.0328369140625,
  "summary_bg_n": 180405.0,
  "summary_bg_p05": 44.49436264038086,
  "summary_bg_p95": 15762.824218749989,
  "summary_bg_stdv": 10803.8125,
  "summary_fg_k": 4.713663116592501,
  "summary_fg_mad": 23418.42017674557,
  "summary_fg_mean": 151846.09375,
  "summary_fg_median": 147031.78125,
  "summary_fg_n": 37882.0,
  "summary_fg_p05": 115271.377734375,
  "summary_fg_p95": 204312.796875,
  "summary_fg_stdv": 30822.62109375,
  "tsnr": 67.58908081054688
}