{
  "aor": 0.0013292156862745098,
  "aqi": 0.005522576715686275,
  "bids_meta": {
    "AcquisitionMatrixPE": 78,
    "AcquisitionNumber": 14,
    "AcquisitionTime": "13:40:55.820000",
    "BodyPartExamined": "HEAD",
    "ConversionSoftware": "dcm2niix",
    "ConversionSoftwareVersion": "v1.0.20180622 GCC4.9.2",
    "DeviceSerialNumber": "34111",
    "EchoTime": 0.03,
    "EchoTrainLength": 31,
    "FlipAngle": 75,
    "ImageOrientationPatientDICOM": [
      0.995319,
      0.0966373,
      0.000580399,
      -0.0962527,
      0.99186,
      -0.0833638
    ],
    "ImageType": [
      "ORIGINAL",
      "PRIMARY",
      "M",
      "FFE",
      "M",
      "FFE"
    ],
    "InPlanePhaseEncodingDirectionDICOM": "COL",
    "MRAcquisitionType": "2D",
    "MagneticFieldStrength": 3,
    "Manufacturer": "Philips",
    "ManufacturersModelName": "Achieva_dStream",
    "Modality": "MR",
    "PatientPosition": "HFS",
    "PercentPhaseFOV": 100,
    "PhaseEncodingAxis": "j",
    "PhaseEncodingSteps": 78,
    "PhilipsRescaleIntercept": 0,
    "PhilipsRescaleSlope": 0.788034,
    "PhilipsScaleSlope": 0.0080169,
    "PixelBandwidth": 3411,
    "ProtocolName": "EPI_run12_204dyn",
    "ReconMatrixPE": 80,
    "RepetitionTime": 2,
    "SAR": 0.0790621,
    "ScanOptions": "FS",
    "ScanningSequence": "GR",
    "SequenceVariant": "SK",
    "SeriesDescription": "EPI_run12_204dyn",
    "SeriesNumber": 1401,
    "SliceThickness": 3,
    "SoftwareVersions": "5.3.1_5.3.1.1",
    "SpacingBetweenSlices": 3.2,
    "StationName": "HOST_INGENIA",
    "TaskName": "faces",
    "UsePhilipsFloatNotDisplayScaling": 1,
    "dataset": "ds001761",
    "modality": "bold",
    "run_id": 12,
    "session_id": "06",
    "subject_id": "04",
    "task_id": "faces"
  },
  "dummy_trs": 0,
  "dvars_nstd": 27.37861764832511,
  "dvars_std": 1.256065770344827,
  "dvars_vstd": 1.0059328771428566,
  "efc": 0.42101181697734,
  "fber": 111197.5546875,
  "fd_mean": 0.05632690713596899,
  "fd_num": 0,
  "fd_perc": 0.0,
  "fwhm_avg": 1.7976622785530603,
  "fwhm_x": 1.7536366666666667,
  "fwhm_y": 1.9246133333333333,
  "fwhm_z": 1.7147368356591803,
  "gcor": 0.0173639,
  "gsr_x": -0.0024818747770041227,
  "gsr_y": 0.0002923757419921458,
  "provenance": {
    "md5sum": "36711d9b4b093c0838548b22f1bea36c",
    "settings": {
      "fd_thres": 0.2,
      "testing": false
    },
    "software": "mriqc",
    "version": "21.0.0rc2",
    "webapi_port": null,
    "webapi_url": "https://mriqc.nimh.nih.gov/api/v1"
  },
  "size_t": 204,
  "size_x": 80,
  "size_y": 80,
  "size_z": 41,
  "snr": 4.809840040559043,
  "spacing_tr": 1.9999991655349731,
  "spacing_x": 3.0,
  "spacing_y": 3.0,
  "spacing_z": 3.2000012397766113,
  "summary_bg_k": 103.83250449250507,
  "summary_bg_mad": 506.0598303827041,
  "summary_bg_mean": 3647.49658203125,
  "summary_bg_median": 442.55938720703125,
  "summary_bg_n": 180431.0,
  "summary_bg_p05": 42.98149108886719,
  "summary_bg_p95": 16249.73193359375,
  "summary_bg_stdv": 10826.6630859375,
  "summary_fg_k": 4.785248204456877,
  "summary_fg_mad": 23437.427600500007,
  "summary_fg_mean": 152422.53125,
  "summary_fg_median": 147685.765625,
  "summary_fg_n": 37916.0,
  "summary_fg_p05": 115972.84375,
  "summary_fg_p95": 205053.96875,
  "summary_fg_stdv": 30704.517578125,
  "tsnr": 67.31884002685547
}