{
  "aor": 0.000993627450980392,
  "aqi": 0.006794363774509804,
  "bids_meta": {
    "AcquisitionMatrixPE": 78,
    "AcquisitionNumber": 5,
    "AcquisitionTime": "12:28:23.600000",
    "BodyPartExamined": "HEAD",
    "ConversionSoftware": "dcm2niix",
    "ConversionSoftwareVersion": "v1.0.20180622 GCC4.9.2",
    "DeviceSerialNumber": "34111",
    "EchoTime": 0.03,
    "EchoTrainLength": 31,
    "FlipAngle": 75,
    "ImageOrientationPatientDICOM": [
      0.995319,
      0.0966373,
      0.000580399,
      -0.0962527,
      0.99186,
      -0.0833638
    ],
    "ImageType": [
      "ORIGINAL",
      "PRIMARY",
      "M",
      "FFE",
      "M",
      "FFE"
    ],
    "InPlanePhaseEncodingDirectionDICOM": "COL",
    "MRAcquisitionType": "2D",
    "MagneticFieldStrength": 3,
    "Manufacturer": "Philips",
    "ManufacturersModelName": "Achieva_dStream",
    "Modality": "MR",
    "PatientPosition": "HFS",
    "PercentPhaseFOV": 100,
    "PhaseEncodingAxis": "j",
    "PhaseEncodingSteps": 78,
    "PhilipsRescaleIntercept": 0,
    "PhilipsRescaleSlope": 0.812698,
    "PhilipsScaleSlope": 0.00777408,
    "PixelBandwidth": 3411,
    "ProtocolName": "EPI_run3_204dyn",
    "ReconMatrixPE": 80,
    "RepetitionTime": 2,
    "SAR": 0.0790621,
    "ScanOptions": "FS",
    "ScanningSequence": "GR",
    "SequenceVariant": "SK",
    "SeriesDescription": "EPI_run3_204dyn",
    "SeriesNumber": 501,
    "SliceThickness": 3,
    "SoftwareVersions": "5.3.1_5.3.1.1",
    "SpacingBetweenSlices": 3.2,
    "StationName": "HOST_INGENIA",
    "TaskName": "faces",
    "UsePhilipsFloatNotDisplayScaling": 1,
    "dataset": "ds001761",
    "modality": "bold",
    "run_id": 3,
    "session_id": "06",
    "subject_id": "04",
    "task_id": "faces"
  },
  "dummy_trs": 0,
  "dvars_nstd": 29.38002716955664,
  "dvars_std": 1.2549081350246303,
  "dvars_vstd": 0.9898451503940883,
  "efc": 0.41650009551008876,
  "fber": 115915.65625,
  "fd_mean": 0.07061391032372138,
  "fd_num": 1,
  "fd_perc": 0.49019607843137253,
  "fwhm_avg": 1.8095756793230624,
  "fwhm_x": 1.7722133333333332,
  "fwhm_y": 1.92623,
  "fwhm_z": 1.7302837046358537,
  "gcor": 0.0272551,
  "gsr_x": -0.00226997840218246,
  "gsr_y": 0.0024318804498761892,
  "provenance": {
    "md5sum": "a92bb76e7a73df93f686c641c3cda14c",
    "settings": {
      "fd_thres": 0.2,
      "testing": false
    },
    "software": "mriqc",
    "version": "21.0.0rc2",
    "webapi_port": null,
    "webapi_url": "https://mriqc.nimh.nih.gov/api/v1"
  },
  "size_t": 204,
  "size_x": 80,
  "size_y": 80,
  "size_z": 41,
  "snr": 4.711932164154325,
  "spacing_tr": 1.9999991655349731,
  "spacing_x": 3.0,
  "spacing_y": 3.0,
  "spacing_z": 3.2000012397766113,
  "summary_bg_k": 120.96153537841569,
  "summary_bg_mad": 497.1364929350314,
  "summary_bg_mean": 3467.34375,
  "summary_bg_median": 442.9330749511719,
  "summary_bg_n": 180517.0,
  "summary_bg_p05": 47.91457443237305,
  "summary_bg_p95": 14907.727539062462,
  "summary_bg_stdv": 10671.7197265625,
  "summary_fg_k": 4.678768477294046,
  "summary_fg_mad": 24475.631386838388,
  "summary_fg_mean": 156419.734375,
  "summary_fg_median": 151327.375,
  "summary_fg_n": 37685.0,
  "summary_fg_p05": 118199.9609375,
  "summary_fg_p95": 211703.01874999996,
  "summary_fg_stdv": 32115.353515625,
  "tsnr": 62.62969970703125
}