{
  "aor": 0.003931029411764706,
  "aqi": 0.005758708823529412,
  "bids_meta": {
    "AcquisitionMatrixPE": 78,
    "AcquisitionNumber": 10,
    "AcquisitionTime": "13:08:2.910000",
    "BodyPartExamined": "HEAD",
    "ConversionSoftware": "dcm2niix",
    "ConversionSoftwareVersion": "v1.0.20180622 GCC4.9.2",
    "DeviceSerialNumber": "34111",
    "EchoTime": 0.03,
    "EchoTrainLength": 31,
    "FlipAngle": 75,
    "ImageOrientationPatientDICOM": [
      0.995319,
      0.0966373,
      0.000580399,
      -0.0962527,
      0.99186,
      -0.0833638
    ],
    "ImageType": [
      "ORIGINAL",
      "PRIMARY",
      "M",
      "FFE",
      "M",
      "FFE"
    ],
    "InPlanePhaseEncodingDirectionDICOM": "COL",
    "MRAcquisitionType": "2D",
    "MagneticFieldStrength": 3,
    "Manufacturer": "Philips",
    "ManufacturersModelName": "Achieva_dStream",
    "Modality": "MR",
    "PatientPosition": "HFS",
    "PercentPhaseFOV": 100,
    "PhaseEncodingAxis": "j",
    "PhaseEncodingSteps": 78,
    "PhilipsRescaleIntercept": 0,
    "PhilipsRescaleSlope": 0.840049,
    "PhilipsScaleSlope": 0.00776293,
    "PixelBandwidth": 3411,
    "ProtocolName": "EPI_run8_204dyn",
    "ReconMatrixPE": 80,
    "RepetitionTime": 2,
    "SAR": 0.0790621,
    "ScanOptions": "FS",
    "ScanningSequence": "GR",
    "SequenceVariant": "SK",
    "SeriesDescription": "EPI_run8_204dyn",
    "SeriesNumber": 1001,
    "SliceThickness": 3,
    "SoftwareVersions": "5.3.1_5.3.1.1",
    "SpacingBetweenSlices": 3.2,
    "StationName": "HOST_INGENIA",
    "TaskName": "faces",
    "UsePhilipsFloatNotDisplayScaling": 1,
    "dataset": "ds001761",
    "modality": "bold",
    "run_id": 8,
    "session_id": "06",
    "subject_id": "04",
    "task_id": "faces"
  },
  "dummy_trs": 0,
  "dvars_nstd": 26.77913009950738,
  "dvars_std": 1.2677882634482756,
  "dvars_vstd": 1.0453811470935965,
  "efc": 0.41938074017198806,
  "fber": 116337.515625,
  "fd_mean": 0.07144505129248455,
  "fd_num": 2,
  "fd_perc": 0.9803921568627451,
  "fwhm_avg": 1.8204213042395228,
  "fwhm_x": 1.78778,
  "fwhm_y": 1.9425533333333334,
  "fwhm_z": 1.7309305793852348,
  "gcor": 0.0206049,
  "gsr_x": -0.002105837455019355,
  "gsr_y": 0.0004119763907510787,
  "provenance": {
    "md5sum": "cf71c11868431aa232b52cc99c6c95f1",
    "settings": {
      "fd_thres": 0.2,
      "testing": false
    },
    "software": "mriqc",
    "version": "21.0.0rc2",
    "webapi_port": null,
    "webapi_url": "https://mriqc.nimh.nih.gov/api/v1"
  },
  "size_t": 204,
  "size_x": 80,
  "size_y": 80,
  "size_z": 41,
  "snr": 4.7091465446586875,
  "spacing_tr": 1.9999991655349731,
  "spacing_x": 3.0,
  "spacing_y": 3.0,
  "spacing_z": 3.2000012397766113,
  "summary_bg_k": 105.87519528402507,
  "summary_bg_mad": 502.2834093372291,
  "summary_bg_mean": 3620.600341796875,
  "summary_bg_median": 439.1825256347656,
  "summary_bg_n": 180431.0,
  "summary_bg_p05": 43.251441955566406,
  "summary_bg_p95": 15961.91943359375,
  "summary_bg_stdv": 10917.9287109375,
  "summary_fg_k": 4.624270153680922,
  "summary_fg_mad": 24363.99607291685,
  "summary_fg_mean": 154907.40625,
  "summary_fg_median": 150057.015625,
  "summary_fg_n": 37831.0,
  "summary_fg_p05": 116909.04296875,
  "summary_fg_p95": 209355.390625,
  "summary_fg_stdv": 31864.591796875,
  "tsnr": 65.19949340820312
}