{
  "bids_meta": {
    "AcquisitionMatrixPE": 240,
    "AcquisitionNumber": 2,
    "AcquisitionTime": "11:19:2.960000",
    "BodyPartExamined": "HEAD",
    "ConversionSoftware": "dcm2niix",
    "ConversionSoftwareVersion": "v1.0.20180622 GCC4.9.2",
    "DeviceSerialNumber": "34111",
    "EchoTime": 0.003713,
    "EchoTrainLength": 119,
    "FlipAngle": 8,
    "ImageOrientationPatientDICOM": [
      0,
      1,
      0,
      0.042739,
      0,
      -0.999086
    ],
    "ImageType": [
      "ORIGINAL",
      "PRIMARY",
      "M",
      "FFE",
      "M",
      "FFE"
    ],
    "InPlanePhaseEncodingDirectionDICOM": "ROW",
    "MRAcquisitionType": "3D",
    "MagneticFieldStrength": 3,
    "Manufacturer": "Philips",
    "ManufacturersModelName": "Achieva_dStream",
    "Modality": "MR",
    "PatientPosition": "HFS",
    "PercentPhaseFOV": 100,
    "PhaseEncodingSteps": 240,
    "PhilipsRescaleIntercept": 0,
    "PhilipsRescaleSlope": 4.72357,
    "PhilipsScaleSlope": 0.00172581,
    "PixelBandwidth": 191,
    "ProtocolName": "sT1W_1mm_3D_32ch",
    "ReconMatrixPE": 240,
    "RepetitionTime": 0.0081009,
    "SAR": 0.0133841,
    "ScanOptions": "OTHER",
    "ScanningSequence": "GR",
    "SequenceVariant": "MP",
    "SeriesDescription": "sT1W_1mm_3D_32ch",
    "SeriesNumber": 201,
    "SliceThickness": 1,
    "SoftwareVersions": "5.3.1_5.3.1.1",
    "SpacingBetweenSlices": 1,
    "StationName": "HOST_INGENIA",
    "UsePhilipsFloatNotDisplayScaling": 1,
    "acq_id": "01",
    "dataset": "ds001761",
    "modality": "T1w",
    "session_id": "07",
    "subject_id": "03"
  },
  "cjv": 0.27356695959538524,
  "cnr": 4.329775646295089,
  "efc": 0.7484485205216833,
  "fber": 798.4743041992188,
  "fwhm_avg": 3.7602889431926587,
  "fwhm_x": 3.8193768295779758,
  "fwhm_y": 4.00372,
  "fwhm_z": 3.45777,
  "icvs_csf": 0.23590577500178245,
  "icvs_gm": 0.37798373106196864,
  "icvs_wm": 0.3861104939362489,
  "inu_med": 2.314664363861084,
  "inu_range": 0.7313519954681396,
  "provenance": {
    "md5sum": "a3e3dc411758ce056f6f177487e0de1b",
    "settings": {
      "testing": false
    },
    "software": "mriqc",
    "version": "21.0.0rc2",
    "warnings": {
      "large_rot_frame": true,
      "small_air_mask": true
    },
    "webapi_port": null,
    "webapi_url": "https://mriqc.nimh.nih.gov/api/v1"
  },
  "qi_1": 0.0,
  "qi_2": 1.9185739860368595e-05,
  "rpve_csf": 18.14468535921513,
  "rpve_gm": 11.036731528969451,
  "rpve_wm": 15.08917563035378,
  "size_x": 170,
  "size_y": 240,
  "size_z": 240,
  "snr_csf": 2.76489852983172,
  "snr_gm": 6.6291880297587715,
  "snr_total": 10.565657146710384,
  "snr_wm": 22.302884880540663,
  "snrd_csf": 40.83370414652793,
  "snrd_gm": 79.67719308393286,
  "snrd_total": 86.29300885438262,
  "snrd_wm": 138.3681293326871,
  "spacing_x": 0.9999982118606567,
  "spacing_y": 1.0,
  "spacing_z": 1.0,
  "summary_bg_k": 2.2014712652664397,
  "summary_bg_mad": 4.734715874303892,
  "summary_bg_mean": 8.594697952270508,
  "summary_bg_median": 6.175737380981445,
  "summary_bg_n": 213518.0,
  "summary_bg_p05": 0.0,
  "summary_bg_p95": 21.409994888305665,
  "summary_bg_stdv": 6.467831611633301,
  "summary_csf_k": 5.661768735262244,
  "summary_csf_mad": 76.01743350647286,
  "summary_csf_mean": 272.1491394042969,
  "summary_csf_median": 295.1080017089844,
  "summary_csf_n": 8769.0,
  "summary_csf_p05": 60.146341705322264,
  "summary_csf_p95": 409.65959472656255,
  "summary_csf_stdv": 106.72766876220703,
  "summary_gm_k": 0.5556066357825467,
  "summary_gm_mad": 76.70434961002974,
  "summary_gm_mean": 582.0874633789062,
  "summary_gm_median": 575.8325805664062,
  "summary_gm_n": 18836.0,
  "summary_gm_p05": 446.73260498046875,
  "summary_gm_p95": 739.6267852783203,
  "summary_gm_stdv": 86.86090850830078,
  "summary_wm_k": 1.4467395798988276,
  "summary_wm_mad": 39.33275636570099,
  "summary_wm_mean": 998.0125122070312,
  "summary_wm_median": 999.9960327148438,
  "summary_wm_n": 233784.0,
  "summary_wm_p05": 921.1325592041015,
  "summary_wm_p95": 1066.2510131835936,
  "summary_wm_stdv": 44.83697509765625,
  "tpm_overlap_csf": 0.16139139235019684,
  "tpm_overlap_gm": 0.4224427044391632,
  "tpm_overlap_wm": 0.5034326314926147,
  "wm2max": 0.6784071216918115
}