{
  "aor": 0.001314974358974359,
  "aqi": 0.008475467743589742,
  "bids_meta": {
    "AcquisitionMatrixPE": 78,
    "AcquisitionNumber": 8,
    "AcquisitionTime": "10:46:12.610000",
    "ConversionSoftware": "dcm2niix",
    "ConversionSoftwareVersion": "v1.0.20180622 GCC4.9.2",
    "DeviceSerialNumber": "34111",
    "EchoTime": 0.030001,
    "EchoTrainLength": 31,
    "FlipAngle": 75,
    "ImageOrientationPatientDICOM": [
      0.997109,
      -0.0759835,
      1.49734e-11,
      0.0759339,
      0.996458,
      -0.0361363
    ],
    "ImageType": [
      "ORIGINAL",
      "PRIMARY",
      "M",
      "FFE",
      "M",
      "FFE"
    ],
    "InPlanePhaseEncodingDirectionDICOM": "COL",
    "InstitutionName": "INSERM_PURPAN",
    "InstitutionalDepartmentName": "NEURO-SCIENCES",
    "MRAcquisitionType": "2D",
    "MagneticFieldStrength": 3,
    "Manufacturer": "Philips",
    "ManufacturersModelName": "Achieva_dStream",
    "Modality": "MR",
    "PatientPosition": "HFS",
    "PercentPhaseFOV": 100,
    "PhaseEncodingAxis": "j",
    "PhaseEncodingSteps": 78,
    "PhilipsRescaleIntercept": 0,
    "PhilipsRescaleSlope": 0.847131,
    "PhilipsScaleSlope": 0.025409,
    "PixelBandwidth": 3420,
    "ProtocolName": "EPI_run4_195dyn_SENSE",
    "ReconMatrixPE": 80,
    "RepetitionTime": 2,
    "SAR": 0.0792516,
    "ScanOptions": "FS",
    "ScanningSequence": "GR",
    "SequenceVariant": "SK",
    "SeriesDescription": "EPI_run4_195dyn",
    "SeriesNumber": 801,
    "SliceThickness": 3,
    "SoftwareVersions": "5.1.7_5.1.7.2",
    "SpacingBetweenSlices": 3.2,
    "StationName": "PHILIPS-IL8E2TF",
    "TaskName": "faces",
    "UsePhilipsFloatNotDisplayScaling": 1,
    "dataset": "ds001761",
    "modality": "bold",
    "run_id": 4,
    "session_id": "03",
    "subject_id": "01",
    "task_id": "faces"
  },
  "dummy_trs": 0,
  "dvars_nstd": 29.494560851237125,
  "dvars_std": 1.1514518982474224,
  "dvars_vstd": 1.017732320257732,
  "efc": 0.4182736843186436,
  "fber": 150715.890625,
  "fd_mean": 0.17627429828043575,
  "fd_num": 54,
  "fd_perc": 27.692307692307693,
  "fwhm_avg": 1.6972133130306808,
  "fwhm_x": 1.64666,
  "fwhm_y": 1.8364466666666666,
  "fwhm_z": 1.6085332724253754,
  "gcor": 0.0415947,
  "gsr_x": -0.010913589037954807,
  "gsr_y": 0.012843770906329155,
  "provenance": {
    "md5sum": "49292951642a9bd50cd60a2fe8ff2371",
    "settings": {
      "fd_thres": 0.2,
      "testing": false
    },
    "software": "mriqc",
    "version": "21.0.0rc2",
    "webapi_port": null,
    "webapi_url": "https://mriqc.nimh.nih.gov/api/v1"
  },
  "size_t": 195,
  "size_x": 80,
  "size_y": 80,
  "size_z": 41,
  "snr": 5.369795113846158,
  "spacing_tr": 1.999998688697815,
  "spacing_x": 3.0,
  "spacing_y": 3.0,
  "spacing_z": 3.2000021934509277,
  "summary_bg_k": 129.78412017625962,
  "summary_bg_mad": 160.58249772929773,
  "summary_bg_mean": 1254.1285400390625,
  "summary_bg_median": 136.71133422851562,
  "summary_bg_n": 181265.0,
  "summary_bg_p05": 9.96618003845215,
  "summary_bg_p95": 5667.211328124989,
  "summary_bg_stdv": 3765.09521484375,
  "summary_fg_k": 2.9905685487917566,
  "summary_fg_mad": 8074.668663855463,
  "summary_fg_mean": 54799.4921875,
  "summary_fg_median": 53149.359375,
  "summary_fg_n": 38222.0,
  "summary_fg_p05": 42920.7509765625,
  "summary_fg_p95": 73444.68710937498,
  "summary_fg_stdv": 9897.7080078125,
  "tsnr": 57.481529235839844
}