{
  "aor": 0.0010408205128205126,
  "aqi": 0.009320826666666667,
  "bids_meta": {
    "AcquisitionMatrixPE": 78,
    "AcquisitionNumber": 12,
    "AcquisitionTime": "11:10:8.230000",
    "ConversionSoftware": "dcm2niix",
    "ConversionSoftwareVersion": "v1.0.20180622 GCC4.9.2",
    "DeviceSerialNumber": "34111",
    "EchoTime": 0.030001,
    "EchoTrainLength": 31,
    "FlipAngle": 75,
    "ImageOrientationPatientDICOM": [
      0.997109,
      -0.0759835,
      1.49734e-11,
      0.0759339,
      0.996458,
      -0.0361363
    ],
    "ImageType": [
      "ORIGINAL",
      "PRIMARY",
      "M",
      "FFE",
      "M",
      "FFE"
    ],
    "InPlanePhaseEncodingDirectionDICOM": "COL",
    "InstitutionName": "INSERM_PURPAN",
    "InstitutionalDepartmentName": "NEURO-SCIENCES",
    "MRAcquisitionType": "2D",
    "MagneticFieldStrength": 3,
    "Manufacturer": "Philips",
    "ManufacturersModelName": "Achieva_dStream",
    "Modality": "MR",
    "PatientPosition": "HFS",
    "PercentPhaseFOV": 100,
    "PhaseEncodingAxis": "j",
    "PhaseEncodingSteps": 78,
    "PhilipsRescaleIntercept": 0,
    "PhilipsRescaleSlope": 0.861783,
    "PhilipsScaleSlope": 0.0255508,
    "PixelBandwidth": 3420,
    "ProtocolName": "EPI_run7_195dyn_SENSE",
    "ReconMatrixPE": 80,
    "RepetitionTime": 2,
    "SAR": 0.0792516,
    "ScanOptions": "FS",
    "ScanningSequence": "GR",
    "SequenceVariant": "SK",
    "SeriesDescription": "EPI_run7_195dyn",
    "SeriesNumber": 1201,
    "SliceThickness": 3,
    "SoftwareVersions": "5.1.7_5.1.7.2",
    "SpacingBetweenSlices": 3.2,
    "StationName": "PHILIPS-IL8E2TF",
    "TaskName": "faces",
    "UsePhilipsFloatNotDisplayScaling": 1,
    "dataset": "ds001761",
    "modality": "bold",
    "run_id": 7,
    "session_id": "03",
    "subject_id": "01",
    "task_id": "faces"
  },
  "dummy_trs": 0,
  "dvars_nstd": 28.35290678721651,
  "dvars_std": 1.103539016494845,
  "dvars_vstd": 0.99292373628866,
  "efc": 0.4181824323283858,
  "fber": 167782.234375,
  "fd_mean": 0.13903975492230686,
  "fd_num": 24,
  "fd_perc": 12.307692307692308,
  "fwhm_avg": 1.7048938652903498,
  "fwhm_x": 1.6533,
  "fwhm_y": 1.8384233333333333,
  "fwhm_z": 1.6229582625377166,
  "gcor": 0.0246488,
  "gsr_x": -0.011119183152914047,
  "gsr_y": 0.012837561778724194,
  "provenance": {
    "md5sum": "2a5568bef9d66d84a784542dccd61412",
    "settings": {
      "fd_thres": 0.2,
      "testing": false
    },
    "software": "mriqc",
    "version": "21.0.0rc2",
    "webapi_port": null,
    "webapi_url": "https://mriqc.nimh.nih.gov/api/v1"
  },
  "size_t": 195,
  "size_x": 80,
  "size_y": 80,
  "size_z": 41,
  "snr": 5.371214485541214,
  "spacing_tr": 1.999998688697815,
  "spacing_x": 3.0,
  "spacing_y": 3.0,
  "spacing_z": 3.2000021934509277,
  "summary_bg_k": 140.45555602413214,
  "summary_bg_mad": 137.72886185510646,
  "summary_bg_mean": 1225.2188720703125,
  "summary_bg_median": 126.30167388916016,
  "summary_bg_n": 181229.0,
  "summary_bg_p05": 14.06820068359375,
  "summary_bg_p95": 5500.662695312501,
  "summary_bg_stdv": 3711.7138671875,
  "summary_fg_k": 2.941775080232464,
  "summary_fg_mad": 7886.8067468090385,
  "summary_fg_mean": 53352.828125,
  "summary_fg_median": 51761.98046875,
  "summary_fg_n": 38201.0,
  "summary_fg_p05": 41834.359375,
  "summary_fg_p95": 71316.4609375,
  "summary_fg_stdv": 9636.796875,
  "tsnr": 55.31855392456055
}