{
  "aor": 0.0012530729166666669,
  "aqi": 0.007511264270833334,
  "bids_meta": {
    "AcquisitionMatrixPE": 78,
    "AcquisitionNumber": 4,
    "AcquisitionTime": "10:21:30.690000",
    "ConversionSoftware": "dcm2niix",
    "ConversionSoftwareVersion": "v1.0.20180622 GCC4.9.2",
    "DeviceSerialNumber": "34111",
    "EchoTime": 0.030001,
    "EchoTrainLength": 31,
    "FlipAngle": 75,
    "ImageOrientationPatientDICOM": [
      0.997109,
      -0.0759835,
      1.49734e-11,
      0.0759339,
      0.996458,
      -0.0361363
    ],
    "ImageType": [
      "ORIGINAL",
      "PRIMARY",
      "M",
      "FFE",
      "M",
      "FFE"
    ],
    "InPlanePhaseEncodingDirectionDICOM": "COL",
    "InstitutionName": "INSERM_PURPAN",
    "InstitutionalDepartmentName": "NEURO-SCIENCES",
    "MRAcquisitionType": "2D",
    "MagneticFieldStrength": 3,
    "Manufacturer": "Philips",
    "ManufacturersModelName": "Achieva_dStream",
    "Modality": "MR",
    "PatientPosition": "HFS",
    "PercentPhaseFOV": 100,
    "PhaseEncodingAxis": "j",
    "PhaseEncodingSteps": 78,
    "PhilipsRescaleIntercept": 0,
    "PhilipsRescaleSlope": 0.802198,
    "PhilipsScaleSlope": 0.0249918,
    "PixelBandwidth": 3420,
    "ProtocolName": "EPI_run1_195dyn_SENSE",
    "ReconMatrixPE": 80,
    "RepetitionTime": 2,
    "SAR": 0.0792516,
    "ScanOptions": "FS",
    "ScanningSequence": "GR",
    "SequenceVariant": "SK",
    "SeriesDescription": "EPI_run1_195dyn",
    "SeriesNumber": 401,
    "SliceThickness": 3,
    "SoftwareVersions": "5.1.7_5.1.7.2",
    "SpacingBetweenSlices": 3.2,
    "StationName": "PHILIPS-IL8E2TF",
    "TaskName": "faces",
    "UsePhilipsFloatNotDisplayScaling": 1,
    "dataset": "ds001761",
    "modality": "bold",
    "run_id": 1,
    "session_id": "03",
    "subject_id": "01",
    "task_id": "faces"
  },
  "dummy_trs": 3,
  "dvars_nstd": 27.97215962031413,
  "dvars_std": 1.1330892452879586,
  "dvars_vstd": 0.9970086229319373,
  "efc": 0.41728985111936834,
  "fber": 168406.21875,
  "fd_mean": 0.13133707259892655,
  "fd_num": 16,
  "fd_perc": 8.333333333333334,
  "fwhm_avg": 1.7024297701166324,
  "fwhm_x": 1.65313,
  "fwhm_y": 1.8401666666666667,
  "fwhm_z": 1.6139926436832308,
  "gcor": 0.0195754,
  "gsr_x": -0.011597556993365288,
  "gsr_y": 0.013047486543655396,
  "provenance": {
    "md5sum": "96063ca37f0d4abdc21b3a6c71f222bb",
    "settings": {
      "fd_thres": 0.2,
      "testing": false
    },
    "software": "mriqc",
    "version": "21.0.0rc2",
    "webapi_port": null,
    "webapi_url": "https://mriqc.nimh.nih.gov/api/v1"
  },
  "size_t": 192,
  "size_x": 80,
  "size_y": 80,
  "size_z": 41,
  "snr": 5.26951418305387,
  "spacing_tr": 1.999998688697815,
  "spacing_x": 3.0,
  "spacing_y": 3.0,
  "spacing_z": 3.2000021934509277,
  "summary_bg_k": 153.01058722176768,
  "summary_bg_mad": 143.58401626929216,
  "summary_bg_mean": 1263.7642822265625,
  "summary_bg_median": 133.16595458984375,
  "summary_bg_n": 181215.0,
  "summary_bg_p05": 14.871975898742676,
  "summary_bg_p95": 5567.836328124999,
  "summary_bg_stdv": 3842.751220703125,
  "summary_fg_k": 2.9427925559097092,
  "summary_fg_mad": 8480.050333733341,
  "summary_fg_mean": 56516.11328125,
  "summary_fg_median": 54808.13671875,
  "summary_fg_n": 38203.0,
  "summary_fg_p05": 43823.718359375,
  "summary_fg_p95": 76107.97812500001,
  "summary_fg_stdv": 10400.8486328125,
  "tsnr": 59.35077667236328
}