{
  "aor": 0.0034200000000000003,
  "aqi": 0.008242605,
  "bids_meta": {
    "AcquisitionMatrixPE": 78,
    "AcquisitionNumber": 11,
    "AcquisitionTime": "11:07:41.440000",
    "ConversionSoftware": "dcm2niix",
    "ConversionSoftwareVersion": "v1.0.20180622 GCC4.9.2",
    "DeviceSerialNumber": "34111",
    "EchoTime": 0.030001,
    "EchoTrainLength": 31,
    "FlipAngle": 75,
    "ImageOrientationPatientDICOM": [
      0.997109,
      -0.0759835,
      1.49734e-11,
      0.0759339,
      0.996458,
      -0.0361363
    ],
    "ImageType": [
      "ORIGINAL",
      "PRIMARY",
      "M",
      "FFE",
      "M",
      "FFE"
    ],
    "InPlanePhaseEncodingDirectionDICOM": "COL",
    "InstitutionName": "INSERM_PURPAN",
    "InstitutionalDepartmentName": "NEURO-SCIENCES",
    "MRAcquisitionType": "2D",
    "MagneticFieldStrength": 3,
    "Manufacturer": "Philips",
    "ManufacturersModelName": "Achieva_dStream",
    "Modality": "MR",
    "PatientPosition": "HFS",
    "PercentPhaseFOV": 100,
    "PhaseEncodingAxis": "j",
    "PhaseEncodingSteps": 78,
    "PhilipsRescaleIntercept": 0,
    "PhilipsRescaleSlope": 0.853236,
    "PhilipsScaleSlope": 0.0256426,
    "PixelBandwidth": 3420,
    "ProtocolName": "EPI_LOCALIZER_56dyn_SENSE",
    "ReconMatrixPE": 80,
    "RepetitionTime": 2,
    "SAR": 0.0792516,
    "ScanOptions": "FS",
    "ScanningSequence": "GR",
    "SequenceVariant": "SK",
    "SeriesDescription": "EPI_LOCALIZER_56dyn",
    "SeriesNumber": 1101,
    "SliceThickness": 3,
    "SoftwareVersions": "5.1.7_5.1.7.2",
    "SpacingBetweenSlices": 3.2,
    "StationName": "PHILIPS-IL8E2TF",
    "TaskName": "loc",
    "UsePhilipsFloatNotDisplayScaling": 1,
    "dataset": "ds001761",
    "modality": "bold",
    "run_id": 2,
    "session_id": "03",
    "subject_id": "01",
    "task_id": "loc"
  },
  "dummy_trs": 0,
  "dvars_nstd": 29.079988895272734,
  "dvars_std": 1.1166038807272731,
  "dvars_vstd": 1.0081634340000003,
  "efc": 0.4177302594273096,
  "fber": 169843.578125,
  "fd_mean": 0.15808286112195963,
  "fd_num": 11,
  "fd_perc": 19.642857142857142,
  "fwhm_avg": 1.6957137983813675,
  "fwhm_x": 1.6489066666666667,
  "fwhm_y": 1.8263733333333334,
  "fwhm_z": 1.6118613951441023,
  "gcor": 0.0319152,
  "gsr_x": -0.011892467737197876,
  "gsr_y": 0.013056393712759018,
  "provenance": {
    "md5sum": "13f134a80c568a75937f62703534eff7",
    "settings": {
      "fd_thres": 0.2,
      "testing": false
    },
    "software": "mriqc",
    "version": "21.0.0rc2",
    "webapi_port": null,
    "webapi_url": "https://mriqc.nimh.nih.gov/api/v1"
  },
  "size_t": 56,
  "size_x": 80,
  "size_y": 80,
  "size_z": 41,
  "snr": 5.424206833183081,
  "spacing_tr": 1.999998688697815,
  "spacing_x": 3.0,
  "spacing_y": 3.0,
  "spacing_z": 3.2000021934509277,
  "summary_bg_k": 156.42317643113697,
  "summary_bg_mad": 136.64398958050265,
  "summary_bg_mean": 1194.4810791015625,
  "summary_bg_median": 124.98853302001953,
  "summary_bg_n": 181193.0,
  "summary_bg_p05": 12.161767959594728,
  "summary_bg_p95": 5451.273144531249,
  "summary_bg_stdv": 3574.7373046875,
  "summary_fg_k": 2.928224982165278,
  "summary_fg_mad": 7800.199032447155,
  "summary_fg_mean": 53212.53515625,
  "summary_fg_median": 51684.15625,
  "summary_fg_n": 38186.0,
  "summary_fg_p05": 41761.126953125,
  "summary_fg_p95": 71002.255859375,
  "summary_fg_stdv": 9528.3017578125,
  "tsnr": 58.520423889160156
}