{
  "aor": 0.0032226785714285716,
  "aqi": 0.007071564107142857,
  "bids_meta": {
    "AcquisitionMatrixPE": 78,
    "AcquisitionNumber": 7,
    "AcquisitionTime": "10:43:8.150000",
    "ConversionSoftware": "dcm2niix",
    "ConversionSoftwareVersion": "v1.0.20180622 GCC4.9.2",
    "DeviceSerialNumber": "34111",
    "EchoTime": 0.030001,
    "EchoTrainLength": 31,
    "FlipAngle": 75,
    "ImageOrientationPatientDICOM": [
      0.997109,
      -0.0759835,
      1.49734e-11,
      0.0759339,
      0.996458,
      -0.0361363
    ],
    "ImageType": [
      "ORIGINAL",
      "PRIMARY",
      "M",
      "FFE",
      "M",
      "FFE"
    ],
    "InPlanePhaseEncodingDirectionDICOM": "COL",
    "InstitutionName": "INSERM_PURPAN",
    "InstitutionalDepartmentName": "NEURO-SCIENCES",
    "MRAcquisitionType": "2D",
    "MagneticFieldStrength": 3,
    "Manufacturer": "Philips",
    "ManufacturersModelName": "Achieva_dStream",
    "Modality": "MR",
    "PatientPosition": "HFS",
    "PercentPhaseFOV": 100,
    "PhaseEncodingAxis": "j",
    "PhaseEncodingSteps": 78,
    "PhilipsRescaleIntercept": 0,
    "PhilipsRescaleSlope": 0.837851,
    "PhilipsScaleSlope": 0.0252962,
    "PixelBandwidth": 3420,
    "ProtocolName": "EPI_LOCALIZER_56dyn_SENSE",
    "ReconMatrixPE": 80,
    "RepetitionTime": 2,
    "SAR": 0.0792516,
    "ScanOptions": "FS",
    "ScanningSequence": "GR",
    "SequenceVariant": "SK",
    "SeriesDescription": "EPI_LOCALIZER_56dyn",
    "SeriesNumber": 701,
    "SliceThickness": 3,
    "SoftwareVersions": "5.1.7_5.1.7.2",
    "SpacingBetweenSlices": 3.2,
    "StationName": "PHILIPS-IL8E2TF",
    "TaskName": "loc",
    "UsePhilipsFloatNotDisplayScaling": 1,
    "dataset": "ds001761",
    "modality": "bold",
    "run_id": 1,
    "session_id": "03",
    "subject_id": "01",
    "task_id": "loc"
  },
  "dummy_trs": 0,
  "dvars_nstd": 27.794921319636366,
  "dvars_std": 1.1349806021818183,
  "dvars_vstd": 1.012507271636364,
  "efc": 0.4175540197106712,
  "fber": 168582.59375,
  "fd_mean": 0.12284218520826164,
  "fd_num": 2,
  "fd_perc": 3.5714285714285716,
  "fwhm_avg": 1.6948308841294943,
  "fwhm_x": 1.6479100000000002,
  "fwhm_y": 1.8352899999999999,
  "fwhm_z": 1.601292652388483,
  "gcor": 0.0264868,
  "gsr_x": -0.010976540856063366,
  "gsr_y": 0.012752151116728783,
  "provenance": {
    "md5sum": "660b9379dce59cdfa47af27af807a5c5",
    "settings": {
      "fd_thres": 0.2,
      "testing": false
    },
    "software": "mriqc",
    "version": "21.0.0rc2",
    "webapi_port": null,
    "webapi_url": "https://mriqc.nimh.nih.gov/api/v1"
  },
  "size_t": 56,
  "size_x": 80,
  "size_y": 80,
  "size_z": 41,
  "snr": 5.382005300369522,
  "spacing_tr": 1.999998688697815,
  "spacing_x": 3.0,
  "spacing_y": 3.0,
  "spacing_z": 3.2000021934509277,
  "summary_bg_k": 141.12724861722592,
  "summary_bg_mad": 137.60695935793822,
  "summary_bg_mean": 1236.09765625,
  "summary_bg_median": 128.94046020507812,
  "summary_bg_n": 181194.0,
  "summary_bg_p05": 14.280105495452881,
  "summary_bg_p95": 5518.795849609376,
  "summary_bg_stdv": 3776.012939453125,
  "summary_fg_k": 3.0901771711575625,
  "summary_fg_mad": 8013.992009780138,
  "summary_fg_mean": 54728.984375,
  "summary_fg_median": 53101.23046875,
  "summary_fg_n": 38213.0,
  "summary_fg_p05": 42874.83359375,
  "summary_fg_p95": 73214.35000000003,
  "summary_fg_stdv": 9866.310546875,
  "tsnr": 64.82967376708984
}