{
  "aor": 0.0035720512820512813,
  "aqi": 0.013739060717948717,
  "bids_meta": {
    "AcquisitionMatrixPE": 78,
    "AcquisitionNumber": 5,
    "AcquisitionTime": "10:28:46.450000",
    "ConversionSoftware": "dcm2niix",
    "ConversionSoftwareVersion": "v1.0.20180622 GCC4.9.2",
    "DeviceSerialNumber": "34111",
    "EchoTime": 0.030001,
    "EchoTrainLength": 31,
    "FlipAngle": 75,
    "ImageOrientationPatientDICOM": [
      0.997109,
      -0.0759835,
      1.49734e-11,
      0.0759339,
      0.996458,
      -0.0361363
    ],
    "ImageType": [
      "ORIGINAL",
      "PRIMARY",
      "M",
      "FFE",
      "M",
      "FFE"
    ],
    "InPlanePhaseEncodingDirectionDICOM": "COL",
    "InstitutionName": "INSERM_PURPAN",
    "InstitutionalDepartmentName": "NEURO-SCIENCES",
    "MRAcquisitionType": "2D",
    "MagneticFieldStrength": 3,
    "Manufacturer": "Philips",
    "ManufacturersModelName": "Achieva_dStream",
    "Modality": "MR",
    "PatientPosition": "HFS",
    "PercentPhaseFOV": 100,
    "PhaseEncodingAxis": "j",
    "PhaseEncodingSteps": 78,
    "PhilipsRescaleIntercept": 0,
    "PhilipsRescaleSlope": 0.803419,
    "PhilipsScaleSlope": 0.0251597,
    "PixelBandwidth": 3420,
    "ProtocolName": "EPI_run2_195dyn_SENSE",
    "ReconMatrixPE": 80,
    "RepetitionTime": 2,
    "SAR": 0.0792516,
    "ScanOptions": "FS",
    "ScanningSequence": "GR",
    "SequenceVariant": "SK",
    "SeriesDescription": "EPI_run2_195dyn",
    "SeriesNumber": 501,
    "SliceThickness": 3,
    "SoftwareVersions": "5.1.7_5.1.7.2",
    "SpacingBetweenSlices": 3.2,
    "StationName": "PHILIPS-IL8E2TF",
    "TaskName": "faces",
    "UsePhilipsFloatNotDisplayScaling": 1,
    "dataset": "ds001761",
    "modality": "bold",
    "run_id": 2,
    "session_id": "03",
    "subject_id": "01",
    "task_id": "faces"
  },
  "dummy_trs": 0,
  "dvars_nstd": 29.49262797969073,
  "dvars_std": 1.0930890361855663,
  "dvars_vstd": 0.9984148843814431,
  "efc": 0.41801612376179637,
  "fber": 144741.21875,
  "fd_mean": 0.20585555278045334,
  "fd_num": 46,
  "fd_perc": 23.58974358974359,
  "fwhm_avg": 1.7080808145015487,
  "fwhm_x": 1.6666833333333333,
  "fwhm_y": 1.8554633333333335,
  "fwhm_z": 1.6020957768379789,
  "gcor": 0.0217245,
  "gsr_x": -0.010886730626225471,
  "gsr_y": 0.012937908992171288,
  "provenance": {
    "md5sum": "5b54a8013e319e8a78a2b90d51ea73d1",
    "settings": {
      "fd_thres": 0.2,
      "testing": false
    },
    "software": "mriqc",
    "version": "21.0.0rc2",
    "webapi_port": null,
    "webapi_url": "https://mriqc.nimh.nih.gov/api/v1"
  },
  "size_t": 195,
  "size_x": 80,
  "size_y": 80,
  "size_z": 41,
  "snr": 5.37015395964893,
  "spacing_tr": 1.999998688697815,
  "spacing_x": 3.0,
  "spacing_y": 3.0,
  "spacing_z": 3.2000021934509277,
  "summary_bg_k": 142.30215115696512,
  "summary_bg_mad": 152.99080678184552,
  "summary_bg_mean": 1263.73828125,
  "summary_bg_median": 141.49612426757812,
  "summary_bg_n": 181176.0,
  "summary_bg_p05": 18.846842288970947,
  "summary_bg_p95": 5608.774169921875,
  "summary_bg_stdv": 3818.98291015625,
  "summary_fg_k": 3.023739051322919,
  "summary_fg_mad": 8165.240601727373,
  "summary_fg_mean": 55680.5,
  "summary_fg_median": 53974.37109375,
  "summary_fg_n": 38267.0,
  "summary_fg_p05": 43510.12265625,
  "summary_fg_p95": 74620.54296875,
  "summary_fg_stdv": 10050.673828125,
  "tsnr": 47.25949478149414
}