{
  "aor": 0.0035485714285714287,
  "aqi": 0.0037999737500000004,
  "bids_meta": {
    "AcquisitionMatrixPE": 78,
    "AcquisitionNumber": 10,
    "AcquisitionTime": "13:20:13.530000",
    "BodyPartExamined": "HEAD",
    "ConversionSoftware": "dcm2niix",
    "ConversionSoftwareVersion": "v1.0.20180622 GCC4.9.2",
    "DeviceSerialNumber": "34111",
    "EchoTime": 0.030001,
    "EchoTrainLength": 31,
    "FlipAngle": 75,
    "ImageOrientationPatientDICOM": [
      0.999298,
      0.0325409,
      -0.018572,
      -0.0344419,
      0.992951,
      -0.113409
    ],
    "ImageType": [
      "ORIGINAL",
      "PRIMARY",
      "M",
      "FFE",
      "M",
      "FFE"
    ],
    "InPlanePhaseEncodingDirectionDICOM": "COL",
    "MRAcquisitionType": "2D",
    "MagneticFieldStrength": 3,
    "Manufacturer": "Philips",
    "ManufacturersModelName": "Achieva_dStream",
    "Modality": "MR",
    "PatientPosition": "HFS",
    "PercentPhaseFOV": 100,
    "PhaseEncodingAxis": "j",
    "PhaseEncodingSteps": 78,
    "PhilipsRescaleIntercept": 0,
    "PhilipsRescaleSlope": 0.779731,
    "PhilipsScaleSlope": 0.0066029,
    "PixelBandwidth": 3420,
    "ProtocolName": "EPI_LOCALIZER_56dyn",
    "ReconMatrixPE": 80,
    "RepetitionTime": 2,
    "SAR": 0.0790595,
    "ScanOptions": "FS",
    "ScanningSequence": "GR",
    "SequenceVariant": "SK",
    "SeriesDescription": "EPI_LOCALIZER_56dyn",
    "SeriesNumber": 1001,
    "SliceThickness": 3,
    "SoftwareVersions": "5.3.1_5.3.1.1",
    "SpacingBetweenSlices": 3.2,
    "StationName": "HOST_INGENIA",
    "TaskName": "loc",
    "UsePhilipsFloatNotDisplayScaling": 1,
    "dataset": "ds001761",
    "modality": "bold",
    "run_id": 2,
    "session_id": "03",
    "subject_id": "04",
    "task_id": "loc"
  },
  "dummy_trs": 0,
  "dvars_nstd": 23.417127990545445,
  "dvars_std": 1.2182080905454546,
  "dvars_vstd": 1.012894448,
  "efc": 0.41231148019000796,
  "fber": 137772.546875,
  "fd_mean": 0.0699019815167112,
  "fd_num": 1,
  "fd_perc": 1.7857142857142858,
  "fwhm_avg": 1.9010686271375985,
  "fwhm_x": 1.8705800000000001,
  "fwhm_y": 2.040216666666667,
  "fwhm_z": 1.7924092147461281,
  "gcor": 0.0242898,
  "gsr_x": -0.002192579209804535,
  "gsr_y": 0.002916698344051838,
  "provenance": {
    "md5sum": "0b5647c195de9131a10243cfb38e3de9",
    "settings": {
      "fd_thres": 0.2,
      "testing": false
    },
    "software": "mriqc",
    "version": "21.0.0rc2",
    "webapi_port": null,
    "webapi_url": "https://mriqc.nimh.nih.gov/api/v1"
  },
  "size_t": 56,
  "size_x": 80,
  "size_y": 80,
  "size_z": 41,
  "snr": 4.557047836908721,
  "spacing_tr": 1.9999991655349731,
  "spacing_x": 3.0,
  "spacing_y": 3.0,
  "spacing_z": 3.200000286102295,
  "summary_bg_k": 121.4427168514236,
  "summary_bg_mad": 530.7549212844074,
  "summary_bg_mean": 3706.453857421875,
  "summary_bg_median": 459.6702880859375,
  "summary_bg_n": 181105.0,
  "summary_bg_p05": 28.838098907470705,
  "summary_bg_p95": 16847.003906249996,
  "summary_bg_stdv": 11201.533203125,
  "summary_fg_k": 4.526704728590379,
  "summary_fg_mad": 29915.46108615309,
  "summary_fg_mean": 178646.046875,
  "summary_fg_median": 173096.671875,
  "summary_fg_n": 37327.0,
  "summary_fg_p05": 132130.3734375,
  "summary_fg_p95": 242171.74531249996,
  "summary_fg_stdv": 37983.87890625,
  "tsnr": 79.46817779541016
}