{
  "aor": 0.0014519487179487178,
  "aqi": 0.004237091025641025,
  "bids_meta": {
    "AcquisitionMatrixPE": 78,
    "AcquisitionNumber": 16,
    "AcquisitionTime": "13:59:48.530000",
    "BodyPartExamined": "HEAD",
    "ConversionSoftware": "dcm2niix",
    "ConversionSoftwareVersion": "v1.0.20180622 GCC4.9.2",
    "DeviceSerialNumber": "34111",
    "EchoTime": 0.03,
    "EchoTrainLength": 31,
    "FlipAngle": 75,
    "ImageOrientationPatientDICOM": [
      0.994169,
      0.066824,
      -0.0846298,
      -0.0769424,
      0.989473,
      -0.122571
    ],
    "ImageType": [
      "ORIGINAL",
      "PRIMARY",
      "M",
      "FFE",
      "M",
      "FFE"
    ],
    "InPlanePhaseEncodingDirectionDICOM": "COL",
    "MRAcquisitionType": "2D",
    "MagneticFieldStrength": 3,
    "Manufacturer": "Philips",
    "ManufacturersModelName": "Achieva_dStream",
    "Modality": "MR",
    "PatientPosition": "HFS",
    "PercentPhaseFOV": 100,
    "PhaseEncodingAxis": "j",
    "PhaseEncodingSteps": 78,
    "PhilipsRescaleIntercept": 0,
    "PhilipsRescaleSlope": 0.826129,
    "PhilipsScaleSlope": 0.00640612,
    "PixelBandwidth": 3378,
    "ProtocolName": "EPI_run10_195dyn",
    "ReconMatrixPE": 80,
    "RepetitionTime": 2,
    "SAR": 0.0791074,
    "ScanOptions": "FS",
    "ScanningSequence": "GR",
    "SequenceVariant": "SK",
    "SeriesDescription": "EPI_run10_195dyn",
    "SeriesNumber": 1601,
    "SliceThickness": 3,
    "SoftwareVersions": "5.3.1_5.3.1.1",
    "SpacingBetweenSlices": 3.2,
    "StationName": "HOST_INGENIA",
    "TaskName": "faces",
    "UsePhilipsFloatNotDisplayScaling": 1,
    "dataset": "ds001761",
    "modality": "bold",
    "run_id": 10,
    "session_id": "03",
    "subject_id": "04",
    "task_id": "faces"
  },
  "dummy_trs": 0,
  "dvars_nstd": 24.452757845103086,
  "dvars_std": 1.274009245670103,
  "dvars_vstd": 1.0161824082989686,
  "efc": 0.4146406404503412,
  "fber": 121526.5859375,
  "fd_mean": 0.06740231725287914,
  "fd_num": 0,
  "fd_perc": 0.0,
  "fwhm_avg": 1.9081271488721014,
  "fwhm_x": 1.89678,
  "fwhm_y": 2.03083,
  "fwhm_z": 1.7967714466163047,
  "gcor": 0.0279682,
  "gsr_x": -0.003313684370368719,
  "gsr_y": 0.0025167132262140512,
  "provenance": {
    "md5sum": "4bdbc692a50fcc77b7ff3767b4b9b3f7",
    "settings": {
      "fd_thres": 0.2,
      "testing": false
    },
    "software": "mriqc",
    "version": "21.0.0rc2",
    "webapi_port": null,
    "webapi_url": "https://mriqc.nimh.nih.gov/api/v1"
  },
  "size_t": 195,
  "size_x": 80,
  "size_y": 80,
  "size_z": 41,
  "snr": 4.633296482326924,
  "spacing_tr": 1.9999991655349731,
  "spacing_x": 3.0,
  "spacing_y": 3.0,
  "spacing_z": 3.200000762939453,
  "summary_bg_k": 130.61421691382253,
  "summary_bg_mad": 608.2597530248631,
  "summary_bg_mean": 3799.601318359375,
  "summary_bg_median": 505.69342041015625,
  "summary_bg_n": 180535.0,
  "summary_bg_p05": 33.447243499755864,
  "summary_bg_p95": 16821.42968749998,
  "summary_bg_stdv": 11458.7509765625,
  "summary_fg_k": 4.4901180995351275,
  "summary_fg_mad": 30285.23134571225,
  "summary_fg_mean": 183099.421875,
  "summary_fg_median": 177571.734375,
  "summary_fg_n": 37814.0,
  "summary_fg_p05": 135677.63671875,
  "summary_fg_p95": 247880.51484375,
  "summary_fg_stdv": 38324.6328125,
  "tsnr": 75.48854064941406
}