{
  "aor": 0.004867321428571429,
  "aqi": 0.004197334821428572,
  "bids_meta": {
    "AcquisitionMatrixPE": 78,
    "AcquisitionNumber": 6,
    "AcquisitionTime": "12:56:3.380000",
    "BodyPartExamined": "HEAD",
    "ConversionSoftware": "dcm2niix",
    "ConversionSoftwareVersion": "v1.0.20180622 GCC4.9.2",
    "DeviceSerialNumber": "34111",
    "EchoTime": 0.030001,
    "EchoTrainLength": 31,
    "FlipAngle": 75,
    "ImageOrientationPatientDICOM": [
      0.999298,
      0.0325409,
      -0.018572,
      -0.0344419,
      0.992951,
      -0.113409
    ],
    "ImageType": [
      "ORIGINAL",
      "PRIMARY",
      "M",
      "FFE",
      "M",
      "FFE"
    ],
    "InPlanePhaseEncodingDirectionDICOM": "COL",
    "MRAcquisitionType": "2D",
    "MagneticFieldStrength": 3,
    "Manufacturer": "Philips",
    "ManufacturersModelName": "Achieva_dStream",
    "Modality": "MR",
    "PatientPosition": "HFS",
    "PercentPhaseFOV": 100,
    "PhaseEncodingAxis": "j",
    "PhaseEncodingSteps": 78,
    "PhilipsRescaleIntercept": 0,
    "PhilipsRescaleSlope": 0.777289,
    "PhilipsScaleSlope": 0.0065552,
    "PixelBandwidth": 3420,
    "ProtocolName": "EPI_LOCALIZER_56dyn",
    "ReconMatrixPE": 80,
    "RepetitionTime": 2,
    "SAR": 0.0790595,
    "ScanOptions": "FS",
    "ScanningSequence": "GR",
    "SequenceVariant": "SK",
    "SeriesDescription": "EPI_LOCALIZER_56dyn",
    "SeriesNumber": 601,
    "SliceThickness": 3,
    "SoftwareVersions": "5.3.1_5.3.1.1",
    "SpacingBetweenSlices": 3.2,
    "StationName": "HOST_INGENIA",
    "TaskName": "loc",
    "UsePhilipsFloatNotDisplayScaling": 1,
    "dataset": "ds001761",
    "modality": "bold",
    "run_id": 1,
    "session_id": "03",
    "subject_id": "04",
    "task_id": "loc"
  },
  "dummy_trs": 0,
  "dvars_nstd": 23.229843174727268,
  "dvars_std": 1.2322273365454544,
  "dvars_vstd": 1.0237686898181817,
  "efc": 0.41199039846957825,
  "fber": 137622.78125,
  "fd_mean": 0.06669857110647438,
  "fd_num": 2,
  "fd_perc": 3.5714285714285716,
  "fwhm_avg": 1.899516612888381,
  "fwhm_x": 1.8664233333333333,
  "fwhm_y": 2.027626666666667,
  "fwhm_z": 1.804499838665142,
  "gcor": 0.0417693,
  "gsr_x": -0.0024224987719208,
  "gsr_y": 0.003776810597628355,
  "provenance": {
    "md5sum": "d7d5c40510593da3098a28e5ae3ae639",
    "settings": {
      "fd_thres": 0.2,
      "testing": false
    },
    "software": "mriqc",
    "version": "21.0.0rc2",
    "webapi_port": null,
    "webapi_url": "https://mriqc.nimh.nih.gov/api/v1"
  },
  "size_t": 56,
  "size_x": 80,
  "size_y": 80,
  "size_z": 41,
  "snr": 4.635450211354802,
  "spacing_tr": 1.9999991655349731,
  "spacing_x": 3.0,
  "spacing_y": 3.0,
  "spacing_z": 3.200000286102295,
  "summary_bg_k": 135.02791316155373,
  "summary_bg_mad": 535.2763479086371,
  "summary_bg_mean": 3745.1142578125,
  "summary_bg_median": 468.26727294921875,
  "summary_bg_n": 181228.0,
  "summary_bg_p05": 28.682821464538577,
  "summary_bg_p95": 16861.999902343745,
  "summary_bg_stdv": 11594.1201171875,
  "summary_fg_k": 4.5307388014818475,
  "summary_fg_mad": 30010.892021139556,
  "summary_fg_mean": 181200.71875,
  "summary_fg_median": 175729.96875,
  "summary_fg_n": 37376.0,
  "summary_fg_p05": 134447.83203125,
  "summary_fg_p95": 245181.64453125,
  "summary_fg_stdv": 37909.50390625,
  "tsnr": 78.85220336914062
}