{
  "aor": 0.0015249230769230767,
  "aqi": 0.00520470123076923,
  "bids_meta": {
    "AcquisitionMatrixPE": 78,
    "AcquisitionNumber": 18,
    "AcquisitionTime": "14:14:2.530000",
    "BodyPartExamined": "HEAD",
    "ConversionSoftware": "dcm2niix",
    "ConversionSoftwareVersion": "v1.0.20180622 GCC4.9.2",
    "DeviceSerialNumber": "34111",
    "EchoTime": 0.03,
    "EchoTrainLength": 31,
    "FlipAngle": 75,
    "ImageOrientationPatientDICOM": [
      0.994169,
      0.066824,
      -0.0846298,
      -0.0769424,
      0.989473,
      -0.122571
    ],
    "ImageType": [
      "ORIGINAL",
      "PRIMARY",
      "M",
      "FFE",
      "M",
      "FFE"
    ],
    "InPlanePhaseEncodingDirectionDICOM": "COL",
    "MRAcquisitionType": "2D",
    "MagneticFieldStrength": 3,
    "Manufacturer": "Philips",
    "ManufacturersModelName": "Achieva_dStream",
    "Modality": "MR",
    "PatientPosition": "HFS",
    "PercentPhaseFOV": 100,
    "PhaseEncodingAxis": "j",
    "PhaseEncodingSteps": 78,
    "PhilipsRescaleIntercept": 0,
    "PhilipsRescaleSlope": 0.808303,
    "PhilipsScaleSlope": 0.00663438,
    "PixelBandwidth": 3378,
    "ProtocolName": "EPI_run12_195dyn",
    "ReconMatrixPE": 80,
    "RepetitionTime": 2,
    "SAR": 0.0791074,
    "ScanOptions": "FS",
    "ScanningSequence": "GR",
    "SequenceVariant": "SK",
    "SeriesDescription": "EPI_run12_195dyn",
    "SeriesNumber": 1801,
    "SliceThickness": 3,
    "SoftwareVersions": "5.3.1_5.3.1.1",
    "SpacingBetweenSlices": 3.2,
    "StationName": "HOST_INGENIA",
    "TaskName": "faces",
    "UsePhilipsFloatNotDisplayScaling": 1,
    "dataset": "ds001761",
    "modality": "bold",
    "run_id": 12,
    "session_id": "03",
    "subject_id": "04",
    "task_id": "faces"
  },
  "dummy_trs": 0,
  "dvars_nstd": 24.051158059432993,
  "dvars_std": 1.234222085257732,
  "dvars_vstd": 1.010518652113402,
  "efc": 0.41439919891395816,
  "fber": 129129.609375,
  "fd_mean": 0.08070318609245913,
  "fd_num": 5,
  "fd_perc": 2.5641025641025643,
  "fwhm_avg": 1.8924521497919997,
  "fwhm_x": 1.8785366666666665,
  "fwhm_y": 2.0136233333333333,
  "fwhm_z": 1.785196449375999,
  "gcor": 0.0348724,
  "gsr_x": -0.002666408196091652,
  "gsr_y": 0.002241371665149927,
  "provenance": {
    "md5sum": "44ace02121ab6db5c2820aa4298f76b9",
    "settings": {
      "fd_thres": 0.2,
      "testing": false
    },
    "software": "mriqc",
    "version": "21.0.0rc2",
    "webapi_port": null,
    "webapi_url": "https://mriqc.nimh.nih.gov/api/v1"
  },
  "size_t": 195,
  "size_x": 80,
  "size_y": 80,
  "size_z": 41,
  "snr": 4.707217090830389,
  "spacing_tr": 1.9999991655349731,
  "spacing_x": 3.0,
  "spacing_y": 3.0,
  "spacing_z": 3.200000762939453,
  "summary_bg_k": 126.41759410056127,
  "summary_bg_mad": 580.8303903559256,
  "summary_bg_mean": 3722.37744140625,
  "summary_bg_median": 481.9691162109375,
  "summary_bg_n": 180606.0,
  "summary_bg_p05": 29.14824867248535,
  "summary_bg_p95": 16659.55419921875,
  "summary_bg_stdv": 11383.2578125,
  "summary_fg_k": 4.442815659453072,
  "summary_fg_mad": 28975.39861698188,
  "summary_fg_mean": 179940.4375,
  "summary_fg_median": 174735.71875,
  "summary_fg_n": 37780.0,
  "summary_fg_p05": 134076.18203125,
  "summary_fg_p95": 242982.8117187499,
  "summary_fg_stdv": 37120.3203125,
  "tsnr": 71.95392608642578
}