{
  "aor": 0.0015341538461538463,
  "aqi": 0.004310598205128205,
  "bids_meta": {
    "AcquisitionMatrixPE": 78,
    "AcquisitionNumber": 12,
    "AcquisitionTime": "13:31:27.670000",
    "BodyPartExamined": "HEAD",
    "ConversionSoftware": "dcm2niix",
    "ConversionSoftwareVersion": "v1.0.20180622 GCC4.9.2",
    "DeviceSerialNumber": "34111",
    "EchoTime": 0.030001,
    "EchoTrainLength": 31,
    "FlipAngle": 75,
    "ImageOrientationPatientDICOM": [
      0.999298,
      0.0325409,
      -0.018572,
      -0.0344419,
      0.992951,
      -0.113409
    ],
    "ImageType": [
      "ORIGINAL",
      "PRIMARY",
      "M",
      "FFE",
      "M",
      "FFE"
    ],
    "InPlanePhaseEncodingDirectionDICOM": "COL",
    "MRAcquisitionType": "2D",
    "MagneticFieldStrength": 3,
    "Manufacturer": "Philips",
    "ManufacturersModelName": "Achieva_dStream",
    "Modality": "MR",
    "PatientPosition": "HFS",
    "PercentPhaseFOV": 100,
    "PhaseEncodingAxis": "j",
    "PhaseEncodingSteps": 78,
    "PhilipsRescaleIntercept": 0,
    "PhilipsRescaleSlope": 0.770208,
    "PhilipsScaleSlope": 0.00675869,
    "PixelBandwidth": 3420,
    "ProtocolName": "EPI_run8_195dyn",
    "ReconMatrixPE": 80,
    "RepetitionTime": 2,
    "SAR": 0.0790595,
    "ScanOptions": "FS",
    "ScanningSequence": "GR",
    "SequenceVariant": "SK",
    "SeriesDescription": "EPI_run8_195dyn",
    "SeriesNumber": 1201,
    "SliceThickness": 3,
    "SoftwareVersions": "5.3.1_5.3.1.1",
    "SpacingBetweenSlices": 3.2,
    "StationName": "HOST_INGENIA",
    "TaskName": "faces",
    "UsePhilipsFloatNotDisplayScaling": 1,
    "dataset": "ds001761",
    "modality": "bold",
    "run_id": 8,
    "session_id": "03",
    "subject_id": "04",
    "task_id": "faces"
  },
  "dummy_trs": 0,
  "dvars_nstd": 23.975453533865984,
  "dvars_std": 1.2610689296907218,
  "dvars_vstd": 1.0159426754639174,
  "efc": 0.41245750629245886,
  "fber": 134004.546875,
  "fd_mean": 0.06601103549672337,
  "fd_num": 0,
  "fd_perc": 0.0,
  "fwhm_avg": 1.8965129330386745,
  "fwhm_x": 1.8708066666666667,
  "fwhm_y": 2.0379166666666664,
  "fwhm_z": 1.7808154657826902,
  "gcor": 0.0273331,
  "gsr_x": -0.002461060183122754,
  "gsr_y": 0.0031524337828159332,
  "provenance": {
    "md5sum": "e24a8a4fdb3792f1322ff25565bfd1fe",
    "settings": {
      "fd_thres": 0.2,
      "testing": false
    },
    "software": "mriqc",
    "version": "21.0.0rc2",
    "webapi_port": null,
    "webapi_url": "https://mriqc.nimh.nih.gov/api/v1"
  },
  "size_t": 195,
  "size_x": 80,
  "size_y": 80,
  "size_z": 41,
  "snr": 4.566470964229977,
  "spacing_tr": 1.9999991655349731,
  "spacing_x": 3.0,
  "spacing_y": 3.0,
  "spacing_z": 3.200000286102295,
  "summary_bg_k": 127.06463964427087,
  "summary_bg_mad": 525.3068173725039,
  "summary_bg_mean": 3665.53076171875,
  "summary_bg_median": 460.53009033203125,
  "summary_bg_n": 181113.0,
  "summary_bg_p05": 34.27627944946289,
  "summary_bg_p95": 16688.801562499983,
  "summary_bg_stdv": 11052.1435546875,
  "summary_fg_k": 4.546215793427226,
  "summary_fg_mad": 29449.136357113748,
  "summary_fg_mean": 176617.734375,
  "summary_fg_median": 171219.375,
  "summary_fg_n": 37332.0,
  "summary_fg_p05": 130945.60078125,
  "summary_fg_p95": 239530.946875,
  "summary_fg_stdv": 37494.3984375,
  "tsnr": 76.59312438964844
}