{
  "aor": 0.0014890256410256414,
  "aqi": 0.005248315897435899,
  "bids_meta": {
    "AcquisitionMatrixPE": 78,
    "AcquisitionNumber": 5,
    "AcquisitionTime": "12:46:31.150000",
    "BodyPartExamined": "HEAD",
    "ConversionSoftware": "dcm2niix",
    "ConversionSoftwareVersion": "v1.0.20180622 GCC4.9.2",
    "DeviceSerialNumber": "34111",
    "EchoTime": 0.030001,
    "EchoTrainLength": 31,
    "FlipAngle": 75,
    "ImageOrientationPatientDICOM": [
      0.999298,
      0.0325409,
      -0.018572,
      -0.0344419,
      0.992951,
      -0.113409
    ],
    "ImageType": [
      "ORIGINAL",
      "PRIMARY",
      "M",
      "FFE",
      "M",
      "FFE"
    ],
    "InPlanePhaseEncodingDirectionDICOM": "COL",
    "MRAcquisitionType": "2D",
    "MagneticFieldStrength": 3,
    "Manufacturer": "Philips",
    "ManufacturersModelName": "Achieva_dStream",
    "Modality": "MR",
    "PatientPosition": "HFS",
    "PercentPhaseFOV": 100,
    "PhaseEncodingAxis": "j",
    "PhaseEncodingSteps": 78,
    "PhilipsRescaleIntercept": 0,
    "PhilipsRescaleSlope": 0.785592,
    "PhilipsScaleSlope": 0.00670693,
    "PixelBandwidth": 3420,
    "ProtocolName": "EPI_run3_195dyn",
    "ReconMatrixPE": 80,
    "RepetitionTime": 2,
    "SAR": 0.0790595,
    "ScanOptions": "FS",
    "ScanningSequence": "GR",
    "SequenceVariant": "SK",
    "SeriesDescription": "EPI_run3_195dyn",
    "SeriesNumber": 501,
    "SliceThickness": 3,
    "SoftwareVersions": "5.3.1_5.3.1.1",
    "SpacingBetweenSlices": 3.2,
    "StationName": "HOST_INGENIA",
    "TaskName": "faces",
    "UsePhilipsFloatNotDisplayScaling": 1,
    "dataset": "ds001761",
    "modality": "bold",
    "run_id": 3,
    "session_id": "03",
    "subject_id": "04",
    "task_id": "faces"
  },
  "dummy_trs": 0,
  "dvars_nstd": 23.661782166546384,
  "dvars_std": 1.2247943948453608,
  "dvars_vstd": 1.0045206756185574,
  "efc": 0.41242167775882066,
  "fber": 120507.0859375,
  "fd_mean": 0.07169804210168489,
  "fd_num": 1,
  "fd_perc": 0.5128205128205128,
  "fwhm_avg": 1.9191284873395524,
  "fwhm_x": 1.8877633333333332,
  "fwhm_y": 2.0467066666666667,
  "fwhm_z": 1.8229154620186572,
  "gcor": 0.0453539,
  "gsr_x": -0.0017366252141073346,
  "gsr_y": 0.0030432187486439943,
  "provenance": {
    "md5sum": "5df26716b124e7dad46cc4cf90d5f174",
    "settings": {
      "fd_thres": 0.2,
      "testing": false
    },
    "software": "mriqc",
    "version": "21.0.0rc2",
    "webapi_port": null,
    "webapi_url": "https://mriqc.nimh.nih.gov/api/v1"
  },
  "size_t": 195,
  "size_x": 80,
  "size_y": 80,
  "size_z": 41,
  "snr": 4.566213103194589,
  "spacing_tr": 1.9999991655349731,
  "spacing_x": 3.0,
  "spacing_y": 3.0,
  "spacing_z": 3.200000286102295,
  "summary_bg_k": 117.56216913866677,
  "summary_bg_mad": 563.3529973409785,
  "summary_bg_mean": 3790.835205078125,
  "summary_bg_median": 494.84039306640625,
  "summary_bg_n": 181246.0,
  "summary_bg_p05": 33.44126033782959,
  "summary_bg_p95": 16992.169921875,
  "summary_bg_stdv": 11628.2880859375,
  "summary_fg_k": 4.697753890961972,
  "summary_fg_mad": 29872.511953135756,
  "summary_fg_mean": 179440.8125,
  "summary_fg_median": 173866.671875,
  "summary_fg_n": 37329.0,
  "summary_fg_p05": 132468.928125,
  "summary_fg_p95": 243626.2875,
  "summary_fg_stdv": 38076.265625,
  "tsnr": 69.17826843261719
}