{
  "bids_meta": {
    "AcquisitionMatrixPE": 240,
    "AcquisitionNumber": 2,
    "AcquisitionTime": "11:18:45.750000",
    "BodyPartExamined": "HEAD",
    "ConversionSoftware": "dcm2niix",
    "ConversionSoftwareVersion": "v1.0.20180622 GCC4.9.2",
    "DeviceSerialNumber": "34111",
    "EchoTime": 0.003703,
    "EchoTrainLength": 119,
    "FlipAngle": 8,
    "ImageOrientationPatientDICOM": [
      0.0542653,
      0.998527,
      0,
      0,
      0,
      -1
    ],
    "ImageType": [
      "ORIGINAL",
      "PRIMARY",
      "M",
      "FFE",
      "M",
      "FFE"
    ],
    "InPlanePhaseEncodingDirectionDICOM": "ROW",
    "MRAcquisitionType": "3D",
    "MagneticFieldStrength": 3,
    "Manufacturer": "Philips",
    "ManufacturersModelName": "Achieva_dStream",
    "Modality": "MR",
    "PatientPosition": "HFS",
    "PercentPhaseFOV": 100,
    "PhaseEncodingSteps": 240,
    "PhilipsRescaleIntercept": 0,
    "PhilipsRescaleSlope": 4.72308,
    "PhilipsScaleSlope": 0.00169944,
    "PixelBandwidth": 191,
    "ProtocolName": "sT1W_1mm_3D_32ch",
    "ReconMatrixPE": 240,
    "RepetitionTime": 0.0080987,
    "SAR": 0.0130815,
    "ScanOptions": "OTHER",
    "ScanningSequence": "GR",
    "SequenceVariant": "MP",
    "SeriesDescription": "sT1W_1mm_3D_32ch",
    "SeriesNumber": 201,
    "SliceThickness": 1,
    "SoftwareVersions": "5.3.1_5.3.1.1",
    "SpacingBetweenSlices": 1,
    "StationName": "HOST_INGENIA",
    "UsePhilipsFloatNotDisplayScaling": 1,
    "acq_id": "01",
    "dataset": "ds001761",
    "modality": "T1w",
    "session_id": "07",
    "subject_id": "01"
  },
  "cjv": 0.3096547579769442,
  "cnr": 3.9493135312915046,
  "efc": 0.7437221220634764,
  "fber": 219.0077362060547,
  "fwhm_avg": 3.717252943551614,
  "fwhm_x": 3.735248830654842,
  "fwhm_y": 3.98811,
  "fwhm_z": 3.4284,
  "icvs_csf": 0.273862034275765,
  "icvs_gm": 0.3491096455797575,
  "icvs_wm": 0.3770283201444775,
  "inu_med": 2.569960594177246,
  "inu_range": 0.7055003523826602,
  "provenance": {
    "md5sum": "04ac7514f6a4aa097bbee908944fdf2f",
    "settings": {
      "testing": false
    },
    "software": "mriqc",
    "version": "21.0.0rc2",
    "warnings": {
      "large_rot_frame": true,
      "small_air_mask": true
    },
    "webapi_port": null,
    "webapi_url": "https://mriqc.nimh.nih.gov/api/v1"
  },
  "qi_1": 0.0,
  "qi_2": 1.3591083933417224e-05,
  "rpve_csf": 19.314012484792883,
  "rpve_gm": 13.358693720954765,
  "rpve_wm": 17.27945722600727,
  "size_x": 170,
  "size_y": 240,
  "size_z": 240,
  "snr_csf": 3.576022971478075,
  "snr_gm": 7.701788200197914,
  "snr_total": 10.75774180861282,
  "snr_wm": 20.995414254162473,
  "snrd_csf": 21.578974121989603,
  "snrd_gm": 41.94311462522794,
  "snrd_total": 43.501338155540594,
  "snrd_wm": 66.98192571940425,
  "spacing_x": 1.0000083446502686,
  "spacing_y": 1.0,
  "spacing_z": 1.0,
  "summary_bg_k": 1.8995350126984771,
  "summary_bg_mad": 9.780816093401578,
  "summary_bg_mean": 13.03911018371582,
  "summary_bg_median": 10.481613159179688,
  "summary_bg_n": 248970.0,
  "summary_bg_p05": 0.0,
  "summary_bg_p95": 30.426631069183347,
  "summary_bg_stdv": 8.993867874145508,
  "summary_csf_k": 0.2806217589170865,
  "summary_csf_mad": 84.13265365757042,
  "summary_csf_mean": 312.5096740722656,
  "summary_csf_median": 322.1618957519531,
  "summary_csf_n": 10761.0,
  "summary_csf_p05": 144.88079833984375,
  "summary_csf_p95": 444.2796936035156,
  "summary_csf_stdv": 90.08525085449219,
  "summary_gm_k": 0.5039121051831521,
  "summary_gm_mad": 74.52008127810296,
  "summary_gm_mean": 629.9326171875,
  "summary_gm_median": 626.18701171875,
  "summary_gm_n": 11486.0,
  "summary_gm_p05": 500.66424560546875,
  "summary_gm_p95": 770.9920806884766,
  "summary_gm_stdv": 81.30056762695312,
  "summary_wm_k": 1.5671874074750152,
  "summary_wm_mad": 41.23360733017417,
  "summary_wm_mean": 998.980712890625,
  "summary_wm_median": 1000.0023193359375,
  "summary_wm_n": 194593.0,
  "summary_wm_p05": 919.380615234375,
  "summary_wm_p95": 1073.814404296875,
  "summary_wm_stdv": 47.62943649291992,
  "tpm_overlap_csf": 0.14087289571762085,
  "tpm_overlap_gm": 0.38912591338157654,
  "tpm_overlap_wm": 0.49676641821861267,
  "wm2max": 0.6677172235738112
}