{
  "bids_meta": {
    "AcquisitionMatrixPE": 240,
    "AcquisitionNumber": 2,
    "AcquisitionTime": "10:37:18.690000",
    "BodyPartExamined": "HEAD",
    "ConversionSoftware": "dcm2niix",
    "ConversionSoftwareVersion": "v1.0.20180622 GCC4.9.2",
    "DeviceSerialNumber": "34111",
    "EchoTime": 0.003767,
    "EchoTrainLength": 119,
    "FlipAngle": 8,
    "ImageOrientationPatientDICOM": [
      -0.0419366,
      0.997679,
      -0.0536466,
      0.068549,
      -0.0506942,
      -0.996359
    ],
    "ImageType": [
      "ORIGINAL",
      "PRIMARY",
      "M",
      "FFE",
      "M",
      "FFE"
    ],
    "InPlanePhaseEncodingDirectionDICOM": "ROW",
    "MRAcquisitionType": "3D",
    "MagneticFieldStrength": 3,
    "Manufacturer": "Philips",
    "ManufacturersModelName": "Achieva_dStream",
    "Modality": "MR",
    "PatientPosition": "HFS",
    "PercentPhaseFOV": 100,
    "PhaseEncodingSteps": 240,
    "PhilipsRescaleIntercept": 0,
    "PhilipsRescaleSlope": 4.0967,
    "PhilipsScaleSlope": 0.00173903,
    "PixelBandwidth": 191,
    "ProtocolName": "sT1W_1mm_3D_32ch",
    "ReconMatrixPE": 240,
    "RepetitionTime": 0.0081995,
    "SAR": 0.0130815,
    "ScanOptions": "OTHER",
    "ScanningSequence": "GR",
    "SequenceVariant": "MP",
    "SeriesDescription": "sT1W_1mm_3D_32ch",
    "SeriesNumber": 201,
    "SliceThickness": 1,
    "SoftwareVersions": "5.3.1_5.3.1.1",
    "SpacingBetweenSlices": 1,
    "StationName": "HOST_INGENIA",
    "UsePhilipsFloatNotDisplayScaling": 1,
    "acq_id": "01",
    "dataset": "ds001761",
    "modality": "T1w",
    "session_id": "05",
    "subject_id": "02"
  },
  "cjv": 0.27964862462969303,
  "cnr": 4.314479287751844,
  "efc": 0.7516029450334297,
  "fber": 1347.4429931640625,
  "fwhm_avg": 3.7868738705955205,
  "fwhm_x": 3.863041611786561,
  "fwhm_y": 4.00237,
  "fwhm_z": 3.49521,
  "icvs_csf": 0.2742651395373863,
  "icvs_gm": 0.3589700996216526,
  "icvs_wm": 0.3667647608409611,
  "inu_med": 2.5101146697998047,
  "inu_range": 0.8188116908073426,
  "provenance": {
    "md5sum": "642f9ac1f3e9899c95e3c128879a3ea1",
    "settings": {
      "testing": false
    },
    "software": "mriqc",
    "version": "21.0.0rc2",
    "warnings": {
      "large_rot_frame": true,
      "small_air_mask": true
    },
    "webapi_port": null,
    "webapi_url": "https://mriqc.nimh.nih.gov/api/v1"
  },
  "qi_1": 0.0,
  "qi_2": 2.822993202403655e-05,
  "rpve_csf": 15.3510071042928,
  "rpve_gm": 10.472586900449496,
  "rpve_wm": 14.459581348235389,
  "size_x": 170,
  "size_y": 240,
  "size_z": 240,
  "snr_csf": 4.486806714946078,
  "snr_gm": 7.65924038795441,
  "snr_total": 11.141485902512933,
  "snr_wm": 21.27841060463831,
  "snrd_csf": 47.27798552974321,
  "snrd_gm": 86.29149687388482,
  "snrd_total": 92.19936524647602,
  "snrd_wm": 143.02861333580003,
  "spacing_x": 0.9999995827674866,
  "spacing_y": 1.0,
  "spacing_z": 1.0,
  "summary_bg_k": 5.332401060669703,
  "summary_bg_mad": 4.58043885874393,
  "summary_bg_mean": 7.319971561431885,
  "summary_bg_median": 6.032486915588379,
  "summary_bg_n": 234482.0,
  "summary_bg_p05": 0.0,
  "summary_bg_p95": 18.826020812988272,
  "summary_bg_stdv": 6.364370822906494,
  "summary_csf_k": 1.4150052523632226,
  "summary_csf_mad": 60.625300513374164,
  "summary_csf_mean": 320.2451477050781,
  "summary_csf_median": 330.5478515625,
  "summary_csf_n": 16621.0,
  "summary_csf_p05": 178.06748962402344,
  "summary_csf_p95": 420.9014892578125,
  "summary_csf_stdv": 73.66885375976562,
  "summary_gm_k": 0.6130170827865853,
  "summary_gm_mad": 69.95608436083316,
  "summary_gm_mean": 604.7774658203125,
  "summary_gm_median": 603.31396484375,
  "summary_gm_n": 16278.0,
  "summary_gm_p05": 474.9946258544922,
  "summary_gm_p95": 740.7569854736328,
  "summary_gm_stdv": 78.76700592041016,
  "summary_wm_k": 1.5258794147918557,
  "summary_wm_mad": 40.97552740297825,
  "summary_wm_mean": 998.7391967773438,
  "summary_wm_median": 999.99609375,
  "summary_wm_n": 236701.0,
  "summary_wm_p05": 920.0711059570312,
  "summary_wm_p95": 1072.05517578125,
  "summary_wm_stdv": 46.99570846557617,
  "tpm_overlap_csf": 0.14512348175048828,
  "tpm_overlap_gm": 0.41309869289398193,
  "tpm_overlap_wm": 0.5120147466659546,
  "wm2max": 0.6376132678755062
}