{
  "aor": 0.0012760784313725494,
  "aqi": 0.006451682058823528,
  "bids_meta": {
    "AcquisitionMatrixPE": 78,
    "AcquisitionNumber": 13,
    "AcquisitionTime": "11:46:11.360000",
    "BodyPartExamined": "HEAD",
    "ConversionSoftware": "dcm2niix",
    "ConversionSoftwareVersion": "v1.0.20180622 GCC4.9.2",
    "DeviceSerialNumber": "34111",
    "EchoTime": 0.03,
    "EchoTrainLength": 31,
    "FlipAngle": 75,
    "ImageOrientationPatientDICOM": [
      0.996296,
      -0.0830391,
      -0.0223382,
      0.0803768,
      0.991604,
      -0.101299
    ],
    "ImageType": [
      "ORIGINAL",
      "PRIMARY",
      "M",
      "FFE",
      "M",
      "FFE"
    ],
    "InPlanePhaseEncodingDirectionDICOM": "COL",
    "MRAcquisitionType": "2D",
    "MagneticFieldStrength": 3,
    "Manufacturer": "Philips",
    "ManufacturersModelName": "Achieva_dStream",
    "Modality": "MR",
    "PatientPosition": "HFS",
    "PercentPhaseFOV": 100,
    "PhaseEncodingAxis": "j",
    "PhaseEncodingSteps": 78,
    "PhilipsRescaleIntercept": 0,
    "PhilipsRescaleSlope": 0.840049,
    "PhilipsScaleSlope": 0.0083351,
    "PixelBandwidth": 3415,
    "ProtocolName": "EPI_run9_204dyn",
    "ReconMatrixPE": 80,
    "RepetitionTime": 2,
    "SAR": 0.0790606,
    "ScanOptions": "FS",
    "ScanningSequence": "GR",
    "SequenceVariant": "SK",
    "SeriesDescription": "EPI_run9_204dyn",
    "SeriesNumber": 1301,
    "SliceThickness": 3,
    "SoftwareVersions": "5.3.1_5.3.1.1",
    "SpacingBetweenSlices": 3.2,
    "StationName": "HOST_INGENIA",
    "TaskName": "faces",
    "UsePhilipsFloatNotDisplayScaling": 1,
    "dataset": "ds001761",
    "modality": "bold",
    "run_id": 9,
    "session_id": "08",
    "subject_id": "03",
    "task_id": "faces"
  },
  "dummy_trs": 0,
  "dvars_nstd": 28.026603125566496,
  "dvars_std": 1.25952738635468,
  "dvars_vstd": 0.9975452903448283,
  "efc": 0.4388588957467058,
  "fber": 103594.5234375,
  "fd_mean": 0.0993730152833693,
  "fd_num": 8,
  "fd_perc": 3.9215686274509802,
  "fwhm_avg": 1.820549687246463,
  "fwhm_x": 1.7389233333333334,
  "fwhm_y": 1.9878600000000002,
  "fwhm_z": 1.7348657284060554,
  "gcor": 0.0238195,
  "gsr_x": -0.013423466123640537,
  "gsr_y": 0.013458351604640484,
  "provenance": {
    "md5sum": "82347538dfddf943113b0c2d173f6d8c",
    "settings": {
      "fd_thres": 0.2,
      "testing": false
    },
    "software": "mriqc",
    "version": "21.0.0rc2",
    "webapi_port": null,
    "webapi_url": "https://mriqc.nimh.nih.gov/api/v1"
  },
  "size_t": 204,
  "size_x": 80,
  "size_y": 80,
  "size_z": 41,
  "snr": 5.584626130797024,
  "spacing_tr": 1.9999991655349731,
  "spacing_x": 3.0,
  "spacing_y": 3.0,
  "spacing_z": 3.1999998092651367,
  "summary_bg_k": 55.69826269906446,
  "summary_bg_mad": 550.3996042840372,
  "summary_bg_mean": 4011.396484375,
  "summary_bg_median": 485.3818359375,
  "summary_bg_n": 176374.0,
  "summary_bg_p05": 38.275831031799314,
  "summary_bg_p95": 20134.62568359377,
  "summary_bg_stdv": 10755.908203125,
  "summary_fg_k": 3.2211526444250635,
  "summary_fg_mad": 27048.24738952124,
  "summary_fg_mean": 161051.515625,
  "summary_fg_median": 158437.546875,
  "summary_fg_n": 40991.0,
  "summary_fg_p05": 122177.484375,
  "summary_fg_p95": 207555.3515625,
  "summary_fg_stdv": 28369.958984375,
  "tsnr": 65.80247497558594
}