{
  "aor": 0.0013676470588235292,
  "aqi": 0.005171697058823529,
  "bids_meta": {
    "AcquisitionMatrixPE": 78,
    "AcquisitionNumber": 6,
    "AcquisitionTime": "10:51:12.280000",
    "BodyPartExamined": "HEAD",
    "ConversionSoftware": "dcm2niix",
    "ConversionSoftwareVersion": "v1.0.20180622 GCC4.9.2",
    "DeviceSerialNumber": "34111",
    "EchoTime": 0.03,
    "EchoTrainLength": 31,
    "FlipAngle": 75,
    "ImageOrientationPatientDICOM": [
      0.999642,
      -0.0053048,
      0.0262425,
      0.00643863,
      0.999041,
      -0.0433118
    ],
    "ImageType": [
      "ORIGINAL",
      "PRIMARY",
      "M",
      "FFE",
      "M",
      "FFE"
    ],
    "InPlanePhaseEncodingDirectionDICOM": "COL",
    "MRAcquisitionType": "2D",
    "MagneticFieldStrength": 3,
    "Manufacturer": "Philips",
    "ManufacturersModelName": "Achieva_dStream",
    "Modality": "MR",
    "PatientPosition": "HFS",
    "PercentPhaseFOV": 100,
    "PhaseEncodingAxis": "j",
    "PhaseEncodingSteps": 78,
    "PhilipsRescaleIntercept": 0,
    "PhilipsRescaleSlope": 0.825397,
    "PhilipsScaleSlope": 0.00701882,
    "PixelBandwidth": 3425,
    "ProtocolName": "EPI_run4_204dyn",
    "ReconMatrixPE": 80,
    "RepetitionTime": 2,
    "SAR": 0.0790591,
    "ScanOptions": "FS",
    "ScanningSequence": "GR",
    "SequenceVariant": "SK",
    "SeriesDescription": "EPI_run4_204dyn",
    "SeriesNumber": 601,
    "SliceThickness": 3,
    "SoftwareVersions": "5.3.1_5.3.1.1",
    "SpacingBetweenSlices": 3.2,
    "StationName": "HOST_INGENIA",
    "TaskName": "faces",
    "UsePhilipsFloatNotDisplayScaling": 1,
    "dataset": "ds001761",
    "modality": "bold",
    "run_id": 4,
    "session_id": "08",
    "subject_id": "03",
    "task_id": "faces"
  },
  "dummy_trs": 0,
  "dvars_nstd": 26.347826548965507,
  "dvars_std": 1.254593454876847,
  "dvars_vstd": 1.005645533694581,
  "efc": 0.43700643068872347,
  "fber": 112120.90625,
  "fd_mean": 0.08306943735292728,
  "fd_num": 3,
  "fd_perc": 1.4705882352941178,
  "fwhm_avg": 1.8481477215780744,
  "fwhm_x": 1.794786524029849,
  "fwhm_y": 2.007356666666667,
  "fwhm_z": 1.7422999740377072,
  "gcor": 0.0266182,
  "gsr_x": -0.012086891569197178,
  "gsr_y": 0.014092299155890942,
  "provenance": {
    "md5sum": "6b26eef3d82c8067416c7098e0c9919f",
    "settings": {
      "fd_thres": 0.2,
      "testing": false
    },
    "software": "mriqc",
    "version": "21.0.0rc2",
    "webapi_port": null,
    "webapi_url": "https://mriqc.nimh.nih.gov/api/v1"
  },
  "size_t": 204,
  "size_x": 80,
  "size_y": 80,
  "size_z": 41,
  "snr": 5.483964306381437,
  "spacing_tr": 1.9999991655349731,
  "spacing_x": 3.000000238418579,
  "spacing_y": 3.0,
  "spacing_z": 3.200000047683716,
  "summary_bg_k": 52.08236788586766,
  "summary_bg_mad": 670.2639758561171,
  "summary_bg_mean": 4489.22509765625,
  "summary_bg_median": 529.9266967773438,
  "summary_bg_n": 176657.0,
  "summary_bg_p05": 23.0544605255127,
  "summary_bg_p95": 22220.315234374975,
  "summary_bg_stdv": 12017.375,
  "summary_fg_k": 3.3423718141615835,
  "summary_fg_mad": 31022.686955460802,
  "summary_fg_mean": 182747.296875,
  "summary_fg_median": 179757.234375,
  "summary_fg_n": 40801.0,
  "summary_fg_p05": 137106.53125,
  "summary_fg_p95": 236424.984375,
  "summary_fg_stdv": 32778.30078125,
  "tsnr": 71.01811218261719
}