{
  "bids_meta": {
    "AcquisitionMatrixPE": 240,
    "AcquisitionNumber": 2,
    "AcquisitionTime": "11:16:29.930000",
    "BodyPartExamined": "HEAD",
    "ConversionSoftware": "dcm2niix",
    "ConversionSoftwareVersion": "v1.0.20180622 GCC4.9.2",
    "DeviceSerialNumber": "34111",
    "EchoTime": 0.00371,
    "EchoTrainLength": 119,
    "FlipAngle": 8,
    "ImageOrientationPatientDICOM": [
      0.0164412,
      0.999865,
      -2.58592e-11,
      0.0374613,
      -0.000615993,
      -0.999298
    ],
    "ImageType": [
      "ORIGINAL",
      "PRIMARY",
      "M",
      "FFE",
      "M",
      "FFE"
    ],
    "InPlanePhaseEncodingDirectionDICOM": "ROW",
    "MRAcquisitionType": "3D",
    "MagneticFieldStrength": 3,
    "Manufacturer": "Philips",
    "ManufacturersModelName": "Achieva_dStream",
    "Modality": "MR",
    "PatientPosition": "HFS",
    "PercentPhaseFOV": 100,
    "PhaseEncodingSteps": 240,
    "PhilipsRescaleIntercept": 0,
    "PhilipsRescaleSlope": 4.84322,
    "PhilipsScaleSlope": 0.00172539,
    "PixelBandwidth": 191,
    "ProtocolName": "sT1W_1mm_3D_32ch",
    "ReconMatrixPE": 240,
    "RepetitionTime": 0.0081054,
    "SAR": 0.0131201,
    "ScanOptions": "OTHER",
    "ScanningSequence": "GR",
    "SequenceVariant": "MP",
    "SeriesDescription": "sT1W_1mm_3D_32ch",
    "SeriesNumber": 201,
    "SliceThickness": 1,
    "SoftwareVersions": "5.3.1_5.3.1.1",
    "SpacingBetweenSlices": 1,
    "StationName": "HOST_INGENIA",
    "UsePhilipsFloatNotDisplayScaling": 1,
    "acq_id": "01",
    "dataset": "ds001761",
    "modality": "T1w",
    "session_id": "01",
    "subject_id": "03"
  },
  "cjv": 0.26735813828641736,
  "cnr": 4.291187475146266,
  "efc": 0.75650934603571,
  "fber": 665.4226684570312,
  "fwhm_avg": 3.787322829138121,
  "fwhm_x": 3.848518487414362,
  "fwhm_y": 4.0187,
  "fwhm_z": 3.49475,
  "icvs_csf": 0.2774259983171775,
  "icvs_gm": 0.33727712002057053,
  "icvs_wm": 0.38529688166225196,
  "inu_med": 2.328634262084961,
  "inu_range": 0.7520252466201782,
  "provenance": {
    "md5sum": "591f54a68386ba5ad130e5b92ff9ec8e",
    "settings": {
      "testing": false
    },
    "software": "mriqc",
    "version": "21.0.0rc2",
    "warnings": {
      "large_rot_frame": true,
      "small_air_mask": true
    },
    "webapi_port": null,
    "webapi_url": "https://mriqc.nimh.nih.gov/api/v1"
  },
  "qi_1": 0.0,
  "qi_2": 2.0794708741016147e-05,
  "rpve_csf": 16.95658760152291,
  "rpve_gm": 11.997036527825516,
  "rpve_wm": 15.553550822617096,
  "size_x": 170,
  "size_y": 240,
  "size_z": 240,
  "snr_csf": 4.052621612538957,
  "snr_gm": 7.049605247754596,
  "snr_total": 11.486817045607575,
  "snr_wm": 23.358224276529175,
  "snrd_csf": 36.4443341378262,
  "snrd_gm": 66.75582952125197,
  "snrd_total": 71.89540766701144,
  "snrd_wm": 112.48605934195618,
  "spacing_x": 0.9999977946281433,
  "spacing_y": 1.0,
  "spacing_z": 1.0,
  "summary_bg_k": 1.7678718904673234,
  "summary_bg_mad": 5.824123119468341,
  "summary_bg_mean": 10.616058349609375,
  "summary_bg_median": 10.599588394165039,
  "summary_bg_n": 208843.0,
  "summary_bg_p05": 0.0,
  "summary_bg_p95": 25.05586185455322,
  "summary_bg_stdv": 7.505417346954346,
  "summary_csf_k": 1.7302668361382274,
  "summary_csf_mad": 62.75690316590822,
  "summary_csf_mean": 317.6097412109375,
  "summary_csf_median": 323.9879455566406,
  "summary_csf_n": 13333.0,
  "summary_csf_p05": 168.80867919921874,
  "summary_csf_p95": 434.54112548828124,
  "summary_csf_stdv": 79.94227600097656,
  "summary_gm_k": 0.9216969686933565,
  "summary_gm_mad": 71.19399929913618,
  "summary_gm_mean": 599.9927978515625,
  "summary_gm_median": 593.455322265625,
  "summary_gm_n": 12786.0,
  "summary_gm_p05": 472.3570785522461,
  "summary_gm_p95": 755.0568237304688,
  "summary_gm_stdv": 84.17948150634766,
  "summary_wm_k": 1.767410019205494,
  "summary_wm_mad": 37.49751127332354,
  "summary_wm_mean": 998.9992065429688,
  "summary_wm_median": 999.9943237304688,
  "summary_wm_n": 231779.0,
  "summary_wm_p05": 927.8015930175782,
  "summary_wm_p95": 1065.43642578125,
  "summary_wm_stdv": 42.81113815307617,
  "tpm_overlap_csf": 0.14177362620830536,
  "tpm_overlap_gm": 0.3944039046764374,
  "tpm_overlap_wm": 0.5034499764442444,
  "wm2max": 0.661985987846813
}