{
  "aor": 0.0010876960784313727,
  "aqi": 0.010510668970588234,
  "bids_meta": {
    "AcquisitionMatrixPE": 78,
    "AcquisitionNumber": 14,
    "AcquisitionTime": "11:36:36.720000",
    "BodyPartExamined": "HEAD",
    "ConversionSoftware": "dcm2niix",
    "ConversionSoftwareVersion": "v1.0.20180622 GCC4.9.2",
    "DeviceSerialNumber": "34111",
    "EchoTime": 0.03,
    "EchoTrainLength": 31,
    "FlipAngle": 75,
    "ImageOrientationPatientDICOM": [
      0.996394,
      -0.0811499,
      0.0247933,
      0.0825112,
      0.994784,
      -0.0599785
    ],
    "ImageType": [
      "ORIGINAL",
      "PRIMARY",
      "M",
      "FFE",
      "M",
      "FFE"
    ],
    "InPlanePhaseEncodingDirectionDICOM": "COL",
    "MRAcquisitionType": "2D",
    "MagneticFieldStrength": 3,
    "Manufacturer": "Philips",
    "ManufacturersModelName": "Achieva_dStream",
    "Modality": "MR",
    "PatientPosition": "HFS",
    "PercentPhaseFOV": 100,
    "PhaseEncodingAxis": "j",
    "PhaseEncodingSteps": 78,
    "PhilipsRescaleIntercept": 0,
    "PhilipsRescaleSlope": 0.801465,
    "PhilipsScaleSlope": 0.00706613,
    "PixelBandwidth": 3415,
    "ProtocolName": "EPI_run12_204dyn",
    "ReconMatrixPE": 80,
    "RepetitionTime": 2,
    "SAR": 0.0790605,
    "ScanOptions": "FS",
    "ScanningSequence": "GR",
    "SequenceVariant": "SK",
    "SeriesDescription": "EPI_run12_204dyn",
    "SeriesNumber": 1401,
    "SliceThickness": 3,
    "SoftwareVersions": "5.3.1_5.3.1.1",
    "SpacingBetweenSlices": 3.2,
    "StationName": "HOST_INGENIA",
    "TaskName": "faces",
    "UsePhilipsFloatNotDisplayScaling": 1,
    "dataset": "ds001761",
    "modality": "bold",
    "run_id": 12,
    "session_id": "06",
    "subject_id": "01",
    "task_id": "faces"
  },
  "dummy_trs": 0,
  "dvars_nstd": 26.803684178226593,
  "dvars_std": 1.0966706796551722,
  "dvars_vstd": 0.9569387793103451,
  "efc": 0.41932917458519525,
  "fber": 132614.125,
  "fd_mean": 0.16683400094322606,
  "fd_num": 49,
  "fd_perc": 24.019607843137255,
  "fwhm_avg": 1.8091883620044245,
  "fwhm_x": 1.7376066666666665,
  "fwhm_y": 1.9510100000000001,
  "fwhm_z": 1.738948419346607,
  "gcor": 0.01631,
  "gsr_x": -0.011516740545630455,
  "gsr_y": 0.013960132375359535,
  "provenance": {
    "md5sum": "8fbb4751eb3e8cbac3a0464e7a38de4b",
    "settings": {
      "fd_thres": 0.2,
      "testing": false
    },
    "software": "mriqc",
    "version": "21.0.0rc2",
    "webapi_port": null,
    "webapi_url": "https://mriqc.nimh.nih.gov/api/v1"
  },
  "size_t": 204,
  "size_x": 80,
  "size_y": 80,
  "size_z": 41,
  "snr": 4.508339019056322,
  "spacing_tr": 1.9999991655349731,
  "spacing_x": 3.0,
  "spacing_y": 3.0,
  "spacing_z": 3.200002908706665,
  "summary_bg_k": 133.4814175849415,
  "summary_bg_mad": 571.2991353237852,
  "summary_bg_mean": 4196.9345703125,
  "summary_bg_median": 461.4696960449219,
  "summary_bg_n": 181089.0,
  "summary_bg_p05": 32.461466979980464,
  "summary_bg_p95": 19483.007031250036,
  "summary_bg_stdv": 12208.0830078125,
  "summary_fg_k": 3.0592580848530098,
  "summary_fg_mad": 30763.4400581593,
  "summary_fg_mean": 172931.953125,
  "summary_fg_median": 166853.46875,
  "summary_fg_n": 38512.0,
  "summary_fg_p05": 126733.298046875,
  "summary_fg_p95": 240907.7632812497,
  "summary_fg_stdv": 37009.484375,
  "tsnr": 49.08287048339844
}