{
  "aor": 0.0019349999999999999,
  "aqi": 0.006609518529411764,
  "bids_meta": {
    "AcquisitionMatrixPE": 78,
    "AcquisitionNumber": 7,
    "AcquisitionTime": "10:43:36.980000",
    "BodyPartExamined": "HEAD",
    "ConversionSoftware": "dcm2niix",
    "ConversionSoftwareVersion": "v1.0.20180622 GCC4.9.2",
    "DeviceSerialNumber": "34111",
    "EchoTime": 0.03,
    "EchoTrainLength": 31,
    "FlipAngle": 75,
    "ImageOrientationPatientDICOM": [
      0.996394,
      -0.0811499,
      0.0247933,
      0.0825112,
      0.994784,
      -0.0599785
    ],
    "ImageType": [
      "ORIGINAL",
      "PRIMARY",
      "M",
      "FFE",
      "M",
      "FFE"
    ],
    "InPlanePhaseEncodingDirectionDICOM": "COL",
    "MRAcquisitionType": "2D",
    "MagneticFieldStrength": 3,
    "Manufacturer": "Philips",
    "ManufacturersModelName": "Achieva_dStream",
    "Modality": "MR",
    "PatientPosition": "HFS",
    "PercentPhaseFOV": 100,
    "PhaseEncodingAxis": "j",
    "PhaseEncodingSteps": 78,
    "PhilipsRescaleIntercept": 0,
    "PhilipsRescaleSlope": 0.810989,
    "PhilipsScaleSlope": 0.00727498,
    "PixelBandwidth": 3415,
    "ProtocolName": "EPI_run5_204dyn",
    "ReconMatrixPE": 80,
    "RepetitionTime": 2,
    "SAR": 0.0790605,
    "ScanOptions": "FS",
    "ScanningSequence": "GR",
    "SequenceVariant": "SK",
    "SeriesDescription": "EPI_run5_204dyn",
    "SeriesNumber": 701,
    "SliceThickness": 3,
    "SoftwareVersions": "5.3.1_5.3.1.1",
    "SpacingBetweenSlices": 3.2,
    "StationName": "HOST_INGENIA",
    "TaskName": "faces",
    "UsePhilipsFloatNotDisplayScaling": 1,
    "dataset": "ds001761",
    "modality": "bold",
    "run_id": 5,
    "session_id": "06",
    "subject_id": "01",
    "task_id": "faces"
  },
  "dummy_trs": 0,
  "dvars_nstd": 27.3331440517734,
  "dvars_std": 1.1512615212315271,
  "dvars_vstd": 1.0109733112807886,
  "efc": 0.4169172420088768,
  "fber": 128344.015625,
  "fd_mean": 0.19520125786597517,
  "fd_num": 66,
  "fd_perc": 32.35294117647059,
  "fwhm_avg": 1.7722186466184144,
  "fwhm_x": 1.7062066666666666,
  "fwhm_y": 1.8940633333333334,
  "fwhm_z": 1.7163859398552428,
  "gcor": 0.0191088,
  "gsr_x": -0.010497716255486012,
  "gsr_y": 0.013768973760306835,
  "provenance": {
    "md5sum": "f81d2398ed2c4b4ac7178532187b8cc8",
    "settings": {
      "fd_thres": 0.2,
      "testing": false
    },
    "software": "mriqc",
    "version": "21.0.0rc2",
    "webapi_port": null,
    "webapi_url": "https://mriqc.nimh.nih.gov/api/v1"
  },
  "size_t": 204,
  "size_x": 80,
  "size_y": 80,
  "size_z": 41,
  "snr": 4.7224222945513,
  "spacing_tr": 1.9999991655349731,
  "spacing_x": 3.0,
  "spacing_y": 3.0,
  "spacing_z": 3.200002908706665,
  "summary_bg_k": 143.788905148331,
  "summary_bg_mad": 583.900168290786,
  "summary_bg_mean": 4090.33203125,
  "summary_bg_median": 475.77081298828125,
  "summary_bg_n": 181441.0,
  "summary_bg_p05": 24.964933395385742,
  "summary_bg_p95": 18837.708984375,
  "summary_bg_stdv": 12176.3173828125,
  "summary_fg_k": 3.0443970185598603,
  "summary_fg_mad": 29631.670172437418,
  "summary_fg_mean": 175279.46875,
  "summary_fg_median": 169195.6875,
  "summary_fg_n": 38154.0,
  "summary_fg_p05": 130763.640234375,
  "summary_fg_p95": 241093.65703124998,
  "summary_fg_stdv": 35827.6875,
  "tsnr": 59.24110412597656
}