{
  "aor": 0.0030191666666666665,
  "aqi": 0.011479229509803924,
  "bids_meta": {
    "AcquisitionMatrixPE": 78,
    "AcquisitionNumber": 11,
    "AcquisitionTime": "11:14:2.680000",
    "BodyPartExamined": "HEAD",
    "ConversionSoftware": "dcm2niix",
    "ConversionSoftwareVersion": "v1.0.20180622 GCC4.9.2",
    "DeviceSerialNumber": "34111",
    "EchoTime": 0.03,
    "EchoTrainLength": 31,
    "FlipAngle": 75,
    "ImageOrientationPatientDICOM": [
      0.996394,
      -0.0811499,
      0.0247933,
      0.0825112,
      0.994784,
      -0.0599785
    ],
    "ImageType": [
      "ORIGINAL",
      "PRIMARY",
      "M",
      "FFE",
      "M",
      "FFE"
    ],
    "InPlanePhaseEncodingDirectionDICOM": "COL",
    "MRAcquisitionType": "2D",
    "MagneticFieldStrength": 3,
    "Manufacturer": "Philips",
    "ManufacturersModelName": "Achieva_dStream",
    "Modality": "MR",
    "PatientPosition": "HFS",
    "PercentPhaseFOV": 100,
    "PhaseEncodingAxis": "j",
    "PhaseEncodingSteps": 78,
    "PhilipsRescaleIntercept": 0,
    "PhilipsRescaleSlope": 0.80757,
    "PhilipsScaleSlope": 0.00750776,
    "PixelBandwidth": 3415,
    "ProtocolName": "EPI_run9_204dyn",
    "ReconMatrixPE": 80,
    "RepetitionTime": 2,
    "SAR": 0.0790605,
    "ScanOptions": "FS",
    "ScanningSequence": "GR",
    "SequenceVariant": "SK",
    "SeriesDescription": "EPI_run9_204dyn",
    "SeriesNumber": 1101,
    "SliceThickness": 3,
    "SoftwareVersions": "5.3.1_5.3.1.1",
    "SpacingBetweenSlices": 3.2,
    "StationName": "HOST_INGENIA",
    "TaskName": "faces",
    "UsePhilipsFloatNotDisplayScaling": 1,
    "dataset": "ds001761",
    "modality": "bold",
    "run_id": 9,
    "session_id": "06",
    "subject_id": "01",
    "task_id": "faces"
  },
  "dummy_trs": 0,
  "dvars_nstd": 29.184698800394077,
  "dvars_std": 1.1254568050246303,
  "dvars_vstd": 0.9811318447290639,
  "efc": 0.41782151141756735,
  "fber": 133955.5,
  "fd_mean": 0.19443098870579262,
  "fd_num": 48,
  "fd_perc": 23.529411764705884,
  "fwhm_avg": 1.7925978031084042,
  "fwhm_x": 1.7139533333333334,
  "fwhm_y": 1.9138666666666666,
  "fwhm_z": 1.7499734093252126,
  "gcor": 0.0130552,
  "gsr_x": -0.011254677549004555,
  "gsr_y": 0.01371887605637312,
  "provenance": {
    "md5sum": "3f7070798f1f2f3b62bd84b87d7814a5",
    "settings": {
      "fd_thres": 0.2,
      "testing": false
    },
    "software": "mriqc",
    "version": "21.0.0rc2",
    "webapi_port": null,
    "webapi_url": "https://mriqc.nimh.nih.gov/api/v1"
  },
  "size_t": 204,
  "size_x": 80,
  "size_y": 80,
  "size_z": 41,
  "snr": 4.705031018802432,
  "spacing_tr": 1.9999991655349731,
  "spacing_x": 3.0,
  "spacing_y": 3.0,
  "spacing_z": 3.200002908706665,
  "summary_bg_k": 141.2488418200541,
  "summary_bg_mad": 560.7974393627403,
  "summary_bg_mean": 4093.9345703125,
  "summary_bg_median": 460.9798889160156,
  "summary_bg_n": 181398.0,
  "summary_bg_p05": 35.23349094390869,
  "summary_bg_p95": 19005.085449218743,
  "summary_bg_stdv": 12040.091796875,
  "summary_fg_k": 2.9364940488545885,
  "summary_fg_mad": 29594.593534144948,
  "summary_fg_mean": 173410.34375,
  "summary_fg_median": 167450.0,
  "summary_fg_n": 38203.0,
  "summary_fg_p05": 129405.59921875,
  "summary_fg_p95": 239399.74531250005,
  "summary_fg_stdv": 35589.09765625,
  "tsnr": 47.792274475097656
}