{
  "aor": 0.0019186153846153847,
  "aqi": 0.016246893948717946,
  "bids_meta": {
    "AcquisitionMatrixPE": 78,
    "AcquisitionNumber": 15,
    "AcquisitionTime": "11:31:26.090000",
    "ConversionSoftware": "dcm2niix",
    "ConversionSoftwareVersion": "v1.0.20180622 GCC4.9.2",
    "DeviceSerialNumber": "34111",
    "EchoTime": 0.030001,
    "EchoTrainLength": 31,
    "FlipAngle": 75,
    "ImageOrientationPatientDICOM": [
      0.997109,
      -0.0759835,
      1.49734e-11,
      0.0759339,
      0.996458,
      -0.0361363
    ],
    "ImageType": [
      "ORIGINAL",
      "PRIMARY",
      "M",
      "FFE",
      "M",
      "FFE"
    ],
    "InPlanePhaseEncodingDirectionDICOM": "COL",
    "InstitutionName": "INSERM_PURPAN",
    "InstitutionalDepartmentName": "NEURO-SCIENCES",
    "MRAcquisitionType": "2D",
    "MagneticFieldStrength": 3,
    "Manufacturer": "Philips",
    "ManufacturersModelName": "Achieva_dStream",
    "Modality": "MR",
    "PatientPosition": "HFS",
    "PercentPhaseFOV": 100,
    "PhaseEncodingAxis": "j",
    "PhaseEncodingSteps": 78,
    "PhilipsRescaleIntercept": 0,
    "PhilipsRescaleSlope": 0.863492,
    "PhilipsScaleSlope": 0.0254073,
    "PixelBandwidth": 3420,
    "ProtocolName": "EPI_run10_195dyn_SENSE",
    "ReconMatrixPE": 80,
    "RepetitionTime": 2,
    "SAR": 0.0792516,
    "ScanOptions": "FS",
    "ScanningSequence": "GR",
    "SequenceVariant": "SK",
    "SeriesDescription": "EPI_run10_195dyn",
    "SeriesNumber": 1501,
    "SliceThickness": 3,
    "SoftwareVersions": "5.1.7_5.1.7.2",
    "SpacingBetweenSlices": 3.2,
    "StationName": "PHILIPS-IL8E2TF",
    "TaskName": "faces",
    "UsePhilipsFloatNotDisplayScaling": 1,
    "dataset": "ds001761",
    "modality": "bold",
    "run_id": 10,
    "session_id": "03",
    "subject_id": "01",
    "task_id": "faces"
  },
  "dummy_trs": 0,
  "dvars_nstd": 30.1707044092268,
  "dvars_std": 1.0460827406185567,
  "dvars_vstd": 0.9661271124742269,
  "efc": 0.4192673340777749,
  "fber": 162478.875,
  "fd_mean": 0.22671355751947847,
  "fd_num": 75,
  "fd_perc": 38.46153846153846,
  "fwhm_avg": 1.7094896995861735,
  "fwhm_x": 1.6648766666666666,
  "fwhm_y": 1.8448466666666665,
  "fwhm_z": 1.6187457654251873,
  "gcor": 0.0177077,
  "gsr_x": -0.010992944240570068,
  "gsr_y": 0.01249670796096325,
  "provenance": {
    "md5sum": "14c2c1058f453428a12626d07fac4d42",
    "settings": {
      "fd_thres": 0.2,
      "testing": false
    },
    "software": "mriqc",
    "version": "21.0.0rc2",
    "webapi_port": null,
    "webapi_url": "https://mriqc.nimh.nih.gov/api/v1"
  },
  "size_t": 195,
  "size_x": 80,
  "size_y": 80,
  "size_z": 41,
  "snr": 5.339638375442268,
  "spacing_tr": 1.999998688697815,
  "spacing_x": 3.0,
  "spacing_y": 3.0,
  "spacing_z": 3.2000021934509277,
  "summary_bg_k": 132.3464714458208,
  "summary_bg_mad": 142.25129236229287,
  "summary_bg_mean": 1252.298583984375,
  "summary_bg_median": 128.67706298828125,
  "summary_bg_n": 181126.0,
  "summary_bg_p05": 15.434576988220215,
  "summary_bg_p95": 5707.1549072265625,
  "summary_bg_stdv": 3737.802001953125,
  "summary_fg_k": 2.943661449732696,
  "summary_fg_mad": 7948.491107079753,
  "summary_fg_mean": 53496.546875,
  "summary_fg_median": 51848.5703125,
  "summary_fg_n": 38323.0,
  "summary_fg_p05": 41862.3109375,
  "summary_fg_p95": 71750.68046875001,
  "summary_fg_stdv": 9710.0009765625,
  "tsnr": 45.28306579589844
}