{
  "aor": 0.0011437948717948718,
  "aqi": 0.008542622256410257,
  "bids_meta": {
    "AcquisitionMatrixPE": 78,
    "AcquisitionNumber": 10,
    "AcquisitionTime": "11:00:33.730000",
    "ConversionSoftware": "dcm2niix",
    "ConversionSoftwareVersion": "v1.0.20180622 GCC4.9.2",
    "DeviceSerialNumber": "34111",
    "EchoTime": 0.030001,
    "EchoTrainLength": 31,
    "FlipAngle": 75,
    "ImageOrientationPatientDICOM": [
      0.997109,
      -0.0759835,
      1.49734e-11,
      0.0759339,
      0.996458,
      -0.0361363
    ],
    "ImageType": [
      "ORIGINAL",
      "PRIMARY",
      "M",
      "FFE",
      "M",
      "FFE"
    ],
    "InPlanePhaseEncodingDirectionDICOM": "COL",
    "InstitutionName": "INSERM_PURPAN",
    "InstitutionalDepartmentName": "NEURO-SCIENCES",
    "MRAcquisitionType": "2D",
    "MagneticFieldStrength": 3,
    "Manufacturer": "Philips",
    "ManufacturersModelName": "Achieva_dStream",
    "Modality": "MR",
    "PatientPosition": "HFS",
    "PercentPhaseFOV": 100,
    "PhaseEncodingAxis": "j",
    "PhaseEncodingSteps": 78,
    "PhilipsRescaleIntercept": 0,
    "PhilipsRescaleSlope": 0.833455,
    "PhilipsScaleSlope": 0.0254012,
    "PixelBandwidth": 3420,
    "ProtocolName": "EPI_run6_195dyn_SENSE",
    "ReconMatrixPE": 80,
    "RepetitionTime": 2,
    "SAR": 0.0792516,
    "ScanOptions": "FS",
    "ScanningSequence": "GR",
    "SequenceVariant": "SK",
    "SeriesDescription": "EPI_run6_195dyn",
    "SeriesNumber": 1001,
    "SliceThickness": 3,
    "SoftwareVersions": "5.1.7_5.1.7.2",
    "SpacingBetweenSlices": 3.2,
    "StationName": "PHILIPS-IL8E2TF",
    "TaskName": "faces",
    "UsePhilipsFloatNotDisplayScaling": 1,
    "dataset": "ds001761",
    "modality": "bold",
    "run_id": 6,
    "session_id": "03",
    "subject_id": "01",
    "task_id": "faces"
  },
  "dummy_trs": 0,
  "dvars_nstd": 29.271062605154633,
  "dvars_std": 1.136966164484536,
  "dvars_vstd": 1.0082434738144335,
  "efc": 0.41750974969949134,
  "fber": 150729.9375,
  "fd_mean": 0.15860657649432225,
  "fd_num": 44,
  "fd_perc": 22.564102564102566,
  "fwhm_avg": 1.70050928339504,
  "fwhm_x": 1.6480499999999998,
  "fwhm_y": 1.8368133333333334,
  "fwhm_z": 1.6166645168517861,
  "gcor": 0.0254051,
  "gsr_x": -0.010543442331254482,
  "gsr_y": 0.013518542982637882,
  "provenance": {
    "md5sum": "03d64ebd5de3ba966871ff4676509758",
    "settings": {
      "fd_thres": 0.2,
      "testing": false
    },
    "software": "mriqc",
    "version": "21.0.0rc2",
    "webapi_port": null,
    "webapi_url": "https://mriqc.nimh.nih.gov/api/v1"
  },
  "size_t": 195,
  "size_x": 80,
  "size_y": 80,
  "size_z": 41,
  "snr": 5.330425824779867,
  "spacing_tr": 1.999998688697815,
  "spacing_x": 3.0,
  "spacing_y": 3.0,
  "spacing_z": 3.2000021934509277,
  "summary_bg_k": 146.07022661154124,
  "summary_bg_mad": 156.7564000305854,
  "summary_bg_mean": 1234.496337890625,
  "summary_bg_median": 135.61453247070312,
  "summary_bg_n": 181223.0,
  "summary_bg_p05": 9.398752021789551,
  "summary_bg_p95": 5531.678759765623,
  "summary_bg_stdv": 3756.855712890625,
  "summary_fg_k": 2.968855905460604,
  "summary_fg_mad": 8039.141229053031,
  "summary_fg_mean": 54386.44921875,
  "summary_fg_median": 52698.8828125,
  "summary_fg_n": 38198.0,
  "summary_fg_p05": 42556.4955078125,
  "summary_fg_p95": 72896.90390625002,
  "summary_fg_stdv": 9886.30078125,
  "tsnr": 57.40455627441406
}