{
  "aor": 0.001253230769230769,
  "aqi": 0.004865072974358974,
  "bids_meta": {
    "AcquisitionMatrixPE": 78,
    "AcquisitionNumber": 7,
    "AcquisitionTime": "10:40:15.400000",
    "BodyPartExamined": "HEAD",
    "ConversionSoftware": "dcm2niix",
    "ConversionSoftwareVersion": "v1.0.20180622 GCC4.9.2",
    "DeviceSerialNumber": "34111",
    "EchoTime": 0.030001,
    "EchoTrainLength": 31,
    "FlipAngle": 75,
    "ImageOrientationPatientDICOM": [
      0.995618,
      -0.0692796,
      0.0628082,
      0.0736508,
      0.994812,
      -0.0701809
    ],
    "ImageType": [
      "ORIGINAL",
      "PRIMARY",
      "M",
      "FFE",
      "M",
      "FFE"
    ],
    "InPlanePhaseEncodingDirectionDICOM": "COL",
    "MRAcquisitionType": "2D",
    "MagneticFieldStrength": 3,
    "Manufacturer": "Philips",
    "ManufacturersModelName": "Achieva_dStream",
    "Modality": "MR",
    "PatientPosition": "HFS",
    "PercentPhaseFOV": 100,
    "PhaseEncodingAxis": "j",
    "PhaseEncodingSteps": 78,
    "PhilipsRescaleIntercept": 0,
    "PhilipsRescaleSlope": 0.925031,
    "PhilipsScaleSlope": 0.00714195,
    "PixelBandwidth": 3420,
    "ProtocolName": "EPI_run4_195dyn",
    "ReconMatrixPE": 80,
    "RepetitionTime": 2,
    "SAR": 0.0791068,
    "ScanOptions": "FS",
    "ScanningSequence": "GR",
    "SequenceVariant": "SK",
    "SeriesDescription": "EPI_run4_195dyn",
    "SeriesNumber": 701,
    "SliceThickness": 3,
    "SoftwareVersions": "5.3.1_5.3.1.1",
    "SpacingBetweenSlices": 3.2,
    "StationName": "HOST_INGENIA",
    "TaskName": "faces",
    "UsePhilipsFloatNotDisplayScaling": 1,
    "dataset": "ds001761",
    "modality": "bold",
    "run_id": 4,
    "session_id": "04",
    "subject_id": "03",
    "task_id": "faces"
  },
  "dummy_trs": 0,
  "dvars_nstd": 26.938220791082482,
  "dvars_std": 1.2573785120618552,
  "dvars_vstd": 0.9997677754123713,
  "efc": 0.43159452686299415,
  "fber": 98051.4765625,
  "fd_mean": 0.0703299978722818,
  "fd_num": 1,
  "fd_perc": 0.5128205128205128,
  "fwhm_avg": 1.89299055206736,
  "fwhm_x": 1.8284333333333331,
  "fwhm_y": 2.05902,
  "fwhm_z": 1.791518322868747,
  "gcor": 0.00668493,
  "gsr_x": -0.011378388851881027,
  "gsr_y": 0.015818804502487183,
  "provenance": {
    "md5sum": "d276b2b1dd5a7eb3306e07c399db0796",
    "settings": {
      "fd_thres": 0.2,
      "testing": false
    },
    "software": "mriqc",
    "version": "21.0.0rc2",
    "webapi_port": null,
    "webapi_url": "https://mriqc.nimh.nih.gov/api/v1"
  },
  "size_t": 195,
  "size_x": 80,
  "size_y": 80,
  "size_z": 41,
  "snr": 5.009228890329218,
  "spacing_tr": 1.9999991655349731,
  "spacing_x": 3.0,
  "spacing_y": 3.0,
  "spacing_z": 3.200000762939453,
  "summary_bg_k": 51.39375824754636,
  "summary_bg_mad": 644.415957898868,
  "summary_bg_mean": 4135.48876953125,
  "summary_bg_median": 535.9366455078125,
  "summary_bg_n": 177742.0,
  "summary_bg_p05": 38.93548412322998,
  "summary_bg_p95": 20359.028027343742,
  "summary_bg_stdv": 10860.859375,
  "summary_fg_k": 2.8428903017208667,
  "summary_fg_mad": 31981.617854428463,
  "summary_fg_mean": 172712.46875,
  "summary_fg_median": 169562.875,
  "summary_fg_n": 39978.0,
  "summary_fg_p05": 124917.469921875,
  "summary_fg_p95": 228601.95234375002,
  "summary_fg_stdv": 33849.671875,
  "tsnr": 68.28355407714844
}