{
  "aor": 0.001116102564102564,
  "aqi": 0.00686039394871795,
  "bids_meta": {
    "AcquisitionMatrixPE": 78,
    "AcquisitionNumber": 13,
    "AcquisitionTime": "11:23:5.000000",
    "BodyPartExamined": "HEAD",
    "ConversionSoftware": "dcm2niix",
    "ConversionSoftwareVersion": "v1.0.20180622 GCC4.9.2",
    "DeviceSerialNumber": "34111",
    "EchoTime": 0.030001,
    "EchoTrainLength": 31,
    "FlipAngle": 75,
    "ImageOrientationPatientDICOM": [
      0.995618,
      -0.0692796,
      0.0628082,
      0.0736508,
      0.994812,
      -0.0701809
    ],
    "ImageType": [
      "ORIGINAL",
      "PRIMARY",
      "M",
      "FFE",
      "M",
      "FFE"
    ],
    "InPlanePhaseEncodingDirectionDICOM": "COL",
    "MRAcquisitionType": "2D",
    "MagneticFieldStrength": 3,
    "Manufacturer": "Philips",
    "ManufacturersModelName": "Achieva_dStream",
    "Modality": "MR",
    "PatientPosition": "HFS",
    "PercentPhaseFOV": 100,
    "PhaseEncodingAxis": "j",
    "PhaseEncodingSteps": 78,
    "PhilipsRescaleIntercept": 0,
    "PhilipsRescaleSlope": 0.782173,
    "PhilipsScaleSlope": 0.00791224,
    "PixelBandwidth": 3420,
    "ProtocolName": "EPI_run9_195dyn",
    "ReconMatrixPE": 80,
    "RepetitionTime": 2,
    "SAR": 0.0791068,
    "ScanOptions": "FS",
    "ScanningSequence": "GR",
    "SequenceVariant": "SK",
    "SeriesDescription": "EPI_run9_195dyn",
    "SeriesNumber": 1301,
    "SliceThickness": 3,
    "SoftwareVersions": "5.3.1_5.3.1.1",
    "SpacingBetweenSlices": 3.2,
    "StationName": "HOST_INGENIA",
    "TaskName": "faces",
    "UsePhilipsFloatNotDisplayScaling": 1,
    "dataset": "ds001761",
    "modality": "bold",
    "run_id": 9,
    "session_id": "04",
    "subject_id": "03",
    "task_id": "faces"
  },
  "dummy_trs": 0,
  "dvars_nstd": 26.16483967561856,
  "dvars_std": 1.1989753905670104,
  "dvars_vstd": 0.981618381649485,
  "efc": 0.4343807110092353,
  "fber": 89714.296875,
  "fd_mean": 0.07693952720810154,
  "fd_num": 0,
  "fd_perc": 0.0,
  "fwhm_avg": 1.8738215257871487,
  "fwhm_x": 1.8037566666666667,
  "fwhm_y": 2.0450333333333335,
  "fwhm_z": 1.772674577361446,
  "gcor": 0.00782937,
  "gsr_x": -0.011798525229096413,
  "gsr_y": 0.015976274386048317,
  "provenance": {
    "md5sum": "30cd7b39820d07dc2245e1bea431925e",
    "settings": {
      "fd_thres": 0.2,
      "testing": false
    },
    "software": "mriqc",
    "version": "21.0.0rc2",
    "webapi_port": null,
    "webapi_url": "https://mriqc.nimh.nih.gov/api/v1"
  },
  "size_t": 195,
  "size_x": 80,
  "size_y": 80,
  "size_z": 41,
  "snr": 5.1708961661394826,
  "spacing_tr": 1.9999991655349731,
  "spacing_x": 3.0,
  "spacing_y": 3.0,
  "spacing_z": 3.200000762939453,
  "summary_bg_k": 47.509126582438185,
  "summary_bg_mad": 658.4334725455235,
  "summary_bg_mean": 4201.85693359375,
  "summary_bg_median": 548.3064575195312,
  "summary_bg_n": 177653.0,
  "summary_bg_p05": 39.22093124389649,
  "summary_bg_p95": 21065.351171874998,
  "summary_bg_stdv": 10757.15625,
  "summary_fg_k": 2.8500998084012465,
  "summary_fg_mad": 30237.023607951156,
  "summary_fg_mean": 168912.921875,
  "summary_fg_median": 166073.28125,
  "summary_fg_n": 40050.0,
  "summary_fg_p05": 123536.687890625,
  "summary_fg_p95": 221477.765625,
  "summary_fg_stdv": 32116.5234375,
  "tsnr": 63.0380744934082
}