{
  "aor": 0.004110357142857143,
  "aqi": 0.003912698571428571,
  "bids_meta": {
    "AcquisitionMatrixPE": 78,
    "AcquisitionNumber": 6,
    "AcquisitionTime": "10:37:27.040000",
    "BodyPartExamined": "HEAD",
    "ConversionSoftware": "dcm2niix",
    "ConversionSoftwareVersion": "v1.0.20180622 GCC4.9.2",
    "DeviceSerialNumber": "34111",
    "EchoTime": 0.030001,
    "EchoTrainLength": 31,
    "FlipAngle": 75,
    "ImageOrientationPatientDICOM": [
      0.995618,
      -0.0692796,
      0.0628082,
      0.0736508,
      0.994812,
      -0.0701809
    ],
    "ImageType": [
      "ORIGINAL",
      "PRIMARY",
      "M",
      "FFE",
      "M",
      "FFE"
    ],
    "InPlanePhaseEncodingDirectionDICOM": "COL",
    "MRAcquisitionType": "2D",
    "MagneticFieldStrength": 3,
    "Manufacturer": "Philips",
    "ManufacturersModelName": "Achieva_dStream",
    "Modality": "MR",
    "PatientPosition": "HFS",
    "PercentPhaseFOV": 100,
    "PhaseEncodingAxis": "j",
    "PhaseEncodingSteps": 78,
    "PhilipsRescaleIntercept": 0,
    "PhilipsRescaleSlope": 0.876435,
    "PhilipsScaleSlope": 0.00726221,
    "PixelBandwidth": 3420,
    "ProtocolName": "EPI_LOCALIZER_56dyn",
    "ReconMatrixPE": 80,
    "RepetitionTime": 2,
    "SAR": 0.0791068,
    "ScanOptions": "FS",
    "ScanningSequence": "GR",
    "SequenceVariant": "SK",
    "SeriesDescription": "EPI_LOCALIZER_56dyn",
    "SeriesNumber": 601,
    "SliceThickness": 3,
    "SoftwareVersions": "5.3.1_5.3.1.1",
    "SpacingBetweenSlices": 3.2,
    "StationName": "HOST_INGENIA",
    "TaskName": "loc",
    "UsePhilipsFloatNotDisplayScaling": 1,
    "dataset": "ds001761",
    "modality": "bold",
    "run_id": 1,
    "session_id": "04",
    "subject_id": "03",
    "task_id": "loc"
  },
  "dummy_trs": 0,
  "dvars_nstd": 26.00261067418182,
  "dvars_std": 1.2421797319999996,
  "dvars_vstd": 1.023711592545454,
  "efc": 0.4307893397744077,
  "fber": 99998.9140625,
  "fd_mean": 0.06805097860683852,
  "fd_num": 0,
  "fd_perc": 0.0,
  "fwhm_avg": 1.9004050654359501,
  "fwhm_x": 1.8354633333333332,
  "fwhm_y": 2.0676866666666665,
  "fwhm_z": 1.7980651963078507,
  "gcor": 0.00929615,
  "gsr_x": -0.0112459072843194,
  "gsr_y": 0.015324835665524006,
  "provenance": {
    "md5sum": "c77a0aba14e96a0646903f646c4d70a6",
    "settings": {
      "fd_thres": 0.2,
      "testing": false
    },
    "software": "mriqc",
    "version": "21.0.0rc2",
    "webapi_port": null,
    "webapi_url": "https://mriqc.nimh.nih.gov/api/v1"
  },
  "size_t": 56,
  "size_x": 80,
  "size_y": 80,
  "size_z": 41,
  "snr": 4.97872603840426,
  "spacing_tr": 1.9999991655349731,
  "spacing_x": 3.0,
  "spacing_y": 3.0,
  "spacing_z": 3.200000762939453,
  "summary_bg_k": 46.62920487019598,
  "summary_bg_mad": 640.8308514943742,
  "summary_bg_mean": 4076.896240234375,
  "summary_bg_median": 529.5599365234375,
  "summary_bg_n": 177837.0,
  "summary_bg_p05": 31.48109817504883,
  "summary_bg_p95": 20044.72539062499,
  "summary_bg_stdv": 10697.341796875,
  "summary_fg_k": 2.857638836140655,
  "summary_fg_mad": 32167.024211550488,
  "summary_fg_mean": 172589.109375,
  "summary_fg_median": 169342.75,
  "summary_fg_n": 39955.0,
  "summary_fg_p05": 124547.39140625,
  "summary_fg_p95": 228620.39375,
  "summary_fg_stdv": 34012.84375,
  "tsnr": 76.65642547607422
}