{
  "bids_meta": {
    "AcquisitionMatrixPE": 240,
    "AcquisitionNumber": 3,
    "AcquisitionTime": "10:09:54.520000",
    "ConversionSoftware": "dcm2niix",
    "ConversionSoftwareVersion": "v1.0.20180622 GCC4.9.2",
    "DeviceSerialNumber": "34111",
    "EchoTime": 0.003713,
    "EchoTrainLength": 119,
    "FlipAngle": 8,
    "ImageOrientationPatientDICOM": [
      0.0480947,
      0.998842,
      0.000770086,
      0.0160098,
      5.50556e-20,
      -0.999872
    ],
    "ImageType": [
      "ORIGINAL",
      "PRIMARY",
      "M",
      "FFE",
      "M",
      "FFE"
    ],
    "InPlanePhaseEncodingDirectionDICOM": "ROW",
    "InstitutionName": "INSERM_PURPAN",
    "InstitutionalDepartmentName": "NEURO-SCIENCES",
    "MRAcquisitionType": "3D",
    "MagneticFieldStrength": 3,
    "Manufacturer": "Philips",
    "ManufacturersModelName": "Achieva_dStream",
    "Modality": "MR",
    "PatientPosition": "HFS",
    "PercentPhaseFOV": 100,
    "PhaseEncodingSteps": 240,
    "PhilipsRescaleIntercept": 0,
    "PhilipsRescaleSlope": 14.6398,
    "PhilipsScaleSlope": 0.0016774,
    "PixelBandwidth": 191,
    "ProtocolName": "sT1W_1mm_3D_32ch_SENSE",
    "ReconMatrixPE": 240,
    "RepetitionTime": 0.0081173,
    "SAR": 0.0129785,
    "ScanOptions": "OTHER",
    "ScanningSequence": "GR",
    "SequenceVariant": "MP",
    "SeriesDescription": "sT1W_1mm_3D_32ch",
    "SeriesNumber": 301,
    "SliceThickness": 1,
    "SoftwareVersions": "5.1.7_5.1.7.2",
    "SpacingBetweenSlices": 1,
    "StationName": "PHILIPS-IL8E2TF",
    "UsePhilipsFloatNotDisplayScaling": 1,
    "acq_id": "01",
    "dataset": "ds001761",
    "modality": "T1w",
    "session_id": "04",
    "subject_id": "01"
  },
  "cjv": 0.27040533493319213,
  "cnr": 4.597921042720952,
  "efc": 0.767187308416873,
  "fber": 398.6531677246094,
  "fwhm_avg": 4.2154211931797905,
  "fwhm_x": 4.591493579539373,
  "fwhm_y": 4.3456,
  "fwhm_z": 3.70917,
  "icvs_csf": 0.24263222379473515,
  "icvs_gm": 0.38458352596361106,
  "icvs_wm": 0.3727842502416538,
  "inu_med": 2.048511266708374,
  "inu_range": 0.47742301821708666,
  "provenance": {
    "md5sum": "72a3d93b77e765854aeabf9f34237815",
    "settings": {
      "testing": false
    },
    "software": "mriqc",
    "version": "21.0.0rc2",
    "warnings": {
      "large_rot_frame": true,
      "small_air_mask": true
    },
    "webapi_port": null,
    "webapi_url": "https://mriqc.nimh.nih.gov/api/v1"
  },
  "qi_1": 0.0,
  "qi_2": 5.7856400542019755e-05,
  "rpve_csf": 19.910140311240333,
  "rpve_gm": 12.102911965901319,
  "rpve_wm": 16.805042249140328,
  "size_x": 170,
  "size_y": 240,
  "size_z": 240,
  "snr_csf": 2.405464584549604,
  "snr_gm": 8.453790816802305,
  "snr_total": 11.342475651684905,
  "snr_wm": 23.168171553702802,
  "snrd_csf": 158.45424868755913,
  "snrd_gm": 360.9343050405837,
  "snrd_total": 369.8401953669386,
  "snrd_wm": 590.1320323726729,
  "spacing_x": 1.0000035762786865,
  "spacing_y": 1.0,
  "spacing_z": 1.0,
  "summary_bg_k": 1.4805064667999277,
  "summary_bg_mad": 0.1101542387362632,
  "summary_bg_mean": 9.478604316711426,
  "summary_bg_median": 10.164400100708008,
  "summary_bg_n": 75002.0,
  "summary_bg_p05": 0.0,
  "summary_bg_p95": 20.41256742477417,
  "summary_bg_stdv": 6.174225807189941,
  "summary_csf_k": -0.6682603183304154,
  "summary_csf_mad": 108.61305499851902,
  "summary_csf_mean": 248.42559814453125,
  "summary_csf_median": 268.5069274902344,
  "summary_csf_n": 12083.0,
  "summary_csf_p05": 45.386878967285156,
  "summary_csf_p95": 405.6114196777344,
  "summary_csf_stdv": 111.61911010742188,
  "summary_gm_k": 0.3509526283958704,
  "summary_gm_mad": 67.72833517160707,
  "summary_gm_mean": 614.6734008789062,
  "summary_gm_median": 611.6173095703125,
  "summary_gm_n": 17622.0,
  "summary_gm_p05": 499.9997100830078,
  "summary_gm_p95": 739.8377655029296,
  "summary_gm_stdv": 72.34623718261719,
  "summary_wm_k": 1.4821478656418492,
  "summary_wm_mad": 37.2929114432429,
  "summary_wm_mean": 1000.0386352539062,
  "summary_wm_median": 1000.0018310546875,
  "summary_wm_n": 201609.0,
  "summary_wm_p05": 929.668408203125,
  "summary_wm_p95": 1071.0388671875,
  "summary_wm_stdv": 43.162635803222656,
  "tpm_overlap_csf": 0.1683150976896286,
  "tpm_overlap_gm": 0.4260561764240265,
  "tpm_overlap_wm": 0.5053389072418213,
  "wm2max": 0.6809112737884317
}