{
  "aor": 0.001475794871794872,
  "aqi": 0.0052289097948717955,
  "bids_meta": {
    "AcquisitionMatrixPE": 78,
    "AcquisitionNumber": 3,
    "AcquisitionTime": "11:15:14.500000",
    "BodyPartExamined": "HEAD",
    "ConversionSoftware": "dcm2niix",
    "ConversionSoftwareVersion": "v1.0.20180622 GCC4.9.2",
    "DeviceSerialNumber": "34111",
    "EchoTime": 0.03,
    "EchoTrainLength": 31,
    "FlipAngle": 75,
    "ImageOrientationPatientDICOM": [
      0.998243,
      -0.0331413,
      0.0491265,
      0.0371627,
      0.995828,
      -0.0833443
    ],
    "ImageType": [
      "ORIGINAL",
      "PRIMARY",
      "M",
      "FFE",
      "M",
      "FFE"
    ],
    "InPlanePhaseEncodingDirectionDICOM": "COL",
    "MRAcquisitionType": "2D",
    "MagneticFieldStrength": 3,
    "Manufacturer": "Philips",
    "ManufacturersModelName": "Achieva_dStream",
    "Modality": "MR",
    "PatientPosition": "HFS",
    "PercentPhaseFOV": 100,
    "PhaseEncodingAxis": "j",
    "PhaseEncodingSteps": 78,
    "PhilipsRescaleIntercept": 0,
    "PhilipsRescaleSlope": 0.770208,
    "PhilipsScaleSlope": 0.00774432,
    "PixelBandwidth": 3425,
    "ProtocolName": "EPI_run1_195dyn",
    "ReconMatrixPE": 80,
    "RepetitionTime": 2,
    "SAR": 0.0791052,
    "ScanOptions": "FS",
    "ScanningSequence": "GR",
    "SequenceVariant": "SK",
    "SeriesDescription": "EPI_run1_195dyn",
    "SeriesNumber": 301,
    "SliceThickness": 3,
    "SoftwareVersions": "5.3.1_5.3.1.1",
    "SpacingBetweenSlices": 3.2,
    "StationName": "HOST_INGENIA",
    "TaskName": "faces",
    "UsePhilipsFloatNotDisplayScaling": 1,
    "dataset": "ds001761",
    "modality": "bold",
    "run_id": 1,
    "session_id": "03",
    "subject_id": "02",
    "task_id": "faces"
  },
  "dummy_trs": 0,
  "dvars_nstd": 22.93312576113401,
  "dvars_std": 1.1603237657216492,
  "dvars_vstd": 1.0104708940721652,
  "efc": 0.450608477566384,
  "fber": 72869.6875,
  "fd_mean": 0.07974912268970838,
  "fd_num": 4,
  "fd_perc": 2.051282051282051,
  "fwhm_avg": 1.8246969088393594,
  "fwhm_x": 1.7661300000000002,
  "fwhm_y": 2.00477,
  "fwhm_z": 1.7031907265180783,
  "gcor": 0.016746,
  "gsr_x": -0.007671584375202656,
  "gsr_y": 0.015738340094685555,
  "provenance": {
    "md5sum": "723dd43c233a9be57bfac4f1cee09b82",
    "settings": {
      "fd_thres": 0.2,
      "testing": false
    },
    "software": "mriqc",
    "version": "21.0.0rc2",
    "webapi_port": null,
    "webapi_url": "https://mriqc.nimh.nih.gov/api/v1"
  },
  "size_t": 195,
  "size_x": 80,
  "size_y": 80,
  "size_z": 41,
  "snr": 5.7068944672138775,
  "spacing_tr": 1.9999991655349731,
  "spacing_x": 3.0,
  "spacing_y": 3.0,
  "spacing_z": 3.1999998092651367,
  "summary_bg_k": 128.75975895701143,
  "summary_bg_mad": 752.815822091469,
  "summary_bg_mean": 3916.13232421875,
  "summary_bg_median": 617.2996215820312,
  "summary_bg_n": 171697.0,
  "summary_bg_p05": 31.980131530761724,
  "summary_bg_p95": 17054.078124999975,
  "summary_bg_stdv": 10901.109375,
  "summary_fg_k": 3.099834877470392,
  "summary_fg_mad": 27101.910640133243,
  "summary_fg_mean": 174361.328125,
  "summary_fg_median": 171843.296875,
  "summary_fg_n": 44320.0,
  "summary_fg_p05": 133043.01875,
  "summary_fg_p95": 223288.85078125,
  "summary_fg_stdv": 30111.185546875,
  "tsnr": 72.00572967529297
}