{
  "aor": 0.007908769230769233,
  "aqi": 0.007422690615384615,
  "bids_meta": {
    "AcquisitionMatrixPE": 78,
    "AcquisitionNumber": 14,
    "AcquisitionTime": "12:26:5.000000",
    "BodyPartExamined": "HEAD",
    "ConversionSoftware": "dcm2niix",
    "ConversionSoftwareVersion": "v1.0.20180622 GCC4.9.2",
    "DeviceSerialNumber": "34111",
    "EchoTime": 0.03,
    "EchoTrainLength": 31,
    "FlipAngle": 75,
    "ImageOrientationPatientDICOM": [
      0.998243,
      -0.0331413,
      0.0491265,
      0.0371627,
      0.995828,
      -0.0833443
    ],
    "ImageType": [
      "ORIGINAL",
      "PRIMARY",
      "M",
      "FFE",
      "M",
      "FFE"
    ],
    "InPlanePhaseEncodingDirectionDICOM": "COL",
    "MRAcquisitionType": "2D",
    "MagneticFieldStrength": 3,
    "Manufacturer": "Philips",
    "ManufacturersModelName": "Achieva_dStream",
    "Modality": "MR",
    "PatientPosition": "HFS",
    "PercentPhaseFOV": 100,
    "PhaseEncodingAxis": "j",
    "PhaseEncodingSteps": 78,
    "PhilipsRescaleIntercept": 0,
    "PhilipsRescaleSlope": 0.7663,
    "PhilipsScaleSlope": 0.0079102,
    "PixelBandwidth": 3425,
    "ProtocolName": "EPI_run10_195dyn",
    "ReconMatrixPE": 80,
    "RepetitionTime": 2,
    "SAR": 0.0791052,
    "ScanOptions": "FS",
    "ScanningSequence": "GR",
    "SequenceVariant": "SK",
    "SeriesDescription": "EPI_run10_195dyn",
    "SeriesNumber": 1401,
    "SliceThickness": 3,
    "SoftwareVersions": "5.3.1_5.3.1.1",
    "SpacingBetweenSlices": 3.2,
    "StationName": "HOST_INGENIA",
    "TaskName": "faces",
    "UsePhilipsFloatNotDisplayScaling": 1,
    "dataset": "ds001761",
    "modality": "bold",
    "run_id": 10,
    "session_id": "03",
    "subject_id": "02",
    "task_id": "faces"
  },
  "dummy_trs": 0,
  "dvars_nstd": 24.80535174881441,
  "dvars_std": 1.2112437390721653,
  "dvars_vstd": 1.0727245777835048,
  "efc": 0.4534642943531609,
  "fber": 70941.3125,
  "fd_mean": 0.1265630565508596,
  "fd_num": 18,
  "fd_perc": 9.23076923076923,
  "fwhm_avg": 1.8069246168866524,
  "fwhm_x": 1.7438033333333334,
  "fwhm_y": 1.9881766666666667,
  "fwhm_z": 1.6887938506599576,
  "gcor": 0.0152008,
  "gsr_x": -0.007765202317386866,
  "gsr_y": 0.014774843119084835,
  "provenance": {
    "md5sum": "bcf9dd541171432975887cd4d4a592b6",
    "settings": {
      "fd_thres": 0.2,
      "testing": false
    },
    "software": "mriqc",
    "version": "21.0.0rc2",
    "webapi_port": null,
    "webapi_url": "https://mriqc.nimh.nih.gov/api/v1"
  },
  "size_t": 195,
  "size_x": 80,
  "size_y": 80,
  "size_z": 41,
  "snr": 5.797889065103978,
  "spacing_tr": 1.9999991655349731,
  "spacing_x": 3.0,
  "spacing_y": 3.0,
  "spacing_z": 3.1999998092651367,
  "summary_bg_k": 119.7203544740082,
  "summary_bg_mad": 723.3624504002345,
  "summary_bg_mean": 3968.350830078125,
  "summary_bg_median": 593.07275390625,
  "summary_bg_n": 171615.0,
  "summary_bg_p05": 38.653876113891606,
  "summary_bg_p95": 17740.652929687443,
  "summary_bg_stdv": 11035.42578125,
  "summary_fg_k": 2.9853651460726,
  "summary_fg_mad": 25513.29078017466,
  "summary_fg_mean": 165760.453125,
  "summary_fg_median": 163097.078125,
  "summary_fg_n": 44419.0,
  "summary_fg_p05": 127194.734375,
  "summary_fg_p95": 211465.47343749998,
  "summary_fg_stdv": 28130.107421875,
  "tsnr": 62.52299880981445
}