{
  "bids_meta": {
    "AcquisitionMatrixPE": 240,
    "AcquisitionNumber": 2,
    "AcquisitionTime": "12:25:56.160000",
    "BodyPartExamined": "HEAD",
    "ConversionSoftware": "dcm2niix",
    "ConversionSoftwareVersion": "v1.0.20180622 GCC4.9.2",
    "DeviceSerialNumber": "34111",
    "EchoTime": 0.003688,
    "EchoTrainLength": 119,
    "FlipAngle": 8,
    "ImageOrientationPatientDICOM": [
      -0.0317211,
      0.999497,
      0,
      0,
      0,
      -1
    ],
    "ImageType": [
      "ORIGINAL",
      "PRIMARY",
      "M",
      "FFE",
      "M",
      "FFE"
    ],
    "InPlanePhaseEncodingDirectionDICOM": "ROW",
    "MRAcquisitionType": "3D",
    "MagneticFieldStrength": 3,
    "Manufacturer": "Philips",
    "ManufacturersModelName": "Achieva_dStream",
    "Modality": "MR",
    "PatientPosition": "HFS",
    "PercentPhaseFOV": 100,
    "PhaseEncodingSteps": 240,
    "PhilipsRescaleIntercept": 0,
    "PhilipsRescaleSlope": 4.40122,
    "PhilipsScaleSlope": 0.00174715,
    "PixelBandwidth": 191,
    "ProtocolName": "sT1W_1mm_3D_32ch",
    "ReconMatrixPE": 240,
    "RepetitionTime": 0.0080692,
    "SAR": 0.0135669,
    "ScanOptions": "OTHER",
    "ScanningSequence": "GR",
    "SequenceVariant": "MP",
    "SeriesDescription": "sT1W_1mm_3D_32ch",
    "SeriesNumber": 201,
    "SliceThickness": 1,
    "SoftwareVersions": "5.3.1_5.3.1.1",
    "SpacingBetweenSlices": 1,
    "StationName": "HOST_INGENIA",
    "UsePhilipsFloatNotDisplayScaling": 1,
    "acq_id": "01",
    "dataset": "ds001761",
    "modality": "T1w",
    "session_id": "03",
    "subject_id": "04"
  },
  "cjv": 0.32122693020727755,
  "cnr": 3.787115143074833,
  "efc": 0.732342858989698,
  "fber": 1296.869140625,
  "fwhm_avg": 3.6536403072834744,
  "fwhm_x": 3.8665209218504244,
  "fwhm_y": 3.72173,
  "fwhm_z": 3.37267,
  "icvs_csf": 0.2735414369336169,
  "icvs_gm": 0.3486477960088738,
  "icvs_wm": 0.3778107670575093,
  "inu_med": 2.5966885089874268,
  "inu_range": 0.7942312717437741,
  "provenance": {
    "md5sum": "9402f823d575b236184db76b0bc3a4fc",
    "settings": {
      "testing": false
    },
    "software": "mriqc",
    "version": "21.0.0rc2",
    "warnings": {
      "large_rot_frame": true,
      "small_air_mask": true
    },
    "webapi_port": null,
    "webapi_url": "https://mriqc.nimh.nih.gov/api/v1"
  },
  "qi_1": 0.0,
  "qi_2": 2.5845787770046408e-05,
  "rpve_csf": 19.50077452858504,
  "rpve_gm": 13.330774132771806,
  "rpve_wm": 17.569784988159185,
  "size_x": 170,
  "size_y": 240,
  "size_z": 240,
  "snr_csf": 4.132350641835249,
  "snr_gm": 7.588230504691681,
  "snr_total": 10.310242057803892,
  "snr_wm": 19.210145026884746,
  "snrd_csf": 48.95782427752821,
  "snrd_gm": 92.85675078154338,
  "snrd_total": 96.5007574973964,
  "snrd_wm": 147.68769743311762,
  "spacing_x": 0.9999997615814209,
  "spacing_y": 1.0,
  "spacing_z": 1.0,
  "summary_bg_k": 4.894020740937853,
  "summary_bg_mad": 4.435934679114826,
  "summary_bg_mean": 6.809714317321777,
  "summary_bg_median": 5.890285968780518,
  "summary_bg_n": 234555.0,
  "summary_bg_p05": 0.0,
  "summary_bg_p95": 18.323049163818357,
  "summary_bg_stdv": 6.010013103485107,
  "summary_csf_k": 1.1066213888809102,
  "summary_csf_mad": 69.1851474955647,
  "summary_csf_mean": 328.0242919921875,
  "summary_csf_median": 331.493896484375,
  "summary_csf_n": 10348.0,
  "summary_csf_p05": 180.36825408935547,
  "summary_csf_p95": 447.64001617431643,
  "summary_csf_stdv": 80.21533203125,
  "summary_gm_k": 0.6447703396542557,
  "summary_gm_mad": 73.36537268378896,
  "summary_gm_mean": 632.799560546875,
  "summary_gm_median": 628.7339477539062,
  "summary_gm_n": 10029.0,
  "summary_gm_p05": 500.6063293457031,
  "summary_gm_p95": 781.3761108398437,
  "summary_gm_stdv": 82.85233306884766,
  "summary_wm_k": 1.059766884556817,
  "summary_wm_mad": 45.89361504784891,
  "summary_wm_mean": 997.0595703125,
  "summary_wm_median": 999.9948120117188,
  "summary_wm_n": 200054.0,
  "summary_wm_p05": 905.7737121582031,
  "summary_wm_p95": 1076.103662109375,
  "summary_wm_stdv": 52.05542755126953,
  "tpm_overlap_csf": 0.12626397609710693,
  "tpm_overlap_gm": 0.38268494606018066,
  "tpm_overlap_wm": 0.5023605823516846,
  "wm2max": 0.693645901073645
}