{
  "bids_meta": {
    "AcquisitionMatrixPE": 240,
    "AcquisitionNumber": 2,
    "AcquisitionTime": "10:10:26.220000",
    "BodyPartExamined": "HEAD",
    "ConversionSoftware": "dcm2niix",
    "ConversionSoftwareVersion": "v1.0.20180622 GCC4.9.2",
    "DeviceSerialNumber": "34111",
    "EchoTime": 0.003706,
    "EchoTrainLength": 119,
    "FlipAngle": 8,
    "ImageOrientationPatientDICOM": [
      -0.0492667,
      0.998786,
      -0.000403001,
      0.00817972,
      0,
      -0.999967
    ],
    "ImageType": [
      "ORIGINAL",
      "PRIMARY",
      "M",
      "FFE",
      "M",
      "FFE"
    ],
    "InPlanePhaseEncodingDirectionDICOM": "ROW",
    "MRAcquisitionType": "3D",
    "MagneticFieldStrength": 3,
    "Manufacturer": "Philips",
    "ManufacturersModelName": "Achieva_dStream",
    "Modality": "MR",
    "PatientPosition": "HFS",
    "PercentPhaseFOV": 100,
    "PhaseEncodingSteps": 240,
    "PhilipsRescaleIntercept": 0,
    "PhilipsRescaleSlope": 4.38657,
    "PhilipsScaleSlope": 0.00170175,
    "PixelBandwidth": 191,
    "ProtocolName": "sT1W_1mm_3D_32ch",
    "ReconMatrixPE": 240,
    "RepetitionTime": 0.0081046,
    "SAR": 0.0130225,
    "ScanOptions": "OTHER",
    "ScanningSequence": "GR",
    "SequenceVariant": "MP",
    "SeriesDescription": "sT1W_1mm_3D_32ch",
    "SeriesNumber": 201,
    "SliceThickness": 1,
    "SoftwareVersions": "5.3.1_5.3.1.1",
    "SpacingBetweenSlices": 1,
    "StationName": "HOST_INGENIA",
    "UsePhilipsFloatNotDisplayScaling": 1,
    "acq_id": "01",
    "dataset": "ds001761",
    "modality": "T1w",
    "session_id": "02",
    "subject_id": "03"
  },
  "cjv": 0.26702965849892435,
  "cnr": 4.3764777634442105,
  "efc": 0.7417068471533441,
  "fber": 414.35784912109375,
  "fwhm_avg": 3.8336020053562545,
  "fwhm_x": 3.8942760160687633,
  "fwhm_y": 4.09518,
  "fwhm_z": 3.51135,
  "icvs_csf": 0.29372619079029605,
  "icvs_gm": 0.32315437342959824,
  "icvs_wm": 0.3831194357801057,
  "inu_med": 2.5472640991210938,
  "inu_range": 0.8327534198760986,
  "provenance": {
    "md5sum": "b718c0b280cb5d3f6d5ad301b012ba59",
    "settings": {
      "testing": false
    },
    "software": "mriqc",
    "version": "21.0.0rc2",
    "warnings": {
      "large_rot_frame": true,
      "small_air_mask": true
    },
    "webapi_port": null,
    "webapi_url": "https://mriqc.nimh.nih.gov/api/v1"
  },
  "qi_1": 0.0,
  "qi_2": 1.6389006936813772e-05,
  "rpve_csf": 16.711780986742134,
  "rpve_gm": 12.551207129241675,
  "rpve_wm": 15.751838568506098,
  "size_x": 170,
  "size_y": 240,
  "size_z": 240,
  "snr_csf": 3.854616166813595,
  "snr_gm": 7.284715529462948,
  "snr_total": 11.744573786004404,
  "snr_wm": 24.094389661736667,
  "snrd_csf": 44.081251879580044,
  "snrd_gm": 85.29356507674422,
  "snrd_total": 90.74223016682681,
  "snrd_wm": 142.8518735441562,
  "spacing_x": 0.9999958872795105,
  "spacing_y": 1.0,
  "spacing_z": 1.0,
  "summary_bg_k": 2.8112941843964334,
  "summary_bg_mad": 4.586068379859215,
  "summary_bg_mean": 7.524318695068359,
  "summary_bg_median": 5.98713493347168,
  "summary_bg_n": 257100.0,
  "summary_bg_p05": 0.0,
  "summary_bg_p95": 18.33072357177734,
  "summary_bg_stdv": 6.0109076499938965,
  "summary_csf_k": 0.9501088878687876,
  "summary_csf_mad": 69.00697099603848,
  "summary_csf_mean": 305.20123291015625,
  "summary_csf_median": 308.576416015625,
  "summary_csf_n": 18410.0,
  "summary_csf_p05": 162.61631622314454,
  "summary_csf_p95": 428.83595123291013,
  "summary_csf_stdv": 80.05155944824219,
  "summary_gm_k": 0.8213340450166817,
  "summary_gm_mad": 71.1606081725109,
  "summary_gm_mean": 604.2567138671875,
  "summary_gm_median": 597.0697631835938,
  "summary_gm_n": 13018.0,
  "summary_gm_p05": 484.24287872314454,
  "summary_gm_p95": 756.8838958740234,
  "summary_gm_stdv": 81.9588394165039,
  "summary_wm_k": 1.5171568326381424,
  "summary_wm_mad": 36.430488320472655,
  "summary_wm_mean": 998.1273803710938,
  "summary_wm_median": 999.9879150390625,
  "summary_wm_n": 229658.0,
  "summary_wm_p05": 927.8090240478516,
  "summary_wm_p95": 1061.3817016601563,
  "summary_wm_stdv": 41.502845764160156,
  "tpm_overlap_csf": 0.13856464624404907,
  "tpm_overlap_gm": 0.3799918293952942,
  "tpm_overlap_wm": 0.5040022730827332,
  "wm2max": 0.7474199186442128
}