{
  "aor": 0.001298578431372549,
  "aqi": 0.005485763774509805,
  "bids_meta": {
    "AcquisitionMatrixPE": 78,
    "AcquisitionNumber": 13,
    "AcquisitionTime": "13:24:5.100000",
    "BodyPartExamined": "HEAD",
    "ConversionSoftware": "dcm2niix",
    "ConversionSoftwareVersion": "v1.0.20180622 GCC4.9.2",
    "DeviceSerialNumber": "34111",
    "EchoTime": 0.030001,
    "EchoTrainLength": 31,
    "FlipAngle": 75,
    "ImageOrientationPatientDICOM": [
      0.998382,
      0.0491632,
      -0.02858,
      -0.0536373,
      0.98107,
      -0.186075
    ],
    "ImageType": [
      "ORIGINAL",
      "PRIMARY",
      "M",
      "FFE",
      "M",
      "FFE"
    ],
    "InPlanePhaseEncodingDirectionDICOM": "COL",
    "MRAcquisitionType": "2D",
    "MagneticFieldStrength": 3,
    "Manufacturer": "Philips",
    "ManufacturersModelName": "Achieva_dStream",
    "Modality": "MR",
    "PatientPosition": "HFS",
    "PercentPhaseFOV": 100,
    "PhaseEncodingAxis": "j",
    "PhaseEncodingSteps": 78,
    "PhilipsRescaleIntercept": 0,
    "PhilipsRescaleSlope": 0.799023,
    "PhilipsScaleSlope": 0.00735366,
    "PixelBandwidth": 3418,
    "ProtocolName": "EPI_run9_204dyn",
    "ReconMatrixPE": 80,
    "RepetitionTime": 2,
    "SAR": 0.0791066,
    "ScanOptions": "FS",
    "ScanningSequence": "GR",
    "SequenceVariant": "SK",
    "SeriesDescription": "EPI_run9_204dyn",
    "SeriesNumber": 1301,
    "SliceThickness": 3,
    "SoftwareVersions": "5.3.1_5.3.1.1",
    "SpacingBetweenSlices": 3.2,
    "StationName": "HOST_INGENIA",
    "TaskName": "faces",
    "UsePhilipsFloatNotDisplayScaling": 1,
    "dataset": "ds001761",
    "modality": "bold",
    "run_id": 9,
    "session_id": "05",
    "subject_id": "04",
    "task_id": "faces"
  },
  "dummy_trs": 0,
  "dvars_nstd": 25.436023101330058,
  "dvars_std": 1.2493727002955664,
  "dvars_vstd": 1.002496557733991,
  "efc": 0.41562290758364717,
  "fber": 104358.984375,
  "fd_mean": 0.04940177934441387,
  "fd_num": 0,
  "fd_perc": 0.0,
  "fwhm_avg": 1.7793087963574117,
  "fwhm_x": 1.7446633333333335,
  "fwhm_y": 1.8997133333333334,
  "fwhm_z": 1.6935497224055687,
  "gcor": 0.0210615,
  "gsr_x": -0.0013183894334360957,
  "gsr_y": 0.003908791579306126,
  "provenance": {
    "md5sum": "bbc504fc2e57350cac64982653a40d49",
    "settings": {
      "fd_thres": 0.2,
      "testing": false
    },
    "software": "mriqc",
    "version": "21.0.0rc2",
    "webapi_port": null,
    "webapi_url": "https://mriqc.nimh.nih.gov/api/v1"
  },
  "size_t": 204,
  "size_x": 80,
  "size_y": 80,
  "size_z": 41,
  "snr": 4.777317261989002,
  "spacing_tr": 1.9999991655349731,
  "spacing_x": 3.0,
  "spacing_y": 3.0,
  "spacing_z": 3.200000524520874,
  "summary_bg_k": 148.82130129500842,
  "summary_bg_mad": 568.4187208207791,
  "summary_bg_mean": 3852.9287109375,
  "summary_bg_median": 510.2990417480469,
  "summary_bg_n": 181026.0,
  "summary_bg_p05": 50.891860008239746,
  "summary_bg_p95": 17193.07080078125,
  "summary_bg_stdv": 11968.3408203125,
  "summary_fg_k": 4.904054990470488,
  "summary_fg_mad": 25841.212275550533,
  "summary_fg_mean": 170406.515625,
  "summary_fg_median": 165243.546875,
  "summary_fg_n": 37424.0,
  "summary_fg_p05": 129039.649609375,
  "summary_fg_p95": 229817.52578124995,
  "summary_fg_stdv": 34588.73046875,
  "tsnr": 68.73458862304688
}