{
  "bids_meta": {
    "AcquisitionMatrixPE": 240,
    "AcquisitionNumber": 3,
    "AcquisitionTime": "10:46:49.450000",
    "ConversionSoftware": "dcm2niix",
    "ConversionSoftwareVersion": "v1.0.20180622 GCC4.9.2",
    "DeviceSerialNumber": "34111",
    "EchoTime": 0.003686,
    "EchoTrainLength": 119,
    "FlipAngle": 8,
    "ImageOrientationPatientDICOM": [
      0.00838907,
      0.999965,
      0,
      0,
      0,
      -1
    ],
    "ImageType": [
      "ORIGINAL",
      "PRIMARY",
      "M",
      "FFE",
      "M",
      "FFE"
    ],
    "InPlanePhaseEncodingDirectionDICOM": "ROW",
    "InstitutionName": "INSERM_PURPAN",
    "InstitutionalDepartmentName": "NEURO-SCIENCES",
    "MRAcquisitionType": "3D",
    "MagneticFieldStrength": 3,
    "Manufacturer": "Philips",
    "ManufacturersModelName": "Achieva_dStream",
    "Modality": "MR",
    "PatientPosition": "HFS",
    "PercentPhaseFOV": 100,
    "PhaseEncodingSteps": 240,
    "PhilipsRescaleIntercept": 0,
    "PhilipsRescaleSlope": 13.9375,
    "PhilipsScaleSlope": 0.00172775,
    "PixelBandwidth": 191,
    "ProtocolName": "sT1W_1mm_3D_32ch_SENSE",
    "ReconMatrixPE": 240,
    "RepetitionTime": 0.0080529,
    "SAR": 0.0129785,
    "ScanOptions": "OTHER",
    "ScanningSequence": "GR",
    "SequenceVariant": "MP",
    "SeriesDescription": "sT1W_1mm_3D_32ch",
    "SeriesNumber": 301,
    "SliceThickness": 1,
    "SoftwareVersions": "5.1.7_5.1.7.2",
    "SpacingBetweenSlices": 1,
    "StationName": "PHILIPS-IL8E2TF",
    "UsePhilipsFloatNotDisplayScaling": 1,
    "acq_id": "01",
    "dataset": "ds001761",
    "modality": "T1w",
    "session_id": "02",
    "subject_id": "01"
  },
  "cjv": 0.2808032484345733,
  "cnr": 4.500865273612297,
  "efc": 0.7680774888821612,
  "fber": 472.53204345703125,
  "fwhm_avg": 4.2820496932131045,
  "fwhm_x": 4.618229079639312,
  "fwhm_y": 4.44523,
  "fwhm_z": 3.78269,
  "icvs_csf": 0.2585767447747763,
  "icvs_gm": 0.3721508842220458,
  "icvs_wm": 0.36927237100317784,
  "inu_med": 2.1709177494049072,
  "inu_range": 0.4375154972076416,
  "provenance": {
    "md5sum": "6ddb76191f460bedbdc28180e78790a0",
    "settings": {
      "testing": false
    },
    "software": "mriqc",
    "version": "21.0.0rc2",
    "warnings": {
      "large_rot_frame": true,
      "small_air_mask": true
    },
    "webapi_port": null,
    "webapi_url": "https://mriqc.nimh.nih.gov/api/v1"
  },
  "qi_1": 0.0,
  "qi_2": 5.6918573115978055e-05,
  "rpve_csf": 19.308990064243247,
  "rpve_gm": 12.440426129487761,
  "rpve_wm": 17.04484221631445,
  "size_x": 170,
  "size_y": 240,
  "size_z": 240,
  "snr_csf": 2.563492220170637,
  "snr_gm": 8.803285922656762,
  "snr_total": 11.709529962924739,
  "snr_wm": 23.76181174594682,
  "snrd_csf": 164.22043005249063,
  "snrd_gm": 366.33148765667454,
  "snrd_total": 371.7475332380989,
  "snrd_wm": 584.6906820051317,
  "spacing_x": 1.000004529953003,
  "spacing_y": 1.0,
  "spacing_z": 1.0,
  "summary_bg_k": 9.195492077314404,
  "summary_bg_mad": 0.12048574967168461,
  "summary_bg_mean": 9.960453987121582,
  "summary_bg_median": 9.414999961853027,
  "summary_bg_n": 90830.0,
  "summary_bg_p05": 0.0,
  "summary_bg_p95": 19.017637157440188,
  "summary_bg_stdv": 6.987122535705566,
  "summary_csf_k": -0.3652507012966679,
  "summary_csf_mad": 101.13052430428404,
  "summary_csf_mean": 260.5796203613281,
  "summary_csf_median": 280.8677062988281,
  "summary_csf_n": 13723.0,
  "summary_csf_p05": 57.83982162475586,
  "summary_csf_p95": 414.8480316162109,
  "summary_csf_stdv": 109.56049346923828,
  "summary_gm_k": 0.2842668149596981,
  "summary_gm_mad": 67.83936745445048,
  "summary_gm_mean": 628.0020751953125,
  "summary_gm_median": 626.5401000976562,
  "summary_gm_n": 16735.0,
  "summary_gm_p05": 512.3580139160156,
  "summary_gm_p95": 748.0960571289063,
  "summary_gm_stdv": 71.16903686523438,
  "summary_wm_k": 1.337590443581381,
  "summary_wm_mad": 37.02989976428254,
  "summary_wm_mean": 999.1935424804688,
  "summary_wm_median": 1000.0018310546875,
  "summary_wm_n": 199784.0,
  "summary_wm_p05": 928.5710388183594,
  "summary_wm_p95": 1065.4797485351562,
  "summary_wm_stdv": 42.08430480957031,
  "tpm_overlap_csf": 0.16301193833351135,
  "tpm_overlap_gm": 0.41581276059150696,
  "tpm_overlap_wm": 0.5034555792808533,
  "wm2max": 0.6882442905408767
}