{
  "bids_meta": {
    "AcquisitionMatrixPE": 240,
    "AcquisitionNumber": 2,
    "AcquisitionTime": "10:50:14.840000",
    "BodyPartExamined": "HEAD",
    "ConversionSoftware": "dcm2niix",
    "ConversionSoftwareVersion": "v1.0.20180622 GCC4.9.2",
    "DeviceSerialNumber": "34111",
    "EchoTime": 0.003742,
    "EchoTrainLength": 119,
    "FlipAngle": 8,
    "ImageOrientationPatientDICOM": [
      -0.0252474,
      0.99835,
      -0.0515817,
      0.0337733,
      -0.0507169,
      -0.998142
    ],
    "ImageType": [
      "ORIGINAL",
      "PRIMARY",
      "M",
      "FFE",
      "M",
      "FFE"
    ],
    "InPlanePhaseEncodingDirectionDICOM": "ROW",
    "MRAcquisitionType": "3D",
    "MagneticFieldStrength": 3,
    "Manufacturer": "Philips",
    "ManufacturersModelName": "Achieva_dStream",
    "Modality": "MR",
    "PatientPosition": "HFS",
    "PercentPhaseFOV": 100,
    "PhaseEncodingSteps": 240,
    "PhilipsRescaleIntercept": 0,
    "PhilipsRescaleSlope": 3.7873,
    "PhilipsScaleSlope": 0.00168992,
    "PixelBandwidth": 191,
    "ProtocolName": "sT1W_1mm_3D_32ch",
    "ReconMatrixPE": 240,
    "RepetitionTime": 0.0081442,
    "SAR": 0.0131242,
    "ScanOptions": "OTHER",
    "ScanningSequence": "GR",
    "SequenceVariant": "MP",
    "SeriesDescription": "sT1W_1mm_3D_32ch",
    "SeriesNumber": 201,
    "SliceThickness": 1,
    "SoftwareVersions": "5.3.1_5.3.1.1",
    "SpacingBetweenSlices": 1,
    "StationName": "HOST_INGENIA",
    "UsePhilipsFloatNotDisplayScaling": 1,
    "acq_id": "01",
    "dataset": "ds001761",
    "modality": "T1w",
    "session_id": "01",
    "subject_id": "02"
  },
  "cjv": 0.27119564623615144,
  "cnr": 4.48683849981515,
  "efc": 0.7664214177795872,
  "fber": 436.28173828125,
  "fwhm_avg": 3.7606479337412893,
  "fwhm_x": 3.882433801223869,
  "fwhm_y": 3.93097,
  "fwhm_z": 3.46854,
  "icvs_csf": 0.23942063239348582,
  "icvs_gm": 0.3917039942455023,
  "icvs_wm": 0.3688753733610119,
  "inu_med": 2.0626096725463867,
  "inu_range": 0.7525511384010315,
  "provenance": {
    "md5sum": "3b7d74b808fca971e3da78d20bf1c4dd",
    "settings": {
      "testing": false
    },
    "software": "mriqc",
    "version": "21.0.0rc2",
    "warnings": {
      "large_rot_frame": true,
      "small_air_mask": true
    },
    "webapi_port": null,
    "webapi_url": "https://mriqc.nimh.nih.gov/api/v1"
  },
  "qi_1": 0.0,
  "qi_2": 2.9219381155997538e-05,
  "rpve_csf": 16.04175603818949,
  "rpve_gm": 9.621213294098604,
  "rpve_wm": 13.87267288278383,
  "size_x": 170,
  "size_y": 240,
  "size_z": 240,
  "snr_csf": 2.799331602565316,
  "snr_gm": 7.161914106448956,
  "snr_total": 10.52207854106622,
  "snr_wm": 21.604989914184383,
  "snrd_csf": 39.04872352719301,
  "snrd_gm": 73.14442711370391,
  "snrd_total": 79.42646088450196,
  "snrd_wm": 126.08623201260893,
  "spacing_x": 1.0000041723251343,
  "spacing_y": 1.0,
  "spacing_z": 1.0,
  "summary_bg_k": 8.420170610136635,
  "summary_bg_mad": 5.1959200296781685,
  "summary_bg_mean": 8.831367492675781,
  "summary_bg_median": 6.9478349685668945,
  "summary_bg_n": 172246.0,
  "summary_bg_p05": 0.0,
  "summary_bg_p95": 21.347395420074463,
  "summary_bg_stdv": 7.383201599121094,
  "summary_csf_k": -0.1611110749182343,
  "summary_csf_mad": 77.846525220502,
  "summary_csf_mean": 276.4617614746094,
  "summary_csf_median": 309.6974182128906,
  "summary_csf_n": 11636.0,
  "summary_csf_p05": 55.24265766143799,
  "summary_csf_p95": 407.8541488647461,
  "summary_csf_stdv": 110.62787628173828,
  "summary_gm_k": 0.42035846006035804,
  "summary_gm_mad": 75.20944063482756,
  "summary_gm_mean": 581.6820068359375,
  "summary_gm_median": 580.1121826171875,
  "summary_gm_n": 20444.0,
  "summary_gm_p05": 452.00206451416017,
  "summary_gm_p95": 720.7634643554687,
  "summary_gm_stdv": 80.99761962890625,
  "summary_wm_k": 1.9161867663248948,
  "summary_wm_mad": 38.66131419887289,
  "summary_wm_mean": 997.6176147460938,
  "summary_wm_median": 999.996337890625,
  "summary_wm_n": 244147.0,
  "summary_wm_p05": 918.0514709472657,
  "summary_wm_p95": 1067.3841552734375,
  "summary_wm_stdv": 46.28533935546875,
  "tpm_overlap_csf": 0.17023004591464996,
  "tpm_overlap_gm": 0.44273480772972107,
  "tpm_overlap_wm": 0.5155988335609436,
  "wm2max": 0.582602602137733
}