{
  "aor": 0.0009791666666666668,
  "aqi": 0.007324326470588235,
  "bids_meta": {
    "AcquisitionMatrixPE": 78,
    "AcquisitionNumber": 9,
    "AcquisitionTime": "12:39:54.490000",
    "BodyPartExamined": "HEAD",
    "ConversionSoftware": "dcm2niix",
    "ConversionSoftwareVersion": "v1.0.20180622 GCC4.9.2",
    "DeviceSerialNumber": "34111",
    "EchoTime": 0.03,
    "EchoTrainLength": 31,
    "FlipAngle": 75,
    "ImageOrientationPatientDICOM": [
      0.998721,
      0.0200097,
      0.04643,
      -0.0146231,
      0.993421,
      -0.113582
    ],
    "ImageType": [
      "ORIGINAL",
      "PRIMARY",
      "M",
      "FFE",
      "M",
      "FFE"
    ],
    "InPlanePhaseEncodingDirectionDICOM": "COL",
    "MRAcquisitionType": "2D",
    "MagneticFieldStrength": 3,
    "Manufacturer": "Philips",
    "ManufacturersModelName": "Achieva_dStream",
    "Modality": "MR",
    "PatientPosition": "HFS",
    "PercentPhaseFOV": 100,
    "PhaseEncodingAxis": "j",
    "PhaseEncodingSteps": 78,
    "PhilipsRescaleIntercept": 0,
    "PhilipsRescaleSlope": 0.767033,
    "PhilipsScaleSlope": 0.00761043,
    "PixelBandwidth": 3423,
    "ProtocolName": "EPI_run7_204dyn",
    "ReconMatrixPE": 80,
    "RepetitionTime": 2,
    "SAR": 0.0791065,
    "ScanOptions": "FS",
    "ScanningSequence": "GR",
    "SequenceVariant": "SK",
    "SeriesDescription": "EPI_run7_204dyn",
    "SeriesNumber": 901,
    "SliceThickness": 3,
    "SoftwareVersions": "5.3.1_5.3.1.1",
    "SpacingBetweenSlices": 3.2,
    "StationName": "HOST_INGENIA",
    "TaskName": "faces",
    "UsePhilipsFloatNotDisplayScaling": 1,
    "dataset": "ds001761",
    "modality": "bold",
    "run_id": 7,
    "session_id": "08",
    "subject_id": "04",
    "task_id": "faces"
  },
  "dummy_trs": 0,
  "dvars_nstd": 28.03293703561575,
  "dvars_std": 1.2619074469950737,
  "dvars_vstd": 0.991630186650246,
  "efc": 0.4199418883464863,
  "fber": 105452.140625,
  "fd_mean": 0.0709300344765207,
  "fd_num": 2,
  "fd_perc": 0.9803921568627451,
  "fwhm_avg": 1.8517073122632794,
  "fwhm_x": 1.8429933333333333,
  "fwhm_y": 1.9453433333333334,
  "fwhm_z": 1.7667852701231717,
  "gcor": 0.0540962,
  "gsr_x": -0.003096530679613352,
  "gsr_y": 0.00018578482558950782,
  "provenance": {
    "md5sum": "3bb93131635f03d11f2d504fec08d1ab",
    "settings": {
      "fd_thres": 0.2,
      "testing": false
    },
    "software": "mriqc",
    "version": "21.0.0rc2",
    "webapi_port": null,
    "webapi_url": "https://mriqc.nimh.nih.gov/api/v1"
  },
  "size_t": 204,
  "size_x": 80,
  "size_y": 80,
  "size_z": 41,
  "snr": 4.938382977723774,
  "spacing_tr": 1.9999991655349731,
  "spacing_x": 3.0,
  "spacing_y": 3.0,
  "spacing_z": 3.199998378753662,
  "summary_bg_k": 98.73820871619156,
  "summary_bg_mad": 613.9212626584724,
  "summary_bg_mean": 3803.73193359375,
  "summary_bg_median": 503.3733215332031,
  "summary_bg_n": 180334.0,
  "summary_bg_p05": 35.71446208953857,
  "summary_bg_p95": 16788.20683593751,
  "summary_bg_stdv": 11203.462890625,
  "summary_fg_k": 4.349026396535321,
  "summary_fg_mad": 26054.16260201323,
  "summary_fg_mean": 168708.9375,
  "summary_fg_median": 163736.0,
  "summary_fg_n": 37956.0,
  "summary_fg_p05": 128418.1796875,
  "summary_fg_p95": 226554.66015625,
  "summary_fg_stdv": 33155.35546875,
  "tsnr": 62.79918670654297
}