{
  "aor": 0.0011395098039215686,
  "aqi": 0.009978448529411764,
  "bids_meta": {
    "AcquisitionMatrixPE": 78,
    "AcquisitionNumber": 6,
    "AcquisitionTime": "12:15:43.330000",
    "BodyPartExamined": "HEAD",
    "ConversionSoftware": "dcm2niix",
    "ConversionSoftwareVersion": "v1.0.20180622 GCC4.9.2",
    "DeviceSerialNumber": "34111",
    "EchoTime": 0.03,
    "EchoTrainLength": 31,
    "FlipAngle": 75,
    "ImageOrientationPatientDICOM": [
      0.998721,
      0.0200097,
      0.04643,
      -0.0146231,
      0.993421,
      -0.113582
    ],
    "ImageType": [
      "ORIGINAL",
      "PRIMARY",
      "M",
      "FFE",
      "M",
      "FFE"
    ],
    "InPlanePhaseEncodingDirectionDICOM": "COL",
    "MRAcquisitionType": "2D",
    "MagneticFieldStrength": 3,
    "Manufacturer": "Philips",
    "ManufacturersModelName": "Achieva_dStream",
    "Modality": "MR",
    "PatientPosition": "HFS",
    "PercentPhaseFOV": 100,
    "PhaseEncodingAxis": "j",
    "PhaseEncodingSteps": 78,
    "PhilipsRescaleIntercept": 0,
    "PhilipsRescaleSlope": 0.784615,
    "PhilipsScaleSlope": 0.0074941,
    "PixelBandwidth": 3423,
    "ProtocolName": "EPI_run4_204dyn",
    "ReconMatrixPE": 80,
    "RepetitionTime": 2,
    "SAR": 0.0791065,
    "ScanOptions": "FS",
    "ScanningSequence": "GR",
    "SequenceVariant": "SK",
    "SeriesDescription": "EPI_run4_204dyn",
    "SeriesNumber": 601,
    "SliceThickness": 3,
    "SoftwareVersions": "5.3.1_5.3.1.1",
    "SpacingBetweenSlices": 3.2,
    "StationName": "HOST_INGENIA",
    "TaskName": "faces",
    "UsePhilipsFloatNotDisplayScaling": 1,
    "dataset": "ds001761",
    "modality": "bold",
    "run_id": 4,
    "session_id": "08",
    "subject_id": "04",
    "task_id": "faces"
  },
  "dummy_trs": 0,
  "dvars_nstd": 27.28670162546799,
  "dvars_std": 1.2207434449261085,
  "dvars_vstd": 0.9831334989162567,
  "efc": 0.4197876499468795,
  "fber": 106200.2734375,
  "fd_mean": 0.07232694585180649,
  "fd_num": 2,
  "fd_perc": 0.9803921568627451,
  "fwhm_avg": 1.8448332818984723,
  "fwhm_x": 1.8327633333333333,
  "fwhm_y": 1.95027,
  "fwhm_z": 1.751466512362084,
  "gcor": 0.0369005,
  "gsr_x": -0.003412423189729452,
  "gsr_y": 0.0007296281983144581,
  "provenance": {
    "md5sum": "d049f65f93cd61a5fe1f0f6081504cf3",
    "settings": {
      "fd_thres": 0.2,
      "testing": false
    },
    "software": "mriqc",
    "version": "21.0.0rc2",
    "webapi_port": null,
    "webapi_url": "https://mriqc.nimh.nih.gov/api/v1"
  },
  "size_t": 204,
  "size_x": 80,
  "size_y": 80,
  "size_z": 41,
  "snr": 4.960551751509929,
  "spacing_tr": 1.9999991655349731,
  "spacing_x": 3.0,
  "spacing_y": 3.0,
  "spacing_z": 3.199998378753662,
  "summary_bg_k": 105.29322087916583,
  "summary_bg_mad": 612.0159606749183,
  "summary_bg_mean": 3809.428955078125,
  "summary_bg_median": 506.47174072265625,
  "summary_bg_n": 180101.0,
  "summary_bg_p05": 36.18891906738281,
  "summary_bg_p95": 16610.37109375,
  "summary_bg_stdv": 11421.4208984375,
  "summary_fg_k": 4.348355328690019,
  "summary_fg_mad": 25903.956464750885,
  "summary_fg_mean": 170474.375,
  "summary_fg_median": 165126.109375,
  "summary_fg_n": 38061.0,
  "summary_fg_p05": 129927.5703125,
  "summary_fg_p95": 228735.484375,
  "summary_fg_stdv": 33287.4140625,
  "tsnr": 56.69623565673828
}