{
  "aor": 0.0013831372549019609,
  "aqi": 0.005287715637254903,
  "bids_meta": {
    "AcquisitionMatrixPE": 78,
    "AcquisitionNumber": 14,
    "AcquisitionTime": "13:19:8.090000",
    "BodyPartExamined": "HEAD",
    "ConversionSoftware": "dcm2niix",
    "ConversionSoftwareVersion": "v1.0.20180622 GCC4.9.2",
    "DeviceSerialNumber": "34111",
    "EchoTime": 0.03,
    "EchoTrainLength": 31,
    "FlipAngle": 75,
    "ImageOrientationPatientDICOM": [
      0.998721,
      0.0200097,
      0.04643,
      -0.0146231,
      0.993421,
      -0.113582
    ],
    "ImageType": [
      "ORIGINAL",
      "PRIMARY",
      "M",
      "FFE",
      "M",
      "FFE"
    ],
    "InPlanePhaseEncodingDirectionDICOM": "COL",
    "MRAcquisitionType": "2D",
    "MagneticFieldStrength": 3,
    "Manufacturer": "Philips",
    "ManufacturersModelName": "Achieva_dStream",
    "Modality": "MR",
    "PatientPosition": "HFS",
    "PercentPhaseFOV": 100,
    "PhaseEncodingAxis": "j",
    "PhaseEncodingSteps": 78,
    "PhilipsRescaleIntercept": 0,
    "PhilipsRescaleSlope": 0.779731,
    "PhilipsScaleSlope": 0.00776733,
    "PixelBandwidth": 3423,
    "ProtocolName": "EPI_run12_204dyn",
    "ReconMatrixPE": 80,
    "RepetitionTime": 2,
    "SAR": 0.0791065,
    "ScanOptions": "FS",
    "ScanningSequence": "GR",
    "SequenceVariant": "SK",
    "SeriesDescription": "EPI_run12_204dyn",
    "SeriesNumber": 1401,
    "SliceThickness": 3,
    "SoftwareVersions": "5.3.1_5.3.1.1",
    "SpacingBetweenSlices": 3.2,
    "StationName": "HOST_INGENIA",
    "TaskName": "faces",
    "UsePhilipsFloatNotDisplayScaling": 1,
    "dataset": "ds001761",
    "modality": "bold",
    "run_id": 12,
    "session_id": "08",
    "subject_id": "04",
    "task_id": "faces"
  },
  "dummy_trs": 0,
  "dvars_nstd": 25.148153755812796,
  "dvars_std": 1.2315370642857146,
  "dvars_vstd": 1.0149661830541872,
  "efc": 0.420688290666129,
  "fber": 105435.1484375,
  "fd_mean": 0.06321124004736545,
  "fd_num": 0,
  "fd_perc": 0.0,
  "fwhm_avg": 1.8243555010639685,
  "fwhm_x": 1.80543,
  "fwhm_y": 1.93427,
  "fwhm_z": 1.733366503191905,
  "gcor": 0.042629,
  "gsr_x": -0.003011144232004881,
  "gsr_y": 0.0011878227815032005,
  "provenance": {
    "md5sum": "2060f24d0cdc1a5cdc81e69804255bd9",
    "settings": {
      "fd_thres": 0.2,
      "testing": false
    },
    "software": "mriqc",
    "version": "21.0.0rc2",
    "webapi_port": null,
    "webapi_url": "https://mriqc.nimh.nih.gov/api/v1"
  },
  "size_t": 204,
  "size_x": 80,
  "size_y": 80,
  "size_z": 41,
  "snr": 5.010357693090592,
  "spacing_tr": 1.9999991655349731,
  "spacing_x": 3.0,
  "spacing_y": 3.0,
  "spacing_z": 3.199998378753662,
  "summary_bg_k": 101.11055945873336,
  "summary_bg_mad": 604.6890516338374,
  "summary_bg_mean": 3785.108154296875,
  "summary_bg_median": 493.2752685546875,
  "summary_bg_n": 180317.0,
  "summary_bg_p05": 30.225651931762698,
  "summary_bg_p95": 16925.60156249999,
  "summary_bg_stdv": 11038.9638671875,
  "summary_fg_k": 4.437367529123658,
  "summary_fg_mad": 24964.09090368682,
  "summary_fg_mean": 165872.578125,
  "summary_fg_median": 160998.0,
  "summary_fg_n": 38082.0,
  "summary_fg_p05": 127042.528125,
  "summary_fg_p95": 221559.91171875,
  "summary_fg_stdv": 32132.61328125,
  "tsnr": 71.5229721069336
}