{
  "aor": 0.0012116176470588235,
  "aqi": 0.005224552598039216,
  "bids_meta": {
    "AcquisitionMatrixPE": 78,
    "AcquisitionNumber": 5,
    "AcquisitionTime": "12:06:24.550000",
    "BodyPartExamined": "HEAD",
    "ConversionSoftware": "dcm2niix",
    "ConversionSoftwareVersion": "v1.0.20180622 GCC4.9.2",
    "DeviceSerialNumber": "34111",
    "EchoTime": 0.03,
    "EchoTrainLength": 31,
    "FlipAngle": 75,
    "ImageOrientationPatientDICOM": [
      0.998721,
      0.0200097,
      0.04643,
      -0.0146231,
      0.993421,
      -0.113582
    ],
    "ImageType": [
      "ORIGINAL",
      "PRIMARY",
      "M",
      "FFE",
      "M",
      "FFE"
    ],
    "InPlanePhaseEncodingDirectionDICOM": "COL",
    "MRAcquisitionType": "2D",
    "MagneticFieldStrength": 3,
    "Manufacturer": "Philips",
    "ManufacturersModelName": "Achieva_dStream",
    "Modality": "MR",
    "PatientPosition": "HFS",
    "PercentPhaseFOV": 100,
    "PhaseEncodingAxis": "j",
    "PhaseEncodingSteps": 78,
    "PhilipsRescaleIntercept": 0,
    "PhilipsRescaleSlope": 0.779731,
    "PhilipsScaleSlope": 0.00726351,
    "PixelBandwidth": 3423,
    "ProtocolName": "EPI_run3_204dyn",
    "ReconMatrixPE": 80,
    "RepetitionTime": 2,
    "SAR": 0.0791065,
    "ScanOptions": "FS",
    "ScanningSequence": "GR",
    "SequenceVariant": "SK",
    "SeriesDescription": "EPI_run3_204dyn",
    "SeriesNumber": 501,
    "SliceThickness": 3,
    "SoftwareVersions": "5.3.1_5.3.1.1",
    "SpacingBetweenSlices": 3.2,
    "StationName": "HOST_INGENIA",
    "TaskName": "faces",
    "UsePhilipsFloatNotDisplayScaling": 1,
    "dataset": "ds001761",
    "modality": "bold",
    "run_id": 3,
    "session_id": "08",
    "subject_id": "04",
    "task_id": "faces"
  },
  "dummy_trs": 0,
  "dvars_nstd": 27.587561799704446,
  "dvars_std": 1.269838618965517,
  "dvars_vstd": 1.010373810640394,
  "efc": 0.41794526882587,
  "fber": 110190.421875,
  "fd_mean": 0.06554358933752322,
  "fd_num": 0,
  "fd_perc": 0.0,
  "fwhm_avg": 1.8561791177882254,
  "fwhm_x": 1.8432966666666666,
  "fwhm_y": 1.9586366666666668,
  "fwhm_z": 1.766604020031343,
  "gcor": 0.0538143,
  "gsr_x": -0.0033596050925552845,
  "gsr_y": 0.000907419656869024,
  "provenance": {
    "md5sum": "96d2a08183e5490f3fe8649d9e23a7ea",
    "settings": {
      "fd_thres": 0.2,
      "testing": false
    },
    "software": "mriqc",
    "version": "21.0.0rc2",
    "webapi_port": null,
    "webapi_url": "https://mriqc.nimh.nih.gov/api/v1"
  },
  "size_t": 204,
  "size_x": 80,
  "size_y": 80,
  "size_z": 41,
  "snr": 4.888503478241252,
  "spacing_tr": 1.9999991655349731,
  "spacing_x": 3.0,
  "spacing_y": 3.0,
  "spacing_z": 3.199998378753662,
  "summary_bg_k": 109.23037017063243,
  "summary_bg_mad": 610.6693209706525,
  "summary_bg_mean": 3798.264404296875,
  "summary_bg_median": 501.2671813964844,
  "summary_bg_n": 180407.0,
  "summary_bg_p05": 30.508602333068854,
  "summary_bg_p95": 16399.38574218743,
  "summary_bg_stdv": 11498.150390625,
  "summary_fg_k": 4.535154397408921,
  "summary_fg_mad": 26803.965508362777,
  "summary_fg_mean": 172562.75,
  "summary_fg_median": 167390.640625,
  "summary_fg_n": 37887.0,
  "summary_fg_p05": 130950.96484375,
  "summary_fg_p95": 232093.04062499997,
  "summary_fg_stdv": 34241.2421875,
  "tsnr": 72.06289672851562
}