{
  "aor": 0.0013241666666666666,
  "aqi": 0.005776869656862744,
  "bids_meta": {
    "AcquisitionMatrixPE": 78,
    "AcquisitionNumber": 10,
    "AcquisitionTime": "12:47:18.670000",
    "BodyPartExamined": "HEAD",
    "ConversionSoftware": "dcm2niix",
    "ConversionSoftwareVersion": "v1.0.20180622 GCC4.9.2",
    "DeviceSerialNumber": "34111",
    "EchoTime": 0.03,
    "EchoTrainLength": 31,
    "FlipAngle": 75,
    "ImageOrientationPatientDICOM": [
      0.998721,
      0.0200097,
      0.04643,
      -0.0146231,
      0.993421,
      -0.113582
    ],
    "ImageType": [
      "ORIGINAL",
      "PRIMARY",
      "M",
      "FFE",
      "M",
      "FFE"
    ],
    "InPlanePhaseEncodingDirectionDICOM": "COL",
    "MRAcquisitionType": "2D",
    "MagneticFieldStrength": 3,
    "Manufacturer": "Philips",
    "ManufacturersModelName": "Achieva_dStream",
    "Modality": "MR",
    "PatientPosition": "HFS",
    "PercentPhaseFOV": 100,
    "PhaseEncodingAxis": "j",
    "PhaseEncodingSteps": 78,
    "PhilipsRescaleIntercept": 0,
    "PhilipsRescaleSlope": 0.788767,
    "PhilipsScaleSlope": 0.00753909,
    "PixelBandwidth": 3423,
    "ProtocolName": "EPI_run8_204dyn",
    "ReconMatrixPE": 80,
    "RepetitionTime": 2,
    "SAR": 0.0791065,
    "ScanOptions": "FS",
    "ScanningSequence": "GR",
    "SequenceVariant": "SK",
    "SeriesDescription": "EPI_run8_204dyn",
    "SeriesNumber": 1001,
    "SliceThickness": 3,
    "SoftwareVersions": "5.3.1_5.3.1.1",
    "SpacingBetweenSlices": 3.2,
    "StationName": "HOST_INGENIA",
    "TaskName": "faces",
    "UsePhilipsFloatNotDisplayScaling": 1,
    "dataset": "ds001761",
    "modality": "bold",
    "run_id": 8,
    "session_id": "08",
    "subject_id": "04",
    "task_id": "faces"
  },
  "dummy_trs": 0,
  "dvars_nstd": 26.730836154334973,
  "dvars_std": 1.2617865254187186,
  "dvars_vstd": 1.0093643886206898,
  "efc": 0.42039898862585606,
  "fber": 105037.9375,
  "fd_mean": 0.06601626705569195,
  "fd_num": 0,
  "fd_perc": 0.0,
  "fwhm_avg": 1.840659948142939,
  "fwhm_x": 1.8284633333333333,
  "fwhm_y": 1.9445499999999998,
  "fwhm_z": 1.7489665110954846,
  "gcor": 0.0400883,
  "gsr_x": -0.002946975640952587,
  "gsr_y": 0.0004921732470393181,
  "provenance": {
    "md5sum": "3c38f8a65a2edf1f84ad5638b25392f0",
    "settings": {
      "fd_thres": 0.2,
      "testing": false
    },
    "software": "mriqc",
    "version": "21.0.0rc2",
    "webapi_port": null,
    "webapi_url": "https://mriqc.nimh.nih.gov/api/v1"
  },
  "size_t": 204,
  "size_x": 80,
  "size_y": 80,
  "size_z": 41,
  "snr": 4.9340405577709765,
  "spacing_tr": 1.9999991655349731,
  "spacing_x": 3.0,
  "spacing_y": 3.0,
  "spacing_z": 3.199998378753662,
  "summary_bg_k": 100.85151713977596,
  "summary_bg_mad": 617.2501328870034,
  "summary_bg_mean": 3888.9619140625,
  "summary_bg_median": 509.5654602050781,
  "summary_bg_n": 180309.0,
  "summary_bg_p05": 33.81333084106445,
  "summary_bg_p95": 17229.76640625001,
  "summary_bg_stdv": 11429.5693359375,
  "summary_fg_k": 4.421502328734144,
  "summary_fg_mad": 26247.028301547114,
  "summary_fg_mean": 170974.453125,
  "summary_fg_median": 165847.75,
  "summary_fg_n": 38094.0,
  "summary_fg_p05": 130522.57109375,
  "summary_fg_p95": 229240.10937499997,
  "summary_fg_stdv": 33612.52734375,
  "tsnr": 68.22029876708984
}