{
  "aor": 0.0020977450980392155,
  "aqi": 0.0043641792156862745,
  "bids_meta": {
    "AcquisitionMatrixPE": 78,
    "AcquisitionNumber": 10,
    "AcquisitionTime": "11:10:37.700000",
    "BodyPartExamined": "HEAD",
    "ConversionSoftware": "dcm2niix",
    "ConversionSoftwareVersion": "v1.0.20180622 GCC4.9.2",
    "DeviceSerialNumber": "34111",
    "EchoTime": 0.03,
    "EchoTrainLength": 31,
    "FlipAngle": 75,
    "ImageOrientationPatientDICOM": [
      0.995857,
      0.0909279,
      -1.44287e-09,
      -0.0898857,
      0.984444,
      -0.150966
    ],
    "ImageType": [
      "ORIGINAL",
      "PRIMARY",
      "M",
      "FFE",
      "M",
      "FFE"
    ],
    "InPlanePhaseEncodingDirectionDICOM": "COL",
    "MRAcquisitionType": "2D",
    "MagneticFieldStrength": 3,
    "Manufacturer": "Philips",
    "ManufacturersModelName": "Achieva_dStream",
    "Modality": "MR",
    "PatientPosition": "HFS",
    "PercentPhaseFOV": 100,
    "PhaseEncodingAxis": "j",
    "PhaseEncodingSteps": 78,
    "PhilipsRescaleIntercept": 0,
    "PhilipsRescaleSlope": 0.810012,
    "PhilipsScaleSlope": 0.00761246,
    "PixelBandwidth": 3411,
    "ProtocolName": "EPI_run8_204dyn",
    "ReconMatrixPE": 80,
    "RepetitionTime": 2,
    "SAR": 0.0791085,
    "ScanOptions": "FS",
    "ScanningSequence": "GR",
    "SequenceVariant": "SK",
    "SeriesDescription": "EPI_run8_204dyn",
    "SeriesNumber": 1001,
    "SliceThickness": 3,
    "SoftwareVersions": "5.3.1_5.3.1.1",
    "SpacingBetweenSlices": 3.2,
    "StationName": "HOST_INGENIA",
    "TaskName": "faces",
    "UsePhilipsFloatNotDisplayScaling": 1,
    "dataset": "ds001761",
    "modality": "bold",
    "run_id": 8,
    "session_id": "08",
    "subject_id": "02",
    "task_id": "faces"
  },
  "dummy_trs": 0,
  "dvars_nstd": 24.98076065004927,
  "dvars_std": 1.224202356206897,
  "dvars_vstd": 1.0216483277832513,
  "efc": 0.45067008889341864,
  "fber": 82163.71875,
  "fd_mean": 0.0800352883324466,
  "fd_num": 6,
  "fd_perc": 2.9411764705882355,
  "fwhm_avg": 1.8299503925235918,
  "fwhm_x": 1.7869400000000002,
  "fwhm_y": 1.9900333333333335,
  "fwhm_z": 1.7128778442374424,
  "gcor": 0.0212951,
  "gsr_x": -0.008106104098260403,
  "gsr_y": 0.015069136396050453,
  "provenance": {
    "md5sum": "da24409c981fab8209a53ab997589e7d",
    "settings": {
      "fd_thres": 0.2,
      "testing": false
    },
    "software": "mriqc",
    "version": "21.0.0rc2",
    "webapi_port": null,
    "webapi_url": "https://mriqc.nimh.nih.gov/api/v1"
  },
  "size_t": 204,
  "size_x": 80,
  "size_y": 80,
  "size_z": 41,
  "snr": 5.398750096203354,
  "spacing_tr": 1.9999991655349731,
  "spacing_x": 3.0,
  "spacing_y": 3.0,
  "spacing_z": 3.200000524520874,
  "summary_bg_k": 122.2364902574278,
  "summary_bg_mad": 697.9221220369526,
  "summary_bg_mean": 3959.74658203125,
  "summary_bg_median": 576.288818359375,
  "summary_bg_n": 171885.0,
  "summary_bg_p05": 25.31538543701172,
  "summary_bg_p95": 18136.464843749993,
  "summary_bg_stdv": 10969.169921875,
  "summary_fg_k": 2.5809105744793666,
  "summary_fg_mad": 28447.511147385063,
  "summary_fg_mean": 170362.96875,
  "summary_fg_median": 167748.15625,
  "summary_fg_n": 44276.0,
  "summary_fg_p05": 126748.857421875,
  "summary_fg_p95": 221446.82421875,
  "summary_fg_stdv": 31071.314453125,
  "tsnr": 75.46293640136719
}