{
  "aor": 0.003480392156862745,
  "aqi": 0.005738922696078431,
  "bids_meta": {
    "AcquisitionMatrixPE": 78,
    "AcquisitionNumber": 14,
    "AcquisitionTime": "11:40:32.590000",
    "BodyPartExamined": "HEAD",
    "ConversionSoftware": "dcm2niix",
    "ConversionSoftwareVersion": "v1.0.20180622 GCC4.9.2",
    "DeviceSerialNumber": "34111",
    "EchoTime": 0.03,
    "EchoTrainLength": 31,
    "FlipAngle": 75,
    "ImageOrientationPatientDICOM": [
      0.995857,
      0.0909279,
      -1.44287e-09,
      -0.0898857,
      0.984444,
      -0.150966
    ],
    "ImageType": [
      "ORIGINAL",
      "PRIMARY",
      "M",
      "FFE",
      "M",
      "FFE"
    ],
    "InPlanePhaseEncodingDirectionDICOM": "COL",
    "MRAcquisitionType": "2D",
    "MagneticFieldStrength": 3,
    "Manufacturer": "Philips",
    "ManufacturersModelName": "Achieva_dStream",
    "Modality": "MR",
    "PatientPosition": "HFS",
    "PercentPhaseFOV": 100,
    "PhaseEncodingAxis": "j",
    "PhaseEncodingSteps": 78,
    "PhilipsRescaleIntercept": 0,
    "PhilipsRescaleSlope": 0.795604,
    "PhilipsScaleSlope": 0.00805341,
    "PixelBandwidth": 3411,
    "ProtocolName": "EPI_run12_204dyn",
    "ReconMatrixPE": 80,
    "RepetitionTime": 2,
    "SAR": 0.0791085,
    "ScanOptions": "FS",
    "ScanningSequence": "GR",
    "SequenceVariant": "SK",
    "SeriesDescription": "EPI_run12_204dyn",
    "SeriesNumber": 1401,
    "SliceThickness": 3,
    "SoftwareVersions": "5.3.1_5.3.1.1",
    "SpacingBetweenSlices": 3.2,
    "StationName": "HOST_INGENIA",
    "TaskName": "faces",
    "UsePhilipsFloatNotDisplayScaling": 1,
    "dataset": "ds001761",
    "modality": "bold",
    "run_id": 12,
    "session_id": "08",
    "subject_id": "02",
    "task_id": "faces"
  },
  "dummy_trs": 0,
  "dvars_nstd": 25.678702302266004,
  "dvars_std": 1.2199347703940882,
  "dvars_vstd": 1.0215102779310343,
  "efc": 0.4514169113771019,
  "fber": 81308.4765625,
  "fd_mean": 0.1048494455926877,
  "fd_num": 7,
  "fd_perc": 3.4313725490196076,
  "fwhm_avg": 1.8383742810559707,
  "fwhm_x": 1.7934833333333333,
  "fwhm_y": 2.0022366666666667,
  "fwhm_z": 1.7194028431679118,
  "gcor": 0.0137577,
  "gsr_x": -0.00855740625411272,
  "gsr_y": 0.016045114025473595,
  "provenance": {
    "md5sum": "59f0ef8168bb1906f52197be095b9cf1",
    "settings": {
      "fd_thres": 0.2,
      "testing": false
    },
    "software": "mriqc",
    "version": "21.0.0rc2",
    "webapi_port": null,
    "webapi_url": "https://mriqc.nimh.nih.gov/api/v1"
  },
  "size_t": 204,
  "size_x": 80,
  "size_y": 80,
  "size_z": 41,
  "snr": 5.442436464750842,
  "spacing_tr": 1.9999991655349731,
  "spacing_x": 3.0,
  "spacing_y": 3.0,
  "spacing_z": 3.200000524520874,
  "summary_bg_k": 125.53507303158787,
  "summary_bg_mad": 693.594328881942,
  "summary_bg_mean": 3976.4931640625,
  "summary_bg_median": 570.54736328125,
  "summary_bg_n": 172011.0,
  "summary_bg_p05": 29.680607795715332,
  "summary_bg_p95": 18319.20703125,
  "summary_bg_stdv": 11057.0869140625,
  "summary_fg_k": 2.5002667621207184,
  "summary_fg_mad": 27907.577534762884,
  "summary_fg_mean": 167698.234375,
  "summary_fg_median": 165082.453125,
  "summary_fg_n": 44273.0,
  "summary_fg_p05": 125293.6765625,
  "summary_fg_p95": 217561.25312500002,
  "summary_fg_stdv": 30332.111328125,
  "tsnr": 68.19865417480469
}