{
  "aor": 0.0021074019607843137,
  "aqi": 0.0045977136764705885,
  "bids_meta": {
    "AcquisitionMatrixPE": 78,
    "AcquisitionNumber": 8,
    "AcquisitionTime": "10:55:19.910000",
    "BodyPartExamined": "HEAD",
    "ConversionSoftware": "dcm2niix",
    "ConversionSoftwareVersion": "v1.0.20180622 GCC4.9.2",
    "DeviceSerialNumber": "34111",
    "EchoTime": 0.03,
    "EchoTrainLength": 31,
    "FlipAngle": 75,
    "ImageOrientationPatientDICOM": [
      0.995857,
      0.0909279,
      -1.44287e-09,
      -0.0898857,
      0.984444,
      -0.150966
    ],
    "ImageType": [
      "ORIGINAL",
      "PRIMARY",
      "M",
      "FFE",
      "M",
      "FFE"
    ],
    "InPlanePhaseEncodingDirectionDICOM": "COL",
    "MRAcquisitionType": "2D",
    "MagneticFieldStrength": 3,
    "Manufacturer": "Philips",
    "ManufacturersModelName": "Achieva_dStream",
    "Modality": "MR",
    "PatientPosition": "HFS",
    "PercentPhaseFOV": 100,
    "PhaseEncodingAxis": "j",
    "PhaseEncodingSteps": 78,
    "PhilipsRescaleIntercept": 0,
    "PhilipsRescaleSlope": 0.815385,
    "PhilipsScaleSlope": 0.00793033,
    "PixelBandwidth": 3411,
    "ProtocolName": "EPI_run6_204dyn",
    "ReconMatrixPE": 80,
    "RepetitionTime": 2,
    "SAR": 0.0791085,
    "ScanOptions": "FS",
    "ScanningSequence": "GR",
    "SequenceVariant": "SK",
    "SeriesDescription": "EPI_run6_204dyn",
    "SeriesNumber": 801,
    "SliceThickness": 3,
    "SoftwareVersions": "5.3.1_5.3.1.1",
    "SpacingBetweenSlices": 3.2,
    "StationName": "HOST_INGENIA",
    "TaskName": "faces",
    "UsePhilipsFloatNotDisplayScaling": 1,
    "dataset": "ds001761",
    "modality": "bold",
    "run_id": 6,
    "session_id": "08",
    "subject_id": "02",
    "task_id": "faces"
  },
  "dummy_trs": 0,
  "dvars_nstd": 25.74551148266011,
  "dvars_std": 1.224788550246305,
  "dvars_vstd": 1.0195084335960585,
  "efc": 0.4502097800886485,
  "fber": 84772.4765625,
  "fd_mean": 0.09646343323831602,
  "fd_num": 6,
  "fd_perc": 2.9411764705882355,
  "fwhm_avg": 1.8380946283910538,
  "fwhm_x": 1.7965666666666669,
  "fwhm_y": 2.0003800000000003,
  "fwhm_z": 1.7173372185064941,
  "gcor": 0.0197258,
  "gsr_x": -0.008030662313103676,
  "gsr_y": 0.015734490007162094,
  "provenance": {
    "md5sum": "2f055c2a7d38763a831635e86b124e7e",
    "settings": {
      "fd_thres": 0.2,
      "testing": false
    },
    "software": "mriqc",
    "version": "21.0.0rc2",
    "webapi_port": null,
    "webapi_url": "https://mriqc.nimh.nih.gov/api/v1"
  },
  "size_t": 204,
  "size_x": 80,
  "size_y": 80,
  "size_z": 41,
  "snr": 5.409452929723451,
  "spacing_tr": 1.9999991655349731,
  "spacing_x": 3.0,
  "spacing_y": 3.0,
  "spacing_z": 3.200000524520874,
  "summary_bg_k": 126.98213285618368,
  "summary_bg_mad": 684.9887613937151,
  "summary_bg_mean": 3897.2939453125,
  "summary_bg_median": 564.3535766601562,
  "summary_bg_n": 171918.0,
  "summary_bg_p05": 24.703192424774173,
  "summary_bg_p95": 17861.96650390624,
  "summary_bg_stdv": 10914.26953125,
  "summary_fg_k": 2.551950539747276,
  "summary_fg_mad": 28337.46268115052,
  "summary_fg_mean": 169404.9375,
  "summary_fg_median": 166773.203125,
  "summary_fg_n": 44299.0,
  "summary_fg_p05": 126227.66328125,
  "summary_fg_p95": 219997.90312499998,
  "summary_fg_stdv": 30829.609375,
  "tsnr": 74.43648529052734
}