{
  "aor": 0.0012191666666666668,
  "aqi": 0.0053745652941176465,
  "bids_meta": {
    "AcquisitionMatrixPE": 78,
    "AcquisitionNumber": 15,
    "AcquisitionTime": "13:48:35.920000",
    "BodyPartExamined": "HEAD",
    "ConversionSoftware": "dcm2niix",
    "ConversionSoftwareVersion": "v1.0.20180622 GCC4.9.2",
    "DeviceSerialNumber": "34111",
    "EchoTime": 0.03,
    "EchoTrainLength": 31,
    "FlipAngle": 75,
    "ImageOrientationPatientDICOM": [
      0.995319,
      0.0966373,
      0.000580399,
      -0.0962527,
      0.99186,
      -0.0833638
    ],
    "ImageType": [
      "ORIGINAL",
      "PRIMARY",
      "M",
      "FFE",
      "M",
      "FFE"
    ],
    "InPlanePhaseEncodingDirectionDICOM": "COL",
    "MRAcquisitionType": "2D",
    "MagneticFieldStrength": 3,
    "Manufacturer": "Philips",
    "ManufacturersModelName": "Achieva_dStream",
    "Modality": "MR",
    "PatientPosition": "HFS",
    "PercentPhaseFOV": 100,
    "PhaseEncodingAxis": "j",
    "PhaseEncodingSteps": 78,
    "PhilipsRescaleIntercept": 0,
    "PhilipsRescaleSlope": 0.843956,
    "PhilipsScaleSlope": 0.0078966,
    "PixelBandwidth": 3411,
    "ProtocolName": "EPI_run13_204dyn",
    "ReconMatrixPE": 80,
    "RepetitionTime": 2,
    "SAR": 0.0790621,
    "ScanOptions": "FS",
    "ScanningSequence": "GR",
    "SequenceVariant": "SK",
    "SeriesDescription": "EPI_run13_204dyn",
    "SeriesNumber": 1501,
    "SliceThickness": 3,
    "SoftwareVersions": "5.3.1_5.3.1.1",
    "SpacingBetweenSlices": 3.2,
    "StationName": "HOST_INGENIA",
    "TaskName": "faces",
    "UsePhilipsFloatNotDisplayScaling": 1,
    "dataset": "ds001761",
    "modality": "bold",
    "run_id": 13,
    "session_id": "06",
    "subject_id": "04",
    "task_id": "faces"
  },
  "dummy_trs": 0,
  "dvars_nstd": 28.246857910591114,
  "dvars_std": 1.2711491280788174,
  "dvars_vstd": 1.0072010898522172,
  "efc": 0.4210338182943716,
  "fber": 107931.6875,
  "fd_mean": 0.055356638766852026,
  "fd_num": 0,
  "fd_perc": 0.0,
  "fwhm_avg": 1.7997167224744741,
  "fwhm_x": 1.7578633333333336,
  "fwhm_y": 1.9225,
  "fwhm_z": 1.7187868340900885,
  "gcor": 0.0224505,
  "gsr_x": -0.0027881611604243517,
  "gsr_y": 0.00019785530457738787,
  "provenance": {
    "md5sum": "8387d5cc22dd91c08731b366011bb3ba",
    "settings": {
      "fd_thres": 0.2,
      "testing": false
    },
    "software": "mriqc",
    "version": "21.0.0rc2",
    "webapi_port": null,
    "webapi_url": "https://mriqc.nimh.nih.gov/api/v1"
  },
  "size_t": 204,
  "size_x": 80,
  "size_y": 80,
  "size_z": 41,
  "snr": 4.797364122146158,
  "spacing_tr": 1.9999991655349731,
  "spacing_x": 3.0,
  "spacing_y": 3.0,
  "spacing_z": 3.2000012397766113,
  "summary_bg_k": 102.24847937871255,
  "summary_bg_mad": 524.6770858355643,
  "summary_bg_mean": 3674.19873046875,
  "summary_bg_median": 452.316650390625,
  "summary_bg_n": 180488.0,
  "summary_bg_p05": 35.11430473327637,
  "summary_bg_p95": 16535.283203125,
  "summary_bg_stdv": 10866.9404296875,
  "summary_fg_k": 4.769872971260113,
  "summary_fg_mad": 23600.919243579745,
  "summary_fg_mean": 153192.25,
  "summary_fg_median": 148410.125,
  "summary_fg_n": 37849.0,
  "summary_fg_p05": 116393.6921875,
  "summary_fg_p95": 205960.4625,
  "summary_fg_stdv": 30935.35546875,
  "tsnr": 67.80105590820312
}