{
  "aor": 0.0011966176470588235,
  "aqi": 0.005259945098039216,
  "bids_meta": {
    "AcquisitionMatrixPE": 78,
    "AcquisitionNumber": 11,
    "AcquisitionTime": "13:15:32.530000",
    "BodyPartExamined": "HEAD",
    "ConversionSoftware": "dcm2niix",
    "ConversionSoftwareVersion": "v1.0.20180622 GCC4.9.2",
    "DeviceSerialNumber": "34111",
    "EchoTime": 0.03,
    "EchoTrainLength": 31,
    "FlipAngle": 75,
    "ImageOrientationPatientDICOM": [
      0.995319,
      0.0966373,
      0.000580399,
      -0.0962527,
      0.99186,
      -0.0833638
    ],
    "ImageType": [
      "ORIGINAL",
      "PRIMARY",
      "M",
      "FFE",
      "M",
      "FFE"
    ],
    "InPlanePhaseEncodingDirectionDICOM": "COL",
    "MRAcquisitionType": "2D",
    "MagneticFieldStrength": 3,
    "Manufacturer": "Philips",
    "ManufacturersModelName": "Achieva_dStream",
    "Modality": "MR",
    "PatientPosition": "HFS",
    "PercentPhaseFOV": 100,
    "PhaseEncodingAxis": "j",
    "PhaseEncodingSteps": 78,
    "PhilipsRescaleIntercept": 0,
    "PhilipsRescaleSlope": 0.838095,
    "PhilipsScaleSlope": 0.00776107,
    "PixelBandwidth": 3411,
    "ProtocolName": "EPI_run9_204dyn",
    "ReconMatrixPE": 80,
    "RepetitionTime": 2,
    "SAR": 0.0790621,
    "ScanOptions": "FS",
    "ScanningSequence": "GR",
    "SequenceVariant": "SK",
    "SeriesDescription": "EPI_run9_204dyn",
    "SeriesNumber": 1101,
    "SliceThickness": 3,
    "SoftwareVersions": "5.3.1_5.3.1.1",
    "SpacingBetweenSlices": 3.2,
    "StationName": "HOST_INGENIA",
    "TaskName": "faces",
    "UsePhilipsFloatNotDisplayScaling": 1,
    "dataset": "ds001761",
    "modality": "bold",
    "run_id": 9,
    "session_id": "06",
    "subject_id": "04",
    "task_id": "faces"
  },
  "dummy_trs": 0,
  "dvars_nstd": 29.572815552216767,
  "dvars_std": 1.301485507684729,
  "dvars_vstd": 1.0089417914778323,
  "efc": 0.41964238777904767,
  "fber": 115110.1171875,
  "fd_mean": 0.05530070744395964,
  "fd_num": 0,
  "fd_perc": 0.0,
  "fwhm_avg": 1.8051945697875,
  "fwhm_x": 1.7662833333333332,
  "fwhm_y": 1.9312166666666668,
  "fwhm_z": 1.7180837093625,
  "gcor": 0.0275564,
  "gsr_x": -0.0026076696813106537,
  "gsr_y": 0.00033113485551439226,
  "provenance": {
    "md5sum": "286fb67d55bcbc6f52745ddffedd126a",
    "settings": {
      "fd_thres": 0.2,
      "testing": false
    },
    "software": "mriqc",
    "version": "21.0.0rc2",
    "webapi_port": null,
    "webapi_url": "https://mriqc.nimh.nih.gov/api/v1"
  },
  "size_t": 204,
  "size_x": 80,
  "size_y": 80,
  "size_z": 41,
  "snr": 4.7202944999406276,
  "spacing_tr": 1.9999991655349731,
  "spacing_x": 3.0,
  "spacing_y": 3.0,
  "spacing_z": 3.2000012397766113,
  "summary_bg_k": 105.97374906987264,
  "summary_bg_mad": 502.57011265396613,
  "summary_bg_mean": 3650.18115234375,
  "summary_bg_median": 441.44012451171875,
  "summary_bg_n": 180514.0,
  "summary_bg_p05": 44.64040260314941,
  "summary_bg_p95": 16061.836279296886,
  "summary_bg_stdv": 11011.4521484375,
  "summary_fg_k": 4.702375550903076,
  "summary_fg_mad": 24252.129102398667,
  "summary_fg_mean": 154713.984375,
  "summary_fg_median": 149769.15625,
  "summary_fg_n": 37751.0,
  "summary_fg_p05": 117091.05078125,
  "summary_fg_p95": 209016.984375,
  "summary_fg_stdv": 31728.353515625,
  "tsnr": 68.5348129272461
}