{
  "aor": 0.002549692307692308,
  "aqi": 0.004162297128205128,
  "bids_meta": {
    "AcquisitionMatrixPE": 78,
    "AcquisitionNumber": 5,
    "AcquisitionTime": "10:30:8.350000",
    "BodyPartExamined": "HEAD",
    "ConversionSoftware": "dcm2niix",
    "ConversionSoftwareVersion": "v1.0.20180622 GCC4.9.2",
    "DeviceSerialNumber": "34111",
    "EchoTime": 0.030001,
    "EchoTrainLength": 31,
    "FlipAngle": 75,
    "ImageOrientationPatientDICOM": [
      0.995618,
      -0.0692796,
      0.0628082,
      0.0736508,
      0.994812,
      -0.0701809
    ],
    "ImageType": [
      "ORIGINAL",
      "PRIMARY",
      "M",
      "FFE",
      "M",
      "FFE"
    ],
    "InPlanePhaseEncodingDirectionDICOM": "COL",
    "MRAcquisitionType": "2D",
    "MagneticFieldStrength": 3,
    "Manufacturer": "Philips",
    "ManufacturersModelName": "Achieva_dStream",
    "Modality": "MR",
    "PatientPosition": "HFS",
    "PercentPhaseFOV": 100,
    "PhaseEncodingAxis": "j",
    "PhaseEncodingSteps": 78,
    "PhilipsRescaleIntercept": 0,
    "PhilipsRescaleSlope": 0.894017,
    "PhilipsScaleSlope": 0.00735488,
    "PixelBandwidth": 3420,
    "ProtocolName": "EPI_run3_195dyn",
    "ReconMatrixPE": 80,
    "RepetitionTime": 2,
    "SAR": 0.0791068,
    "ScanOptions": "FS",
    "ScanningSequence": "GR",
    "SequenceVariant": "SK",
    "SeriesDescription": "EPI_run3_195dyn",
    "SeriesNumber": 501,
    "SliceThickness": 3,
    "SoftwareVersions": "5.3.1_5.3.1.1",
    "SpacingBetweenSlices": 3.2,
    "StationName": "HOST_INGENIA",
    "TaskName": "faces",
    "UsePhilipsFloatNotDisplayScaling": 1,
    "dataset": "ds001761",
    "modality": "bold",
    "run_id": 3,
    "session_id": "04",
    "subject_id": "03",
    "task_id": "faces"
  },
  "dummy_trs": 0,
  "dvars_nstd": 26.65313442453608,
  "dvars_std": 1.2742527825257728,
  "dvars_vstd": 1.0256584493814431,
  "efc": 0.43120278119029287,
  "fber": 99511.78125,
  "fd_mean": 0.08621533420010068,
  "fd_num": 5,
  "fd_perc": 2.5641025641025643,
  "fwhm_avg": 1.8907848578648112,
  "fwhm_x": 1.8241733333333334,
  "fwhm_y": 2.0597066666666666,
  "fwhm_z": 1.7884745735944334,
  "gcor": 0.013179,
  "gsr_x": -0.011448672972619534,
  "gsr_y": 0.016072964295744896,
  "provenance": {
    "md5sum": "f5abdc0d3849e4bc2d9c9604e129ceee",
    "settings": {
      "fd_thres": 0.2,
      "testing": false
    },
    "software": "mriqc",
    "version": "21.0.0rc2",
    "webapi_port": null,
    "webapi_url": "https://mriqc.nimh.nih.gov/api/v1"
  },
  "size_t": 195,
  "size_x": 80,
  "size_y": 80,
  "size_z": 41,
  "snr": 5.022896840034394,
  "spacing_tr": 1.9999991655349731,
  "spacing_x": 3.0,
  "spacing_y": 3.0,
  "spacing_z": 3.200000762939453,
  "summary_bg_k": 53.53830348591803,
  "summary_bg_mad": 639.0464452971923,
  "summary_bg_mean": 4077.055419921875,
  "summary_bg_median": 531.0406494140625,
  "summary_bg_n": 177744.0,
  "summary_bg_p05": 36.26428852081299,
  "summary_bg_p95": 20029.719921875003,
  "summary_bg_stdv": 10783.92578125,
  "summary_fg_k": 2.8273780496823546,
  "summary_fg_mad": 31624.25280561945,
  "summary_fg_mean": 172400.953125,
  "summary_fg_median": 169220.546875,
  "summary_fg_n": 40004.0,
  "summary_fg_p05": 124916.22578125,
  "summary_fg_p95": 227639.93671874996,
  "summary_fg_stdv": 33689.41015625,
  "tsnr": 71.84466552734375
}