{
  "aor": 0.0016774358974358974,
  "aqi": 0.008513847230769232,
  "bids_meta": {
    "AcquisitionMatrixPE": 78,
    "AcquisitionNumber": 3,
    "AcquisitionTime": "10:15:50.570000",
    "BodyPartExamined": "HEAD",
    "ConversionSoftware": "dcm2niix",
    "ConversionSoftwareVersion": "v1.0.20180622 GCC4.9.2",
    "DeviceSerialNumber": "34111",
    "EchoTime": 0.030001,
    "EchoTrainLength": 31,
    "FlipAngle": 75,
    "ImageOrientationPatientDICOM": [
      0.995618,
      -0.0692796,
      0.0628082,
      0.0736508,
      0.994812,
      -0.0701809
    ],
    "ImageType": [
      "ORIGINAL",
      "PRIMARY",
      "M",
      "FFE",
      "M",
      "FFE"
    ],
    "InPlanePhaseEncodingDirectionDICOM": "COL",
    "MRAcquisitionType": "2D",
    "MagneticFieldStrength": 3,
    "Manufacturer": "Philips",
    "ManufacturersModelName": "Achieva_dStream",
    "Modality": "MR",
    "PatientPosition": "HFS",
    "PercentPhaseFOV": 100,
    "PhaseEncodingAxis": "j",
    "PhaseEncodingSteps": 78,
    "PhilipsRescaleIntercept": 0,
    "PhilipsRescaleSlope": 0.793895,
    "PhilipsScaleSlope": 0.00715211,
    "PixelBandwidth": 3420,
    "ProtocolName": "EPI_run1_195dyn",
    "ReconMatrixPE": 80,
    "RepetitionTime": 2,
    "SAR": 0.0791068,
    "ScanOptions": "FS",
    "ScanningSequence": "GR",
    "SequenceVariant": "SK",
    "SeriesDescription": "EPI_run1_195dyn",
    "SeriesNumber": 301,
    "SliceThickness": 3,
    "SoftwareVersions": "5.3.1_5.3.1.1",
    "SpacingBetweenSlices": 3.2,
    "StationName": "HOST_INGENIA",
    "TaskName": "faces",
    "UsePhilipsFloatNotDisplayScaling": 1,
    "dataset": "ds001761",
    "modality": "bold",
    "run_id": 1,
    "session_id": "04",
    "subject_id": "03",
    "task_id": "faces"
  },
  "dummy_trs": 0,
  "dvars_nstd": 25.44296713922681,
  "dvars_std": 1.1804021284536075,
  "dvars_vstd": 0.9803649108247423,
  "efc": 0.43096137785064076,
  "fber": 84675.40625,
  "fd_mean": 0.0787137422521368,
  "fd_num": 1,
  "fd_perc": 0.5128205128205128,
  "fwhm_avg": 1.8862338871212803,
  "fwhm_x": 1.83251,
  "fwhm_y": 2.0563233333333333,
  "fwhm_z": 1.7698683280305079,
  "gcor": 0.011041,
  "gsr_x": -0.011209070682525635,
  "gsr_y": 0.01601267047226429,
  "provenance": {
    "md5sum": "1602802632d253238b17cdcb07ded952",
    "settings": {
      "fd_thres": 0.2,
      "testing": false
    },
    "software": "mriqc",
    "version": "21.0.0rc2",
    "webapi_port": null,
    "webapi_url": "https://mriqc.nimh.nih.gov/api/v1"
  },
  "size_t": 195,
  "size_x": 80,
  "size_y": 80,
  "size_z": 41,
  "snr": 5.025522848119211,
  "spacing_tr": 1.9999991655349731,
  "spacing_x": 3.0,
  "spacing_y": 3.0,
  "spacing_z": 3.200000762939453,
  "summary_bg_k": 51.8353173168628,
  "summary_bg_mad": 727.8064790624271,
  "summary_bg_mean": 4090.22509765625,
  "summary_bg_median": 586.8391723632812,
  "summary_bg_n": 177815.0,
  "summary_bg_p05": 30.56535453796387,
  "summary_bg_p95": 19822.94824218747,
  "summary_bg_stdv": 10621.619140625,
  "summary_fg_k": 2.682256508094163,
  "summary_fg_mad": 32434.911899906718,
  "summary_fg_mean": 175568.734375,
  "summary_fg_median": 172493.828125,
  "summary_fg_n": 39937.0,
  "summary_fg_p05": 126808.88125,
  "summary_fg_p95": 231764.3031249999,
  "summary_fg_stdv": 34323.12890625,
  "tsnr": 56.65287780761719
}