{
  "aor": 0.0014843076923076925,
  "aqi": 0.004316283846153846,
  "bids_meta": {
    "AcquisitionMatrixPE": 78,
    "AcquisitionNumber": 8,
    "AcquisitionTime": "10:49:32.900000",
    "BodyPartExamined": "HEAD",
    "ConversionSoftware": "dcm2niix",
    "ConversionSoftwareVersion": "v1.0.20180622 GCC4.9.2",
    "DeviceSerialNumber": "34111",
    "EchoTime": 0.030001,
    "EchoTrainLength": 31,
    "FlipAngle": 75,
    "ImageOrientationPatientDICOM": [
      0.995618,
      -0.0692796,
      0.0628082,
      0.0736508,
      0.994812,
      -0.0701809
    ],
    "ImageType": [
      "ORIGINAL",
      "PRIMARY",
      "M",
      "FFE",
      "M",
      "FFE"
    ],
    "InPlanePhaseEncodingDirectionDICOM": "COL",
    "MRAcquisitionType": "2D",
    "MagneticFieldStrength": 3,
    "Manufacturer": "Philips",
    "ManufacturersModelName": "Achieva_dStream",
    "Modality": "MR",
    "PatientPosition": "HFS",
    "PercentPhaseFOV": 100,
    "PhaseEncodingAxis": "j",
    "PhaseEncodingSteps": 78,
    "PhilipsRescaleIntercept": 0,
    "PhilipsRescaleSlope": 0.859341,
    "PhilipsScaleSlope": 0.00722285,
    "PixelBandwidth": 3420,
    "ProtocolName": "EPI_run5_195dyn",
    "ReconMatrixPE": 80,
    "RepetitionTime": 2,
    "SAR": 0.0791068,
    "ScanOptions": "FS",
    "ScanningSequence": "GR",
    "SequenceVariant": "SK",
    "SeriesDescription": "EPI_run5_195dyn",
    "SeriesNumber": 801,
    "SliceThickness": 3,
    "SoftwareVersions": "5.3.1_5.3.1.1",
    "SpacingBetweenSlices": 3.2,
    "StationName": "HOST_INGENIA",
    "TaskName": "faces",
    "UsePhilipsFloatNotDisplayScaling": 1,
    "dataset": "ds001761",
    "modality": "bold",
    "run_id": 5,
    "session_id": "04",
    "subject_id": "03",
    "task_id": "faces"
  },
  "dummy_trs": 0,
  "dvars_nstd": 26.598314078814422,
  "dvars_std": 1.2637218472164946,
  "dvars_vstd": 1.013961567628866,
  "efc": 0.43231514638924046,
  "fber": 95893.9296875,
  "fd_mean": 0.06821071794232877,
  "fd_num": 0,
  "fd_perc": 0.0,
  "fwhm_avg": 1.8920638853967198,
  "fwhm_x": 1.82082,
  "fwhm_y": 2.0638033333333334,
  "fwhm_z": 1.791568322856826,
  "gcor": 0.0118955,
  "gsr_x": -0.011432926170527935,
  "gsr_y": 0.01618129573762417,
  "provenance": {
    "md5sum": "f03e6e53eece09f8d16d42be2ab7a175",
    "settings": {
      "fd_thres": 0.2,
      "testing": false
    },
    "software": "mriqc",
    "version": "21.0.0rc2",
    "webapi_port": null,
    "webapi_url": "https://mriqc.nimh.nih.gov/api/v1"
  },
  "size_t": 195,
  "size_x": 80,
  "size_y": 80,
  "size_z": 41,
  "snr": 5.028260552115391,
  "spacing_tr": 1.9999991655349731,
  "spacing_x": 3.0,
  "spacing_y": 3.0,
  "spacing_z": 3.200000762939453,
  "summary_bg_k": 49.471670561507366,
  "summary_bg_mad": 650.4431297785529,
  "summary_bg_mean": 4149.0625,
  "summary_bg_median": 536.0963134765625,
  "summary_bg_n": 177773.0,
  "summary_bg_p05": 35.65987854003907,
  "summary_bg_p95": 20614.796484375,
  "summary_bg_stdv": 10806.66015625,
  "summary_fg_k": 2.838447925679393,
  "summary_fg_mad": 31697.548952796824,
  "summary_fg_mean": 170966.0625,
  "summary_fg_median": 167834.0625,
  "summary_fg_n": 40003.0,
  "summary_fg_p05": 123816.31015625,
  "summary_fg_p95": 225625.415625,
  "summary_fg_stdv": 33377.73828125,
  "tsnr": 71.65469360351562
}