{
  "aor": 0.003939821428571429,
  "aqi": 0.003965538571428571,
  "bids_meta": {
    "AcquisitionMatrixPE": 78,
    "AcquisitionNumber": 10,
    "AcquisitionTime": "11:03:52.780000",
    "BodyPartExamined": "HEAD",
    "ConversionSoftware": "dcm2niix",
    "ConversionSoftwareVersion": "v1.0.20180622 GCC4.9.2",
    "DeviceSerialNumber": "34111",
    "EchoTime": 0.030001,
    "EchoTrainLength": 31,
    "FlipAngle": 75,
    "ImageOrientationPatientDICOM": [
      0.995618,
      -0.0692796,
      0.0628082,
      0.0736508,
      0.994812,
      -0.0701809
    ],
    "ImageType": [
      "ORIGINAL",
      "PRIMARY",
      "M",
      "FFE",
      "M",
      "FFE"
    ],
    "InPlanePhaseEncodingDirectionDICOM": "COL",
    "MRAcquisitionType": "2D",
    "MagneticFieldStrength": 3,
    "Manufacturer": "Philips",
    "ManufacturersModelName": "Achieva_dStream",
    "Modality": "MR",
    "PatientPosition": "HFS",
    "PercentPhaseFOV": 100,
    "PhaseEncodingAxis": "j",
    "PhaseEncodingSteps": 78,
    "PhilipsRescaleIntercept": 0,
    "PhilipsRescaleSlope": 0.881563,
    "PhilipsScaleSlope": 0.00719724,
    "PixelBandwidth": 3420,
    "ProtocolName": "EPI_LOCALIZER_56dyn",
    "ReconMatrixPE": 80,
    "RepetitionTime": 2,
    "SAR": 0.0791068,
    "ScanOptions": "FS",
    "ScanningSequence": "GR",
    "SequenceVariant": "SK",
    "SeriesDescription": "EPI_LOCALIZER_56dyn",
    "SeriesNumber": 1001,
    "SliceThickness": 3,
    "SoftwareVersions": "5.3.1_5.3.1.1",
    "SpacingBetweenSlices": 3.2,
    "StationName": "HOST_INGENIA",
    "TaskName": "loc",
    "UsePhilipsFloatNotDisplayScaling": 1,
    "dataset": "ds001761",
    "modality": "bold",
    "run_id": 2,
    "session_id": "04",
    "subject_id": "03",
    "task_id": "loc"
  },
  "dummy_trs": 0,
  "dvars_nstd": 25.88902126654545,
  "dvars_std": 1.2304574752727273,
  "dvars_vstd": 1.022752852181818,
  "efc": 0.4329614732737742,
  "fber": 95950.78125,
  "fd_mean": 0.07823724451712556,
  "fd_num": 0,
  "fd_perc": 0.0,
  "fwhm_avg": 1.8799274968426103,
  "fwhm_x": 1.8090333333333335,
  "fwhm_y": 2.0433933333333334,
  "fwhm_z": 1.7873558238611642,
  "gcor": 0.00845156,
  "gsr_x": -0.011197946965694427,
  "gsr_y": 0.015545745380222797,
  "provenance": {
    "md5sum": "fdcb486cb304cf775e9cbf01ab26a4b5",
    "settings": {
      "fd_thres": 0.2,
      "testing": false
    },
    "software": "mriqc",
    "version": "21.0.0rc2",
    "webapi_port": null,
    "webapi_url": "https://mriqc.nimh.nih.gov/api/v1"
  },
  "size_t": 56,
  "size_x": 80,
  "size_y": 80,
  "size_z": 41,
  "snr": 5.110023204211756,
  "spacing_tr": 1.9999991655349731,
  "spacing_x": 3.0,
  "spacing_y": 3.0,
  "spacing_z": 3.200000762939453,
  "summary_bg_k": 45.029447904249714,
  "summary_bg_mad": 647.5444474335754,
  "summary_bg_mean": 4162.18505859375,
  "summary_bg_median": 533.6651611328125,
  "summary_bg_n": 177759.0,
  "summary_bg_p05": 33.900577545166016,
  "summary_bg_p95": 20762.926171875024,
  "summary_bg_stdv": 10781.005859375,
  "summary_fg_k": 2.8848844178080535,
  "summary_fg_mad": 30842.55078591237,
  "summary_fg_mean": 170005.625,
  "summary_fg_median": 167131.734375,
  "summary_fg_n": 40025.0,
  "summary_fg_p05": 123675.459375,
  "summary_fg_p95": 223280.76562499994,
  "summary_fg_stdv": 32706.240234375,
  "tsnr": 77.85647583007812
}