{
  "aor": 0.001577205882352941,
  "aqi": 0.0051510212254901955,
  "bids_meta": {
    "AcquisitionMatrixPE": 78,
    "AcquisitionNumber": 13,
    "AcquisitionTime": "11:42:37.790000",
    "BodyPartExamined": "HEAD",
    "ConversionSoftware": "dcm2niix",
    "ConversionSoftwareVersion": "v1.0.20180622 GCC4.9.2",
    "DeviceSerialNumber": "34111",
    "EchoTime": 0.030001,
    "EchoTrainLength": 31,
    "FlipAngle": 75,
    "ImageOrientationPatientDICOM": [
      0.99783,
      0.00759448,
      0.0654063,
      -2.1684e-19,
      0.993326,
      -0.115338
    ],
    "ImageType": [
      "ORIGINAL",
      "PRIMARY",
      "M",
      "FFE",
      "M",
      "FFE"
    ],
    "InPlanePhaseEncodingDirectionDICOM": "COL",
    "MRAcquisitionType": "2D",
    "MagneticFieldStrength": 3,
    "Manufacturer": "Philips",
    "ManufacturersModelName": "Achieva_dStream",
    "Modality": "MR",
    "PatientPosition": "HFS",
    "PercentPhaseFOV": 100,
    "PhaseEncodingAxis": "j",
    "PhaseEncodingSteps": 78,
    "PhilipsRescaleIntercept": 0,
    "PhilipsRescaleSlope": 0.794628,
    "PhilipsScaleSlope": 0.00790109,
    "PixelBandwidth": 3427,
    "ProtocolName": "EPI_run11_204dyn",
    "ReconMatrixPE": 80,
    "RepetitionTime": 2,
    "SAR": 0.0791556,
    "ScanOptions": "FS",
    "ScanningSequence": "GR",
    "SequenceVariant": "SK",
    "SeriesDescription": "EPI_run11_204dyn",
    "SeriesNumber": 1301,
    "SliceThickness": 3,
    "SoftwareVersions": "5.3.1_5.3.1.1",
    "SpacingBetweenSlices": 3.2,
    "StationName": "HOST_INGENIA",
    "TaskName": "faces",
    "UsePhilipsFloatNotDisplayScaling": 1,
    "dataset": "ds001761",
    "modality": "bold",
    "run_id": 11,
    "session_id": "06",
    "subject_id": "03",
    "task_id": "faces"
  },
  "dummy_trs": 0,
  "dvars_nstd": 24.005814040492613,
  "dvars_std": 1.1829105689162558,
  "dvars_vstd": 1.0160895121674878,
  "efc": 0.44030800332577563,
  "fber": 66532.375,
  "fd_mean": 0.08642843422149923,
  "fd_num": 9,
  "fd_perc": 4.411764705882353,
  "fwhm_avg": 1.8191141536866429,
  "fwhm_x": 1.7738033333333334,
  "fwhm_y": 1.9698366666666667,
  "fwhm_z": 1.7137024610599283,
  "gcor": 0.0404788,
  "gsr_x": -0.013484039343893528,
  "gsr_y": 0.01847633719444275,
  "provenance": {
    "md5sum": "57f03c96629c5567ea72d647c7afc284",
    "settings": {
      "fd_thres": 0.2,
      "testing": false
    },
    "software": "mriqc",
    "version": "21.0.0rc2",
    "webapi_port": null,
    "webapi_url": "https://mriqc.nimh.nih.gov/api/v1"
  },
  "size_t": 204,
  "size_x": 80,
  "size_y": 80,
  "size_z": 41,
  "snr": 5.48839932787594,
  "spacing_tr": 1.9999991655349731,
  "spacing_x": 3.0,
  "spacing_y": 3.0,
  "spacing_z": 3.2000012397766113,
  "summary_bg_k": 68.32643483837452,
  "summary_bg_mad": 790.7127204225326,
  "summary_bg_mean": 4458.958984375,
  "summary_bg_median": 634.797119140625,
  "summary_bg_n": 176788.0,
  "summary_bg_p05": 34.475732231140135,
  "summary_bg_p95": 21789.196582031243,
  "summary_bg_stdv": 11495.0166015625,
  "summary_fg_k": 2.6410981063381627,
  "summary_fg_mad": 29301.594270712776,
  "summary_fg_mean": 167838.9375,
  "summary_fg_median": 165495.421875,
  "summary_fg_n": 40683.0,
  "summary_fg_p05": 125803.55703125,
  "summary_fg_p95": 217457.2890625,
  "summary_fg_stdv": 30153.306640625,
  "tsnr": 71.24774169921875
}