{
  "aor": 0.0019962254901960785,
  "aqi": 0.00511661862745098,
  "bids_meta": {
    "AcquisitionMatrixPE": 78,
    "AcquisitionNumber": 6,
    "AcquisitionTime": "10:40:31.970000",
    "BodyPartExamined": "HEAD",
    "ConversionSoftware": "dcm2niix",
    "ConversionSoftwareVersion": "v1.0.20180622 GCC4.9.2",
    "DeviceSerialNumber": "34111",
    "EchoTime": 0.030001,
    "EchoTrainLength": 31,
    "FlipAngle": 75,
    "ImageOrientationPatientDICOM": [
      0.99783,
      0.00759448,
      0.0654063,
      -2.1684e-19,
      0.993326,
      -0.115338
    ],
    "ImageType": [
      "ORIGINAL",
      "PRIMARY",
      "M",
      "FFE",
      "M",
      "FFE"
    ],
    "InPlanePhaseEncodingDirectionDICOM": "COL",
    "MRAcquisitionType": "2D",
    "MagneticFieldStrength": 3,
    "Manufacturer": "Philips",
    "ManufacturersModelName": "Achieva_dStream",
    "Modality": "MR",
    "PatientPosition": "HFS",
    "PercentPhaseFOV": 100,
    "PhaseEncodingAxis": "j",
    "PhaseEncodingSteps": 78,
    "PhilipsRescaleIntercept": 0,
    "PhilipsRescaleSlope": 0.800733,
    "PhilipsScaleSlope": 0.00761168,
    "PixelBandwidth": 3427,
    "ProtocolName": "EPI_run4_204dyn",
    "ReconMatrixPE": 80,
    "RepetitionTime": 2,
    "SAR": 0.0791556,
    "ScanOptions": "FS",
    "ScanningSequence": "GR",
    "SequenceVariant": "SK",
    "SeriesDescription": "EPI_run4_204dyn",
    "SeriesNumber": 601,
    "SliceThickness": 3,
    "SoftwareVersions": "5.3.1_5.3.1.1",
    "SpacingBetweenSlices": 3.2,
    "StationName": "HOST_INGENIA",
    "TaskName": "faces",
    "UsePhilipsFloatNotDisplayScaling": 1,
    "dataset": "ds001761",
    "modality": "bold",
    "run_id": 4,
    "session_id": "06",
    "subject_id": "03",
    "task_id": "faces"
  },
  "dummy_trs": 0,
  "dvars_nstd": 23.114919953891604,
  "dvars_std": 1.1749524180295567,
  "dvars_vstd": 1.0154551700985222,
  "efc": 0.4357342121707183,
  "fber": 79503.8671875,
  "fd_mean": 0.08764035283806863,
  "fd_num": 7,
  "fd_perc": 3.4313725490196076,
  "fwhm_avg": 1.845765884674395,
  "fwhm_x": 1.7852666666666668,
  "fwhm_y": 1.9986566666666665,
  "fwhm_z": 1.753374320689852,
  "gcor": 0.0300971,
  "gsr_x": -0.011846429668366909,
  "gsr_y": 0.01677571050822735,
  "provenance": {
    "md5sum": "4f4766f82640c899647b357f0dca30d1",
    "settings": {
      "fd_thres": 0.2,
      "testing": false
    },
    "software": "mriqc",
    "version": "21.0.0rc2",
    "webapi_port": null,
    "webapi_url": "https://mriqc.nimh.nih.gov/api/v1"
  },
  "size_t": 204,
  "size_x": 80,
  "size_y": 80,
  "size_z": 41,
  "snr": 5.369243156725917,
  "spacing_tr": 1.9999991655349731,
  "spacing_x": 3.0,
  "spacing_y": 3.0,
  "spacing_z": 3.2000012397766113,
  "summary_bg_k": 67.99643914159064,
  "summary_bg_mad": 750.7485471276606,
  "summary_bg_mean": 4321.73681640625,
  "summary_bg_median": 614.4177856445312,
  "summary_bg_n": 177023.0,
  "summary_bg_p05": 36.71497650146485,
  "summary_bg_p95": 20973.035351562492,
  "summary_bg_stdv": 11377.625,
  "summary_fg_k": 2.7560306362775284,
  "summary_fg_mad": 31158.947365605334,
  "summary_fg_mean": 176847.0,
  "summary_fg_median": 174136.046875,
  "summary_fg_n": 40543.0,
  "summary_fg_p05": 131524.603125,
  "summary_fg_p95": 229890.37031250002,
  "summary_fg_stdv": 32431.740234375,
  "tsnr": 70.58407592773438
}