{
  "aor": 0.0016150980392156862,
  "aqi": 0.004635037598039215,
  "bids_meta": {
    "AcquisitionMatrixPE": 78,
    "AcquisitionNumber": 12,
    "AcquisitionTime": "11:32:25.040000",
    "BodyPartExamined": "HEAD",
    "ConversionSoftware": "dcm2niix",
    "ConversionSoftwareVersion": "v1.0.20180622 GCC4.9.2",
    "DeviceSerialNumber": "34111",
    "EchoTime": 0.030001,
    "EchoTrainLength": 31,
    "FlipAngle": 75,
    "ImageOrientationPatientDICOM": [
      0.99783,
      0.00759448,
      0.0654063,
      -2.1684e-19,
      0.993326,
      -0.115338
    ],
    "ImageType": [
      "ORIGINAL",
      "PRIMARY",
      "M",
      "FFE",
      "M",
      "FFE"
    ],
    "InPlanePhaseEncodingDirectionDICOM": "COL",
    "MRAcquisitionType": "2D",
    "MagneticFieldStrength": 3,
    "Manufacturer": "Philips",
    "ManufacturersModelName": "Achieva_dStream",
    "Modality": "MR",
    "PatientPosition": "HFS",
    "PercentPhaseFOV": 100,
    "PhaseEncodingAxis": "j",
    "PhaseEncodingSteps": 78,
    "PhilipsRescaleIntercept": 0,
    "PhilipsRescaleSlope": 0.822466,
    "PhilipsScaleSlope": 0.0077307,
    "PixelBandwidth": 3427,
    "ProtocolName": "EPI_run10_204dyn",
    "ReconMatrixPE": 80,
    "RepetitionTime": 2,
    "SAR": 0.0791556,
    "ScanOptions": "FS",
    "ScanningSequence": "GR",
    "SequenceVariant": "SK",
    "SeriesDescription": "EPI_run10_204dyn",
    "SeriesNumber": 1201,
    "SliceThickness": 3,
    "SoftwareVersions": "5.3.1_5.3.1.1",
    "SpacingBetweenSlices": 3.2,
    "StationName": "HOST_INGENIA",
    "TaskName": "faces",
    "UsePhilipsFloatNotDisplayScaling": 1,
    "dataset": "ds001761",
    "modality": "bold",
    "run_id": 10,
    "session_id": "06",
    "subject_id": "03",
    "task_id": "faces"
  },
  "dummy_trs": 0,
  "dvars_nstd": 24.07835280142859,
  "dvars_std": 1.1983513445320195,
  "dvars_vstd": 1.0172650911822665,
  "efc": 0.4393688984984518,
  "fber": 68597.8984375,
  "fd_mean": 0.08425355854415678,
  "fd_num": 2,
  "fd_perc": 0.9803921568627451,
  "fwhm_avg": 1.8311078319067213,
  "fwhm_x": 1.7846399999999998,
  "fwhm_y": 1.9768966666666667,
  "fwhm_z": 1.731786829053498,
  "gcor": 0.029815,
  "gsr_x": -0.013539339415729046,
  "gsr_y": 0.018466055393218994,
  "provenance": {
    "md5sum": "74d9e06f5573ee8dd090a3ee70328843",
    "settings": {
      "fd_thres": 0.2,
      "testing": false
    },
    "software": "mriqc",
    "version": "21.0.0rc2",
    "webapi_port": null,
    "webapi_url": "https://mriqc.nimh.nih.gov/api/v1"
  },
  "size_t": 204,
  "size_x": 80,
  "size_y": 80,
  "size_z": 41,
  "snr": 5.4399316215615565,
  "spacing_tr": 1.9999991655349731,
  "spacing_x": 3.0,
  "spacing_y": 3.0,
  "spacing_z": 3.2000012397766113,
  "summary_bg_k": 69.71700715239773,
  "summary_bg_mad": 789.5812566673835,
  "summary_bg_mean": 4473.0712890625,
  "summary_bg_median": 634.6009521484375,
  "summary_bg_n": 176924.0,
  "summary_bg_p05": 31.511176013946532,
  "summary_bg_p95": 21947.63164062502,
  "summary_bg_stdv": 11591.173828125,
  "summary_fg_k": 2.699633339006307,
  "summary_fg_mad": 29709.65736569678,
  "summary_fg_mean": 170172.625,
  "summary_fg_median": 167576.4375,
  "summary_fg_n": 40598.0,
  "summary_fg_p05": 127064.633203125,
  "summary_fg_p95": 220790.30859375003,
  "summary_fg_stdv": 30804.5,
  "tsnr": 75.16009521484375
}