{
  "bids_meta": {
    "AcquisitionMatrixPE": 240,
    "AcquisitionNumber": 2,
    "AcquisitionTime": "10:09:10.840000",
    "BodyPartExamined": "HEAD",
    "ConversionSoftware": "dcm2niix",
    "ConversionSoftwareVersion": "v1.0.20180622 GCC4.9.2",
    "DeviceSerialNumber": "34111",
    "EchoTime": 0.003748,
    "EchoTrainLength": 119,
    "FlipAngle": 8,
    "ImageOrientationPatientDICOM": [
      0.0584192,
      0.998292,
      -1.61201e-10,
      0.0587535,
      -0.00343821,
      -0.998267
    ],
    "ImageType": [
      "ORIGINAL",
      "PRIMARY",
      "M",
      "FFE",
      "M",
      "FFE"
    ],
    "InPlanePhaseEncodingDirectionDICOM": "ROW",
    "MRAcquisitionType": "3D",
    "MagneticFieldStrength": 3,
    "Manufacturer": "Philips",
    "ManufacturersModelName": "Achieva_dStream",
    "Modality": "MR",
    "PatientPosition": "HFS",
    "PercentPhaseFOV": 100,
    "PhaseEncodingSteps": 240,
    "PhilipsRescaleIntercept": 0,
    "PhilipsRescaleSlope": 4.59048,
    "PhilipsScaleSlope": 0.00170533,
    "PixelBandwidth": 191,
    "ProtocolName": "sT1W_1mm_3D_32ch",
    "ReconMatrixPE": 240,
    "RepetitionTime": 0.0081843,
    "SAR": 0.0132128,
    "ScanOptions": "OTHER",
    "ScanningSequence": "GR",
    "SequenceVariant": "MP",
    "SeriesDescription": "sT1W_1mm_3D_32ch",
    "SeriesNumber": 201,
    "SliceThickness": 1,
    "SoftwareVersions": "5.3.1_5.3.1.1",
    "SpacingBetweenSlices": 1,
    "StationName": "HOST_INGENIA",
    "UsePhilipsFloatNotDisplayScaling": 1,
    "acq_id": "01",
    "dataset": "ds001761",
    "modality": "T1w",
    "session_id": "04",
    "subject_id": "03"
  },
  "cjv": 0.26140905729122327,
  "cnr": 4.615177820678725,
  "efc": 0.7419794188903648,
  "fber": 744.38427734375,
  "fwhm_avg": 3.80619022916838,
  "fwhm_x": 3.8572606875051405,
  "fwhm_y": 4.01824,
  "fwhm_z": 3.54307,
  "icvs_csf": 0.24966710979171725,
  "icvs_gm": 0.36493562009814495,
  "icvs_wm": 0.3853972701101378,
  "inu_med": 2.4750328063964844,
  "inu_range": 0.7358818650245667,
  "provenance": {
    "md5sum": "8d270f6d67f710c12f2ec5822cf57975",
    "settings": {
      "testing": false
    },
    "software": "mriqc",
    "version": "21.0.0rc2",
    "warnings": {
      "large_rot_frame": true,
      "small_air_mask": true
    },
    "webapi_port": null,
    "webapi_url": "https://mriqc.nimh.nih.gov/api/v1"
  },
  "qi_1": 0.0,
  "qi_2": 1.6408419261779465e-05,
  "rpve_csf": 17.688987931678792,
  "rpve_gm": 11.318868628126637,
  "rpve_wm": 15.331371316095948,
  "size_x": 170,
  "size_y": 240,
  "size_z": 240,
  "snr_csf": 3.946312706216579,
  "snr_gm": 7.040716859373378,
  "snr_total": 11.371429339689916,
  "snr_wm": 23.12725845347979,
  "snrd_csf": 41.05174002318086,
  "snrd_gm": 80.34790773390192,
  "snrd_total": 87.18004555206188,
  "snrd_wm": 140.1404888991029,
  "spacing_x": 1.0000050067901611,
  "spacing_y": 1.0,
  "spacing_z": 1.0,
  "summary_bg_k": 6.664574099365122,
  "summary_bg_mad": 4.674782471133027,
  "summary_bg_mean": 8.345324516296387,
  "summary_bg_median": 6.129175662994385,
  "summary_bg_n": 271352.0,
  "summary_bg_p05": 0.0,
  "summary_bg_p95": 21.38130702972412,
  "summary_bg_stdv": 6.799119472503662,
  "summary_csf_k": 1.467365147328211,
  "summary_csf_mad": 60.08366748243756,
  "summary_csf_mean": 287.3826904296875,
  "summary_csf_median": 292.9282531738281,
  "summary_csf_n": 10085.0,
  "summary_csf_p05": 156.1885528564453,
  "summary_csf_p95": 401.5138916015625,
  "summary_csf_stdv": 74.22466278076172,
  "summary_gm_k": 0.5838583263360215,
  "summary_gm_mad": 73.09842465250286,
  "summary_gm_mean": 578.6052856445312,
  "summary_gm_median": 573.3294677734375,
  "summary_gm_n": 15404.0,
  "summary_gm_p05": 451.3074234008789,
  "summary_gm_p95": 724.7331817626953,
  "summary_gm_stdv": 81.42790985107422,
  "summary_wm_k": 1.3572759790907005,
  "summary_wm_mad": 38.433096254837785,
  "summary_wm_mean": 998.1339721679688,
  "summary_wm_median": 999.984619140625,
  "summary_wm_n": 232047.0,
  "summary_wm_p05": 924.1918579101563,
  "summary_wm_p95": 1064.2130249023437,
  "summary_wm_stdv": 43.23826217651367,
  "tpm_overlap_csf": 0.14871694147586823,
  "tpm_overlap_gm": 0.4148899018764496,
  "tpm_overlap_wm": 0.5036720633506775,
  "wm2max": 0.7321600676809944
}