{
  "bids_meta": {
    "AcquisitionMatrixPE": 240,
    "AcquisitionNumber": 2,
    "AcquisitionTime": "11:53:25.050000",
    "BodyPartExamined": "HEAD",
    "ConversionSoftware": "dcm2niix",
    "ConversionSoftwareVersion": "v1.0.20180622 GCC4.9.2",
    "DeviceSerialNumber": "34111",
    "EchoTime": 0.00374,
    "EchoTrainLength": 119,
    "FlipAngle": 8,
    "ImageOrientationPatientDICOM": [
      -0.0165773,
      0.999863,
      -2.67741e-11,
      0.079386,
      0.00131618,
      -0.996843
    ],
    "ImageType": [
      "ORIGINAL",
      "PRIMARY",
      "M",
      "FFE",
      "M",
      "FFE"
    ],
    "InPlanePhaseEncodingDirectionDICOM": "ROW",
    "MRAcquisitionType": "3D",
    "MagneticFieldStrength": 3,
    "Manufacturer": "Philips",
    "ManufacturersModelName": "Achieva_dStream",
    "Modality": "MR",
    "PatientPosition": "HFS",
    "PercentPhaseFOV": 100,
    "PhaseEncodingSteps": 240,
    "PhilipsRescaleIntercept": 0,
    "PhilipsRescaleSlope": 4.64689,
    "PhilipsScaleSlope": 0.00173867,
    "PixelBandwidth": 191,
    "ProtocolName": "sT1W_1mm_3D_32ch",
    "ReconMatrixPE": 240,
    "RepetitionTime": 0.0081611,
    "SAR": 0.0130225,
    "ScanOptions": "OTHER",
    "ScanningSequence": "GR",
    "SequenceVariant": "MP",
    "SeriesDescription": "sT1W_1mm_3D_32ch",
    "SeriesNumber": 201,
    "SliceThickness": 1,
    "SoftwareVersions": "5.3.1_5.3.1.1",
    "SpacingBetweenSlices": 1,
    "StationName": "HOST_INGENIA",
    "UsePhilipsFloatNotDisplayScaling": 1,
    "acq_id": "01",
    "dataset": "ds001761",
    "modality": "T1w",
    "session_id": "06",
    "subject_id": "02"
  },
  "cjv": 0.29181675544230623,
  "cnr": 4.181010878781273,
  "efc": 0.7547421408936879,
  "fber": 657.5867919921875,
  "fwhm_avg": 3.7004430800143644,
  "fwhm_x": 3.781029240043094,
  "fwhm_y": 3.91933,
  "fwhm_z": 3.40097,
  "icvs_csf": 0.26376722998384505,
  "icvs_gm": 0.37244583916596286,
  "icvs_wm": 0.36378693085019204,
  "inu_med": 2.5355615615844727,
  "inu_range": 0.8296161174774168,
  "provenance": {
    "md5sum": "f8b0d5bb4c35c4e254d7837a2f425ca7",
    "settings": {
      "testing": false
    },
    "software": "mriqc",
    "version": "21.0.0rc2",
    "warnings": {
      "large_rot_frame": true,
      "small_air_mask": true
    },
    "webapi_port": null,
    "webapi_url": "https://mriqc.nimh.nih.gov/api/v1"
  },
  "qi_1": 0.0,
  "qi_2": 4.844487696265033e-05,
  "rpve_csf": 15.22870413200699,
  "rpve_gm": 10.016067921393168,
  "rpve_wm": 14.211344321551609,
  "size_x": 170,
  "size_y": 240,
  "size_z": 240,
  "snr_csf": 4.260175794265464,
  "snr_gm": 7.062393933002291,
  "snr_total": 10.65614623930504,
  "snr_wm": 20.645868990647365,
  "snrd_csf": 44.66774169880298,
  "snrd_gm": 82.7199115546967,
  "snrd_total": 88.91004336757011,
  "snrd_wm": 139.34247684921067,
  "spacing_x": 0.9999975562095642,
  "spacing_y": 1.0,
  "spacing_z": 1.0,
  "summary_bg_k": 4.301082966954697,
  "summary_bg_mad": 4.701619726667104,
  "summary_bg_mean": 6.7207417488098145,
  "summary_bg_median": 6.342158794403076,
  "summary_bg_n": 186567.0,
  "summary_bg_p05": 0.0,
  "summary_bg_p95": 17.015116119384764,
  "summary_bg_stdv": 5.902523517608643,
  "summary_csf_k": 1.4792533383398911,
  "summary_csf_mad": 60.07430167862803,
  "summary_csf_mean": 308.1091613769531,
  "summary_csf_median": 320.5603332519531,
  "summary_csf_n": 13914.0,
  "summary_csf_p05": 157.79205017089845,
  "summary_csf_p95": 409.0365478515624,
  "summary_csf_stdv": 75.24309539794922,
  "summary_gm_k": 0.39412873959993266,
  "summary_gm_mad": 76.63100676956961,
  "summary_gm_mean": 594.9884643554688,
  "summary_gm_median": 593.6436767578125,
  "summary_gm_n": 16412.0,
  "summary_gm_p05": 457.83419036865234,
  "summary_gm_p95": 738.922018432617,
  "summary_gm_stdv": 84.054443359375,
  "summary_wm_k": 1.6687125310591764,
  "summary_wm_mad": 41.950113944317685,
  "summary_wm_mean": 998.95703125,
  "summary_wm_median": 999.9984130859375,
  "summary_wm_n": 238654.0,
  "summary_wm_p05": 918.4698211669922,
  "summary_wm_p95": 1074.4173095703125,
  "summary_wm_stdv": 48.43566131591797,
  "tpm_overlap_csf": 0.15339723229408264,
  "tpm_overlap_gm": 0.4323643147945404,
  "tpm_overlap_wm": 0.5180705189704895,
  "wm2max": 0.6236845176856574
}