{
  "aor": 0.004079821428571428,
  "aqi": 0.004015530178571429,
  "bids_meta": {
    "AcquisitionMatrixPE": 78,
    "AcquisitionNumber": 6,
    "AcquisitionTime": "11:19:50.800000",
    "BodyPartExamined": "HEAD",
    "ConversionSoftware": "dcm2niix",
    "ConversionSoftwareVersion": "v1.0.20180622 GCC4.9.2",
    "DeviceSerialNumber": "34111",
    "EchoTime": 0.030001,
    "EchoTrainLength": 31,
    "FlipAngle": 75,
    "ImageOrientationPatientDICOM": [
      0.998899,
      0.0286916,
      0.0371287,
      -0.0238257,
      0.991815,
      -0.125438
    ],
    "ImageType": [
      "ORIGINAL",
      "PRIMARY",
      "M",
      "FFE",
      "M",
      "FFE"
    ],
    "InPlanePhaseEncodingDirectionDICOM": "COL",
    "MRAcquisitionType": "2D",
    "MagneticFieldStrength": 3,
    "Manufacturer": "Philips",
    "ManufacturersModelName": "Achieva_dStream",
    "Modality": "MR",
    "PatientPosition": "HFS",
    "PercentPhaseFOV": 100,
    "PhaseEncodingAxis": "j",
    "PhaseEncodingSteps": 78,
    "PhilipsRescaleIntercept": 0,
    "PhilipsRescaleSlope": 0.761661,
    "PhilipsScaleSlope": 0.00729725,
    "PixelBandwidth": 3420,
    "ProtocolName": "EPI_LOCALIZER_56dyn",
    "ReconMatrixPE": 80,
    "RepetitionTime": 2,
    "SAR": 0.0791065,
    "ScanOptions": "FS",
    "ScanningSequence": "GR",
    "SequenceVariant": "SK",
    "SeriesDescription": "EPI_LOCALIZER_56dyn",
    "SeriesNumber": 601,
    "SliceThickness": 3,
    "SoftwareVersions": "5.3.1_5.3.1.1",
    "SpacingBetweenSlices": 3.2,
    "StationName": "HOST_INGENIA",
    "TaskName": "loc",
    "UsePhilipsFloatNotDisplayScaling": 1,
    "dataset": "ds001761",
    "modality": "bold",
    "run_id": 1,
    "session_id": "01",
    "subject_id": "02",
    "task_id": "loc"
  },
  "dummy_trs": 0,
  "dvars_nstd": 22.027306539818184,
  "dvars_std": 1.1709001390909088,
  "dvars_vstd": 1.0219455987272725,
  "efc": 0.4493510411832594,
  "fber": 91646.3125,
  "fd_mean": 0.05842277700727557,
  "fd_num": 0,
  "fd_perc": 0.0,
  "fwhm_avg": 1.8497122830523212,
  "fwhm_x": 1.7945366666666667,
  "fwhm_y": 2.020303333333333,
  "fwhm_z": 1.7342968491569632,
  "gcor": 0.0152807,
  "gsr_x": -0.007297392934560776,
  "gsr_y": 0.01640661433339119,
  "provenance": {
    "md5sum": "d9a9321b25910c7624361982eefb190c",
    "settings": {
      "fd_thres": 0.2,
      "testing": false
    },
    "software": "mriqc",
    "version": "21.0.0rc2",
    "webapi_port": null,
    "webapi_url": "https://mriqc.nimh.nih.gov/api/v1"
  },
  "size_t": 56,
  "size_x": 80,
  "size_y": 80,
  "size_z": 41,
  "snr": 5.721046084900227,
  "spacing_tr": 1.9999991655349731,
  "spacing_x": 3.0,
  "spacing_y": 3.0,
  "spacing_z": 3.200000047683716,
  "summary_bg_k": 111.73319912799307,
  "summary_bg_mad": 717.799298673661,
  "summary_bg_mean": 3981.824462890625,
  "summary_bg_median": 568.9262084960938,
  "summary_bg_n": 171915.0,
  "summary_bg_p05": 13.599209117889412,
  "summary_bg_p95": 17936.92675781245,
  "summary_bg_stdv": 11241.1728515625,
  "summary_fg_k": 2.703114115418595,
  "summary_fg_mad": 28181.78944820743,
  "summary_fg_mean": 178505.84375,
  "summary_fg_median": 175676.75,
  "summary_fg_n": 44260.0,
  "summary_fg_p05": 135796.90625,
  "summary_fg_p95": 229015.94765625,
  "summary_fg_stdv": 30706.755859375,
  "tsnr": 84.75888061523438
}