{
  "bids_meta": {
    "AcquisitionMatrixPE": 240,
    "AcquisitionNumber": 2,
    "AcquisitionTime": "12:13:53.690000",
    "BodyPartExamined": "HEAD",
    "ConversionSoftware": "dcm2niix",
    "ConversionSoftwareVersion": "v1.0.20180622 GCC4.9.2",
    "DeviceSerialNumber": "34111",
    "EchoTime": 0.003685,
    "EchoTrainLength": 119,
    "FlipAngle": 8,
    "ImageOrientationPatientDICOM": [
      -0.0165379,
      0.999863,
      0,
      0,
      0,
      -1
    ],
    "ImageType": [
      "ORIGINAL",
      "PRIMARY",
      "M",
      "FFE",
      "M",
      "FFE"
    ],
    "InPlanePhaseEncodingDirectionDICOM": "ROW",
    "MRAcquisitionType": "3D",
    "MagneticFieldStrength": 3,
    "Manufacturer": "Philips",
    "ManufacturersModelName": "Achieva_dStream",
    "Modality": "MR",
    "PatientPosition": "HFS",
    "PercentPhaseFOV": 100,
    "PhaseEncodingSteps": 240,
    "PhilipsRescaleIntercept": 0,
    "PhilipsRescaleSlope": 4.37485,
    "PhilipsScaleSlope": 0.00172519,
    "PixelBandwidth": 191,
    "ProtocolName": "sT1W_1mm_3D_32ch",
    "ReconMatrixPE": 240,
    "RepetitionTime": 0.0080561,
    "SAR": 0.0130225,
    "ScanOptions": "OTHER",
    "ScanningSequence": "GR",
    "SequenceVariant": "MP",
    "SeriesDescription": "sT1W_1mm_3D_32ch",
    "SeriesNumber": 201,
    "SliceThickness": 1,
    "SoftwareVersions": "5.3.1_5.3.1.1",
    "SpacingBetweenSlices": 1,
    "StationName": "HOST_INGENIA",
    "UsePhilipsFloatNotDisplayScaling": 1,
    "acq_id": "01",
    "dataset": "ds001761",
    "modality": "T1w",
    "session_id": "07",
    "subject_id": "02"
  },
  "cjv": 0.2831069008165423,
  "cnr": 4.394749756402346,
  "efc": 0.7525425250176622,
  "fber": 531.1273193359375,
  "fwhm_avg": 3.746314022028418,
  "fwhm_x": 3.8514620660852548,
  "fwhm_y": 3.9464,
  "fwhm_z": 3.44108,
  "icvs_csf": 0.2420655143974034,
  "icvs_gm": 0.38875493403336886,
  "icvs_wm": 0.3691795515692277,
  "inu_med": 1.8258106708526611,
  "inu_range": 0.5832535386085511,
  "provenance": {
    "md5sum": "3c4f0fc1fa3a8990a2f64c19abc5c202",
    "settings": {
      "testing": false
    },
    "software": "mriqc",
    "version": "21.0.0rc2",
    "warnings": {
      "large_rot_frame": true,
      "small_air_mask": true
    },
    "webapi_port": null,
    "webapi_url": "https://mriqc.nimh.nih.gov/api/v1"
  },
  "qi_1": 0.0,
  "qi_2": 4.2693087283307236e-05,
  "rpve_csf": 16.097060638919007,
  "rpve_gm": 9.780564506736033,
  "rpve_wm": 13.978270596105569,
  "size_x": 170,
  "size_y": 240,
  "size_z": 240,
  "snr_csf": 2.98629692497877,
  "snr_gm": 6.897955158646701,
  "snr_total": 10.195064729602011,
  "snr_wm": 20.700942105180562,
  "snrd_csf": 42.72236567940457,
  "snrd_gm": 81.65294022873567,
  "snrd_total": 88.75305734232818,
  "snrd_wm": 141.88386611884428,
  "spacing_x": 0.999999463558197,
  "spacing_y": 1.0,
  "spacing_z": 1.0,
  "summary_bg_k": 9.02242091959442,
  "summary_bg_mad": 4.617412504300731,
  "summary_bg_mean": 6.865238189697266,
  "summary_bg_median": 6.093227863311768,
  "summary_bg_n": 172022.0,
  "summary_bg_p05": 0.0,
  "summary_bg_p95": 18.731543922424315,
  "summary_bg_stdv": 6.070378303527832,
  "summary_csf_k": 0.05669859901732455,
  "summary_csf_mad": 66.689726348188,
  "summary_csf_mean": 270.1589050292969,
  "summary_csf_median": 301.10797119140625,
  "summary_csf_n": 13021.0,
  "summary_csf_p05": 57.5933723449707,
  "summary_csf_p95": 388.8113708496094,
  "summary_csf_stdv": 100.82601165771484,
  "summary_gm_k": 0.33872366730693226,
  "summary_gm_mad": 78.29852705652712,
  "summary_gm_mean": 575.7962036132812,
  "summary_gm_median": 575.4913330078125,
  "summary_gm_n": 19832.0,
  "summary_gm_p05": 437.32884826660154,
  "summary_gm_p95": 716.1504028320312,
  "summary_gm_stdv": 83.42716217041016,
  "summary_wm_k": 1.5980407288736362,
  "summary_wm_mad": 41.88278874591875,
  "summary_wm_mean": 997.4570922851562,
  "summary_wm_median": 999.9999389648438,
  "summary_wm_n": 241303.0,
  "summary_wm_p05": 914.4431640625,
  "summary_wm_p95": 1070.3302856445312,
  "summary_wm_stdv": 48.30687713623047,
  "tpm_overlap_csf": 0.17118185758590698,
  "tpm_overlap_gm": 0.4439620077610016,
  "tpm_overlap_wm": 0.5175729990005493,
  "wm2max": 0.6553603099361565
}