{
  "aor": 0.0027416410256410257,
  "aqi": 0.016234156205128206,
  "bids_meta": {
    "AcquisitionMatrixPE": 78,
    "AcquisitionNumber": 13,
    "AcquisitionTime": "11:12:16.900000",
    "ConversionSoftware": "dcm2niix",
    "ConversionSoftwareVersion": "v1.0.20180622 GCC4.9.2",
    "DeviceSerialNumber": "34111",
    "EchoTime": 0.03,
    "EchoTrainLength": 31,
    "FlipAngle": 75,
    "ImageOrientationPatientDICOM": [
      0.998715,
      -0.0480072,
      0.0162399,
      0.0486403,
      0.997969,
      -0.0411406
    ],
    "ImageType": [
      "ORIGINAL",
      "PRIMARY",
      "M",
      "FFE",
      "M",
      "FFE"
    ],
    "InPlanePhaseEncodingDirectionDICOM": "COL",
    "InstitutionName": "INSERM_PURPAN",
    "InstitutionalDepartmentName": "NEURO-SCIENCES",
    "MRAcquisitionType": "2D",
    "MagneticFieldStrength": 3,
    "Manufacturer": "Philips",
    "ManufacturersModelName": "Achieva_dStream",
    "Modality": "MR",
    "PatientPosition": "HFS",
    "PercentPhaseFOV": 100,
    "PhaseEncodingAxis": "j",
    "PhaseEncodingSteps": 78,
    "PhilipsRescaleIntercept": 0,
    "PhilipsRescaleSlope": 0.807326,
    "PhilipsScaleSlope": 0.0261259,
    "PixelBandwidth": 3423,
    "ProtocolName": "EPI_run8_195dyn_SENSE",
    "ReconMatrixPE": 80,
    "RepetitionTime": 2,
    "SAR": 0.079296,
    "ScanOptions": "FS",
    "ScanningSequence": "GR",
    "SequenceVariant": "SK",
    "SeriesDescription": "EPI_run8_195dyn",
    "SeriesNumber": 1301,
    "SliceThickness": 3,
    "SoftwareVersions": "5.1.7_5.1.7.2",
    "SpacingBetweenSlices": 3.2,
    "StationName": "PHILIPS-IL8E2TF",
    "TaskName": "faces",
    "UsePhilipsFloatNotDisplayScaling": 1,
    "dataset": "ds001761",
    "modality": "bold",
    "run_id": 8,
    "session_id": "04",
    "subject_id": "01",
    "task_id": "faces"
  },
  "dummy_trs": 0,
  "dvars_nstd": 31.82625397958764,
  "dvars_std": 1.1060963740206189,
  "dvars_vstd": 1.012681344123711,
  "efc": 0.4181492393691837,
  "fber": 122517.0859375,
  "fd_mean": 0.2983832277928943,
  "fd_num": 104,
  "fd_perc": 53.333333333333336,
  "fwhm_avg": 1.7393726715151072,
  "fwhm_x": 1.6808933333333334,
  "fwhm_y": 1.8950933333333333,
  "fwhm_z": 1.6421313478786554,
  "gcor": 0.0313676,
  "gsr_x": -0.007965332828462124,
  "gsr_y": 0.012092572636902332,
  "provenance": {
    "md5sum": "3eaaddc59c67417707614de8a55ed5bf",
    "settings": {
      "fd_thres": 0.2,
      "testing": false
    },
    "software": "mriqc",
    "version": "21.0.0rc2",
    "webapi_port": null,
    "webapi_url": "https://mriqc.nimh.nih.gov/api/v1"
  },
  "size_t": 195,
  "size_x": 80,
  "size_y": 80,
  "size_z": 41,
  "snr": 5.317061276272041,
  "spacing_tr": 1.999998688697815,
  "spacing_x": 3.0,
  "spacing_y": 3.0,
  "spacing_z": 3.1999998092651367,
  "summary_bg_k": 146.82046432285122,
  "summary_bg_mad": 140.63881879543084,
  "summary_bg_mean": 1191.9219970703125,
  "summary_bg_median": 146.81069946289062,
  "summary_bg_n": 180806.0,
  "summary_bg_p05": 30.937214374542236,
  "summary_bg_p95": 5237.48583984375,
  "summary_bg_stdv": 3638.564453125,
  "summary_fg_k": 3.021723405166112,
  "summary_fg_mad": 7843.096042730245,
  "summary_fg_mean": 53436.17578125,
  "summary_fg_median": 51764.5859375,
  "summary_fg_n": 38436.0,
  "summary_fg_p05": 41685.5908203125,
  "summary_fg_p95": 71614.2890625,
  "summary_fg_stdv": 9735.4365234375,
  "tsnr": 42.01570129394531
}