{
  "aor": 0.0012793846153846154,
  "aqi": 0.011119415743589744,
  "bids_meta": {
    "AcquisitionMatrixPE": 78,
    "AcquisitionNumber": 4,
    "AcquisitionTime": "10:16:36.510000",
    "ConversionSoftware": "dcm2niix",
    "ConversionSoftwareVersion": "v1.0.20180622 GCC4.9.2",
    "DeviceSerialNumber": "34111",
    "EchoTime": 0.03,
    "EchoTrainLength": 31,
    "FlipAngle": 75,
    "ImageOrientationPatientDICOM": [
      0.998715,
      -0.0480072,
      0.0162399,
      0.0486403,
      0.997969,
      -0.0411406
    ],
    "ImageType": [
      "ORIGINAL",
      "PRIMARY",
      "M",
      "FFE",
      "M",
      "FFE"
    ],
    "InPlanePhaseEncodingDirectionDICOM": "COL",
    "InstitutionName": "INSERM_PURPAN",
    "InstitutionalDepartmentName": "NEURO-SCIENCES",
    "MRAcquisitionType": "2D",
    "MagneticFieldStrength": 3,
    "Manufacturer": "Philips",
    "ManufacturersModelName": "Achieva_dStream",
    "Modality": "MR",
    "PatientPosition": "HFS",
    "PercentPhaseFOV": 100,
    "PhaseEncodingAxis": "j",
    "PhaseEncodingSteps": 78,
    "PhilipsRescaleIntercept": 0,
    "PhilipsRescaleSlope": 0.800244,
    "PhilipsScaleSlope": 0.025885,
    "PixelBandwidth": 3423,
    "ProtocolName": "EPI_run1_195dyn_SENSE",
    "ReconMatrixPE": 80,
    "RepetitionTime": 2,
    "SAR": 0.079296,
    "ScanOptions": "FS",
    "ScanningSequence": "GR",
    "SequenceVariant": "SK",
    "SeriesDescription": "EPI_run1_195dyn",
    "SeriesNumber": 401,
    "SliceThickness": 3,
    "SoftwareVersions": "5.1.7_5.1.7.2",
    "SpacingBetweenSlices": 3.2,
    "StationName": "PHILIPS-IL8E2TF",
    "TaskName": "faces",
    "UsePhilipsFloatNotDisplayScaling": 1,
    "dataset": "ds001761",
    "modality": "bold",
    "run_id": 1,
    "session_id": "04",
    "subject_id": "01",
    "task_id": "faces"
  },
  "dummy_trs": 0,
  "dvars_nstd": 27.881641043865994,
  "dvars_std": 1.103101079020618,
  "dvars_vstd": 0.9843748687628864,
  "efc": 0.4195230611915361,
  "fber": 125113.2421875,
  "fd_mean": 0.1468808088945672,
  "fd_num": 31,
  "fd_perc": 15.897435897435898,
  "fwhm_avg": 1.7247319074222587,
  "fwhm_x": 1.6607466666666666,
  "fwhm_y": 1.8815833333333334,
  "fwhm_z": 1.6318657222667767,
  "gcor": 0.0183781,
  "gsr_x": -0.010244425386190414,
  "gsr_y": 0.012445181608200073,
  "provenance": {
    "md5sum": "43f306182fc076d7e08c615c0477571d",
    "settings": {
      "fd_thres": 0.2,
      "testing": false
    },
    "software": "mriqc",
    "version": "21.0.0rc2",
    "webapi_port": null,
    "webapi_url": "https://mriqc.nimh.nih.gov/api/v1"
  },
  "size_t": 195,
  "size_x": 80,
  "size_y": 80,
  "size_z": 41,
  "snr": 5.280026815604245,
  "spacing_tr": 1.999998688697815,
  "spacing_x": 3.0,
  "spacing_y": 3.0,
  "spacing_z": 3.1999998092651367,
  "summary_bg_k": 143.45180025096414,
  "summary_bg_mad": 148.51402042903402,
  "summary_bg_mean": 1252.630859375,
  "summary_bg_median": 149.51063537597656,
  "summary_bg_n": 180909.0,
  "summary_bg_p05": 28.224575424194335,
  "summary_bg_p95": 5474.964746093751,
  "summary_bg_stdv": 3814.281005859375,
  "summary_fg_k": 2.9888091682316595,
  "summary_fg_mad": 8236.451839534971,
  "summary_fg_mean": 54789.2265625,
  "summary_fg_median": 53180.15625,
  "summary_fg_n": 38515.0,
  "summary_fg_p05": 42309.302734375,
  "summary_fg_p95": 73487.04296874994,
  "summary_fg_stdv": 10071.8173828125,
  "tsnr": 51.825889587402344
}