{
  "aor": 0.0043123076923076925,
  "aqi": 0.016560573794871795,
  "bids_meta": {
    "AcquisitionMatrixPE": 78,
    "AcquisitionNumber": 8,
    "AcquisitionTime": "10:40:38.320000",
    "ConversionSoftware": "dcm2niix",
    "ConversionSoftwareVersion": "v1.0.20180622 GCC4.9.2",
    "DeviceSerialNumber": "34111",
    "EchoTime": 0.03,
    "EchoTrainLength": 31,
    "FlipAngle": 75,
    "ImageOrientationPatientDICOM": [
      0.998715,
      -0.0480072,
      0.0162399,
      0.0486403,
      0.997969,
      -0.0411406
    ],
    "ImageType": [
      "ORIGINAL",
      "PRIMARY",
      "M",
      "FFE",
      "M",
      "FFE"
    ],
    "InPlanePhaseEncodingDirectionDICOM": "COL",
    "InstitutionName": "INSERM_PURPAN",
    "InstitutionalDepartmentName": "NEURO-SCIENCES",
    "MRAcquisitionType": "2D",
    "MagneticFieldStrength": 3,
    "Manufacturer": "Philips",
    "ManufacturersModelName": "Achieva_dStream",
    "Modality": "MR",
    "PatientPosition": "HFS",
    "PercentPhaseFOV": 100,
    "PhaseEncodingAxis": "j",
    "PhaseEncodingSteps": 78,
    "PhilipsRescaleIntercept": 0,
    "PhilipsRescaleSlope": 0.811966,
    "PhilipsScaleSlope": 0.0258174,
    "PixelBandwidth": 3423,
    "ProtocolName": "EPI_run4_195dyn_SENSE",
    "ReconMatrixPE": 80,
    "RepetitionTime": 2,
    "SAR": 0.079296,
    "ScanOptions": "FS",
    "ScanningSequence": "GR",
    "SequenceVariant": "SK",
    "SeriesDescription": "EPI_run4_195dyn",
    "SeriesNumber": 801,
    "SliceThickness": 3,
    "SoftwareVersions": "5.1.7_5.1.7.2",
    "SpacingBetweenSlices": 3.2,
    "StationName": "PHILIPS-IL8E2TF",
    "TaskName": "faces",
    "UsePhilipsFloatNotDisplayScaling": 1,
    "dataset": "ds001761",
    "modality": "bold",
    "run_id": 4,
    "session_id": "04",
    "subject_id": "01",
    "task_id": "faces"
  },
  "dummy_trs": 0,
  "dvars_nstd": 31.558609943041237,
  "dvars_std": 1.1196951672680413,
  "dvars_vstd": 1.025695979793814,
  "efc": 0.41871558229909217,
  "fber": 123158.9375,
  "fd_mean": 0.33974916951247514,
  "fd_num": 109,
  "fd_perc": 55.8974358974359,
  "fwhm_avg": 1.7433239217732701,
  "fwhm_x": 1.6753333333333333,
  "fwhm_y": 1.8995133333333334,
  "fwhm_z": 1.6551250986531436,
  "gcor": 0.0314941,
  "gsr_x": -0.009313573129475117,
  "gsr_y": 0.012406148947775364,
  "provenance": {
    "md5sum": "a3c61b62d23f2658b80d15cf6eb32491",
    "settings": {
      "fd_thres": 0.2,
      "testing": false
    },
    "software": "mriqc",
    "version": "21.0.0rc2",
    "webapi_port": null,
    "webapi_url": "https://mriqc.nimh.nih.gov/api/v1"
  },
  "size_t": 195,
  "size_x": 80,
  "size_y": 80,
  "size_z": 41,
  "snr": 5.377282062480374,
  "spacing_tr": 1.999998688697815,
  "spacing_x": 3.0,
  "spacing_y": 3.0,
  "spacing_z": 3.1999998092651367,
  "summary_bg_k": 142.0037057012818,
  "summary_bg_mad": 146.051832049281,
  "summary_bg_mean": 1216.68603515625,
  "summary_bg_median": 149.04034423828125,
  "summary_bg_n": 180833.0,
  "summary_bg_p05": 30.240032958984376,
  "summary_bg_p95": 5319.816992187498,
  "summary_bg_stdv": 3701.519775390625,
  "summary_fg_k": 3.04735401712061,
  "summary_fg_mad": 7950.014249202672,
  "summary_fg_mean": 54358.98046875,
  "summary_fg_median": 52713.45703125,
  "summary_fg_n": 38441.0,
  "summary_fg_p05": 42370.47265625,
  "summary_fg_p95": 72474.1953125,
  "summary_fg_stdv": 9802.865234375,
  "tsnr": 41.647972106933594
}