{
  "aor": 0.001310153846153846,
  "aqi": 0.009912108153846152,
  "bids_meta": {
    "AcquisitionMatrixPE": 78,
    "AcquisitionNumber": 18,
    "AcquisitionTime": "11:48:6.680000",
    "ConversionSoftware": "dcm2niix",
    "ConversionSoftwareVersion": "v1.0.20180622 GCC4.9.2",
    "DeviceSerialNumber": "34111",
    "EchoTime": 0.03,
    "EchoTrainLength": 31,
    "FlipAngle": 75,
    "ImageOrientationPatientDICOM": [
      0.998715,
      -0.0480072,
      0.0162399,
      0.0486403,
      0.997969,
      -0.0411406
    ],
    "ImageType": [
      "ORIGINAL",
      "PRIMARY",
      "M",
      "FFE",
      "M",
      "FFE"
    ],
    "InPlanePhaseEncodingDirectionDICOM": "COL",
    "InstitutionName": "INSERM_PURPAN",
    "InstitutionalDepartmentName": "NEURO-SCIENCES",
    "MRAcquisitionType": "2D",
    "MagneticFieldStrength": 3,
    "Manufacturer": "Philips",
    "ManufacturersModelName": "Achieva_dStream",
    "Modality": "MR",
    "PatientPosition": "HFS",
    "PercentPhaseFOV": 100,
    "PhaseEncodingAxis": "j",
    "PhaseEncodingSteps": 78,
    "PhilipsRescaleIntercept": 0,
    "PhilipsRescaleSlope": 0.808547,
    "PhilipsScaleSlope": 0.0262042,
    "PixelBandwidth": 3423,
    "ProtocolName": "EPI_run13_195dyn_SENSE",
    "ReconMatrixPE": 80,
    "RepetitionTime": 2,
    "SAR": 0.079296,
    "ScanOptions": "FS",
    "ScanningSequence": "GR",
    "SequenceVariant": "SK",
    "SeriesDescription": "EPI_run13_195dyn",
    "SeriesNumber": 1801,
    "SliceThickness": 3,
    "SoftwareVersions": "5.1.7_5.1.7.2",
    "SpacingBetweenSlices": 3.2,
    "StationName": "PHILIPS-IL8E2TF",
    "TaskName": "faces",
    "UsePhilipsFloatNotDisplayScaling": 1,
    "dataset": "ds001761",
    "modality": "bold",
    "run_id": 13,
    "session_id": "04",
    "subject_id": "01",
    "task_id": "faces"
  },
  "dummy_trs": 0,
  "dvars_nstd": 28.83345973654638,
  "dvars_std": 1.115676727216495,
  "dvars_vstd": 1.0017782194845364,
  "efc": 0.4167085732676554,
  "fber": 127849.4296875,
  "fd_mean": 0.1448522218514137,
  "fd_num": 31,
  "fd_perc": 15.897435897435898,
  "fwhm_avg": 1.7408143383829398,
  "fwhm_x": 1.6786033333333332,
  "fwhm_y": 1.8915833333333334,
  "fwhm_z": 1.6522563484821526,
  "gcor": 0.0198777,
  "gsr_x": -0.007102439180016518,
  "gsr_y": 0.012336286716163158,
  "provenance": {
    "md5sum": "c8e6edd783c4d28ef8e20e6353e9355f",
    "settings": {
      "fd_thres": 0.2,
      "testing": false
    },
    "software": "mriqc",
    "version": "21.0.0rc2",
    "webapi_port": null,
    "webapi_url": "https://mriqc.nimh.nih.gov/api/v1"
  },
  "size_t": 195,
  "size_x": 80,
  "size_y": 80,
  "size_z": 41,
  "snr": 5.292934063920659,
  "spacing_tr": 1.999998688697815,
  "spacing_x": 3.0,
  "spacing_y": 3.0,
  "spacing_z": 3.1999998092651367,
  "summary_bg_k": 140.88863774791858,
  "summary_bg_mad": 140.8074683043066,
  "summary_bg_mean": 1170.840087890625,
  "summary_bg_median": 143.05943298339844,
  "summary_bg_n": 181049.0,
  "summary_bg_p05": 26.126746749877928,
  "summary_bg_p95": 5162.435253906251,
  "summary_bg_stdv": 3613.903076171875,
  "summary_fg_k": 2.89433091567384,
  "summary_fg_mad": 7853.679853489303,
  "summary_fg_mean": 53071.14453125,
  "summary_fg_median": 51421.2109375,
  "summary_fg_n": 38271.0,
  "summary_fg_p05": 41343.03515625,
  "summary_fg_p95": 71210.30859375,
  "summary_fg_stdv": 9714.9404296875,
  "tsnr": 53.701568603515625
}