{
  "aor": 0.016225892857142855,
  "aqi": 0.01722333482142857,
  "bids_meta": {
    "AcquisitionMatrixPE": 78,
    "AcquisitionNumber": 11,
    "AcquisitionTime": "11:02:0.480000",
    "ConversionSoftware": "dcm2niix",
    "ConversionSoftwareVersion": "v1.0.20180622 GCC4.9.2",
    "DeviceSerialNumber": "34111",
    "EchoTime": 0.03,
    "EchoTrainLength": 31,
    "FlipAngle": 75,
    "ImageOrientationPatientDICOM": [
      0.998715,
      -0.0480072,
      0.0162399,
      0.0486403,
      0.997969,
      -0.0411406
    ],
    "ImageType": [
      "ORIGINAL",
      "PRIMARY",
      "M",
      "FFE",
      "M",
      "FFE"
    ],
    "InPlanePhaseEncodingDirectionDICOM": "COL",
    "InstitutionName": "INSERM_PURPAN",
    "InstitutionalDepartmentName": "NEURO-SCIENCES",
    "MRAcquisitionType": "2D",
    "MagneticFieldStrength": 3,
    "Manufacturer": "Philips",
    "ManufacturersModelName": "Achieva_dStream",
    "Modality": "MR",
    "PatientPosition": "HFS",
    "PercentPhaseFOV": 100,
    "PhaseEncodingAxis": "j",
    "PhaseEncodingSteps": 78,
    "PhilipsRescaleIntercept": 0,
    "PhilipsRescaleSlope": 0.796825,
    "PhilipsScaleSlope": 0.0261008,
    "PixelBandwidth": 3423,
    "ProtocolName": "EPI_LOCALIZER_56dyn_SENSE",
    "ReconMatrixPE": 80,
    "RepetitionTime": 2,
    "SAR": 0.079296,
    "ScanOptions": "FS",
    "ScanningSequence": "GR",
    "SequenceVariant": "SK",
    "SeriesDescription": "EPI_LOCALIZER_56dyn",
    "SeriesNumber": 1101,
    "SliceThickness": 3,
    "SoftwareVersions": "5.1.7_5.1.7.2",
    "SpacingBetweenSlices": 3.2,
    "StationName": "PHILIPS-IL8E2TF",
    "TaskName": "loc",
    "UsePhilipsFloatNotDisplayScaling": 1,
    "dataset": "ds001761",
    "modality": "bold",
    "run_id": 2,
    "session_id": "04",
    "subject_id": "01",
    "task_id": "loc"
  },
  "dummy_trs": 0,
  "dvars_nstd": 33.52360500036363,
  "dvars_std": 1.158664019272727,
  "dvars_vstd": 1.0848935270909088,
  "efc": 0.4191041958398549,
  "fber": 126228.4140625,
  "fd_mean": 0.3541368363018923,
  "fd_num": 25,
  "fd_perc": 44.642857142857146,
  "fwhm_avg": 1.7458245469853013,
  "fwhm_x": 1.6815466666666667,
  "fwhm_y": 1.89013,
  "fwhm_z": 1.665796974289237,
  "gcor": 0.04493,
  "gsr_x": -0.0089640561491251,
  "gsr_y": 0.012027958407998085,
  "provenance": {
    "md5sum": "8a680e304ca1ddb43f8573915920e1b6",
    "settings": {
      "fd_thres": 0.2,
      "testing": false
    },
    "software": "mriqc",
    "version": "21.0.0rc2",
    "webapi_port": null,
    "webapi_url": "https://mriqc.nimh.nih.gov/api/v1"
  },
  "size_t": 56,
  "size_x": 80,
  "size_y": 80,
  "size_z": 41,
  "snr": 5.441843520584429,
  "spacing_tr": 1.999998688697815,
  "spacing_x": 3.0,
  "spacing_y": 3.0,
  "spacing_z": 3.1999998092651367,
  "summary_bg_k": 137.81581878970061,
  "summary_bg_mad": 137.09140748899898,
  "summary_bg_mean": 1186.8809814453125,
  "summary_bg_median": 144.5566864013672,
  "summary_bg_n": 180742.0,
  "summary_bg_p05": 30.623654079437255,
  "summary_bg_p95": 5275.456860351554,
  "summary_bg_stdv": 3551.038330078125,
  "summary_fg_k": 2.930839959230706,
  "summary_fg_mad": 7839.6877950521575,
  "summary_fg_mean": 53384.8359375,
  "summary_fg_median": 51826.27734375,
  "summary_fg_n": 38486.0,
  "summary_fg_p05": 41773.7919921875,
  "summary_fg_p95": 70796.705078125,
  "summary_fg_stdv": 9523.5380859375,
  "tsnr": 40.28365707397461
}