{
  "aor": 0.0032198461538461534,
  "aqi": 0.01236593348717949,
  "bids_meta": {
    "AcquisitionMatrixPE": 78,
    "AcquisitionNumber": 6,
    "AcquisitionTime": "10:30:55.490000",
    "ConversionSoftware": "dcm2niix",
    "ConversionSoftwareVersion": "v1.0.20180622 GCC4.9.2",
    "DeviceSerialNumber": "34111",
    "EchoTime": 0.03,
    "EchoTrainLength": 31,
    "FlipAngle": 75,
    "ImageOrientationPatientDICOM": [
      0.998715,
      -0.0480072,
      0.0162399,
      0.0486403,
      0.997969,
      -0.0411406
    ],
    "ImageType": [
      "ORIGINAL",
      "PRIMARY",
      "M",
      "FFE",
      "M",
      "FFE"
    ],
    "InPlanePhaseEncodingDirectionDICOM": "COL",
    "InstitutionName": "INSERM_PURPAN",
    "InstitutionalDepartmentName": "NEURO-SCIENCES",
    "MRAcquisitionType": "2D",
    "MagneticFieldStrength": 3,
    "Manufacturer": "Philips",
    "ManufacturersModelName": "Achieva_dStream",
    "Modality": "MR",
    "PatientPosition": "HFS",
    "PercentPhaseFOV": 100,
    "PhaseEncodingAxis": "j",
    "PhaseEncodingSteps": 78,
    "PhilipsRescaleIntercept": 0,
    "PhilipsRescaleSlope": 0.864225,
    "PhilipsScaleSlope": 0.0257231,
    "PixelBandwidth": 3423,
    "ProtocolName": "EPI_run3_195dyn_SENSE",
    "ReconMatrixPE": 80,
    "RepetitionTime": 2,
    "SAR": 0.079296,
    "ScanOptions": "FS",
    "ScanningSequence": "GR",
    "SequenceVariant": "SK",
    "SeriesDescription": "EPI_run3_195dyn",
    "SeriesNumber": 601,
    "SliceThickness": 3,
    "SoftwareVersions": "5.1.7_5.1.7.2",
    "SpacingBetweenSlices": 3.2,
    "StationName": "PHILIPS-IL8E2TF",
    "TaskName": "faces",
    "UsePhilipsFloatNotDisplayScaling": 1,
    "dataset": "ds001761",
    "modality": "bold",
    "run_id": 3,
    "session_id": "04",
    "subject_id": "01",
    "task_id": "faces"
  },
  "dummy_trs": 0,
  "dvars_nstd": 29.77658582479379,
  "dvars_std": 1.1327355745876295,
  "dvars_vstd": 1.034384400515464,
  "efc": 0.4180952291916096,
  "fber": 128848.546875,
  "fd_mean": 0.22607010082604678,
  "fd_num": 82,
  "fd_perc": 42.05128205128205,
  "fwhm_avg": 1.7378173246105904,
  "fwhm_x": 1.67624,
  "fwhm_y": 1.87909,
  "fwhm_z": 1.6581219738317714,
  "gcor": 0.0393436,
  "gsr_x": -0.008864037692546844,
  "gsr_y": 0.012447476387023926,
  "provenance": {
    "md5sum": "6dc85413346a222a0585136e05aabcc4",
    "settings": {
      "fd_thres": 0.2,
      "testing": false
    },
    "software": "mriqc",
    "version": "21.0.0rc2",
    "webapi_port": null,
    "webapi_url": "https://mriqc.nimh.nih.gov/api/v1"
  },
  "size_t": 195,
  "size_x": 80,
  "size_y": 80,
  "size_z": 41,
  "snr": 5.402743081046421,
  "spacing_tr": 1.999998688697815,
  "spacing_x": 3.0,
  "spacing_y": 3.0,
  "spacing_z": 3.1999998092651367,
  "summary_bg_k": 141.86650723259095,
  "summary_bg_mad": 139.91258158620622,
  "summary_bg_mean": 1198.36572265625,
  "summary_bg_median": 143.96389770507812,
  "summary_bg_n": 180958.0,
  "summary_bg_p05": 28.072691249847413,
  "summary_bg_p95": 5224.863476562493,
  "summary_bg_stdv": 3686.581298828125,
  "summary_fg_k": 2.989507330245414,
  "summary_fg_mad": 7846.107578486584,
  "summary_fg_mean": 53804.23046875,
  "summary_fg_median": 52212.890625,
  "summary_fg_n": 38322.0,
  "summary_fg_p05": 42017.033984375,
  "summary_fg_p95": 71600.71328124999,
  "summary_fg_stdv": 9664.0185546875,
  "tsnr": 48.56885528564453
}