{
  "aor": 0.005089464285714286,
  "aqi": 0.008701908214285714,
  "bids_meta": {
    "AcquisitionMatrixPE": 78,
    "AcquisitionNumber": 7,
    "AcquisitionTime": "10:38:11.960000",
    "ConversionSoftware": "dcm2niix",
    "ConversionSoftwareVersion": "v1.0.20180622 GCC4.9.2",
    "DeviceSerialNumber": "34111",
    "EchoTime": 0.03,
    "EchoTrainLength": 31,
    "FlipAngle": 75,
    "ImageOrientationPatientDICOM": [
      0.998715,
      -0.0480072,
      0.0162399,
      0.0486403,
      0.997969,
      -0.0411406
    ],
    "ImageType": [
      "ORIGINAL",
      "PRIMARY",
      "M",
      "FFE",
      "M",
      "FFE"
    ],
    "InPlanePhaseEncodingDirectionDICOM": "COL",
    "InstitutionName": "INSERM_PURPAN",
    "InstitutionalDepartmentName": "NEURO-SCIENCES",
    "MRAcquisitionType": "2D",
    "MagneticFieldStrength": 3,
    "Manufacturer": "Philips",
    "ManufacturersModelName": "Achieva_dStream",
    "Modality": "MR",
    "PatientPosition": "HFS",
    "PercentPhaseFOV": 100,
    "PhaseEncodingAxis": "j",
    "PhaseEncodingSteps": 78,
    "PhilipsRescaleIntercept": 0,
    "PhilipsRescaleSlope": 0.82149,
    "PhilipsScaleSlope": 0.0259236,
    "PixelBandwidth": 3423,
    "ProtocolName": "EPI_LOCALIZER_56dyn_SENSE",
    "ReconMatrixPE": 80,
    "RepetitionTime": 2,
    "SAR": 0.079296,
    "ScanOptions": "FS",
    "ScanningSequence": "GR",
    "SequenceVariant": "SK",
    "SeriesDescription": "EPI_LOCALIZER_56dyn",
    "SeriesNumber": 701,
    "SliceThickness": 3,
    "SoftwareVersions": "5.1.7_5.1.7.2",
    "SpacingBetweenSlices": 3.2,
    "StationName": "PHILIPS-IL8E2TF",
    "TaskName": "loc",
    "UsePhilipsFloatNotDisplayScaling": 1,
    "dataset": "ds001761",
    "modality": "bold",
    "run_id": 1,
    "session_id": "04",
    "subject_id": "01",
    "task_id": "loc"
  },
  "dummy_trs": 0,
  "dvars_nstd": 28.590942938,
  "dvars_std": 1.1408720600000002,
  "dvars_vstd": 1.024519211818182,
  "efc": 0.4188965584103693,
  "fber": 130249.2578125,
  "fd_mean": 0.1410916017574411,
  "fd_num": 9,
  "fd_perc": 16.071428571428573,
  "fwhm_avg": 1.726415657609641,
  "fwhm_x": 1.66341,
  "fwhm_y": 1.8745399999999999,
  "fwhm_z": 1.641296972828923,
  "gcor": 0.0267962,
  "gsr_x": -0.009177845902740955,
  "gsr_y": 0.012080389074981213,
  "provenance": {
    "md5sum": "eef83c0f54b8bb7779c9f16856583702",
    "settings": {
      "fd_thres": 0.2,
      "testing": false
    },
    "software": "mriqc",
    "version": "21.0.0rc2",
    "webapi_port": null,
    "webapi_url": "https://mriqc.nimh.nih.gov/api/v1"
  },
  "size_t": 56,
  "size_x": 80,
  "size_y": 80,
  "size_z": 41,
  "snr": 5.413626980375021,
  "spacing_tr": 1.999998688697815,
  "spacing_x": 3.0,
  "spacing_y": 3.0,
  "spacing_z": 3.1999998092651367,
  "summary_bg_k": 128.85777574452885,
  "summary_bg_mad": 139.98711211917845,
  "summary_bg_mean": 1209.5596923828125,
  "summary_bg_median": 143.3894500732422,
  "summary_bg_n": 180820.0,
  "summary_bg_p05": 25.236890602111817,
  "summary_bg_p95": 5300.721997070306,
  "summary_bg_stdv": 3704.03759765625,
  "summary_fg_k": 2.9774958498034136,
  "summary_fg_mad": 7826.521013240546,
  "summary_fg_mean": 53833.68359375,
  "summary_fg_median": 52217.390625,
  "summary_fg_n": 38406.0,
  "summary_fg_p05": 42065.5537109375,
  "summary_fg_p95": 71875.130859375,
  "summary_fg_stdv": 9645.4208984375,
  "tsnr": 61.27919006347656
}