{
  "aor": 0.0015035384615384613,
  "aqi": 0.01544388723076923,
  "bids_meta": {
    "AcquisitionMatrixPE": 78,
    "AcquisitionNumber": 17,
    "AcquisitionTime": "11:40:51.340000",
    "ConversionSoftware": "dcm2niix",
    "ConversionSoftwareVersion": "v1.0.20180622 GCC4.9.2",
    "DeviceSerialNumber": "34111",
    "EchoTime": 0.03,
    "EchoTrainLength": 31,
    "FlipAngle": 75,
    "ImageOrientationPatientDICOM": [
      0.998715,
      -0.0480072,
      0.0162399,
      0.0486403,
      0.997969,
      -0.0411406
    ],
    "ImageType": [
      "ORIGINAL",
      "PRIMARY",
      "M",
      "FFE",
      "M",
      "FFE"
    ],
    "InPlanePhaseEncodingDirectionDICOM": "COL",
    "InstitutionName": "INSERM_PURPAN",
    "InstitutionalDepartmentName": "NEURO-SCIENCES",
    "MRAcquisitionType": "2D",
    "MagneticFieldStrength": 3,
    "Manufacturer": "Philips",
    "ManufacturersModelName": "Achieva_dStream",
    "Modality": "MR",
    "PatientPosition": "HFS",
    "PercentPhaseFOV": 100,
    "PhaseEncodingAxis": "j",
    "PhaseEncodingSteps": 78,
    "PhilipsRescaleIntercept": 0,
    "PhilipsRescaleSlope": 0.807326,
    "PhilipsScaleSlope": 0.0262481,
    "PixelBandwidth": 3423,
    "ProtocolName": "EPI_run12_195dyn_SENSE",
    "ReconMatrixPE": 80,
    "RepetitionTime": 2,
    "SAR": 0.079296,
    "ScanOptions": "FS",
    "ScanningSequence": "GR",
    "SequenceVariant": "SK",
    "SeriesDescription": "EPI_run12_195dyn",
    "SeriesNumber": 1701,
    "SliceThickness": 3,
    "SoftwareVersions": "5.1.7_5.1.7.2",
    "SpacingBetweenSlices": 3.2,
    "StationName": "PHILIPS-IL8E2TF",
    "TaskName": "faces",
    "UsePhilipsFloatNotDisplayScaling": 1,
    "dataset": "ds001761",
    "modality": "bold",
    "run_id": 12,
    "session_id": "04",
    "subject_id": "01",
    "task_id": "faces"
  },
  "dummy_trs": 0,
  "dvars_nstd": 30.4022967843299,
  "dvars_std": 1.0702238978865977,
  "dvars_vstd": 0.9835216236597937,
  "efc": 0.41667194260266704,
  "fber": 117558.8828125,
  "fd_mean": 0.2406253635293931,
  "fd_num": 91,
  "fd_perc": 46.666666666666664,
  "fwhm_avg": 1.7444618382391435,
  "fwhm_x": 1.68394,
  "fwhm_y": 1.9044266666666667,
  "fwhm_z": 1.645018848050764,
  "gcor": 0.0291857,
  "gsr_x": -0.007649991195648909,
  "gsr_y": 0.012665683403611183,
  "provenance": {
    "md5sum": "62d5e5e719f4df3e30d67df4527f8e38",
    "settings": {
      "fd_thres": 0.2,
      "testing": false
    },
    "software": "mriqc",
    "version": "21.0.0rc2",
    "webapi_port": null,
    "webapi_url": "https://mriqc.nimh.nih.gov/api/v1"
  },
  "size_t": 195,
  "size_x": 80,
  "size_y": 80,
  "size_z": 41,
  "snr": 5.243646097612098,
  "spacing_tr": 1.999998688697815,
  "spacing_x": 3.0,
  "spacing_y": 3.0,
  "spacing_z": 3.1999998092651367,
  "summary_bg_k": 152.01530044696256,
  "summary_bg_mad": 152.91144629932418,
  "summary_bg_mean": 1168.4444580078125,
  "summary_bg_median": 148.49827575683594,
  "summary_bg_n": 181031.0,
  "summary_bg_p05": 24.693345069885254,
  "summary_bg_p95": 5196.556884765625,
  "summary_bg_stdv": 3563.631103515625,
  "summary_fg_k": 2.988136152861129,
  "summary_fg_mad": 7844.624976268078,
  "summary_fg_mean": 53213.1015625,
  "summary_fg_median": 51464.5234375,
  "summary_fg_n": 38306.0,
  "summary_fg_p05": 41414.412109375,
  "summary_fg_p95": 71536.09765625,
  "summary_fg_stdv": 9814.5166015625,
  "tsnr": 44.33611297607422
}