{
  "aor": 0.0012967179487179486,
  "aqi": 0.00671930317948718,
  "bids_meta": {
    "AcquisitionMatrixPE": 78,
    "AcquisitionNumber": 15,
    "AcquisitionTime": "11:56:18.820000",
    "BodyPartExamined": "HEAD",
    "ConversionSoftware": "dcm2niix",
    "ConversionSoftwareVersion": "v1.0.20180622 GCC4.9.2",
    "DeviceSerialNumber": "34111",
    "EchoTime": 0.030001,
    "EchoTrainLength": 31,
    "FlipAngle": 75,
    "ImageOrientationPatientDICOM": [
      0.998646,
      0.0501326,
      0.0139041,
      -0.0475135,
      0.987731,
      -0.148761
    ],
    "ImageType": [
      "ORIGINAL",
      "PRIMARY",
      "M",
      "FFE",
      "M",
      "FFE"
    ],
    "InPlanePhaseEncodingDirectionDICOM": "COL",
    "MRAcquisitionType": "2D",
    "MagneticFieldStrength": 3,
    "Manufacturer": "Philips",
    "ManufacturersModelName": "Achieva_dStream",
    "Modality": "MR",
    "PatientPosition": "HFS",
    "PercentPhaseFOV": 100,
    "PhaseEncodingAxis": "j",
    "PhaseEncodingSteps": 78,
    "PhilipsRescaleIntercept": 0,
    "PhilipsRescaleSlope": 0.806593,
    "PhilipsScaleSlope": 0.00869778,
    "PixelBandwidth": 3416,
    "ProtocolName": "EPI_run11_195dyn",
    "ReconMatrixPE": 80,
    "RepetitionTime": 2,
    "SAR": 0.0791066,
    "ScanOptions": "FS",
    "ScanningSequence": "GR",
    "SequenceVariant": "SK",
    "SeriesDescription": "EPI_run11_195dyn",
    "SeriesNumber": 1501,
    "SliceThickness": 3,
    "SoftwareVersions": "5.3.1_5.3.1.1",
    "SpacingBetweenSlices": 3.2,
    "StationName": "HOST_INGENIA",
    "TaskName": "faces",
    "UsePhilipsFloatNotDisplayScaling": 1,
    "dataset": "ds001761",
    "modality": "bold",
    "run_id": 11,
    "session_id": "02",
    "subject_id": "03",
    "task_id": "faces"
  },
  "dummy_trs": 0,
  "dvars_nstd": 27.313124312680415,
  "dvars_std": 1.2512977992783507,
  "dvars_vstd": 0.9982420585567008,
  "efc": 0.4405119738690893,
  "fber": 70583.7421875,
  "fd_mean": 0.0736896125798601,
  "fd_num": 2,
  "fd_perc": 1.0256410256410255,
  "fwhm_avg": 1.8432804141828907,
  "fwhm_x": 1.8097333333333332,
  "fwhm_y": 1.9933166666666666,
  "fwhm_z": 1.7267912425486718,
  "gcor": 0.0123668,
  "gsr_x": -0.012229940854012966,
  "gsr_y": 0.014488926157355309,
  "provenance": {
    "md5sum": "21bafc6c8b23be155824337fb8aaa81b",
    "settings": {
      "fd_thres": 0.2,
      "testing": false
    },
    "software": "mriqc",
    "version": "21.0.0rc2",
    "webapi_port": null,
    "webapi_url": "https://mriqc.nimh.nih.gov/api/v1"
  },
  "size_t": 195,
  "size_x": 80,
  "size_y": 80,
  "size_z": 41,
  "snr": 5.45684800753774,
  "spacing_tr": 1.9999991655349731,
  "spacing_x": 3.0,
  "spacing_y": 3.0,
  "spacing_z": 3.1999988555908203,
  "summary_bg_k": 47.7293659408881,
  "summary_bg_mad": 663.7277080646479,
  "summary_bg_mean": 4089.7099609375,
  "summary_bg_median": 579.8079833984375,
  "summary_bg_n": 176199.0,
  "summary_bg_p05": 51.5039794921875,
  "summary_bg_p95": 20968.192578125007,
  "summary_bg_stdv": 10573.4990234375,
  "summary_fg_k": 2.873129872518155,
  "summary_fg_mad": 27173.770516411438,
  "summary_fg_mean": 160337.09375,
  "summary_fg_median": 157808.984375,
  "summary_fg_n": 40928.0,
  "summary_fg_p05": 119896.987109375,
  "summary_fg_p95": 208116.4515625,
  "summary_fg_stdv": 28919.0859375,
  "tsnr": 64.60694885253906
}