{
  "aor": 0.001300871794871795,
  "aqi": 0.00475969,
  "bids_meta": {
    "AcquisitionMatrixPE": 78,
    "AcquisitionNumber": 11,
    "AcquisitionTime": "11:20:44.770000",
    "BodyPartExamined": "HEAD",
    "ConversionSoftware": "dcm2niix",
    "ConversionSoftwareVersion": "v1.0.20180622 GCC4.9.2",
    "DeviceSerialNumber": "34111",
    "EchoTime": 0.030001,
    "EchoTrainLength": 31,
    "FlipAngle": 75,
    "ImageOrientationPatientDICOM": [
      0.998646,
      0.0501326,
      0.0139041,
      -0.0475135,
      0.987731,
      -0.148761
    ],
    "ImageType": [
      "ORIGINAL",
      "PRIMARY",
      "M",
      "FFE",
      "M",
      "FFE"
    ],
    "InPlanePhaseEncodingDirectionDICOM": "COL",
    "MRAcquisitionType": "2D",
    "MagneticFieldStrength": 3,
    "Manufacturer": "Philips",
    "ManufacturersModelName": "Achieva_dStream",
    "Modality": "MR",
    "PatientPosition": "HFS",
    "PercentPhaseFOV": 100,
    "PhaseEncodingAxis": "j",
    "PhaseEncodingSteps": 78,
    "PhilipsRescaleIntercept": 0,
    "PhilipsRescaleSlope": 0.835409,
    "PhilipsScaleSlope": 0.00767198,
    "PixelBandwidth": 3416,
    "ProtocolName": "EPI_run7_195dyn",
    "ReconMatrixPE": 80,
    "RepetitionTime": 2,
    "SAR": 0.0791066,
    "ScanOptions": "FS",
    "ScanningSequence": "GR",
    "SequenceVariant": "SK",
    "SeriesDescription": "EPI_run7_195dyn",
    "SeriesNumber": 1101,
    "SliceThickness": 3,
    "SoftwareVersions": "5.3.1_5.3.1.1",
    "SpacingBetweenSlices": 3.2,
    "StationName": "HOST_INGENIA",
    "TaskName": "faces",
    "UsePhilipsFloatNotDisplayScaling": 1,
    "dataset": "ds001761",
    "modality": "bold",
    "run_id": 7,
    "session_id": "02",
    "subject_id": "03",
    "task_id": "faces"
  },
  "dummy_trs": 0,
  "dvars_nstd": 27.17665891541237,
  "dvars_std": 1.264848316391752,
  "dvars_vstd": 1.0065047455670102,
  "efc": 0.43773201578999427,
  "fber": 74644.3671875,
  "fd_mean": 0.07086225766111773,
  "fd_num": 0,
  "fd_perc": 0.0,
  "fwhm_avg": 1.8583596525809583,
  "fwhm_x": 1.8129966666666668,
  "fwhm_y": 2.016106666666667,
  "fwhm_z": 1.7459756244095412,
  "gcor": 0.00773269,
  "gsr_x": -0.011715434491634369,
  "gsr_y": 0.0152015071362257,
  "provenance": {
    "md5sum": "de4e75011a34d6e17d14f9c1ea3491e7",
    "settings": {
      "fd_thres": 0.2,
      "testing": false
    },
    "software": "mriqc",
    "version": "21.0.0rc2",
    "webapi_port": null,
    "webapi_url": "https://mriqc.nimh.nih.gov/api/v1"
  },
  "size_t": 195,
  "size_x": 80,
  "size_y": 80,
  "size_z": 41,
  "snr": 5.301915537609529,
  "spacing_tr": 1.9999991655349731,
  "spacing_x": 3.0,
  "spacing_y": 3.0,
  "spacing_z": 3.1999988555908203,
  "summary_bg_k": 52.90866085292933,
  "summary_bg_mad": 666.4120515009457,
  "summary_bg_mean": 4066.324462890625,
  "summary_bg_median": 579.6058349609375,
  "summary_bg_n": 176549.0,
  "summary_bg_p05": 47.71776428222656,
  "summary_bg_p95": 20610.773046875,
  "summary_bg_stdv": 10605.837890625,
  "summary_fg_k": 2.785601213387846,
  "summary_fg_mad": 28773.255070752508,
  "summary_fg_mean": 164327.34375,
  "summary_fg_median": 161763.015625,
  "summary_fg_n": 40710.0,
  "summary_fg_p05": 121845.331640625,
  "summary_fg_p95": 214647.20937499998,
  "summary_fg_stdv": 30509.921875,
  "tsnr": 71.87086486816406
}