{
  "aor": 0.0038396428571428574,
  "aqi": 0.004257577142857143,
  "bids_meta": {
    "AcquisitionMatrixPE": 78,
    "AcquisitionNumber": 10,
    "AcquisitionTime": "11:18:5.480000",
    "BodyPartExamined": "HEAD",
    "ConversionSoftware": "dcm2niix",
    "ConversionSoftwareVersion": "v1.0.20180622 GCC4.9.2",
    "DeviceSerialNumber": "34111",
    "EchoTime": 0.030001,
    "EchoTrainLength": 31,
    "FlipAngle": 75,
    "ImageOrientationPatientDICOM": [
      0.998646,
      0.0501326,
      0.0139041,
      -0.0475135,
      0.987731,
      -0.148761
    ],
    "ImageType": [
      "ORIGINAL",
      "PRIMARY",
      "M",
      "FFE",
      "M",
      "FFE"
    ],
    "InPlanePhaseEncodingDirectionDICOM": "COL",
    "MRAcquisitionType": "2D",
    "MagneticFieldStrength": 3,
    "Manufacturer": "Philips",
    "ManufacturersModelName": "Achieva_dStream",
    "Modality": "MR",
    "PatientPosition": "HFS",
    "PercentPhaseFOV": 100,
    "PhaseEncodingAxis": "j",
    "PhaseEncodingSteps": 78,
    "PhilipsRescaleIntercept": 0,
    "PhilipsRescaleSlope": 0.846642,
    "PhilipsScaleSlope": 0.00763267,
    "PixelBandwidth": 3416,
    "ProtocolName": "EPI_LOCALIZER_56dyn",
    "ReconMatrixPE": 80,
    "RepetitionTime": 2,
    "SAR": 0.0791066,
    "ScanOptions": "FS",
    "ScanningSequence": "GR",
    "SequenceVariant": "SK",
    "SeriesDescription": "EPI_LOCALIZER_56dyn",
    "SeriesNumber": 1001,
    "SliceThickness": 3,
    "SoftwareVersions": "5.3.1_5.3.1.1",
    "SpacingBetweenSlices": 3.2,
    "StationName": "HOST_INGENIA",
    "TaskName": "loc",
    "UsePhilipsFloatNotDisplayScaling": 1,
    "dataset": "ds001761",
    "modality": "bold",
    "run_id": 2,
    "session_id": "02",
    "subject_id": "03",
    "task_id": "loc"
  },
  "dummy_trs": 0,
  "dvars_nstd": 27.257111531636347,
  "dvars_std": 1.2740244149090907,
  "dvars_vstd": 1.0239801096363637,
  "efc": 0.4375684191913028,
  "fber": 76272.484375,
  "fd_mean": 0.07102888532748704,
  "fd_num": 0,
  "fd_perc": 0.0,
  "fwhm_avg": 1.8588605565221445,
  "fwhm_x": 1.8117366666666666,
  "fwhm_y": 2.00911,
  "fwhm_z": 1.7557350028997671,
  "gcor": 0.0147151,
  "gsr_x": -0.011192523874342442,
  "gsr_y": 0.014337482862174511,
  "provenance": {
    "md5sum": "0caf6bfd6e1aa449e50ff3ecfb1651f1",
    "settings": {
      "fd_thres": 0.2,
      "testing": false
    },
    "software": "mriqc",
    "version": "21.0.0rc2",
    "webapi_port": null,
    "webapi_url": "https://mriqc.nimh.nih.gov/api/v1"
  },
  "size_t": 56,
  "size_x": 80,
  "size_y": 80,
  "size_z": 41,
  "snr": 5.340055818993354,
  "spacing_tr": 1.9999991655349731,
  "spacing_x": 3.0,
  "spacing_y": 3.0,
  "spacing_z": 3.1999988555908203,
  "summary_bg_k": 43.449454234675194,
  "summary_bg_mad": 657.1156994249798,
  "summary_bg_mean": 3987.291748046875,
  "summary_bg_median": 571.7598876953125,
  "summary_bg_n": 176428.0,
  "summary_bg_p05": 40.7292724609375,
  "summary_bg_p95": 20352.230175781246,
  "summary_bg_stdv": 10296.654296875,
  "summary_fg_k": 2.6751352667934745,
  "summary_fg_mad": 28461.95493618566,
  "summary_fg_mean": 163973.796875,
  "summary_fg_median": 161447.03125,
  "summary_fg_n": 40792.0,
  "summary_fg_p05": 121692.69101562501,
  "summary_fg_p95": 213884.33984375,
  "summary_fg_stdv": 30232.83984375,
  "tsnr": 78.13323974609375
}