{
  "aor": 0.0014331282051282053,
  "aqi": 0.004105749846153846,
  "bids_meta": {
    "AcquisitionMatrixPE": 78,
    "AcquisitionNumber": 3,
    "AcquisitionTime": "10:17:49.710000",
    "BodyPartExamined": "HEAD",
    "ConversionSoftware": "dcm2niix",
    "ConversionSoftwareVersion": "v1.0.20180622 GCC4.9.2",
    "DeviceSerialNumber": "34111",
    "EchoTime": 0.030001,
    "EchoTrainLength": 31,
    "FlipAngle": 75,
    "ImageOrientationPatientDICOM": [
      0.998646,
      0.0501326,
      0.0139041,
      -0.0475135,
      0.987731,
      -0.148761
    ],
    "ImageType": [
      "ORIGINAL",
      "PRIMARY",
      "M",
      "FFE",
      "M",
      "FFE"
    ],
    "InPlanePhaseEncodingDirectionDICOM": "COL",
    "MRAcquisitionType": "2D",
    "MagneticFieldStrength": 3,
    "Manufacturer": "Philips",
    "ManufacturersModelName": "Achieva_dStream",
    "Modality": "MR",
    "PatientPosition": "HFS",
    "PercentPhaseFOV": 100,
    "PhaseEncodingAxis": "j",
    "PhaseEncodingSteps": 78,
    "PhilipsRescaleIntercept": 0,
    "PhilipsRescaleSlope": 0.823443,
    "PhilipsScaleSlope": 0.00737506,
    "PixelBandwidth": 3416,
    "ProtocolName": "EPI_run1_195dyn",
    "ReconMatrixPE": 80,
    "RepetitionTime": 2,
    "SAR": 0.0791066,
    "ScanOptions": "FS",
    "ScanningSequence": "GR",
    "SequenceVariant": "SK",
    "SeriesDescription": "EPI_run1_195dyn",
    "SeriesNumber": 301,
    "SliceThickness": 3,
    "SoftwareVersions": "5.3.1_5.3.1.1",
    "SpacingBetweenSlices": 3.2,
    "StationName": "HOST_INGENIA",
    "TaskName": "faces",
    "UsePhilipsFloatNotDisplayScaling": 1,
    "dataset": "ds001761",
    "modality": "bold",
    "run_id": 1,
    "session_id": "02",
    "subject_id": "03",
    "task_id": "faces"
  },
  "dummy_trs": 0,
  "dvars_nstd": 26.35255539304123,
  "dvars_std": 1.2580630115979388,
  "dvars_vstd": 1.015707599381444,
  "efc": 0.4344326585633376,
  "fber": 71660.3359375,
  "fd_mean": 0.06901968630086627,
  "fd_num": 0,
  "fd_perc": 0.0,
  "fwhm_avg": 1.8652413203473308,
  "fwhm_x": 1.8225333333333333,
  "fwhm_y": 2.0179899999999997,
  "fwhm_z": 1.7552006277086596,
  "gcor": 0.0143468,
  "gsr_x": -0.010143707506358624,
  "gsr_y": 0.013991319574415684,
  "provenance": {
    "md5sum": "0571a7423e1ecad16ca24d04e64882bb",
    "settings": {
      "fd_thres": 0.2,
      "testing": false
    },
    "software": "mriqc",
    "version": "21.0.0rc2",
    "webapi_port": null,
    "webapi_url": "https://mriqc.nimh.nih.gov/api/v1"
  },
  "size_t": 195,
  "size_x": 80,
  "size_y": 80,
  "size_z": 41,
  "snr": 5.222346971003178,
  "spacing_tr": 1.9999991655349731,
  "spacing_x": 3.0,
  "spacing_y": 3.0,
  "spacing_z": 3.1999988555908203,
  "summary_bg_k": 48.064228042959876,
  "summary_bg_mad": 714.7161903042722,
  "summary_bg_mean": 3864.103759765625,
  "summary_bg_median": 608.1302490234375,
  "summary_bg_n": 176754.0,
  "summary_bg_p05": 37.81004581451416,
  "summary_bg_p95": 19136.020214843764,
  "summary_bg_stdv": 10007.2001953125,
  "summary_fg_k": 2.337161637484808,
  "summary_fg_mad": 29781.192922739676,
  "summary_fg_mean": 168571.15625,
  "summary_fg_median": 165882.875,
  "summary_fg_n": 40638.0,
  "summary_fg_p05": 123848.65390625,
  "summary_fg_p95": 221531.83203125,
  "summary_fg_stdv": 31763.65625,
  "tsnr": 72.85258483886719
}