{
  "aor": 0.0016166494845360826,
  "aqi": 0.005532264587628866,
  "bids_meta": {
    "AcquisitionMatrixPE": 78,
    "AcquisitionNumber": 14,
    "AcquisitionTime": "11:46:22.100000",
    "BodyPartExamined": "HEAD",
    "ConversionSoftware": "dcm2niix",
    "ConversionSoftwareVersion": "v1.0.20180622 GCC4.9.2",
    "DeviceSerialNumber": "34111",
    "EchoTime": 0.030001,
    "EchoTrainLength": 31,
    "FlipAngle": 75,
    "ImageOrientationPatientDICOM": [
      0.998646,
      0.0501326,
      0.0139041,
      -0.0475135,
      0.987731,
      -0.148761
    ],
    "ImageType": [
      "ORIGINAL",
      "PRIMARY",
      "M",
      "FFE",
      "M",
      "FFE"
    ],
    "InPlanePhaseEncodingDirectionDICOM": "COL",
    "MRAcquisitionType": "2D",
    "MagneticFieldStrength": 3,
    "Manufacturer": "Philips",
    "ManufacturersModelName": "Achieva_dStream",
    "Modality": "MR",
    "PatientPosition": "HFS",
    "PercentPhaseFOV": 100,
    "PhaseEncodingAxis": "j",
    "PhaseEncodingSteps": 78,
    "PhilipsRescaleIntercept": 0,
    "PhilipsRescaleSlope": 0.818071,
    "PhilipsScaleSlope": 0.00801517,
    "PixelBandwidth": 3416,
    "ProtocolName": "EPI_run10_195dyn",
    "ReconMatrixPE": 80,
    "RepetitionTime": 2,
    "SAR": 0.0791066,
    "ScanOptions": "FS",
    "ScanningSequence": "GR",
    "SequenceVariant": "SK",
    "SeriesDescription": "EPI_run10_195dyn",
    "SeriesNumber": 1401,
    "SliceThickness": 3,
    "SoftwareVersions": "5.3.1_5.3.1.1",
    "SpacingBetweenSlices": 3.2,
    "StationName": "HOST_INGENIA",
    "TaskName": "faces",
    "UsePhilipsFloatNotDisplayScaling": 1,
    "dataset": "ds001761",
    "modality": "bold",
    "run_id": 10,
    "session_id": "02",
    "subject_id": "03",
    "task_id": "faces"
  },
  "dummy_trs": 1,
  "dvars_nstd": 27.82079491103626,
  "dvars_std": 1.2986425488082902,
  "dvars_vstd": 1.018302781450777,
  "efc": 0.4389166874006446,
  "fber": 70959.4296875,
  "fd_mean": 0.07754238247487953,
  "fd_num": 0,
  "fd_perc": 0.0,
  "fwhm_avg": 1.8723958342358473,
  "fwhm_x": 1.8272266666666666,
  "fwhm_y": 2.0347633333333333,
  "fwhm_z": 1.755197502707542,
  "gcor": 0.00751047,
  "gsr_x": -0.012098733335733414,
  "gsr_y": 0.014799593947827816,
  "provenance": {
    "md5sum": "b16059de7a128eb0f4875693b6798be6",
    "settings": {
      "fd_thres": 0.2,
      "testing": false
    },
    "software": "mriqc",
    "version": "21.0.0rc2",
    "webapi_port": null,
    "webapi_url": "https://mriqc.nimh.nih.gov/api/v1"
  },
  "size_t": 194,
  "size_x": 80,
  "size_y": 80,
  "size_z": 41,
  "snr": 5.326124868283817,
  "spacing_tr": 1.9999991655349731,
  "spacing_x": 3.0,
  "spacing_y": 3.0,
  "spacing_z": 3.1999988555908203,
  "summary_bg_k": 51.9777271143767,
  "summary_bg_mad": 687.8586224003996,
  "summary_bg_mean": 4116.01513671875,
  "summary_bg_median": 590.3536987304688,
  "summary_bg_n": 176485.0,
  "summary_bg_p05": 41.649366760253905,
  "summary_bg_p95": 21087.854296874997,
  "summary_bg_stdv": 10678.369140625,
  "summary_fg_k": 2.8408930210148444,
  "summary_fg_mad": 28656.013667192245,
  "summary_fg_mean": 163351.71875,
  "summary_fg_median": 160815.25,
  "summary_fg_n": 40811.0,
  "summary_fg_p05": 121313.2421875,
  "summary_fg_p95": 212959.203125,
  "summary_fg_stdv": 30193.298828125,
  "tsnr": 67.527587890625
}