{
  "aor": 0.004166428571428571,
  "aqi": 0.004819015535714287,
  "bids_meta": {
    "AcquisitionMatrixPE": 78,
    "AcquisitionNumber": 6,
    "AcquisitionTime": "10:50:46.220000",
    "BodyPartExamined": "HEAD",
    "ConversionSoftware": "dcm2niix",
    "ConversionSoftwareVersion": "v1.0.20180622 GCC4.9.2",
    "DeviceSerialNumber": "34111",
    "EchoTime": 0.030001,
    "EchoTrainLength": 31,
    "FlipAngle": 75,
    "ImageOrientationPatientDICOM": [
      0.998646,
      0.0501326,
      0.0139041,
      -0.0475135,
      0.987731,
      -0.148761
    ],
    "ImageType": [
      "ORIGINAL",
      "PRIMARY",
      "M",
      "FFE",
      "M",
      "FFE"
    ],
    "InPlanePhaseEncodingDirectionDICOM": "COL",
    "MRAcquisitionType": "2D",
    "MagneticFieldStrength": 3,
    "Manufacturer": "Philips",
    "ManufacturersModelName": "Achieva_dStream",
    "Modality": "MR",
    "PatientPosition": "HFS",
    "PercentPhaseFOV": 100,
    "PhaseEncodingAxis": "j",
    "PhaseEncodingSteps": 78,
    "PhilipsRescaleIntercept": 0,
    "PhilipsRescaleSlope": 0.777289,
    "PhilipsScaleSlope": 0.00856177,
    "PixelBandwidth": 3416,
    "ProtocolName": "EPI_LOCALIZER_56dyn",
    "ReconMatrixPE": 80,
    "RepetitionTime": 2,
    "SAR": 0.0791066,
    "ScanOptions": "FS",
    "ScanningSequence": "GR",
    "SequenceVariant": "SK",
    "SeriesDescription": "EPI_LOCALIZER_56dyn",
    "SeriesNumber": 601,
    "SliceThickness": 3,
    "SoftwareVersions": "5.3.1_5.3.1.1",
    "SpacingBetweenSlices": 3.2,
    "StationName": "HOST_INGENIA",
    "TaskName": "loc",
    "UsePhilipsFloatNotDisplayScaling": 1,
    "dataset": "ds001761",
    "modality": "bold",
    "run_id": 1,
    "session_id": "02",
    "subject_id": "03",
    "task_id": "loc"
  },
  "dummy_trs": 0,
  "dvars_nstd": 24.98107615381818,
  "dvars_std": 1.1900763729090909,
  "dvars_vstd": 1.0195781643636361,
  "efc": 0.4370961548097429,
  "fber": 72166.84375,
  "fd_mean": 0.071731870987249,
  "fd_num": 1,
  "fd_perc": 1.7857142857142858,
  "fwhm_avg": 1.7633499873677845,
  "fwhm_x": 1.71117,
  "fwhm_y": 1.93722,
  "fwhm_z": 1.6416599621033532,
  "gcor": 0.0156112,
  "gsr_x": -0.010558768175542355,
  "gsr_y": 0.014295659959316254,
  "provenance": {
    "md5sum": "9467a5c0ff4a6f991b4da3b471051fa0",
    "settings": {
      "fd_thres": 0.2,
      "testing": false
    },
    "software": "mriqc",
    "version": "21.0.0rc2",
    "webapi_port": null,
    "webapi_url": "https://mriqc.nimh.nih.gov/api/v1"
  },
  "size_t": 56,
  "size_x": 80,
  "size_y": 80,
  "size_z": 41,
  "snr": 5.734370202748116,
  "spacing_tr": 1.9999991655349731,
  "spacing_x": 3.0,
  "spacing_y": 3.0,
  "spacing_z": 3.1999988555908203,
  "summary_bg_k": 45.37395590217521,
  "summary_bg_mad": 656.9698734072111,
  "summary_bg_mean": 3866.40087890625,
  "summary_bg_median": 581.89111328125,
  "summary_bg_n": 176813.0,
  "summary_bg_p05": 45.40530700683594,
  "summary_bg_p95": 19486.14218749998,
  "summary_bg_stdv": 10034.146484375,
  "summary_fg_k": 1.9726494045045566,
  "summary_fg_mad": 26501.908472001924,
  "summary_fg_mean": 160997.96875,
  "summary_fg_median": 158673.53125,
  "summary_fg_n": 40666.0,
  "summary_fg_p05": 122087.94921875,
  "summary_fg_p95": 206937.65234375,
  "summary_fg_stdv": 27670.271484375,
  "tsnr": 73.69477844238281
}