{
  "aor": 0.0013281372549019612,
  "aqi": 0.004860615686274511,
  "bids_meta": {
    "AcquisitionMatrixPE": 78,
    "AcquisitionNumber": 3,
    "AcquisitionTime": "11:59:16.960000",
    "BodyPartExamined": "HEAD",
    "ConversionSoftware": "dcm2niix",
    "ConversionSoftwareVersion": "v1.0.20180622 GCC4.9.2",
    "DeviceSerialNumber": "34111",
    "EchoTime": 0.030001,
    "EchoTrainLength": 31,
    "FlipAngle": 75,
    "ImageOrientationPatientDICOM": [
      0.996706,
      0.0165249,
      0.079397,
      -0.00676953,
      0.992556,
      -0.1216
    ],
    "ImageType": [
      "ORIGINAL",
      "PRIMARY",
      "M",
      "FFE",
      "M",
      "FFE"
    ],
    "InPlanePhaseEncodingDirectionDICOM": "COL",
    "MRAcquisitionType": "2D",
    "MagneticFieldStrength": 3,
    "Manufacturer": "Philips",
    "ManufacturersModelName": "Achieva_dStream",
    "Modality": "MR",
    "PatientPosition": "HFS",
    "PercentPhaseFOV": 100,
    "PhaseEncodingAxis": "j",
    "PhaseEncodingSteps": 78,
    "PhilipsRescaleIntercept": 0,
    "PhilipsRescaleSlope": 0.775824,
    "PhilipsScaleSlope": 0.007362,
    "PixelBandwidth": 3427,
    "ProtocolName": "EPI_run1_204dyn",
    "ReconMatrixPE": 80,
    "RepetitionTime": 2,
    "SAR": 0.0791555,
    "ScanOptions": "FS",
    "ScanningSequence": "GR",
    "SequenceVariant": "SK",
    "SeriesDescription": "EPI_run1_204dyn",
    "SeriesNumber": 301,
    "SliceThickness": 3,
    "SoftwareVersions": "5.3.1_5.3.1.1",
    "SpacingBetweenSlices": 3.2,
    "StationName": "HOST_INGENIA",
    "TaskName": "faces",
    "UsePhilipsFloatNotDisplayScaling": 1,
    "dataset": "ds001761",
    "modality": "bold",
    "run_id": 1,
    "session_id": "06",
    "subject_id": "02",
    "task_id": "faces"
  },
  "dummy_trs": 0,
  "dvars_nstd": 25.645119201822652,
  "dvars_std": 1.2075403664039412,
  "dvars_vstd": 1.006107038423645,
  "efc": 0.44752191432789223,
  "fber": 69826.1796875,
  "fd_mean": 0.07488273022422483,
  "fd_num": 2,
  "fd_perc": 0.9803921568627451,
  "fwhm_avg": 1.8901147710191601,
  "fwhm_x": 1.8412633333333333,
  "fwhm_y": 2.0560066666666668,
  "fwhm_z": 1.7730743130574802,
  "gcor": 0.0114103,
  "gsr_x": -0.006885215174406767,
  "gsr_y": 0.0168873593211174,
  "provenance": {
    "md5sum": "f51d935f0f37c625867c6fb248933813",
    "settings": {
      "fd_thres": 0.2,
      "testing": false
    },
    "software": "mriqc",
    "version": "21.0.0rc2",
    "webapi_port": null,
    "webapi_url": "https://mriqc.nimh.nih.gov/api/v1"
  },
  "size_t": 204,
  "size_x": 80,
  "size_y": 80,
  "size_z": 41,
  "snr": 5.249564964323316,
  "spacing_tr": 1.9999991655349731,
  "spacing_x": 3.0,
  "spacing_y": 3.0,
  "spacing_z": 3.2000012397766113,
  "summary_bg_k": 147.75531462788777,
  "summary_bg_mad": 748.7345373451794,
  "summary_bg_mean": 3714.185302734375,
  "summary_bg_median": 615.9872436523438,
  "summary_bg_n": 172209.0,
  "summary_bg_p05": 37.056307220458976,
  "summary_bg_p95": 16375.205664062501,
  "summary_bg_stdv": 10465.349609375,
  "summary_fg_k": 2.6157626313959987,
  "summary_fg_mad": 29156.380333108053,
  "summary_fg_mean": 170214.296875,
  "summary_fg_median": 167526.765625,
  "summary_fg_n": 44086.0,
  "summary_fg_p05": 125628.451171875,
  "summary_fg_p95": 223512.90234375,
  "summary_fg_stdv": 31912.142578125,
  "tsnr": 69.55101776123047
}