{
  "aor": 0.0031939215686274517,
  "aqi": 0.005482422107843137,
  "bids_meta": {
    "AcquisitionMatrixPE": 78,
    "AcquisitionNumber": 7,
    "AcquisitionTime": "12:29:43.170000",
    "BodyPartExamined": "HEAD",
    "ConversionSoftware": "dcm2niix",
    "ConversionSoftwareVersion": "v1.0.20180622 GCC4.9.2",
    "DeviceSerialNumber": "34111",
    "EchoTime": 0.030001,
    "EchoTrainLength": 31,
    "FlipAngle": 75,
    "ImageOrientationPatientDICOM": [
      0.996706,
      0.0165249,
      0.079397,
      -0.00676953,
      0.992556,
      -0.1216
    ],
    "ImageType": [
      "ORIGINAL",
      "PRIMARY",
      "M",
      "FFE",
      "M",
      "FFE"
    ],
    "InPlanePhaseEncodingDirectionDICOM": "COL",
    "MRAcquisitionType": "2D",
    "MagneticFieldStrength": 3,
    "Manufacturer": "Philips",
    "ManufacturersModelName": "Achieva_dStream",
    "Modality": "MR",
    "PatientPosition": "HFS",
    "PercentPhaseFOV": 100,
    "PhaseEncodingAxis": "j",
    "PhaseEncodingSteps": 78,
    "PhilipsRescaleIntercept": 0,
    "PhilipsRescaleSlope": 0.745788,
    "PhilipsScaleSlope": 0.00766899,
    "PixelBandwidth": 3427,
    "ProtocolName": "EPI_run5_204dyn",
    "ReconMatrixPE": 80,
    "RepetitionTime": 2,
    "SAR": 0.0791555,
    "ScanOptions": "FS",
    "ScanningSequence": "GR",
    "SequenceVariant": "SK",
    "SeriesDescription": "EPI_run5_204dyn",
    "SeriesNumber": 701,
    "SliceThickness": 3,
    "SoftwareVersions": "5.3.1_5.3.1.1",
    "SpacingBetweenSlices": 3.2,
    "StationName": "HOST_INGENIA",
    "TaskName": "faces",
    "UsePhilipsFloatNotDisplayScaling": 1,
    "dataset": "ds001761",
    "modality": "bold",
    "run_id": 5,
    "session_id": "06",
    "subject_id": "02",
    "task_id": "faces"
  },
  "dummy_trs": 0,
  "dvars_nstd": 26.257954386059115,
  "dvars_std": 1.2129635865517248,
  "dvars_vstd": 1.0253283087684735,
  "efc": 0.44855872639300565,
  "fber": 70680.4609375,
  "fd_mean": 0.10378905786737148,
  "fd_num": 16,
  "fd_perc": 7.8431372549019605,
  "fwhm_avg": 1.8844860911815609,
  "fwhm_x": 1.8335033333333335,
  "fwhm_y": 2.0524400000000003,
  "fwhm_z": 1.7675149402113488,
  "gcor": 0.021965,
  "gsr_x": -0.006680257152765989,
  "gsr_y": 0.01647808775305748,
  "provenance": {
    "md5sum": "62c4088d9fae27f7b7ddddd6d0c86167",
    "settings": {
      "fd_thres": 0.2,
      "testing": false
    },
    "software": "mriqc",
    "version": "21.0.0rc2",
    "webapi_port": null,
    "webapi_url": "https://mriqc.nimh.nih.gov/api/v1"
  },
  "size_t": 204,
  "size_x": 80,
  "size_y": 80,
  "size_z": 41,
  "snr": 5.302512661414544,
  "spacing_tr": 1.9999991655349731,
  "spacing_x": 3.0,
  "spacing_y": 3.0,
  "spacing_z": 3.2000012397766113,
  "summary_bg_k": 140.67351343672422,
  "summary_bg_mad": 725.9477459367037,
  "summary_bg_mean": 3739.895751953125,
  "summary_bg_median": 602.5831909179688,
  "summary_bg_n": 172094.0,
  "summary_bg_p05": 29.0646125793457,
  "summary_bg_p95": 16739.184765625003,
  "summary_bg_stdv": 10546.5810546875,
  "summary_fg_k": 2.7077809631407845,
  "summary_fg_mad": 28504.788240904672,
  "summary_fg_mean": 167528.578125,
  "summary_fg_median": 164852.71875,
  "summary_fg_n": 44150.0,
  "summary_fg_p05": 124521.301953125,
  "summary_fg_p95": 218623.58984374997,
  "summary_fg_stdv": 31089.1953125,
  "tsnr": 67.7694091796875
}