{
  "aor": 0.0036749509803921565,
  "aqi": 0.005170020784313726,
  "bids_meta": {
    "AcquisitionMatrixPE": 78,
    "AcquisitionNumber": 13,
    "AcquisitionTime": "13:14:39.740000",
    "BodyPartExamined": "HEAD",
    "ConversionSoftware": "dcm2niix",
    "ConversionSoftwareVersion": "v1.0.20180622 GCC4.9.2",
    "DeviceSerialNumber": "34111",
    "EchoTime": 0.030001,
    "EchoTrainLength": 31,
    "FlipAngle": 75,
    "ImageOrientationPatientDICOM": [
      0.996706,
      0.0165249,
      0.079397,
      -0.00676953,
      0.992556,
      -0.1216
    ],
    "ImageType": [
      "ORIGINAL",
      "PRIMARY",
      "M",
      "FFE",
      "M",
      "FFE"
    ],
    "InPlanePhaseEncodingDirectionDICOM": "COL",
    "MRAcquisitionType": "2D",
    "MagneticFieldStrength": 3,
    "Manufacturer": "Philips",
    "ManufacturersModelName": "Achieva_dStream",
    "Modality": "MR",
    "PatientPosition": "HFS",
    "PercentPhaseFOV": 100,
    "PhaseEncodingAxis": "j",
    "PhaseEncodingSteps": 78,
    "PhilipsRescaleIntercept": 0,
    "PhilipsRescaleSlope": 0.758486,
    "PhilipsScaleSlope": 0.00768166,
    "PixelBandwidth": 3427,
    "ProtocolName": "EPI_run11_204dyn",
    "ReconMatrixPE": 80,
    "RepetitionTime": 2,
    "SAR": 0.0791555,
    "ScanOptions": "FS",
    "ScanningSequence": "GR",
    "SequenceVariant": "SK",
    "SeriesDescription": "EPI_run11_204dyn",
    "SeriesNumber": 1301,
    "SliceThickness": 3,
    "SoftwareVersions": "5.3.1_5.3.1.1",
    "SpacingBetweenSlices": 3.2,
    "StationName": "HOST_INGENIA",
    "TaskName": "faces",
    "UsePhilipsFloatNotDisplayScaling": 1,
    "dataset": "ds001761",
    "modality": "bold",
    "run_id": 11,
    "session_id": "06",
    "subject_id": "02",
    "task_id": "faces"
  },
  "dummy_trs": 0,
  "dvars_nstd": 25.36026919876847,
  "dvars_std": 1.2103093707389154,
  "dvars_vstd": 1.042500036699507,
  "efc": 0.4487689230034654,
  "fber": 67566.1640625,
  "fd_mean": 0.10571967903479383,
  "fd_num": 14,
  "fd_perc": 6.862745098039215,
  "fwhm_avg": 1.8880851187147734,
  "fwhm_x": 1.8414733333333333,
  "fwhm_y": 2.0533733333333335,
  "fwhm_z": 1.7694086894776535,
  "gcor": 0.00973298,
  "gsr_x": -0.006628934293985367,
  "gsr_y": 0.015029414556920528,
  "provenance": {
    "md5sum": "41741dbf2039e4bf8b47a13ace233728",
    "settings": {
      "fd_thres": 0.2,
      "testing": false
    },
    "software": "mriqc",
    "version": "21.0.0rc2",
    "webapi_port": null,
    "webapi_url": "https://mriqc.nimh.nih.gov/api/v1"
  },
  "size_t": 204,
  "size_x": 80,
  "size_y": 80,
  "size_z": 41,
  "snr": 5.263064724012553,
  "spacing_tr": 1.9999991655349731,
  "spacing_x": 3.0,
  "spacing_y": 3.0,
  "spacing_z": 3.2000012397766113,
  "summary_bg_k": 129.3208656846293,
  "summary_bg_mad": 735.1269406298711,
  "summary_bg_mean": 3735.881591796875,
  "summary_bg_median": 611.5701293945312,
  "summary_bg_n": 172107.0,
  "summary_bg_p05": 37.74371757507325,
  "summary_bg_p95": 16731.453710937465,
  "summary_bg_stdv": 10404.3154296875,
  "summary_fg_k": 2.813552060915013,
  "summary_fg_mad": 28466.866056034458,
  "summary_fg_mean": 165986.90625,
  "summary_fg_median": 163186.375,
  "summary_fg_n": 44199.0,
  "summary_fg_p05": 123229.76796875,
  "summary_fg_p95": 217136.084375,
  "summary_fg_stdv": 31005.609375,
  "tsnr": 68.69751739501953
}