{
  "aor": 0.005028578431372549,
  "aqi": 0.007193199313725491,
  "bids_meta": {
    "AcquisitionMatrixPE": 78,
    "AcquisitionNumber": 9,
    "AcquisitionTime": "12:44:33.760000",
    "BodyPartExamined": "HEAD",
    "ConversionSoftware": "dcm2niix",
    "ConversionSoftwareVersion": "v1.0.20180622 GCC4.9.2",
    "DeviceSerialNumber": "34111",
    "EchoTime": 0.030001,
    "EchoTrainLength": 31,
    "FlipAngle": 75,
    "ImageOrientationPatientDICOM": [
      0.996706,
      0.0165249,
      0.079397,
      -0.00676953,
      0.992556,
      -0.1216
    ],
    "ImageType": [
      "ORIGINAL",
      "PRIMARY",
      "M",
      "FFE",
      "M",
      "FFE"
    ],
    "InPlanePhaseEncodingDirectionDICOM": "COL",
    "MRAcquisitionType": "2D",
    "MagneticFieldStrength": 3,
    "Manufacturer": "Philips",
    "ManufacturersModelName": "Achieva_dStream",
    "Modality": "MR",
    "PatientPosition": "HFS",
    "PercentPhaseFOV": 100,
    "PhaseEncodingAxis": "j",
    "PhaseEncodingSteps": 78,
    "PhilipsRescaleIntercept": 0,
    "PhilipsRescaleSlope": 0.751648,
    "PhilipsScaleSlope": 0.00780725,
    "PixelBandwidth": 3427,
    "ProtocolName": "EPI_run7_204dyn",
    "ReconMatrixPE": 80,
    "RepetitionTime": 2,
    "SAR": 0.0791555,
    "ScanOptions": "FS",
    "ScanningSequence": "GR",
    "SequenceVariant": "SK",
    "SeriesDescription": "EPI_run7_204dyn",
    "SeriesNumber": 901,
    "SliceThickness": 3,
    "SoftwareVersions": "5.3.1_5.3.1.1",
    "SpacingBetweenSlices": 3.2,
    "StationName": "HOST_INGENIA",
    "TaskName": "faces",
    "UsePhilipsFloatNotDisplayScaling": 1,
    "dataset": "ds001761",
    "modality": "bold",
    "run_id": 7,
    "session_id": "06",
    "subject_id": "02",
    "task_id": "faces"
  },
  "dummy_trs": 0,
  "dvars_nstd": 27.581951545517242,
  "dvars_std": 1.1890171654187198,
  "dvars_vstd": 1.022282553004926,
  "efc": 0.44860418050284523,
  "fber": 69405.4453125,
  "fd_mean": 0.14492645218350195,
  "fd_num": 31,
  "fd_perc": 15.196078431372548,
  "fwhm_avg": 1.8931282431582463,
  "fwhm_x": 1.8410399999999998,
  "fwhm_y": 2.064626666666667,
  "fwhm_z": 1.7737180628080722,
  "gcor": 0.0234258,
  "gsr_x": -0.006655119359493256,
  "gsr_y": 0.015460310503840446,
  "provenance": {
    "md5sum": "31e835cdcd2813673970bc3dd32174ff",
    "settings": {
      "fd_thres": 0.2,
      "testing": false
    },
    "software": "mriqc",
    "version": "21.0.0rc2",
    "webapi_port": null,
    "webapi_url": "https://mriqc.nimh.nih.gov/api/v1"
  },
  "size_t": 204,
  "size_x": 80,
  "size_y": 80,
  "size_z": 41,
  "snr": 5.303150000510276,
  "spacing_tr": 1.9999991655349731,
  "spacing_x": 3.0,
  "spacing_y": 3.0,
  "spacing_z": 3.2000012397766113,
  "summary_bg_k": 130.8787993223924,
  "summary_bg_mad": 722.9548965425543,
  "summary_bg_mean": 3685.51171875,
  "summary_bg_median": 601.0133056640625,
  "summary_bg_n": 172118.0,
  "summary_bg_p05": 32.020025444030765,
  "summary_bg_p95": 16528.4890625,
  "summary_bg_stdv": 10222.205078125,
  "summary_fg_k": 2.641545829647052,
  "summary_fg_mad": 28311.35498270902,
  "summary_fg_mean": 165318.046875,
  "summary_fg_median": 162691.328125,
  "summary_fg_n": 44177.0,
  "summary_fg_p05": 122809.1921875,
  "summary_fg_p95": 215863.76562499997,
  "summary_fg_stdv": 30677.896484375,
  "tsnr": 59.6352653503418
}