{
  "aor": 0.002038186274509804,
  "aqi": 0.004911228235294117,
  "bids_meta": {
    "AcquisitionMatrixPE": 78,
    "AcquisitionNumber": 5,
    "AcquisitionTime": "12:14:43.560000",
    "BodyPartExamined": "HEAD",
    "ConversionSoftware": "dcm2niix",
    "ConversionSoftwareVersion": "v1.0.20180622 GCC4.9.2",
    "DeviceSerialNumber": "34111",
    "EchoTime": 0.030001,
    "EchoTrainLength": 31,
    "FlipAngle": 75,
    "ImageOrientationPatientDICOM": [
      0.996706,
      0.0165249,
      0.079397,
      -0.00676953,
      0.992556,
      -0.1216
    ],
    "ImageType": [
      "ORIGINAL",
      "PRIMARY",
      "M",
      "FFE",
      "M",
      "FFE"
    ],
    "InPlanePhaseEncodingDirectionDICOM": "COL",
    "MRAcquisitionType": "2D",
    "MagneticFieldStrength": 3,
    "Manufacturer": "Philips",
    "ManufacturersModelName": "Achieva_dStream",
    "Modality": "MR",
    "PatientPosition": "HFS",
    "PercentPhaseFOV": 100,
    "PhaseEncodingAxis": "j",
    "PhaseEncodingSteps": 78,
    "PhilipsRescaleIntercept": 0,
    "PhilipsRescaleSlope": 0.737729,
    "PhilipsScaleSlope": 0.0076127,
    "PixelBandwidth": 3427,
    "ProtocolName": "EPI_run3_204dyn",
    "ReconMatrixPE": 80,
    "RepetitionTime": 2,
    "SAR": 0.0791555,
    "ScanOptions": "FS",
    "ScanningSequence": "GR",
    "SequenceVariant": "SK",
    "SeriesDescription": "EPI_run3_204dyn",
    "SeriesNumber": 501,
    "SliceThickness": 3,
    "SoftwareVersions": "5.3.1_5.3.1.1",
    "SpacingBetweenSlices": 3.2,
    "StationName": "HOST_INGENIA",
    "TaskName": "faces",
    "UsePhilipsFloatNotDisplayScaling": 1,
    "dataset": "ds001761",
    "modality": "bold",
    "run_id": 3,
    "session_id": "06",
    "subject_id": "02",
    "task_id": "faces"
  },
  "dummy_trs": 0,
  "dvars_nstd": 25.266538948719212,
  "dvars_std": 1.2093262838916259,
  "dvars_vstd": 1.0183438823152713,
  "efc": 0.44805521708552243,
  "fber": 70449.8515625,
  "fd_mean": 0.08718128279507173,
  "fd_num": 12,
  "fd_perc": 5.882352941176471,
  "fwhm_avg": 1.8940815764463794,
  "fwhm_x": 1.8484733333333334,
  "fwhm_y": 2.059703333333333,
  "fwhm_z": 1.7740680626724714,
  "gcor": 0.0138708,
  "gsr_x": -0.0070874979719519615,
  "gsr_y": 0.01672436110675335,
  "provenance": {
    "md5sum": "ab16ff2f00f2bd447f36ac6cb06742c8",
    "settings": {
      "fd_thres": 0.2,
      "testing": false
    },
    "software": "mriqc",
    "version": "21.0.0rc2",
    "webapi_port": null,
    "webapi_url": "https://mriqc.nimh.nih.gov/api/v1"
  },
  "size_t": 204,
  "size_x": 80,
  "size_y": 80,
  "size_z": 41,
  "snr": 5.252574152935822,
  "spacing_tr": 1.9999991655349731,
  "spacing_x": 3.0,
  "spacing_y": 3.0,
  "spacing_z": 3.2000012397766113,
  "summary_bg_k": 142.82192650363686,
  "summary_bg_mad": 736.3401968093519,
  "summary_bg_mean": 3780.22314453125,
  "summary_bg_median": 612.2742919921875,
  "summary_bg_n": 172187.0,
  "summary_bg_p05": 29.17414283752443,
  "summary_bg_p95": 16785.61933593746,
  "summary_bg_stdv": 10692.8173828125,
  "summary_fg_k": 2.6387381360380644,
  "summary_fg_mad": 29438.456988008576,
  "summary_fg_mean": 170247.96875,
  "summary_fg_median": 167513.875,
  "summary_fg_n": 44110.0,
  "summary_fg_p05": 126028.016796875,
  "summary_fg_p95": 222874.48906249998,
  "summary_fg_stdv": 31891.40625,
  "tsnr": 72.49483489990234
}