{
  "aor": 0.00443764705882353,
  "aqi": 0.005624644950980392,
  "bids_meta": {
    "AcquisitionMatrixPE": 78,
    "AcquisitionNumber": 8,
    "AcquisitionTime": "12:37:12.930000",
    "BodyPartExamined": "HEAD",
    "ConversionSoftware": "dcm2niix",
    "ConversionSoftwareVersion": "v1.0.20180622 GCC4.9.2",
    "DeviceSerialNumber": "34111",
    "EchoTime": 0.030001,
    "EchoTrainLength": 31,
    "FlipAngle": 75,
    "ImageOrientationPatientDICOM": [
      0.996706,
      0.0165249,
      0.079397,
      -0.00676953,
      0.992556,
      -0.1216
    ],
    "ImageType": [
      "ORIGINAL",
      "PRIMARY",
      "M",
      "FFE",
      "M",
      "FFE"
    ],
    "InPlanePhaseEncodingDirectionDICOM": "COL",
    "MRAcquisitionType": "2D",
    "MagneticFieldStrength": 3,
    "Manufacturer": "Philips",
    "ManufacturersModelName": "Achieva_dStream",
    "Modality": "MR",
    "PatientPosition": "HFS",
    "PercentPhaseFOV": 100,
    "PhaseEncodingAxis": "j",
    "PhaseEncodingSteps": 78,
    "PhilipsRescaleIntercept": 0,
    "PhilipsRescaleSlope": 0.754823,
    "PhilipsScaleSlope": 0.00759861,
    "PixelBandwidth": 3427,
    "ProtocolName": "EPI_run6_204dyn",
    "ReconMatrixPE": 80,
    "RepetitionTime": 2,
    "SAR": 0.0791555,
    "ScanOptions": "FS",
    "ScanningSequence": "GR",
    "SequenceVariant": "SK",
    "SeriesDescription": "EPI_run6_204dyn",
    "SeriesNumber": 801,
    "SliceThickness": 3,
    "SoftwareVersions": "5.3.1_5.3.1.1",
    "SpacingBetweenSlices": 3.2,
    "StationName": "HOST_INGENIA",
    "TaskName": "faces",
    "UsePhilipsFloatNotDisplayScaling": 1,
    "dataset": "ds001761",
    "modality": "bold",
    "run_id": 6,
    "session_id": "06",
    "subject_id": "02",
    "task_id": "faces"
  },
  "dummy_trs": 0,
  "dvars_nstd": 26.130624724482754,
  "dvars_std": 1.2283122184729065,
  "dvars_vstd": 1.0492849270935964,
  "efc": 0.44824367975606727,
  "fber": 69394.703125,
  "fd_mean": 0.11056290518073748,
  "fd_num": 16,
  "fd_perc": 7.8431372549019605,
  "fwhm_avg": 1.881239772081364,
  "fwhm_x": 1.83209,
  "fwhm_y": 2.04678,
  "fwhm_z": 1.7648493162440924,
  "gcor": 0.0217846,
  "gsr_x": -0.006359306629747152,
  "gsr_y": 0.015478251501917839,
  "provenance": {
    "md5sum": "0358a354b215831d78529229d26c14e4",
    "settings": {
      "fd_thres": 0.2,
      "testing": false
    },
    "software": "mriqc",
    "version": "21.0.0rc2",
    "webapi_port": null,
    "webapi_url": "https://mriqc.nimh.nih.gov/api/v1"
  },
  "size_t": 204,
  "size_x": 80,
  "size_y": 80,
  "size_z": 41,
  "snr": 5.282682444680442,
  "spacing_tr": 1.9999991655349731,
  "spacing_x": 3.0,
  "spacing_y": 3.0,
  "spacing_z": 3.2000012397766113,
  "summary_bg_k": 133.85662746680418,
  "summary_bg_mad": 726.3742010723619,
  "summary_bg_mean": 3717.30078125,
  "summary_bg_median": 606.6184692382812,
  "summary_bg_n": 172138.0,
  "summary_bg_p05": 34.70259456634522,
  "summary_bg_p95": 16598.332519531235,
  "summary_bg_stdv": 10407.3681640625,
  "summary_fg_k": 2.851601470165427,
  "summary_fg_mad": 28450.25627805526,
  "summary_fg_mean": 167425.21875,
  "summary_fg_median": 164675.5,
  "summary_fg_n": 44134.0,
  "summary_fg_p05": 124313.4765625,
  "summary_fg_p95": 218402.4359375,
  "summary_fg_stdv": 31172.3515625,
  "tsnr": 66.68904113769531
}