{
  "aor": 0.010405820895522389,
  "aqi": 0.006800966865671643,
  "bids_meta": {
    "AcquisitionMatrixPE": 78,
    "AcquisitionNumber": 12,
    "AcquisitionTime": "13:06:58.010000",
    "BodyPartExamined": "HEAD",
    "ConversionSoftware": "dcm2niix",
    "ConversionSoftwareVersion": "v1.0.20180622 GCC4.9.2",
    "DeviceSerialNumber": "34111",
    "EchoTime": 0.030001,
    "EchoTrainLength": 31,
    "FlipAngle": 75,
    "ImageOrientationPatientDICOM": [
      0.996706,
      0.0165249,
      0.079397,
      -0.00676953,
      0.992556,
      -0.1216
    ],
    "ImageType": [
      "ORIGINAL",
      "PRIMARY",
      "M",
      "FFE",
      "M",
      "FFE"
    ],
    "InPlanePhaseEncodingDirectionDICOM": "COL",
    "MRAcquisitionType": "2D",
    "MagneticFieldStrength": 3,
    "Manufacturer": "Philips",
    "ManufacturersModelName": "Achieva_dStream",
    "Modality": "MR",
    "PatientPosition": "HFS",
    "PercentPhaseFOV": 100,
    "PhaseEncodingAxis": "j",
    "PhaseEncodingSteps": 78,
    "PhilipsRescaleIntercept": 0,
    "PhilipsRescaleSlope": 0.739927,
    "PhilipsScaleSlope": 0.00816182,
    "PixelBandwidth": 3427,
    "ProtocolName": "EPI_run10_204dyn",
    "ReconMatrixPE": 80,
    "RepetitionTime": 2,
    "SAR": 0.0791555,
    "ScanOptions": "FS",
    "ScanningSequence": "GR",
    "SequenceVariant": "SK",
    "SeriesDescription": "EPI_run10_204dyn",
    "SeriesNumber": 1201,
    "SliceThickness": 3,
    "SoftwareVersions": "5.3.1_5.3.1.1",
    "SpacingBetweenSlices": 3.2,
    "StationName": "HOST_INGENIA",
    "TaskName": "faces",
    "UsePhilipsFloatNotDisplayScaling": 1,
    "dataset": "ds001761",
    "modality": "bold",
    "run_id": 10,
    "session_id": "06",
    "subject_id": "02",
    "task_id": "faces"
  },
  "dummy_trs": 3,
  "dvars_nstd": 26.588226060999997,
  "dvars_std": 1.2504225281999994,
  "dvars_vstd": 1.0945897203,
  "efc": 0.44907029521072095,
  "fber": 67313.2109375,
  "fd_mean": 0.14725928048097844,
  "fd_num": 16,
  "fd_perc": 7.960199004975125,
  "fwhm_avg": 1.8866530351949893,
  "fwhm_x": 1.8395233333333334,
  "fwhm_y": 2.049583333333333,
  "fwhm_z": 1.7708524389183014,
  "gcor": 0.0227514,
  "gsr_x": -0.006434515584260225,
  "gsr_y": 0.014992265962064266,
  "provenance": {
    "md5sum": "c5f58f0d139b1539a6aa3febe6f43f5a",
    "settings": {
      "fd_thres": 0.2,
      "testing": false
    },
    "software": "mriqc",
    "version": "21.0.0rc2",
    "webapi_port": null,
    "webapi_url": "https://mriqc.nimh.nih.gov/api/v1"
  },
  "size_t": 201,
  "size_x": 80,
  "size_y": 80,
  "size_z": 41,
  "snr": 5.344654288693941,
  "spacing_tr": 1.9999991655349731,
  "spacing_x": 3.0,
  "spacing_y": 3.0,
  "spacing_z": 3.2000012397766113,
  "summary_bg_k": 129.5488731928916,
  "summary_bg_mad": 716.647700702593,
  "summary_bg_mean": 3664.06396484375,
  "summary_bg_median": 601.84228515625,
  "summary_bg_n": 172075.0,
  "summary_bg_p05": 37.34093856811525,
  "summary_bg_p95": 16326.576367187494,
  "summary_bg_stdv": 10167.0654296875,
  "summary_fg_k": 2.706294161919418,
  "summary_fg_mad": 27528.726336615375,
  "summary_fg_mean": 162822.09375,
  "summary_fg_median": 160235.875,
  "summary_fg_n": 44174.0,
  "summary_fg_p05": 121333.691015625,
  "summary_fg_p95": 212013.59765625,
  "summary_fg_stdv": 29980.248046875,
  "tsnr": 59.48033142089844
}