{
  "bids_meta": {
    "AcquisitionMatrixPE": 240,
    "AcquisitionNumber": 15,
    "AcquisitionTime": "13:53:44.780000",
    "BodyPartExamined": "HEAD",
    "ConversionSoftware": "dcm2niix",
    "ConversionSoftwareVersion": "v1.0.20180622 GCC4.9.2",
    "DeviceSerialNumber": "34111",
    "EchoTime": 0.00377,
    "EchoTrainLength": 119,
    "FlipAngle": 8,
    "ImageOrientationPatientDICOM": [
      -0.0803894,
      0.996761,
      0.00222553,
      -0.0700758,
      -0.00342439,
      -0.997536
    ],
    "ImageType": [
      "ORIGINAL",
      "PRIMARY",
      "M",
      "FFE",
      "M",
      "FFE"
    ],
    "InPlanePhaseEncodingDirectionDICOM": "ROW",
    "MRAcquisitionType": "3D",
    "MagneticFieldStrength": 3,
    "Manufacturer": "Philips",
    "ManufacturersModelName": "Achieva_dStream",
    "Modality": "MR",
    "PatientPosition": "HFS",
    "PercentPhaseFOV": 100,
    "PhaseEncodingSteps": 240,
    "PhilipsRescaleIntercept": 0,
    "PhilipsRescaleSlope": 4.55751,
    "PhilipsScaleSlope": 0.00176401,
    "PixelBandwidth": 191,
    "ProtocolName": "sT1W_1mm_3D_32ch",
    "ReconMatrixPE": 240,
    "RepetitionTime": 0.0082261,
    "SAR": 0.0137531,
    "ScanOptions": "OTHER",
    "ScanningSequence": "GR",
    "SequenceVariant": "MP",
    "SeriesDescription": "sT1W_1mm_3D_32ch",
    "SeriesNumber": 1501,
    "SliceThickness": 1,
    "SoftwareVersions": "5.3.1_5.3.1.1",
    "SpacingBetweenSlices": 1,
    "StationName": "HOST_INGENIA",
    "UsePhilipsFloatNotDisplayScaling": 1,
    "acq_id": "02",
    "dataset": "ds001761",
    "modality": "T1w",
    "session_id": "03",
    "subject_id": "04"
  },
  "cjv": 0.3237652293506735,
  "cnr": 3.748889350253508,
  "efc": 0.7317085251274908,
  "fber": 889.5145263671875,
  "fwhm_avg": 3.6225194504248392,
  "fwhm_x": 3.8010283512745175,
  "fwhm_y": 3.71453,
  "fwhm_z": 3.352,
  "icvs_csf": 0.23560844241650133,
  "icvs_gm": 0.3874452473584711,
  "icvs_wm": 0.3769463102250276,
  "inu_med": 2.2534492015838623,
  "inu_range": 0.7009827077388762,
  "provenance": {
    "md5sum": "01440ca7bd3f99f41901f83a368ac98e",
    "settings": {
      "testing": false
    },
    "software": "mriqc",
    "version": "21.0.0rc2",
    "warnings": {
      "large_rot_frame": true,
      "small_air_mask": true
    },
    "webapi_port": null,
    "webapi_url": "https://mriqc.nimh.nih.gov/api/v1"
  },
  "qi_1": 0.0,
  "qi_2": 2.5424113871840037e-05,
  "rpve_csf": 20.51711215210802,
  "rpve_gm": 12.186428692723158,
  "rpve_wm": 16.897853767153624,
  "size_x": 170,
  "size_y": 240,
  "size_z": 240,
  "snr_csf": 3.8548743509466976,
  "snr_gm": 7.058684684472737,
  "snr_total": 10.105109476531814,
  "snr_wm": 19.401769394176004,
  "snrd_csf": 46.976862095777065,
  "snrd_gm": 86.25191437691298,
  "snrd_total": 90.91627874085714,
  "snrd_wm": 139.5200597498814,
  "spacing_x": 0.9999951720237732,
  "spacing_y": 1.0,
  "spacing_z": 1.0,
  "summary_bg_k": 4.77944274804902,
  "summary_bg_mad": 4.695636018677683,
  "summary_bg_mean": 7.577169418334961,
  "summary_bg_median": 6.274042129516602,
  "summary_bg_n": 299302.0,
  "summary_bg_p05": 0.0,
  "summary_bg_p95": 19.77069482803345,
  "summary_bg_stdv": 6.744263172149658,
  "summary_csf_k": 1.8284536070157857,
  "summary_csf_mad": 59.81291883511281,
  "summary_csf_mean": 329.5650329589844,
  "summary_csf_median": 336.7027893066406,
  "summary_csf_n": 7361.0,
  "summary_csf_p05": 156.09498596191406,
  "summary_csf_p95": 457.8351135253906,
  "summary_csf_stdv": 87.33875274658203,
  "summary_gm_k": 0.49663024092588337,
  "summary_gm_mad": 77.9361564154135,
  "summary_gm_mean": 623.6964111328125,
  "summary_gm_median": 618.2034912109375,
  "summary_gm_n": 14352.0,
  "summary_gm_p05": 487.4164443969727,
  "summary_gm_p95": 781.951007080078,
  "summary_gm_stdv": 87.57749938964844,
  "summary_wm_k": 1.1150129105230127,
  "summary_wm_mad": 45.67580355249106,
  "summary_wm_mean": 1000.165283203125,
  "summary_wm_median": 999.99853515625,
  "summary_wm_n": 203402.0,
  "summary_wm_p05": 915.8533569335938,
  "summary_wm_p95": 1084.245959472656,
  "summary_wm_stdv": 51.54148864746094,
  "tpm_overlap_csf": 0.1385207325220108,
  "tpm_overlap_gm": 0.4164010286331177,
  "tpm_overlap_wm": 0.5043229460716248,
  "wm2max": 0.6770480694057509
}