{
  "aor": 0.0021457843137254904,
  "aqi": 0.00544326137254902,
  "bids_meta": {
    "AcquisitionMatrixPE": 78,
    "AcquisitionNumber": 15,
    "AcquisitionTime": "11:47:57.340000",
    "BodyPartExamined": "HEAD",
    "ConversionSoftware": "dcm2niix",
    "ConversionSoftwareVersion": "v1.0.20180622 GCC4.9.2",
    "DeviceSerialNumber": "34111",
    "EchoTime": 0.03,
    "EchoTrainLength": 31,
    "FlipAngle": 75,
    "ImageOrientationPatientDICOM": [
      0.995857,
      0.0909279,
      -1.44287e-09,
      -0.0898857,
      0.984444,
      -0.150966
    ],
    "ImageType": [
      "ORIGINAL",
      "PRIMARY",
      "M",
      "FFE",
      "M",
      "FFE"
    ],
    "InPlanePhaseEncodingDirectionDICOM": "COL",
    "MRAcquisitionType": "2D",
    "MagneticFieldStrength": 3,
    "Manufacturer": "Philips",
    "ManufacturersModelName": "Achieva_dStream",
    "Modality": "MR",
    "PatientPosition": "HFS",
    "PercentPhaseFOV": 100,
    "PhaseEncodingAxis": "j",
    "PhaseEncodingSteps": 78,
    "PhilipsRescaleIntercept": 0,
    "PhilipsRescaleSlope": 0.844689,
    "PhilipsScaleSlope": 0.00780698,
    "PixelBandwidth": 3411,
    "ProtocolName": "EPI_run13_204dyn",
    "ReconMatrixPE": 80,
    "RepetitionTime": 2,
    "SAR": 0.0791085,
    "ScanOptions": "FS",
    "ScanningSequence": "GR",
    "SequenceVariant": "SK",
    "SeriesDescription": "EPI_run13_204dyn",
    "SeriesNumber": 1501,
    "SliceThickness": 3,
    "SoftwareVersions": "5.3.1_5.3.1.1",
    "SpacingBetweenSlices": 3.2,
    "StationName": "HOST_INGENIA",
    "TaskName": "faces",
    "UsePhilipsFloatNotDisplayScaling": 1,
    "dataset": "ds001761",
    "modality": "bold",
    "run_id": 13,
    "session_id": "08",
    "subject_id": "02",
    "task_id": "faces"
  },
  "dummy_trs": 0,
  "dvars_nstd": 27.04106445487685,
  "dvars_std": 1.236251441182267,
  "dvars_vstd": 1.0196654560591134,
  "efc": 0.4517200024372505,
  "fber": 81212.78125,
  "fd_mean": 0.09840638762278638,
  "fd_num": 14,
  "fd_perc": 6.862745098039215,
  "fwhm_avg": 1.8374144895701203,
  "fwhm_x": 1.7921366666666667,
  "fwhm_y": 2.0040133333333334,
  "fwhm_z": 1.7160934687103606,
  "gcor": 0.0160781,
  "gsr_x": -0.008592677302658558,
  "gsr_y": 0.015445155091583729,
  "provenance": {
    "md5sum": "4216cf4a53cb974bc1d6c731b4248aab",
    "settings": {
      "fd_thres": 0.2,
      "testing": false
    },
    "software": "mriqc",
    "version": "21.0.0rc2",
    "webapi_port": null,
    "webapi_url": "https://mriqc.nimh.nih.gov/api/v1"
  },
  "size_t": 204,
  "size_x": 80,
  "size_y": 80,
  "size_z": 41,
  "snr": 5.461460323581284,
  "spacing_tr": 1.9999991655349731,
  "spacing_x": 3.0,
  "spacing_y": 3.0,
  "spacing_z": 3.200000524520874,
  "summary_bg_k": 116.818979910724,
  "summary_bg_mad": 694.7660497575719,
  "summary_bg_mean": 3971.056640625,
  "summary_bg_median": 566.9908447265625,
  "summary_bg_n": 171963.0,
  "summary_bg_p05": 22.768393898010256,
  "summary_bg_p95": 18285.11132812499,
  "summary_bg_stdv": 11013.203125,
  "summary_fg_k": 2.51518841315436,
  "summary_fg_mad": 27579.574959578185,
  "summary_fg_mean": 166424.03125,
  "summary_fg_median": 163838.671875,
  "summary_fg_n": 44305.0,
  "summary_fg_p05": 124402.8,
  "summary_fg_p95": 215686.53437499996,
  "summary_fg_stdv": 29998.720703125,
  "tsnr": 69.89704132080078
}