{
  "aor": 0.0017359803921568628,
  "aqi": 0.004697544411764706,
  "bids_meta": {
    "AcquisitionMatrixPE": 78,
    "AcquisitionNumber": 7,
    "AcquisitionTime": "10:47:50.400000",
    "BodyPartExamined": "HEAD",
    "ConversionSoftware": "dcm2niix",
    "ConversionSoftwareVersion": "v1.0.20180622 GCC4.9.2",
    "DeviceSerialNumber": "34111",
    "EchoTime": 0.03,
    "EchoTrainLength": 31,
    "FlipAngle": 75,
    "ImageOrientationPatientDICOM": [
      0.995857,
      0.0909279,
      -1.44287e-09,
      -0.0898857,
      0.984444,
      -0.150966
    ],
    "ImageType": [
      "ORIGINAL",
      "PRIMARY",
      "M",
      "FFE",
      "M",
      "FFE"
    ],
    "InPlanePhaseEncodingDirectionDICOM": "COL",
    "MRAcquisitionType": "2D",
    "MagneticFieldStrength": 3,
    "Manufacturer": "Philips",
    "ManufacturersModelName": "Achieva_dStream",
    "Modality": "MR",
    "PatientPosition": "HFS",
    "PercentPhaseFOV": 100,
    "PhaseEncodingAxis": "j",
    "PhaseEncodingSteps": 78,
    "PhilipsRescaleIntercept": 0,
    "PhilipsRescaleSlope": 0.804151,
    "PhilipsScaleSlope": 0.00785581,
    "PixelBandwidth": 3411,
    "ProtocolName": "EPI_run5_204dyn",
    "ReconMatrixPE": 80,
    "RepetitionTime": 2,
    "SAR": 0.0791085,
    "ScanOptions": "FS",
    "ScanningSequence": "GR",
    "SequenceVariant": "SK",
    "SeriesDescription": "EPI_run5_204dyn",
    "SeriesNumber": 701,
    "SliceThickness": 3,
    "SoftwareVersions": "5.3.1_5.3.1.1",
    "SpacingBetweenSlices": 3.2,
    "StationName": "HOST_INGENIA",
    "TaskName": "faces",
    "UsePhilipsFloatNotDisplayScaling": 1,
    "dataset": "ds001761",
    "modality": "bold",
    "run_id": 5,
    "session_id": "08",
    "subject_id": "02",
    "task_id": "faces"
  },
  "dummy_trs": 0,
  "dvars_nstd": 25.407772703251233,
  "dvars_std": 1.2156911362561573,
  "dvars_vstd": 1.0140099349753695,
  "efc": 0.4498577590161431,
  "fber": 84910.6640625,
  "fd_mean": 0.09082750915632493,
  "fd_num": 7,
  "fd_perc": 3.4313725490196076,
  "fwhm_avg": 1.835044836659334,
  "fwhm_x": 1.7914666666666665,
  "fwhm_y": 1.9951400000000001,
  "fwhm_z": 1.7185278433113356,
  "gcor": 0.0121409,
  "gsr_x": -0.008082397282123566,
  "gsr_y": 0.015594294294714928,
  "provenance": {
    "md5sum": "ace06d94cc6c6f8f55731050e0d4b66c",
    "settings": {
      "fd_thres": 0.2,
      "testing": false
    },
    "software": "mriqc",
    "version": "21.0.0rc2",
    "webapi_port": null,
    "webapi_url": "https://mriqc.nimh.nih.gov/api/v1"
  },
  "size_t": 204,
  "size_x": 80,
  "size_y": 80,
  "size_z": 41,
  "snr": 5.402525128918395,
  "spacing_tr": 1.9999991655349731,
  "spacing_x": 3.0,
  "spacing_y": 3.0,
  "spacing_z": 3.200000524520874,
  "summary_bg_k": 128.95366513897775,
  "summary_bg_mad": 692.1561067736377,
  "summary_bg_mean": 3897.636474609375,
  "summary_bg_median": 570.613037109375,
  "summary_bg_n": 171930.0,
  "summary_bg_p05": 21.53572053909302,
  "summary_bg_p95": 17752.233984374936,
  "summary_bg_stdv": 10912.3603515625,
  "summary_fg_k": 2.518843912457884,
  "summary_fg_mad": 28615.126277885018,
  "summary_fg_mean": 171060.75,
  "summary_fg_median": 168442.875,
  "summary_fg_n": 44283.0,
  "summary_fg_p05": 127413.053125,
  "summary_fg_p95": 222414.64062500003,
  "summary_fg_stdv": 31178.193359375,
  "tsnr": 74.11224365234375
}