{
  "bids_meta": {
    "AcquisitionMatrixPE": 240,
    "AcquisitionNumber": 13,
    "AcquisitionTime": "12:34:7.940000",
    "BodyPartExamined": "HEAD",
    "ConversionSoftware": "dcm2niix",
    "ConversionSoftwareVersion": "v1.0.20180622 GCC4.9.2",
    "DeviceSerialNumber": "34111",
    "EchoTime": 0.003737,
    "EchoTrainLength": 119,
    "FlipAngle": 8,
    "ImageOrientationPatientDICOM": [
      -0.0641422,
      0.997941,
      2.09524e-10,
      0.0375965,
      0.0024165,
      -0.99929
    ],
    "ImageType": [
      "ORIGINAL",
      "PRIMARY",
      "M",
      "FFE",
      "M",
      "FFE"
    ],
    "InPlanePhaseEncodingDirectionDICOM": "ROW",
    "MRAcquisitionType": "3D",
    "MagneticFieldStrength": 3,
    "Manufacturer": "Philips",
    "ManufacturersModelName": "Achieva_dStream",
    "Modality": "MR",
    "PatientPosition": "HFS",
    "PercentPhaseFOV": 100,
    "PhaseEncodingSteps": 240,
    "PhilipsRescaleIntercept": 0,
    "PhilipsRescaleSlope": 5.14188,
    "PhilipsScaleSlope": 0.0017329,
    "PixelBandwidth": 191,
    "ProtocolName": "sT1W_1mm_3D_32ch",
    "ReconMatrixPE": 240,
    "RepetitionTime": 0.0081639,
    "SAR": 0.0137531,
    "ScanOptions": "OTHER",
    "ScanningSequence": "GR",
    "SequenceVariant": "MP",
    "SeriesDescription": "sT1W_1mm_3D_32ch",
    "SeriesNumber": 1301,
    "SliceThickness": 1,
    "SoftwareVersions": "5.3.1_5.3.1.1",
    "SpacingBetweenSlices": 1,
    "StationName": "HOST_INGENIA",
    "UsePhilipsFloatNotDisplayScaling": 1,
    "acq_id": "02",
    "dataset": "ds001761",
    "modality": "T1w",
    "session_id": "07",
    "subject_id": "04"
  },
  "cjv": 0.3287289052936551,
  "cnr": 3.7317155057675673,
  "efc": 0.7434901437527576,
  "fber": 665.6318359375,
  "fwhm_avg": 3.5681681211794074,
  "fwhm_x": 3.792924363538221,
  "fwhm_y": 3.61742,
  "fwhm_z": 3.29416,
  "icvs_csf": 0.23113841993972364,
  "icvs_gm": 0.3896179568633402,
  "icvs_wm": 0.37924362319693616,
  "inu_med": 2.6613378524780273,
  "inu_range": 0.7638994216918946,
  "provenance": {
    "md5sum": "f254b0229525cf6c17716697b6818378",
    "settings": {
      "testing": false
    },
    "software": "mriqc",
    "version": "21.0.0rc2",
    "warnings": {
      "large_rot_frame": true,
      "small_air_mask": true
    },
    "webapi_port": null,
    "webapi_url": "https://mriqc.nimh.nih.gov/api/v1"
  },
  "qi_1": 0.0,
  "qi_2": 3.195352863192371e-05,
  "rpve_csf": 20.782191992579996,
  "rpve_gm": 12.197564904181515,
  "rpve_wm": 16.935650854101322,
  "size_x": 170,
  "size_y": 240,
  "size_z": 240,
  "snr_csf": 4.286587890817582,
  "snr_gm": 6.847529850157714,
  "snr_total": 9.909622290351416,
  "snr_wm": 18.594749130078952,
  "snrd_csf": 39.6549371256273,
  "snrd_gm": 75.05258819627889,
  "snrd_total": 79.21806005718553,
  "snrd_wm": 122.9466548496504,
  "spacing_x": 0.9999909400939941,
  "spacing_y": 1.0,
  "spacing_z": 1.0,
  "summary_bg_k": 3.474982153238386,
  "summary_bg_mad": 5.328656862959929,
  "summary_bg_mean": 8.643595695495605,
  "summary_bg_median": 6.99561882019043,
  "summary_bg_n": 167456.0,
  "summary_bg_p05": 0.0,
  "summary_bg_p95": 24.682722091674805,
  "summary_bg_stdv": 7.623737812042236,
  "summary_csf_k": 1.9886137803102235,
  "summary_csf_mad": 54.05089082523129,
  "summary_csf_mean": 321.0379638671875,
  "summary_csf_median": 322.539794921875,
  "summary_csf_n": 6758.0,
  "summary_csf_p05": 187.01742630004884,
  "summary_csf_p95": 440.06888580322266,
  "summary_csf_stdv": 75.2383804321289,
  "summary_gm_k": 0.3235237885021234,
  "summary_gm_mad": 81.24233040560641,
  "summary_gm_mean": 614.3663330078125,
  "summary_gm_median": 610.4522705078125,
  "summary_gm_n": 13531.0,
  "summary_gm_p05": 472.90045166015625,
  "summary_gm_p95": 771.2983093261719,
  "summary_gm_stdv": 89.1459732055664,
  "summary_wm_k": 1.3442893089467391,
  "summary_wm_mad": 46.81535492807951,
  "summary_wm_mean": 997.6572875976562,
  "summary_wm_median": 1000.00634765625,
  "summary_wm_n": 202616.0,
  "summary_wm_p05": 904.7808532714844,
  "summary_wm_p95": 1080.03857421875,
  "summary_wm_stdv": 53.778831481933594,
  "tpm_overlap_csf": 0.13218557834625244,
  "tpm_overlap_gm": 0.41598719358444214,
  "tpm_overlap_wm": 0.5053858160972595,
  "wm2max": 0.6513077071441383
}