{
  "aor": 0.001194705882352941,
  "aqi": 0.00620639161764706,
  "bids_meta": {
    "AcquisitionMatrixPE": 78,
    "AcquisitionNumber": 11,
    "AcquisitionTime": "11:33:41.560000",
    "BodyPartExamined": "HEAD",
    "ConversionSoftware": "dcm2niix",
    "ConversionSoftwareVersion": "v1.0.20180622 GCC4.9.2",
    "DeviceSerialNumber": "34111",
    "EchoTime": 0.03,
    "EchoTrainLength": 31,
    "FlipAngle": 75,
    "ImageOrientationPatientDICOM": [
      0.999774,
      0.021244,
      -0.000289865,
      -0.0211778,
      0.995384,
      -0.0936118
    ],
    "ImageType": [
      "ORIGINAL",
      "PRIMARY",
      "M",
      "FFE",
      "M",
      "FFE"
    ],
    "InPlanePhaseEncodingDirectionDICOM": "COL",
    "MRAcquisitionType": "2D",
    "MagneticFieldStrength": 3,
    "Manufacturer": "Philips",
    "ManufacturersModelName": "Achieva_dStream",
    "Modality": "MR",
    "PatientPosition": "HFS",
    "PercentPhaseFOV": 100,
    "PhaseEncodingAxis": "j",
    "PhaseEncodingSteps": 78,
    "PhilipsRescaleIntercept": 0,
    "PhilipsRescaleSlope": 0.789744,
    "PhilipsScaleSlope": 0.00840523,
    "PixelBandwidth": 3423,
    "ProtocolName": "EPI_run9_204dyn",
    "ReconMatrixPE": 80,
    "RepetitionTime": 2,
    "SAR": 0.0790594,
    "ScanOptions": "FS",
    "ScanningSequence": "GR",
    "SequenceVariant": "SK",
    "SeriesDescription": "EPI_run9_204dyn",
    "SeriesNumber": 1101,
    "SliceThickness": 3,
    "SoftwareVersions": "5.3.1_5.3.1.1",
    "SpacingBetweenSlices": 3.2,
    "StationName": "HOST_INGENIA",
    "TaskName": "faces",
    "UsePhilipsFloatNotDisplayScaling": 1,
    "dataset": "ds001761",
    "modality": "bold",
    "run_id": 9,
    "session_id": "05",
    "subject_id": "03",
    "task_id": "faces"
  },
  "dummy_trs": 0,
  "dvars_nstd": 27.18381036098523,
  "dvars_std": 1.2248185668472906,
  "dvars_vstd": 0.9936037152216745,
  "efc": 0.4348536247352215,
  "fber": 133041.390625,
  "fd_mean": 0.07889463798097163,
  "fd_num": 4,
  "fd_perc": 1.9607843137254901,
  "fwhm_avg": 1.7575222684348721,
  "fwhm_x": 1.7026033333333332,
  "fwhm_y": 1.90676,
  "fwhm_z": 1.6632034719712825,
  "gcor": 0.0229143,
  "gsr_x": -0.012200646102428436,
  "gsr_y": 0.01585284247994423,
  "provenance": {
    "md5sum": "f61b73f8bb02a8357e8f9dd5b8e6556c",
    "settings": {
      "fd_thres": 0.2,
      "testing": false
    },
    "software": "mriqc",
    "version": "21.0.0rc2",
    "webapi_port": null,
    "webapi_url": "https://mriqc.nimh.nih.gov/api/v1"
  },
  "size_t": 204,
  "size_x": 80,
  "size_y": 80,
  "size_z": 41,
  "snr": 5.6595114059190985,
  "spacing_tr": 1.9999991655349731,
  "spacing_x": 3.0,
  "spacing_y": 3.0,
  "spacing_z": 3.1999993324279785,
  "summary_bg_k": 68.21017331360066,
  "summary_bg_mad": 528.5065345238643,
  "summary_bg_mean": 3968.02783203125,
  "summary_bg_median": 430.58380126953125,
  "summary_bg_n": 177430.0,
  "summary_bg_p05": 26.90978860855103,
  "summary_bg_p95": 20110.016699218748,
  "summary_bg_stdv": 10583.8193359375,
  "summary_fg_k": 3.09492904527992,
  "summary_fg_mad": 26410.334619349538,
  "summary_fg_mean": 161458.734375,
  "summary_fg_median": 158789.4375,
  "summary_fg_n": 40220.0,
  "summary_fg_p05": 122600.67265625,
  "summary_fg_p95": 206571.01484374993,
  "summary_fg_stdv": 28056.744140625,
  "tsnr": 67.17115783691406
}