{
  "aor": 0.001345392156862745,
  "aqi": 0.005709086617647058,
  "bids_meta": {
    "AcquisitionMatrixPE": 78,
    "AcquisitionNumber": 13,
    "AcquisitionTime": "11:52:58.140000",
    "BodyPartExamined": "HEAD",
    "ConversionSoftware": "dcm2niix",
    "ConversionSoftwareVersion": "v1.0.20180622 GCC4.9.2",
    "DeviceSerialNumber": "34111",
    "EchoTime": 0.03,
    "EchoTrainLength": 31,
    "FlipAngle": 75,
    "ImageOrientationPatientDICOM": [
      0.999774,
      0.021244,
      -0.000289865,
      -0.0211778,
      0.995384,
      -0.0936118
    ],
    "ImageType": [
      "ORIGINAL",
      "PRIMARY",
      "M",
      "FFE",
      "M",
      "FFE"
    ],
    "InPlanePhaseEncodingDirectionDICOM": "COL",
    "MRAcquisitionType": "2D",
    "MagneticFieldStrength": 3,
    "Manufacturer": "Philips",
    "ManufacturersModelName": "Achieva_dStream",
    "Modality": "MR",
    "PatientPosition": "HFS",
    "PercentPhaseFOV": 100,
    "PhaseEncodingAxis": "j",
    "PhaseEncodingSteps": 78,
    "PhilipsRescaleIntercept": 0,
    "PhilipsRescaleSlope": 0.750916,
    "PhilipsScaleSlope": 0.00850675,
    "PixelBandwidth": 3423,
    "ProtocolName": "EPI_run11_204dyn",
    "ReconMatrixPE": 80,
    "RepetitionTime": 2,
    "SAR": 0.0790594,
    "ScanOptions": "FS",
    "ScanningSequence": "GR",
    "SequenceVariant": "SK",
    "SeriesDescription": "EPI_run11_204dyn",
    "SeriesNumber": 1301,
    "SliceThickness": 3,
    "SoftwareVersions": "5.3.1_5.3.1.1",
    "SpacingBetweenSlices": 3.2,
    "StationName": "HOST_INGENIA",
    "TaskName": "faces",
    "UsePhilipsFloatNotDisplayScaling": 1,
    "dataset": "ds001761",
    "modality": "bold",
    "run_id": 11,
    "session_id": "05",
    "subject_id": "03",
    "task_id": "faces"
  },
  "dummy_trs": 0,
  "dvars_nstd": 27.214280283645326,
  "dvars_std": 1.2468127005418712,
  "dvars_vstd": 1.0079597393103448,
  "efc": 0.43652828401059607,
  "fber": 128954.6953125,
  "fd_mean": 0.08035451165750045,
  "fd_num": 2,
  "fd_perc": 0.9803921568627451,
  "fwhm_avg": 1.7577978232776552,
  "fwhm_x": 1.7030966666666665,
  "fwhm_y": 1.9173433333333334,
  "fwhm_z": 1.6529534698329655,
  "gcor": 0.0158672,
  "gsr_x": -0.01270843856036663,
  "gsr_y": 0.015427686274051666,
  "provenance": {
    "md5sum": "3ea61c9fb97a9e543a216c386342f6c2",
    "settings": {
      "fd_thres": 0.2,
      "testing": false
    },
    "software": "mriqc",
    "version": "21.0.0rc2",
    "webapi_port": null,
    "webapi_url": "https://mriqc.nimh.nih.gov/api/v1"
  },
  "size_t": 204,
  "size_x": 80,
  "size_y": 80,
  "size_z": 41,
  "snr": 5.765644324603772,
  "spacing_tr": 1.9999991655349731,
  "spacing_x": 3.0,
  "spacing_y": 3.0,
  "spacing_z": 3.1999993324279785,
  "summary_bg_k": 66.5225097891277,
  "summary_bg_mad": 533.472192081683,
  "summary_bg_mean": 4030.501220703125,
  "summary_bg_median": 433.3197021484375,
  "summary_bg_n": 177264.0,
  "summary_bg_p05": 25.530223464965815,
  "summary_bg_p95": 20357.49580078126,
  "summary_bg_stdv": 10765.0048828125,
  "summary_fg_k": 2.903022358871884,
  "summary_fg_mad": 25944.264712566506,
  "summary_fg_mean": 160267.90625,
  "summary_fg_median": 157890.4375,
  "summary_fg_n": 40252.0,
  "summary_fg_p05": 122316.8,
  "summary_fg_p95": 204424.99765624994,
  "summary_fg_stdv": 27384.359375,
  "tsnr": 68.9483642578125
}