{
  "aor": 0.002380098039215686,
  "aqi": 0.007890357990196079,
  "bids_meta": {
    "AcquisitionMatrixPE": 78,
    "AcquisitionNumber": 15,
    "AcquisitionTime": "11:51:30.300000",
    "BodyPartExamined": "HEAD",
    "ConversionSoftware": "dcm2niix",
    "ConversionSoftwareVersion": "v1.0.20180622 GCC4.9.2",
    "DeviceSerialNumber": "34111",
    "EchoTime": 0.030001,
    "EchoTrainLength": 31,
    "FlipAngle": 75,
    "ImageOrientationPatientDICOM": [
      0.997731,
      -0.0672479,
      0.00335446,
      0.0673295,
      0.996853,
      -0.0418389
    ],
    "ImageType": [
      "ORIGINAL",
      "PRIMARY",
      "M",
      "FFE",
      "M",
      "FFE"
    ],
    "InPlanePhaseEncodingDirectionDICOM": "COL",
    "MRAcquisitionType": "2D",
    "MagneticFieldStrength": 3,
    "Manufacturer": "Philips",
    "ManufacturersModelName": "Achieva_dStream",
    "Modality": "MR",
    "PatientPosition": "HFS",
    "PercentPhaseFOV": 100,
    "PhaseEncodingAxis": "j",
    "PhaseEncodingSteps": 78,
    "PhilipsRescaleIntercept": 0,
    "PhilipsRescaleSlope": 0.80928,
    "PhilipsScaleSlope": 0.00773654,
    "PixelBandwidth": 3418,
    "ProtocolName": "EPI_run11_204dyn",
    "ReconMatrixPE": 80,
    "RepetitionTime": 2,
    "SAR": 0.0790158,
    "ScanOptions": "FS",
    "ScanningSequence": "GR",
    "SequenceVariant": "SK",
    "SeriesDescription": "EPI_run11_204dyn",
    "SeriesNumber": 1501,
    "SliceThickness": 3,
    "SoftwareVersions": "5.3.1_5.3.1.1",
    "SpacingBetweenSlices": 3.2,
    "StationName": "HOST_INGENIA",
    "TaskName": "faces",
    "UsePhilipsFloatNotDisplayScaling": 1,
    "dataset": "ds001761",
    "modality": "bold",
    "run_id": 11,
    "session_id": "05",
    "subject_id": "01",
    "task_id": "faces"
  },
  "dummy_trs": 0,
  "dvars_nstd": 29.497505253990163,
  "dvars_std": 1.2062320534482764,
  "dvars_vstd": 1.01703272049261,
  "efc": 0.41912696109150566,
  "fber": 74292.765625,
  "fd_mean": 0.19068977471951037,
  "fd_num": 61,
  "fd_perc": 29.901960784313726,
  "fwhm_avg": 1.7419477589252317,
  "fwhm_x": 1.6526933333333333,
  "fwhm_y": 1.8780333333333334,
  "fwhm_z": 1.695116610109028,
  "gcor": 0.0226647,
  "gsr_x": -0.011104331351816654,
  "gsr_y": 0.016269098967313766,
  "provenance": {
    "md5sum": "b875962b9263cfa9f24c06c899087831",
    "settings": {
      "fd_thres": 0.2,
      "testing": false
    },
    "software": "mriqc",
    "version": "21.0.0rc2",
    "webapi_port": null,
    "webapi_url": "https://mriqc.nimh.nih.gov/api/v1"
  },
  "size_t": 204,
  "size_x": 80,
  "size_y": 80,
  "size_z": 41,
  "snr": 4.678326889678408,
  "spacing_tr": 1.9999991655349731,
  "spacing_x": 3.0,
  "spacing_y": 3.0,
  "spacing_z": 3.199998140335083,
  "summary_bg_k": 157.51053360820995,
  "summary_bg_mad": 697.4021445994863,
  "summary_bg_mean": 3965.902099609375,
  "summary_bg_median": 583.11328125,
  "summary_bg_n": 181060.0,
  "summary_bg_p05": 44.680965232849125,
  "summary_bg_p95": 17602.603808593747,
  "summary_bg_stdv": 11761.2099609375,
  "summary_fg_k": 3.0275274413149686,
  "summary_fg_mad": 28500.421514057984,
  "summary_fg_mean": 165426.609375,
  "summary_fg_median": 159673.78125,
  "summary_fg_n": 38338.0,
  "summary_fg_p05": 123605.12734375,
  "summary_fg_p95": 228035.66328125008,
  "summary_fg_stdv": 34130.0859375,
  "tsnr": 55.1790771484375
}