{
  "aor": 0.007292678571428572,
  "aqi": 0.007794934821428572,
  "bids_meta": {
    "AcquisitionMatrixPE": 78,
    "AcquisitionNumber": 12,
    "AcquisitionTime": "11:33:52.240000",
    "BodyPartExamined": "HEAD",
    "ConversionSoftware": "dcm2niix",
    "ConversionSoftwareVersion": "v1.0.20180622 GCC4.9.2",
    "DeviceSerialNumber": "34111",
    "EchoTime": 0.030001,
    "EchoTrainLength": 31,
    "FlipAngle": 75,
    "ImageOrientationPatientDICOM": [
      0.997731,
      -0.0672479,
      0.00335446,
      0.0673295,
      0.996853,
      -0.0418389
    ],
    "ImageType": [
      "ORIGINAL",
      "PRIMARY",
      "M",
      "FFE",
      "M",
      "FFE"
    ],
    "InPlanePhaseEncodingDirectionDICOM": "COL",
    "MRAcquisitionType": "2D",
    "MagneticFieldStrength": 3,
    "Manufacturer": "Philips",
    "ManufacturersModelName": "Achieva_dStream",
    "Modality": "MR",
    "PatientPosition": "HFS",
    "PercentPhaseFOV": 100,
    "PhaseEncodingAxis": "j",
    "PhaseEncodingSteps": 78,
    "PhilipsRescaleIntercept": 0,
    "PhilipsRescaleSlope": 0.790476,
    "PhilipsScaleSlope": 0.00804506,
    "PixelBandwidth": 3418,
    "ProtocolName": "EPI_LOCALIZER_56dyn",
    "ReconMatrixPE": 80,
    "RepetitionTime": 2,
    "SAR": 0.0790158,
    "ScanOptions": "FS",
    "ScanningSequence": "GR",
    "SequenceVariant": "SK",
    "SeriesDescription": "EPI_LOCALIZER_56dyn",
    "SeriesNumber": 1201,
    "SliceThickness": 3,
    "SoftwareVersions": "5.3.1_5.3.1.1",
    "SpacingBetweenSlices": 3.2,
    "StationName": "HOST_INGENIA",
    "TaskName": "loc",
    "UsePhilipsFloatNotDisplayScaling": 1,
    "dataset": "ds001761",
    "modality": "bold",
    "run_id": 2,
    "session_id": "05",
    "subject_id": "01",
    "task_id": "loc"
  },
  "dummy_trs": 0,
  "dvars_nstd": 32.83160452400001,
  "dvars_std": 1.2076467798181814,
  "dvars_vstd": 1.0176510210909093,
  "efc": 0.4192677924385464,
  "fber": 79976.5234375,
  "fd_mean": 0.26208379421773786,
  "fd_num": 22,
  "fd_perc": 39.285714285714285,
  "fwhm_avg": 1.7229002531791542,
  "fwhm_x": 1.63572,
  "fwhm_y": 1.8675266666666666,
  "fwhm_z": 1.665454092870796,
  "gcor": 0.029879,
  "gsr_x": -0.011776757426559925,
  "gsr_y": 0.01586681790649891,
  "provenance": {
    "md5sum": "cee5adc5f62431adfa83c93ecd30ead0",
    "settings": {
      "fd_thres": 0.2,
      "testing": false
    },
    "software": "mriqc",
    "version": "21.0.0rc2",
    "webapi_port": null,
    "webapi_url": "https://mriqc.nimh.nih.gov/api/v1"
  },
  "size_t": 56,
  "size_x": 80,
  "size_y": 80,
  "size_z": 41,
  "snr": 4.788062744138673,
  "spacing_tr": 1.9999991655349731,
  "spacing_x": 3.0,
  "spacing_y": 3.0,
  "spacing_z": 3.199998140335083,
  "summary_bg_k": 156.71254006693567,
  "summary_bg_mad": 673.0734455264018,
  "summary_bg_mean": 3982.026611328125,
  "summary_bg_median": 566.1869506835938,
  "summary_bg_n": 181015.0,
  "summary_bg_p05": 42.826382064819335,
  "summary_bg_p95": 17699.66132812498,
  "summary_bg_stdv": 11826.791015625,
  "summary_fg_k": 3.0489572106698484,
  "summary_fg_mad": 27990.962326723995,
  "summary_fg_mean": 166700.265625,
  "summary_fg_median": 161066.1875,
  "summary_fg_n": 38400.0,
  "summary_fg_p05": 125382.848828125,
  "summary_fg_p95": 228867.08515625,
  "summary_fg_stdv": 33638.67578125,
  "tsnr": 55.77555847167969
}