{
  "aor": 0.005015692307692308,
  "aqi": 0.00672859194871795,
  "bids_meta": {
    "AcquisitionMatrixPE": 78,
    "AcquisitionNumber": 11,
    "AcquisitionTime": "12:04:4.430000",
    "BodyPartExamined": "HEAD",
    "ConversionSoftware": "dcm2niix",
    "ConversionSoftwareVersion": "v1.0.20180622 GCC4.9.2",
    "DeviceSerialNumber": "34111",
    "EchoTime": 0.03,
    "EchoTrainLength": 31,
    "FlipAngle": 75,
    "ImageOrientationPatientDICOM": [
      0.998243,
      -0.0331413,
      0.0491265,
      0.0371627,
      0.995828,
      -0.0833443
    ],
    "ImageType": [
      "ORIGINAL",
      "PRIMARY",
      "M",
      "FFE",
      "M",
      "FFE"
    ],
    "InPlanePhaseEncodingDirectionDICOM": "COL",
    "MRAcquisitionType": "2D",
    "MagneticFieldStrength": 3,
    "Manufacturer": "Philips",
    "ManufacturersModelName": "Achieva_dStream",
    "Modality": "MR",
    "PatientPosition": "HFS",
    "PercentPhaseFOV": 100,
    "PhaseEncodingAxis": "j",
    "PhaseEncodingSteps": 78,
    "PhilipsRescaleIntercept": 0,
    "PhilipsRescaleSlope": 0.788034,
    "PhilipsScaleSlope": 0.00810896,
    "PixelBandwidth": 3425,
    "ProtocolName": "EPI_run7_195dyn",
    "ReconMatrixPE": 80,
    "RepetitionTime": 2,
    "SAR": 0.0791052,
    "ScanOptions": "FS",
    "ScanningSequence": "GR",
    "SequenceVariant": "SK",
    "SeriesDescription": "EPI_run7_195dyn",
    "SeriesNumber": 1101,
    "SliceThickness": 3,
    "SoftwareVersions": "5.3.1_5.3.1.1",
    "SpacingBetweenSlices": 3.2,
    "StationName": "HOST_INGENIA",
    "TaskName": "faces",
    "UsePhilipsFloatNotDisplayScaling": 1,
    "dataset": "ds001761",
    "modality": "bold",
    "run_id": 7,
    "session_id": "03",
    "subject_id": "02",
    "task_id": "faces"
  },
  "dummy_trs": 0,
  "dvars_nstd": 24.337542317268035,
  "dvars_std": 1.1907157481958752,
  "dvars_vstd": 1.0537936094845362,
  "efc": 0.45250146935591234,
  "fber": 72878.6953125,
  "fd_mean": 0.1209556175574735,
  "fd_num": 21,
  "fd_perc": 10.76923076923077,
  "fwhm_avg": 1.8027097555911393,
  "fwhm_x": 1.7469833333333333,
  "fwhm_y": 1.9816333333333331,
  "fwhm_z": 1.679512600106752,
  "gcor": 0.0180644,
  "gsr_x": -0.007716403342783451,
  "gsr_y": 0.015108931809663773,
  "provenance": {
    "md5sum": "f29c524f4def2809277f9edabab54b95",
    "settings": {
      "fd_thres": 0.2,
      "testing": false
    },
    "software": "mriqc",
    "version": "21.0.0rc2",
    "webapi_port": null,
    "webapi_url": "https://mriqc.nimh.nih.gov/api/v1"
  },
  "size_t": 195,
  "size_x": 80,
  "size_y": 80,
  "size_z": 41,
  "snr": 5.823689741173459,
  "spacing_tr": 1.9999991655349731,
  "spacing_x": 3.0,
  "spacing_y": 3.0,
  "spacing_z": 3.1999998092651367,
  "summary_bg_k": 123.5815349939674,
  "summary_bg_mad": 724.1940444187983,
  "summary_bg_mean": 3957.262451171875,
  "summary_bg_median": 595.759521484375,
  "summary_bg_n": 171682.0,
  "summary_bg_p05": 36.122944641113286,
  "summary_bg_p95": 17669.541894531227,
  "summary_bg_stdv": 11009.3447265625,
  "summary_fg_k": 2.902266720289992,
  "summary_fg_mad": 25779.267301608597,
  "summary_fg_mean": 168884.578125,
  "summary_fg_median": 166263.5625,
  "summary_fg_n": 44396.0,
  "summary_fg_p05": 129631.818359375,
  "summary_fg_p95": 215680.1328125,
  "summary_fg_stdv": 28549.201171875,
  "tsnr": 64.67610931396484
}