{
  "aor": 0.001751897435897436,
  "aqi": 0.00623199564102564,
  "bids_meta": {
    "AcquisitionMatrixPE": 78,
    "AcquisitionNumber": 9,
    "AcquisitionTime": "11:54:12.790000",
    "BodyPartExamined": "HEAD",
    "ConversionSoftware": "dcm2niix",
    "ConversionSoftwareVersion": "v1.0.20180622 GCC4.9.2",
    "DeviceSerialNumber": "34111",
    "EchoTime": 0.03,
    "EchoTrainLength": 31,
    "FlipAngle": 75,
    "ImageOrientationPatientDICOM": [
      0.998243,
      -0.0331413,
      0.0491265,
      0.0371627,
      0.995828,
      -0.0833443
    ],
    "ImageType": [
      "ORIGINAL",
      "PRIMARY",
      "M",
      "FFE",
      "M",
      "FFE"
    ],
    "InPlanePhaseEncodingDirectionDICOM": "COL",
    "MRAcquisitionType": "2D",
    "MagneticFieldStrength": 3,
    "Manufacturer": "Philips",
    "ManufacturersModelName": "Achieva_dStream",
    "Modality": "MR",
    "PatientPosition": "HFS",
    "PercentPhaseFOV": 100,
    "PhaseEncodingAxis": "j",
    "PhaseEncodingSteps": 78,
    "PhilipsRescaleIntercept": 0,
    "PhilipsRescaleSlope": 0.794628,
    "PhilipsScaleSlope": 0.00782135,
    "PixelBandwidth": 3425,
    "ProtocolName": "EPI_run6_195dyn",
    "ReconMatrixPE": 80,
    "RepetitionTime": 2,
    "SAR": 0.0791052,
    "ScanOptions": "FS",
    "ScanningSequence": "GR",
    "SequenceVariant": "SK",
    "SeriesDescription": "EPI_run6_195dyn",
    "SeriesNumber": 901,
    "SliceThickness": 3,
    "SoftwareVersions": "5.3.1_5.3.1.1",
    "SpacingBetweenSlices": 3.2,
    "StationName": "HOST_INGENIA",
    "TaskName": "faces",
    "UsePhilipsFloatNotDisplayScaling": 1,
    "dataset": "ds001761",
    "modality": "bold",
    "run_id": 6,
    "session_id": "03",
    "subject_id": "02",
    "task_id": "faces"
  },
  "dummy_trs": 0,
  "dvars_nstd": 23.801816203298962,
  "dvars_std": 1.1602938375257739,
  "dvars_vstd": 1.0113003827319587,
  "efc": 0.4520378374355488,
  "fber": 74982.40625,
  "fd_mean": 0.10809664599241339,
  "fd_num": 14,
  "fd_perc": 7.17948717948718,
  "fwhm_avg": 1.8038042694730123,
  "fwhm_x": 1.7496766666666668,
  "fwhm_y": 1.9825766666666667,
  "fwhm_z": 1.679159475085704,
  "gcor": 0.0140149,
  "gsr_x": -0.00747561315074563,
  "gsr_y": 0.01506449468433857,
  "provenance": {
    "md5sum": "373977cda17c2f9278884deacf9f48ec",
    "settings": {
      "fd_thres": 0.2,
      "testing": false
    },
    "software": "mriqc",
    "version": "21.0.0rc2",
    "webapi_port": null,
    "webapi_url": "https://mriqc.nimh.nih.gov/api/v1"
  },
  "size_t": 195,
  "size_x": 80,
  "size_y": 80,
  "size_z": 41,
  "snr": 5.810887170662847,
  "spacing_tr": 1.9999991655349731,
  "spacing_x": 3.0,
  "spacing_y": 3.0,
  "spacing_z": 3.1999998092651367,
  "summary_bg_k": 127.74311639818978,
  "summary_bg_mad": 720.0578882784508,
  "summary_bg_mean": 3948.41064453125,
  "summary_bg_median": 590.931884765625,
  "summary_bg_n": 171702.0,
  "summary_bg_p05": 36.44541187286377,
  "summary_bg_p95": 17590.57060546872,
  "summary_bg_stdv": 11095.091796875,
  "summary_fg_k": 3.011702793856828,
  "summary_fg_mad": 25790.815382951176,
  "summary_fg_mean": 169530.640625,
  "summary_fg_median": 166898.765625,
  "summary_fg_n": 44377.0,
  "summary_fg_p05": 130310.6609375,
  "summary_fg_p95": 216615.234375,
  "summary_fg_stdv": 28721.412109375,
  "tsnr": 68.4793930053711
}