{
  "aor": 0.004537321428571428,
  "aqi": 0.005391285535714286,
  "bids_meta": {
    "AcquisitionMatrixPE": 78,
    "AcquisitionNumber": 6,
    "AcquisitionTime": "11:37:0.540000",
    "BodyPartExamined": "HEAD",
    "ConversionSoftware": "dcm2niix",
    "ConversionSoftwareVersion": "v1.0.20180622 GCC4.9.2",
    "DeviceSerialNumber": "34111",
    "EchoTime": 0.03,
    "EchoTrainLength": 31,
    "FlipAngle": 75,
    "ImageOrientationPatientDICOM": [
      0.998243,
      -0.0331413,
      0.0491265,
      0.0371627,
      0.995828,
      -0.0833443
    ],
    "ImageType": [
      "ORIGINAL",
      "PRIMARY",
      "M",
      "FFE",
      "M",
      "FFE"
    ],
    "InPlanePhaseEncodingDirectionDICOM": "COL",
    "MRAcquisitionType": "2D",
    "MagneticFieldStrength": 3,
    "Manufacturer": "Philips",
    "ManufacturersModelName": "Achieva_dStream",
    "Modality": "MR",
    "PatientPosition": "HFS",
    "PercentPhaseFOV": 100,
    "PhaseEncodingAxis": "j",
    "PhaseEncodingSteps": 78,
    "PhilipsRescaleIntercept": 0,
    "PhilipsRescaleSlope": 0.787057,
    "PhilipsScaleSlope": 0.00796409,
    "PixelBandwidth": 3425,
    "ProtocolName": "EPI_LOCALIZER_56dyn",
    "ReconMatrixPE": 80,
    "RepetitionTime": 2,
    "SAR": 0.0791052,
    "ScanOptions": "FS",
    "ScanningSequence": "GR",
    "SequenceVariant": "SK",
    "SeriesDescription": "EPI_LOCALIZER_56dyn",
    "SeriesNumber": 601,
    "SliceThickness": 3,
    "SoftwareVersions": "5.3.1_5.3.1.1",
    "SpacingBetweenSlices": 3.2,
    "StationName": "HOST_INGENIA",
    "TaskName": "loc",
    "UsePhilipsFloatNotDisplayScaling": 1,
    "dataset": "ds001761",
    "modality": "bold",
    "run_id": 1,
    "session_id": "03",
    "subject_id": "02",
    "task_id": "loc"
  },
  "dummy_trs": 0,
  "dvars_nstd": 22.449910007818186,
  "dvars_std": 1.147860564181818,
  "dvars_vstd": 1.027599076727273,
  "efc": 0.4513214959431698,
  "fber": 76530.8828125,
  "fd_mean": 0.07438180513261658,
  "fd_num": 0,
  "fd_perc": 0.0,
  "fwhm_avg": 1.808435380686445,
  "fwhm_x": 1.75476,
  "fwhm_y": 1.9862366666666667,
  "fwhm_z": 1.684309475392668,
  "gcor": 0.0328208,
  "gsr_x": -0.007678903639316559,
  "gsr_y": 0.015442109666764736,
  "provenance": {
    "md5sum": "cedfe874a8bd4926be5d6500b9a3fc01",
    "settings": {
      "fd_thres": 0.2,
      "testing": false
    },
    "software": "mriqc",
    "version": "21.0.0rc2",
    "webapi_port": null,
    "webapi_url": "https://mriqc.nimh.nih.gov/api/v1"
  },
  "size_t": 56,
  "size_x": 80,
  "size_y": 80,
  "size_z": 41,
  "snr": 5.8079064955781865,
  "spacing_tr": 1.9999991655349731,
  "spacing_x": 3.0,
  "spacing_y": 3.0,
  "spacing_z": 3.1999998092651367,
  "summary_bg_k": 132.54084233740844,
  "summary_bg_mad": 713.5157781709578,
  "summary_bg_mean": 3895.35595703125,
  "summary_bg_median": 587.7979736328125,
  "summary_bg_n": 171699.0,
  "summary_bg_p05": 27.029941368103025,
  "summary_bg_p95": 17349.16269531251,
  "summary_bg_stdv": 11026.0859375,
  "summary_fg_k": 2.974218979234635,
  "summary_fg_mad": 26029.792328046547,
  "summary_fg_mean": 170559.3125,
  "summary_fg_median": 168034.8125,
  "summary_fg_n": 44429.0,
  "summary_fg_p05": 130729.428125,
  "summary_fg_p95": 217803.909375,
  "summary_fg_stdv": 28931.75390625,
  "tsnr": 76.68627166748047
}