{
  "aor": 0.0042583636363636365,
  "aqi": 0.005247120181818182,
  "bids_meta": {
    "AcquisitionMatrixPE": 78,
    "AcquisitionNumber": 10,
    "AcquisitionTime": "12:01:32.200000",
    "BodyPartExamined": "HEAD",
    "ConversionSoftware": "dcm2niix",
    "ConversionSoftwareVersion": "v1.0.20180622 GCC4.9.2",
    "DeviceSerialNumber": "34111",
    "EchoTime": 0.03,
    "EchoTrainLength": 31,
    "FlipAngle": 75,
    "ImageOrientationPatientDICOM": [
      0.998243,
      -0.0331413,
      0.0491265,
      0.0371627,
      0.995828,
      -0.0833443
    ],
    "ImageType": [
      "ORIGINAL",
      "PRIMARY",
      "M",
      "FFE",
      "M",
      "FFE"
    ],
    "InPlanePhaseEncodingDirectionDICOM": "COL",
    "MRAcquisitionType": "2D",
    "MagneticFieldStrength": 3,
    "Manufacturer": "Philips",
    "ManufacturersModelName": "Achieva_dStream",
    "Modality": "MR",
    "PatientPosition": "HFS",
    "PercentPhaseFOV": 100,
    "PhaseEncodingAxis": "j",
    "PhaseEncodingSteps": 78,
    "PhilipsRescaleIntercept": 0,
    "PhilipsRescaleSlope": 0.810989,
    "PhilipsScaleSlope": 0.00770804,
    "PixelBandwidth": 3425,
    "ProtocolName": "EPI_LOCALIZER_56dyn",
    "ReconMatrixPE": 80,
    "RepetitionTime": 2,
    "SAR": 0.0791052,
    "ScanOptions": "FS",
    "ScanningSequence": "GR",
    "SequenceVariant": "SK",
    "SeriesDescription": "EPI_LOCALIZER_56dyn",
    "SeriesNumber": 1001,
    "SliceThickness": 3,
    "SoftwareVersions": "5.3.1_5.3.1.1",
    "SpacingBetweenSlices": 3.2,
    "StationName": "HOST_INGENIA",
    "TaskName": "loc",
    "UsePhilipsFloatNotDisplayScaling": 1,
    "dataset": "ds001761",
    "modality": "bold",
    "run_id": 2,
    "session_id": "03",
    "subject_id": "02",
    "task_id": "loc"
  },
  "dummy_trs": 1,
  "dvars_nstd": 24.14537115444444,
  "dvars_std": 1.2065280118518515,
  "dvars_vstd": 1.0482343227777777,
  "efc": 0.4519178997003419,
  "fber": 73523.078125,
  "fd_mean": 0.08303783000296085,
  "fd_num": 1,
  "fd_perc": 1.8181818181818181,
  "fwhm_avg": 1.7992443390256767,
  "fwhm_x": 1.73859,
  "fwhm_y": 1.9745366666666666,
  "fwhm_z": 1.6846063504103632,
  "gcor": 0.0122208,
  "gsr_x": -0.007109553087502718,
  "gsr_y": 0.014119504950940609,
  "provenance": {
    "md5sum": "16254e9953f90725b5dc184a64d865ea",
    "settings": {
      "fd_thres": 0.2,
      "testing": false
    },
    "software": "mriqc",
    "version": "21.0.0rc2",
    "webapi_port": null,
    "webapi_url": "https://mriqc.nimh.nih.gov/api/v1"
  },
  "size_t": 55,
  "size_x": 80,
  "size_y": 80,
  "size_z": 41,
  "snr": 5.818706124837414,
  "spacing_tr": 1.9999991655349731,
  "spacing_x": 3.0,
  "spacing_y": 3.0,
  "spacing_z": 3.1999998092651367,
  "summary_bg_k": 115.64557290446217,
  "summary_bg_mad": 728.1423980945932,
  "summary_bg_mean": 3919.949951171875,
  "summary_bg_median": 598.333984375,
  "summary_bg_n": 171724.0,
  "summary_bg_p05": 35.087535476684565,
  "summary_bg_p95": 17589.171093750003,
  "summary_bg_stdv": 10853.5283203125,
  "summary_fg_k": 3.0527461467585244,
  "summary_fg_mad": 25903.93329909122,
  "summary_fg_mean": 169887.28125,
  "summary_fg_median": 167242.875,
  "summary_fg_n": 44363.0,
  "summary_fg_p05": 130708.89296875,
  "summary_fg_p95": 216690.3484375,
  "summary_fg_stdv": 28741.955078125,
  "tsnr": 77.63079833984375
}