{
  "aor": 0.016379897435897437,
  "aqi": 0.022256332717948715,
  "bids_meta": {
    "AcquisitionMatrixPE": 78,
    "AcquisitionNumber": 16,
    "AcquisitionTime": "12:40:49.290000",
    "BodyPartExamined": "HEAD",
    "ConversionSoftware": "dcm2niix",
    "ConversionSoftwareVersion": "v1.0.20180622 GCC4.9.2",
    "DeviceSerialNumber": "34111",
    "EchoTime": 0.03,
    "EchoTrainLength": 31,
    "FlipAngle": 75,
    "ImageOrientationPatientDICOM": [
      0.998243,
      -0.0331413,
      0.0491265,
      0.0371627,
      0.995828,
      -0.0833443
    ],
    "ImageType": [
      "ORIGINAL",
      "PRIMARY",
      "M",
      "FFE",
      "M",
      "FFE"
    ],
    "InPlanePhaseEncodingDirectionDICOM": "COL",
    "MRAcquisitionType": "2D",
    "MagneticFieldStrength": 3,
    "Manufacturer": "Philips",
    "ManufacturersModelName": "Achieva_dStream",
    "Modality": "MR",
    "PatientPosition": "HFS",
    "PercentPhaseFOV": 100,
    "PhaseEncodingAxis": "j",
    "PhaseEncodingSteps": 78,
    "PhilipsRescaleIntercept": 0,
    "PhilipsRescaleSlope": 0.739194,
    "PhilipsScaleSlope": 0.00839897,
    "PixelBandwidth": 3425,
    "ProtocolName": "EPI_run12_195dyn",
    "ReconMatrixPE": 80,
    "RepetitionTime": 2,
    "SAR": 0.0791052,
    "ScanOptions": "FS",
    "ScanningSequence": "GR",
    "SequenceVariant": "SK",
    "SeriesDescription": "EPI_run12_195dyn",
    "SeriesNumber": 1601,
    "SliceThickness": 3,
    "SoftwareVersions": "5.3.1_5.3.1.1",
    "SpacingBetweenSlices": 3.2,
    "StationName": "HOST_INGENIA",
    "TaskName": "faces",
    "UsePhilipsFloatNotDisplayScaling": 1,
    "dataset": "ds001761",
    "modality": "bold",
    "run_id": 12,
    "session_id": "03",
    "subject_id": "02",
    "task_id": "faces"
  },
  "dummy_trs": 0,
  "dvars_nstd": 34.71818358649485,
  "dvars_std": 1.0843367292783503,
  "dvars_vstd": 1.0297052312886603,
  "efc": 0.45431100128829827,
  "fber": 68708.234375,
  "fd_mean": 0.3903215217272133,
  "fd_num": 69,
  "fd_perc": 35.38461538461539,
  "fwhm_avg": 1.8533987148860325,
  "fwhm_x": 1.7894633333333332,
  "fwhm_y": 2.042823333333333,
  "fwhm_z": 1.7279094779914306,
  "gcor": 0.0547061,
  "gsr_x": -0.008067765273153782,
  "gsr_y": 0.014885162003338337,
  "provenance": {
    "md5sum": "6f655c76cc9042d114a2a9558ef17e8b",
    "settings": {
      "fd_thres": 0.2,
      "testing": false
    },
    "software": "mriqc",
    "version": "21.0.0rc2",
    "webapi_port": null,
    "webapi_url": "https://mriqc.nimh.nih.gov/api/v1"
  },
  "size_t": 195,
  "size_x": 80,
  "size_y": 80,
  "size_z": 41,
  "snr": 5.775777070159897,
  "spacing_tr": 1.9999991655349731,
  "spacing_x": 3.0,
  "spacing_y": 3.0,
  "spacing_z": 3.1999998092651367,
  "summary_bg_k": 110.72572822155082,
  "summary_bg_mad": 725.2528270478869,
  "summary_bg_mean": 4019.720703125,
  "summary_bg_median": 606.081787109375,
  "summary_bg_n": 171594.0,
  "summary_bg_p05": 58.334235954284665,
  "summary_bg_p95": 18011.962109375003,
  "summary_bg_stdv": 10964.61328125,
  "summary_fg_k": 2.868782784082881,
  "summary_fg_mad": 25918.689824297282,
  "summary_fg_mean": 165851.984375,
  "summary_fg_median": 163210.4375,
  "summary_fg_n": 44488.0,
  "summary_fg_p05": 126924.880859375,
  "summary_fg_p95": 211858.340625,
  "summary_fg_stdv": 28257.427734375,
  "tsnr": 33.66971969604492
}