{
  "aor": 0.008884307692307691,
  "aqi": 0.007305852974358974,
  "bids_meta": {
    "AcquisitionMatrixPE": 78,
    "AcquisitionNumber": 7,
    "AcquisitionTime": "11:39:47.930000",
    "BodyPartExamined": "HEAD",
    "ConversionSoftware": "dcm2niix",
    "ConversionSoftwareVersion": "v1.0.20180622 GCC4.9.2",
    "DeviceSerialNumber": "34111",
    "EchoTime": 0.03,
    "EchoTrainLength": 31,
    "FlipAngle": 75,
    "ImageOrientationPatientDICOM": [
      0.998243,
      -0.0331413,
      0.0491265,
      0.0371627,
      0.995828,
      -0.0833443
    ],
    "ImageType": [
      "ORIGINAL",
      "PRIMARY",
      "M",
      "FFE",
      "M",
      "FFE"
    ],
    "InPlanePhaseEncodingDirectionDICOM": "COL",
    "MRAcquisitionType": "2D",
    "MagneticFieldStrength": 3,
    "Manufacturer": "Philips",
    "ManufacturersModelName": "Achieva_dStream",
    "Modality": "MR",
    "PatientPosition": "HFS",
    "PercentPhaseFOV": 100,
    "PhaseEncodingAxis": "j",
    "PhaseEncodingSteps": 78,
    "PhilipsRescaleIntercept": 0,
    "PhilipsRescaleSlope": 0.834432,
    "PhilipsScaleSlope": 0.00746352,
    "PixelBandwidth": 3425,
    "ProtocolName": "EPI_run4_195dyn",
    "ReconMatrixPE": 80,
    "RepetitionTime": 2,
    "SAR": 0.0791052,
    "ScanOptions": "FS",
    "ScanningSequence": "GR",
    "SequenceVariant": "SK",
    "SeriesDescription": "EPI_run4_195dyn",
    "SeriesNumber": 701,
    "SliceThickness": 3,
    "SoftwareVersions": "5.3.1_5.3.1.1",
    "SpacingBetweenSlices": 3.2,
    "StationName": "HOST_INGENIA",
    "TaskName": "faces",
    "UsePhilipsFloatNotDisplayScaling": 1,
    "dataset": "ds001761",
    "modality": "bold",
    "run_id": 4,
    "session_id": "03",
    "subject_id": "02",
    "task_id": "faces"
  },
  "dummy_trs": 0,
  "dvars_nstd": 23.76598366005154,
  "dvars_std": 1.2031137935567011,
  "dvars_vstd": 1.079300848247423,
  "efc": 0.45164590077919275,
  "fber": 75405.6796875,
  "fd_mean": 0.11056062264539848,
  "fd_num": 13,
  "fd_perc": 6.666666666666667,
  "fwhm_avg": 1.8206346171578538,
  "fwhm_x": 1.7600166666666668,
  "fwhm_y": 1.9994433333333335,
  "fwhm_z": 1.7024438514735611,
  "gcor": 0.0140621,
  "gsr_x": -0.007806797977536917,
  "gsr_y": 0.014990977011620998,
  "provenance": {
    "md5sum": "b60b6a3962032a2c31d2edf1b9c583d8",
    "settings": {
      "fd_thres": 0.2,
      "testing": false
    },
    "software": "mriqc",
    "version": "21.0.0rc2",
    "webapi_port": null,
    "webapi_url": "https://mriqc.nimh.nih.gov/api/v1"
  },
  "size_t": 195,
  "size_x": 80,
  "size_y": 80,
  "size_z": 41,
  "snr": 5.718360360109163,
  "spacing_tr": 1.9999991655349731,
  "spacing_x": 3.0,
  "spacing_y": 3.0,
  "spacing_z": 3.1999998092651367,
  "summary_bg_k": 127.70939855898362,
  "summary_bg_mad": 723.120551369596,
  "summary_bg_mean": 3951.837646484375,
  "summary_bg_median": 594.4035034179688,
  "summary_bg_n": 171722.0,
  "summary_bg_p05": 38.35734329223633,
  "summary_bg_p95": 17526.08271484375,
  "summary_bg_stdv": 11069.03515625,
  "summary_fg_k": 3.110462797171909,
  "summary_fg_mad": 26519.02789449373,
  "summary_fg_mean": 171309.359375,
  "summary_fg_median": 168579.921875,
  "summary_fg_n": 44387.0,
  "summary_fg_p05": 131134.8703125,
  "summary_fg_p95": 219608.81874999998,
  "summary_fg_stdv": 29480.1328125,
  "tsnr": 64.51115417480469
}