{
  "bids_meta": {
    "AcquisitionMatrixPE": 240,
    "AcquisitionNumber": 2,
    "AcquisitionTime": "10:11:31.390000",
    "BodyPartExamined": "HEAD",
    "ConversionSoftware": "dcm2niix",
    "ConversionSoftwareVersion": "v1.0.20180622 GCC4.9.2",
    "DeviceSerialNumber": "34111",
    "EchoTime": 0.003727,
    "EchoTrainLength": 119,
    "FlipAngle": 8,
    "ImageOrientationPatientDICOM": [
      -0.0909279,
      0.995857,
      0,
      0,
      0,
      -1
    ],
    "ImageType": [
      "ORIGINAL",
      "PRIMARY",
      "M",
      "FFE",
      "M",
      "FFE"
    ],
    "InPlanePhaseEncodingDirectionDICOM": "ROW",
    "MRAcquisitionType": "3D",
    "MagneticFieldStrength": 3,
    "Manufacturer": "Philips",
    "ManufacturersModelName": "Achieva_dStream",
    "Modality": "MR",
    "PatientPosition": "HFS",
    "PercentPhaseFOV": 100,
    "PhaseEncodingSteps": 240,
    "PhilipsRescaleIntercept": 0,
    "PhilipsRescaleSlope": 4.0442,
    "PhilipsScaleSlope": 0.00170298,
    "PixelBandwidth": 191,
    "ProtocolName": "sT1W_1mm_3D_32ch",
    "ReconMatrixPE": 240,
    "RepetitionTime": 0.0081453,
    "SAR": 0.0130225,
    "ScanOptions": "OTHER",
    "ScanningSequence": "GR",
    "SequenceVariant": "MP",
    "SeriesDescription": "sT1W_1mm_3D_32ch",
    "SeriesNumber": 201,
    "SliceThickness": 1,
    "SoftwareVersions": "5.3.1_5.3.1.1",
    "SpacingBetweenSlices": 1,
    "StationName": "HOST_INGENIA",
    "UsePhilipsFloatNotDisplayScaling": 1,
    "acq_id": "01",
    "dataset": "ds001761",
    "modality": "T1w",
    "session_id": "08",
    "subject_id": "02"
  },
  "cjv": 0.2792768876406368,
  "cnr": 4.3757887427467566,
  "efc": 0.7506677359715422,
  "fber": 507.0469665527344,
  "fwhm_avg": 3.646809914397912,
  "fwhm_x": 3.7519397431937365,
  "fwhm_y": 3.82592,
  "fwhm_z": 3.36257,
  "icvs_csf": 0.2747253499494211,
  "icvs_gm": 0.35631009625849597,
  "icvs_wm": 0.3689645537920829,
  "inu_med": 2.602489948272705,
  "inu_range": 0.7865218877792359,
  "provenance": {
    "md5sum": "d3096f4618d1cbf8857ceafc975dc0ae",
    "settings": {
      "testing": false
    },
    "software": "mriqc",
    "version": "21.0.0rc2",
    "warnings": {
      "large_rot_frame": true,
      "small_air_mask": true
    },
    "webapi_port": null,
    "webapi_url": "https://mriqc.nimh.nih.gov/api/v1"
  },
  "qi_1": 8.858830735586682e-05,
  "qi_2": 3.3100420777283566e-05,
  "rpve_csf": 15.410840852830791,
  "rpve_gm": 10.54640785805821,
  "rpve_wm": 14.541474919724273,
  "size_x": 170,
  "size_y": 240,
  "size_z": 240,
  "snr_csf": 4.359873062770255,
  "snr_gm": 7.4584494947520605,
  "snr_total": 11.175973893812255,
  "snr_wm": 21.70959912391445,
  "snrd_csf": 47.050480445170116,
  "snrd_gm": 86.8249849867754,
  "snrd_total": 93.21479289290623,
  "snrd_wm": 145.76891324677317,
  "spacing_x": 0.9999920725822449,
  "spacing_y": 1.0,
  "spacing_z": 1.0,
  "summary_bg_k": 9.622153189547252,
  "summary_bg_mad": 4.494302696485174,
  "summary_bg_mean": 7.129649639129639,
  "summary_bg_median": 5.8566670417785645,
  "summary_bg_n": 207410.0,
  "summary_bg_p05": 0.0,
  "summary_bg_p95": 18.24639921188354,
  "summary_bg_stdv": 6.369891166687012,
  "summary_csf_k": 1.6227899956256167,
  "summary_csf_mad": 58.7963445356321,
  "summary_csf_mean": 315.7904052734375,
  "summary_csf_median": 322.7711181640625,
  "summary_csf_n": 16717.0,
  "summary_csf_p05": 180.7880340576172,
  "summary_csf_p95": 421.8580627441404,
  "summary_csf_stdv": 74.03001403808594,
  "summary_gm_k": 0.5238312344814138,
  "summary_gm_mad": 72.57973105408524,
  "summary_gm_mean": 596.9523315429688,
  "summary_gm_median": 595.6282958984375,
  "summary_gm_n": 14428.0,
  "summary_gm_p05": 466.5470306396484,
  "summary_gm_p95": 732.9256439208984,
  "summary_gm_stdv": 79.85676574707031,
  "summary_wm_k": 1.484121378089962,
  "summary_wm_mad": 40.349059192607506,
  "summary_wm_mean": 997.674560546875,
  "summary_wm_median": 999.9896850585938,
  "summary_wm_n": 235375.0,
  "summary_wm_p05": 918.3430541992187,
  "summary_wm_p95": 1067.2302490234374,
  "summary_wm_stdv": 46.0620002746582,
  "tpm_overlap_csf": 0.14571301639080048,
  "tpm_overlap_gm": 0.41497066617012024,
  "tpm_overlap_wm": 0.5134463906288147,
  "wm2max": 0.6487357650537596
}