{
  "aor": 0.0014625980392156863,
  "aqi": 0.004800488578431373,
  "bids_meta": {
    "AcquisitionMatrixPE": 78,
    "AcquisitionNumber": 14,
    "AcquisitionTime": "12:58:10.410000",
    "BodyPartExamined": "HEAD",
    "ConversionSoftware": "dcm2niix",
    "ConversionSoftwareVersion": "v1.0.20180622 GCC4.9.2",
    "DeviceSerialNumber": "34111",
    "EchoTime": 0.03,
    "EchoTrainLength": 31,
    "FlipAngle": 75,
    "ImageOrientationPatientDICOM": [
      0.999002,
      0.0166209,
      0.0414553,
      -0.0133915,
      0.996941,
      -0.0769969
    ],
    "ImageType": [
      "ORIGINAL",
      "PRIMARY",
      "M",
      "FFE",
      "M",
      "FFE"
    ],
    "InPlanePhaseEncodingDirectionDICOM": "COL",
    "MRAcquisitionType": "2D",
    "MagneticFieldStrength": 3,
    "Manufacturer": "Philips",
    "ManufacturersModelName": "Achieva_dStream",
    "Modality": "MR",
    "PatientPosition": "HFS",
    "PercentPhaseFOV": 100,
    "PhaseEncodingAxis": "j",
    "PhaseEncodingSteps": 78,
    "PhilipsRescaleIntercept": 0,
    "PhilipsRescaleSlope": 0.85641,
    "PhilipsScaleSlope": 0.00805941,
    "PixelBandwidth": 3423,
    "ProtocolName": "EPI_run12_204dyn",
    "ReconMatrixPE": 80,
    "RepetitionTime": 2,
    "SAR": 0.0791065,
    "ScanOptions": "FS",
    "ScanningSequence": "GR",
    "SequenceVariant": "SK",
    "SeriesDescription": "EPI_run12_204dyn",
    "SeriesNumber": 1401,
    "SliceThickness": 3,
    "SoftwareVersions": "5.3.1_5.3.1.1",
    "SpacingBetweenSlices": 3.2,
    "StationName": "HOST_INGENIA",
    "TaskName": "faces",
    "UsePhilipsFloatNotDisplayScaling": 1,
    "dataset": "ds001761",
    "modality": "bold",
    "run_id": 12,
    "session_id": "07",
    "subject_id": "03",
    "task_id": "faces"
  },
  "dummy_trs": 0,
  "dvars_nstd": 23.310587267684728,
  "dvars_std": 1.1915388213793103,
  "dvars_vstd": 1.0109138020689665,
  "efc": 0.43872115833487263,
  "fber": 101696.5546875,
  "fd_mean": 0.07375359387570371,
  "fd_num": 0,
  "fd_perc": 0.0,
  "fwhm_avg": 1.8680456162068404,
  "fwhm_x": 1.8045200000000001,
  "fwhm_y": 2.02932,
  "fwhm_z": 1.7702968486205213,
  "gcor": 0.0245015,
  "gsr_x": -0.014968926087021828,
  "gsr_y": 0.015389807522296906,
  "provenance": {
    "md5sum": "c856c5464894b3f2251bad7209734637",
    "settings": {
      "fd_thres": 0.2,
      "testing": false
    },
    "software": "mriqc",
    "version": "21.0.0rc2",
    "webapi_port": null,
    "webapi_url": "https://mriqc.nimh.nih.gov/api/v1"
  },
  "size_t": 204,
  "size_x": 80,
  "size_y": 80,
  "size_z": 41,
  "snr": 5.512581452717528,
  "spacing_tr": 1.9999991655349731,
  "spacing_x": 3.0,
  "spacing_y": 3.0,
  "spacing_z": 3.200000047683716,
  "summary_bg_k": 71.90167677803531,
  "summary_bg_mad": 589.8650881158022,
  "summary_bg_mean": 4159.83349609375,
  "summary_bg_median": 505.9206237792969,
  "summary_bg_n": 176465.0,
  "summary_bg_p05": 29.335313034057638,
  "summary_bg_p95": 20623.594140624984,
  "summary_bg_stdv": 11346.60546875,
  "summary_fg_k": 2.73214874646329,
  "summary_fg_mad": 29174.692787072563,
  "summary_fg_mean": 167324.125,
  "summary_fg_median": 164987.3125,
  "summary_fg_n": 41142.0,
  "summary_fg_p05": 124886.315234375,
  "summary_fg_p95": 215820.55624999997,
  "summary_fg_stdv": 29928.865234375,
  "tsnr": 75.63479614257812
}