{
  "aor": 0.002111078431372549,
  "aqi": 0.005263068186274511,
  "bids_meta": {
    "AcquisitionMatrixPE": 78,
    "AcquisitionNumber": 13,
    "AcquisitionTime": "12:48:24.520000",
    "BodyPartExamined": "HEAD",
    "ConversionSoftware": "dcm2niix",
    "ConversionSoftwareVersion": "v1.0.20180622 GCC4.9.2",
    "DeviceSerialNumber": "34111",
    "EchoTime": 0.03,
    "EchoTrainLength": 31,
    "FlipAngle": 75,
    "ImageOrientationPatientDICOM": [
      0.999002,
      0.0166209,
      0.0414553,
      -0.0133915,
      0.996941,
      -0.0769969
    ],
    "ImageType": [
      "ORIGINAL",
      "PRIMARY",
      "M",
      "FFE",
      "M",
      "FFE"
    ],
    "InPlanePhaseEncodingDirectionDICOM": "COL",
    "MRAcquisitionType": "2D",
    "MagneticFieldStrength": 3,
    "Manufacturer": "Philips",
    "ManufacturersModelName": "Achieva_dStream",
    "Modality": "MR",
    "PatientPosition": "HFS",
    "PercentPhaseFOV": 100,
    "PhaseEncodingAxis": "j",
    "PhaseEncodingSteps": 78,
    "PhilipsRescaleIntercept": 0,
    "PhilipsRescaleSlope": 0.811966,
    "PhilipsScaleSlope": 0.00774736,
    "PixelBandwidth": 3423,
    "ProtocolName": "EPI_run11_204dyn",
    "ReconMatrixPE": 80,
    "RepetitionTime": 2,
    "SAR": 0.0791065,
    "ScanOptions": "FS",
    "ScanningSequence": "GR",
    "SequenceVariant": "SK",
    "SeriesDescription": "EPI_run11_204dyn",
    "SeriesNumber": 1301,
    "SliceThickness": 3,
    "SoftwareVersions": "5.3.1_5.3.1.1",
    "SpacingBetweenSlices": 3.2,
    "StationName": "HOST_INGENIA",
    "TaskName": "faces",
    "UsePhilipsFloatNotDisplayScaling": 1,
    "dataset": "ds001761",
    "modality": "bold",
    "run_id": 11,
    "session_id": "07",
    "subject_id": "03",
    "task_id": "faces"
  },
  "dummy_trs": 0,
  "dvars_nstd": 23.867313535073883,
  "dvars_std": 1.2098957973399014,
  "dvars_vstd": 1.0206602797536946,
  "efc": 0.4379040156694964,
  "fber": 102266.59375,
  "fd_mean": 0.09443538912485135,
  "fd_num": 6,
  "fd_perc": 2.9411764705882355,
  "fwhm_avg": 1.874094782877046,
  "fwhm_x": 1.8252499999999998,
  "fwhm_y": 2.02745,
  "fwhm_z": 1.7695843486311384,
  "gcor": 0.0241516,
  "gsr_x": -0.01449431013315916,
  "gsr_y": 0.01580851338803768,
  "provenance": {
    "md5sum": "17d4b742a5dec38151e3faccbef5c0fa",
    "settings": {
      "fd_thres": 0.2,
      "testing": false
    },
    "software": "mriqc",
    "version": "21.0.0rc2",
    "webapi_port": null,
    "webapi_url": "https://mriqc.nimh.nih.gov/api/v1"
  },
  "size_t": 204,
  "size_x": 80,
  "size_y": 80,
  "size_z": 41,
  "snr": 5.465138097725292,
  "spacing_tr": 1.9999991655349731,
  "spacing_x": 3.0,
  "spacing_y": 3.0,
  "spacing_z": 3.200000047683716,
  "summary_bg_k": 71.4664472353231,
  "summary_bg_mad": 598.6060299276915,
  "summary_bg_mean": 4143.1953125,
  "summary_bg_median": 506.406494140625,
  "summary_bg_n": 176554.0,
  "summary_bg_p05": 29.67365264892578,
  "summary_bg_p95": 20569.84814453125,
  "summary_bg_stdv": 11299.43359375,
  "summary_fg_k": 2.6586822335687996,
  "summary_fg_mad": 29508.139292278338,
  "summary_fg_mean": 167939.34375,
  "summary_fg_median": 165592.015625,
  "summary_fg_n": 41114.0,
  "summary_fg_p05": 124985.8859375,
  "summary_fg_p95": 217441.9390625,
  "summary_fg_stdv": 30299.326171875,
  "tsnr": 71.72894287109375
}