{
  "aor": 0.0015808823529411765,
  "aqi": 0.004654412794117647,
  "bids_meta": {
    "AcquisitionMatrixPE": 78,
    "AcquisitionNumber": 11,
    "AcquisitionTime": "12:31:28.220000",
    "BodyPartExamined": "HEAD",
    "ConversionSoftware": "dcm2niix",
    "ConversionSoftwareVersion": "v1.0.20180622 GCC4.9.2",
    "DeviceSerialNumber": "34111",
    "EchoTime": 0.03,
    "EchoTrainLength": 31,
    "FlipAngle": 75,
    "ImageOrientationPatientDICOM": [
      0.999002,
      0.0166209,
      0.0414553,
      -0.0133915,
      0.996941,
      -0.0769969
    ],
    "ImageType": [
      "ORIGINAL",
      "PRIMARY",
      "M",
      "FFE",
      "M",
      "FFE"
    ],
    "InPlanePhaseEncodingDirectionDICOM": "COL",
    "MRAcquisitionType": "2D",
    "MagneticFieldStrength": 3,
    "Manufacturer": "Philips",
    "ManufacturersModelName": "Achieva_dStream",
    "Modality": "MR",
    "PatientPosition": "HFS",
    "PercentPhaseFOV": 100,
    "PhaseEncodingAxis": "j",
    "PhaseEncodingSteps": 78,
    "PhilipsRescaleIntercept": 0,
    "PhilipsRescaleSlope": 0.834432,
    "PhilipsScaleSlope": 0.0079803,
    "PixelBandwidth": 3423,
    "ProtocolName": "EPI_run9_204dyn",
    "ReconMatrixPE": 80,
    "RepetitionTime": 2,
    "SAR": 0.0791065,
    "ScanOptions": "FS",
    "ScanningSequence": "GR",
    "SequenceVariant": "SK",
    "SeriesDescription": "EPI_run9_204dyn",
    "SeriesNumber": 1101,
    "SliceThickness": 3,
    "SoftwareVersions": "5.3.1_5.3.1.1",
    "SpacingBetweenSlices": 3.2,
    "StationName": "HOST_INGENIA",
    "TaskName": "faces",
    "UsePhilipsFloatNotDisplayScaling": 1,
    "dataset": "ds001761",
    "modality": "bold",
    "run_id": 9,
    "session_id": "07",
    "subject_id": "03",
    "task_id": "faces"
  },
  "dummy_trs": 0,
  "dvars_nstd": 22.972527649802938,
  "dvars_std": 1.1783921977339904,
  "dvars_vstd": 1.0141676811330045,
  "efc": 0.43812739015213653,
  "fber": 99548.2265625,
  "fd_mean": 0.08749127367275668,
  "fd_num": 2,
  "fd_perc": 0.9803921568627451,
  "fwhm_avg": 1.8760754772538455,
  "fwhm_x": 1.80963,
  "fwhm_y": 2.0353933333333334,
  "fwhm_z": 1.7832030984282032,
  "gcor": 0.0247196,
  "gsr_x": -0.014871908351778984,
  "gsr_y": 0.016045255586504936,
  "provenance": {
    "md5sum": "838b9b815d62f0ea6304230304f7190a",
    "settings": {
      "fd_thres": 0.2,
      "testing": false
    },
    "software": "mriqc",
    "version": "21.0.0rc2",
    "webapi_port": null,
    "webapi_url": "https://mriqc.nimh.nih.gov/api/v1"
  },
  "size_t": 204,
  "size_x": 80,
  "size_y": 80,
  "size_z": 41,
  "snr": 5.497176303433301,
  "spacing_tr": 1.9999991655349731,
  "spacing_x": 3.0,
  "spacing_y": 3.0,
  "spacing_z": 3.200000047683716,
  "summary_bg_k": 72.09838056403362,
  "summary_bg_mad": 591.8432974525622,
  "summary_bg_mean": 4112.98388671875,
  "summary_bg_median": 512.4119262695312,
  "summary_bg_n": 176416.0,
  "summary_bg_p05": 31.049681186676025,
  "summary_bg_p95": 20329.9306640625,
  "summary_bg_stdv": 11213.966796875,
  "summary_fg_k": 2.757756792299001,
  "summary_fg_mad": 29391.060048335723,
  "summary_fg_mean": 167737.703125,
  "summary_fg_median": 165365.265625,
  "summary_fg_n": 41129.0,
  "summary_fg_p05": 125030.325,
  "summary_fg_p95": 216575.73749999996,
  "summary_fg_stdv": 30081.490234375,
  "tsnr": 77.49516296386719
}