{
  "aor": 0.001516764705882353,
  "aqi": 0.0044829058333333335,
  "bids_meta": {
    "AcquisitionMatrixPE": 78,
    "AcquisitionNumber": 15,
    "AcquisitionTime": "13:05:32.320000",
    "BodyPartExamined": "HEAD",
    "ConversionSoftware": "dcm2niix",
    "ConversionSoftwareVersion": "v1.0.20180622 GCC4.9.2",
    "DeviceSerialNumber": "34111",
    "EchoTime": 0.03,
    "EchoTrainLength": 31,
    "FlipAngle": 75,
    "ImageOrientationPatientDICOM": [
      0.999002,
      0.0166209,
      0.0414553,
      -0.0133915,
      0.996941,
      -0.0769969
    ],
    "ImageType": [
      "ORIGINAL",
      "PRIMARY",
      "M",
      "FFE",
      "M",
      "FFE"
    ],
    "InPlanePhaseEncodingDirectionDICOM": "COL",
    "MRAcquisitionType": "2D",
    "MagneticFieldStrength": 3,
    "Manufacturer": "Philips",
    "ManufacturersModelName": "Achieva_dStream",
    "Modality": "MR",
    "PatientPosition": "HFS",
    "PercentPhaseFOV": 100,
    "PhaseEncodingAxis": "j",
    "PhaseEncodingSteps": 78,
    "PhilipsRescaleIntercept": 0,
    "PhilipsRescaleSlope": 0.887668,
    "PhilipsScaleSlope": 0.00786762,
    "PixelBandwidth": 3423,
    "ProtocolName": "EPI_run13_204dyn",
    "ReconMatrixPE": 80,
    "RepetitionTime": 2,
    "SAR": 0.0791065,
    "ScanOptions": "FS",
    "ScanningSequence": "GR",
    "SequenceVariant": "SK",
    "SeriesDescription": "EPI_run13_204dyn",
    "SeriesNumber": 1501,
    "SliceThickness": 3,
    "SoftwareVersions": "5.3.1_5.3.1.1",
    "SpacingBetweenSlices": 3.2,
    "StationName": "HOST_INGENIA",
    "TaskName": "faces",
    "UsePhilipsFloatNotDisplayScaling": 1,
    "dataset": "ds001761",
    "modality": "bold",
    "run_id": 13,
    "session_id": "07",
    "subject_id": "03",
    "task_id": "faces"
  },
  "dummy_trs": 0,
  "dvars_nstd": 23.880696282413794,
  "dvars_std": 1.208016024876847,
  "dvars_vstd": 1.0129505594581283,
  "efc": 0.43852864681084625,
  "fber": 100554.15625,
  "fd_mean": 0.08648544649214909,
  "fd_num": 1,
  "fd_perc": 0.49019607843137253,
  "fwhm_avg": 1.8936907549751851,
  "fwhm_x": 1.8379866666666667,
  "fwhm_y": 2.04852,
  "fwhm_z": 1.7945655982588888,
  "gcor": 0.0239281,
  "gsr_x": -0.015071088448166847,
  "gsr_y": 0.015399755910038948,
  "provenance": {
    "md5sum": "c708260eb0c5fb1081366f0120c8e513",
    "settings": {
      "fd_thres": 0.2,
      "testing": false
    },
    "software": "mriqc",
    "version": "21.0.0rc2",
    "webapi_port": null,
    "webapi_url": "https://mriqc.nimh.nih.gov/api/v1"
  },
  "size_t": 204,
  "size_x": 80,
  "size_y": 80,
  "size_z": 41,
  "snr": 5.402536102368587,
  "spacing_tr": 1.9999991655349731,
  "spacing_x": 3.0,
  "spacing_y": 3.0,
  "spacing_z": 3.200000047683716,
  "summary_bg_k": 73.54241265443369,
  "summary_bg_mad": 595.6911610304779,
  "summary_bg_mean": 4211.08837890625,
  "summary_bg_median": 509.8424377441406,
  "summary_bg_n": 176531.0,
  "summary_bg_p05": 32.985984802246094,
  "summary_bg_p95": 20926.9951171875,
  "summary_bg_stdv": 11561.689453125,
  "summary_fg_k": 2.8840497840453363,
  "summary_fg_mad": 29885.345728589695,
  "summary_fg_mean": 167903.84375,
  "summary_fg_median": 165403.640625,
  "summary_fg_n": 41111.0,
  "summary_fg_p05": 124662.2890625,
  "summary_fg_p95": 217675.65625,
  "summary_fg_stdv": 30615.552734375,
  "tsnr": 77.57058715820312
}