{
  "aor": 0.0018748039215686276,
  "aqi": 0.005074212549019608,
  "bids_meta": {
    "AcquisitionMatrixPE": 78,
    "AcquisitionNumber": 9,
    "AcquisitionTime": "12:14:13.360000",
    "BodyPartExamined": "HEAD",
    "ConversionSoftware": "dcm2niix",
    "ConversionSoftwareVersion": "v1.0.20180622 GCC4.9.2",
    "DeviceSerialNumber": "34111",
    "EchoTime": 0.03,
    "EchoTrainLength": 31,
    "FlipAngle": 75,
    "ImageOrientationPatientDICOM": [
      0.999002,
      0.0166209,
      0.0414553,
      -0.0133915,
      0.996941,
      -0.0769969
    ],
    "ImageType": [
      "ORIGINAL",
      "PRIMARY",
      "M",
      "FFE",
      "M",
      "FFE"
    ],
    "InPlanePhaseEncodingDirectionDICOM": "COL",
    "MRAcquisitionType": "2D",
    "MagneticFieldStrength": 3,
    "Manufacturer": "Philips",
    "ManufacturersModelName": "Achieva_dStream",
    "Modality": "MR",
    "PatientPosition": "HFS",
    "PercentPhaseFOV": 100,
    "PhaseEncodingAxis": "j",
    "PhaseEncodingSteps": 78,
    "PhilipsRescaleIntercept": 0,
    "PhilipsRescaleSlope": 0.834432,
    "PhilipsScaleSlope": 0.00743325,
    "PixelBandwidth": 3423,
    "ProtocolName": "EPI_run7_204dyn",
    "ReconMatrixPE": 80,
    "RepetitionTime": 2,
    "SAR": 0.0791065,
    "ScanOptions": "FS",
    "ScanningSequence": "GR",
    "SequenceVariant": "SK",
    "SeriesDescription": "EPI_run7_204dyn",
    "SeriesNumber": 901,
    "SliceThickness": 3,
    "SoftwareVersions": "5.3.1_5.3.1.1",
    "SpacingBetweenSlices": 3.2,
    "StationName": "HOST_INGENIA",
    "TaskName": "faces",
    "UsePhilipsFloatNotDisplayScaling": 1,
    "dataset": "ds001761",
    "modality": "bold",
    "run_id": 7,
    "session_id": "07",
    "subject_id": "03",
    "task_id": "faces"
  },
  "dummy_trs": 0,
  "dvars_nstd": 23.40258454600986,
  "dvars_std": 1.1838555368965518,
  "dvars_vstd": 1.0187635291133001,
  "efc": 0.4372155195939854,
  "fber": 104615.4921875,
  "fd_mean": 0.09708246839066098,
  "fd_num": 7,
  "fd_perc": 3.4313725490196076,
  "fwhm_avg": 1.863220268961071,
  "fwhm_x": 1.7994033333333332,
  "fwhm_y": 2.01522,
  "fwhm_z": 1.7750374735498804,
  "gcor": 0.0419097,
  "gsr_x": -0.014421588741242886,
  "gsr_y": 0.01648673415184021,
  "provenance": {
    "md5sum": "b876e81b3a829989ae41a28fc30446bd",
    "settings": {
      "fd_thres": 0.2,
      "testing": false
    },
    "software": "mriqc",
    "version": "21.0.0rc2",
    "webapi_port": null,
    "webapi_url": "https://mriqc.nimh.nih.gov/api/v1"
  },
  "size_t": 204,
  "size_x": 80,
  "size_y": 80,
  "size_z": 41,
  "snr": 5.489328753809414,
  "spacing_tr": 1.9999991655349731,
  "spacing_x": 3.0,
  "spacing_y": 3.0,
  "spacing_z": 3.200000047683716,
  "summary_bg_k": 75.76978661914514,
  "summary_bg_mad": 585.7382638451925,
  "summary_bg_mean": 4085.396240234375,
  "summary_bg_median": 503.63873291015625,
  "summary_bg_n": 176492.0,
  "summary_bg_p05": 34.067392730712896,
  "summary_bg_p95": 20187.442089843727,
  "summary_bg_stdv": 11183.173828125,
  "summary_fg_k": 2.693335481013852,
  "summary_fg_mad": 29456.989515739897,
  "summary_fg_mean": 169216.34375,
  "summary_fg_median": 166745.140625,
  "summary_fg_n": 41067.0,
  "summary_fg_p05": 126083.121875,
  "summary_fg_p95": 218696.74999999997,
  "summary_fg_stdv": 30375.865234375,
  "tsnr": 73.32245635986328
}