{
  "bids_meta": {
    "AcquisitionMatrixPE": 240,
    "AcquisitionNumber": 2,
    "AcquisitionTime": "11:26:19.930000",
    "BodyPartExamined": "HEAD",
    "ConversionSoftware": "dcm2niix",
    "ConversionSoftwareVersion": "v1.0.20180622 GCC4.9.2",
    "DeviceSerialNumber": "34111",
    "EchoTime": 0.003702,
    "EchoTrainLength": 119,
    "FlipAngle": 8,
    "ImageOrientationPatientDICOM": [
      0,
      1,
      0,
      0.0264613,
      0,
      -0.99965
    ],
    "ImageType": [
      "ORIGINAL",
      "PRIMARY",
      "M",
      "FFE",
      "M",
      "FFE"
    ],
    "InPlanePhaseEncodingDirectionDICOM": "ROW",
    "MRAcquisitionType": "3D",
    "MagneticFieldStrength": 3,
    "Manufacturer": "Philips",
    "ManufacturersModelName": "Achieva_dStream",
    "Modality": "MR",
    "PatientPosition": "HFS",
    "PercentPhaseFOV": 100,
    "PhaseEncodingSteps": 240,
    "PhilipsRescaleIntercept": 0,
    "PhilipsRescaleSlope": 4.42466,
    "PhilipsScaleSlope": 0.00171347,
    "PixelBandwidth": 191,
    "ProtocolName": "sT1W_1mm_3D_32ch",
    "ReconMatrixPE": 240,
    "RepetitionTime": 0.0080788,
    "SAR": 0.0131242,
    "ScanOptions": "OTHER",
    "ScanningSequence": "GR",
    "SequenceVariant": "MP",
    "SeriesDescription": "sT1W_1mm_3D_32ch",
    "SeriesNumber": 201,
    "SliceThickness": 1,
    "SoftwareVersions": "5.3.1_5.3.1.1",
    "SpacingBetweenSlices": 1,
    "StationName": "HOST_INGENIA",
    "UsePhilipsFloatNotDisplayScaling": 1,
    "acq_id": "01",
    "dataset": "ds001761",
    "modality": "T1w",
    "session_id": "04",
    "subject_id": "02"
  },
  "cjv": 0.2830042418569192,
  "cnr": 4.273723951680229,
  "efc": 0.7521623111683534,
  "fber": 1062.3768310546875,
  "fwhm_avg": 3.6964144659030627,
  "fwhm_x": 3.8002733977091885,
  "fwhm_y": 3.91114,
  "fwhm_z": 3.37783,
  "icvs_csf": 0.23883546689356716,
  "icvs_gm": 0.39158431933057464,
  "icvs_wm": 0.3695802137758582,
  "inu_med": 2.1601147651672363,
  "inu_range": 0.7329812288284301,
  "provenance": {
    "md5sum": "32bf17ccd6de68e84d5935ef31fa5410",
    "settings": {
      "testing": false
    },
    "software": "mriqc",
    "version": "21.0.0rc2",
    "warnings": {
      "large_rot_frame": true,
      "small_air_mask": true
    },
    "webapi_port": null,
    "webapi_url": "https://mriqc.nimh.nih.gov/api/v1"
  },
  "qi_1": 0.0,
  "qi_2": 4.2786654177608466e-05,
  "rpve_csf": 16.153383383132045,
  "rpve_gm": 9.681087542652797,
  "rpve_wm": 13.877675613828844,
  "size_x": 170,
  "size_y": 240,
  "size_z": 240,
  "snr_csf": 2.943121018340013,
  "snr_gm": 6.948489021107187,
  "snr_total": 10.074108191318828,
  "snr_wm": 20.330714534509287,
  "snrd_csf": 38.54640843994976,
  "snrd_gm": 72.56996298947219,
  "snrd_total": 78.51678039802671,
  "snrd_wm": 124.4339697646582,
  "spacing_x": 0.9999991059303284,
  "spacing_y": 1.0,
  "spacing_z": 1.0,
  "summary_bg_k": 6.756151866211443,
  "summary_bg_mad": 5.264948294304245,
  "summary_bg_mean": 7.9122796058654785,
  "summary_bg_median": 7.06139612197876,
  "summary_bg_n": 177841.0,
  "summary_bg_p05": 0.0,
  "summary_bg_p95": 21.359619140625,
  "summary_bg_stdv": 6.913800239562988,
  "summary_csf_k": 0.12548084360921008,
  "summary_csf_mad": 73.26042591115029,
  "summary_csf_mean": 280.0478515625,
  "summary_csf_median": 309.77496337890625,
  "summary_csf_n": 12964.0,
  "summary_csf_p05": 62.15545387268067,
  "summary_csf_p95": 408.5850158691406,
  "summary_csf_stdv": 105.24983978271484,
  "summary_gm_k": 0.5237432244447007,
  "summary_gm_mad": 75.94065201340632,
  "summary_gm_mean": 584.6102294921875,
  "summary_gm_median": 583.202392578125,
  "summary_gm_n": 19147.0,
  "summary_gm_p05": 448.2495849609375,
  "summary_gm_p95": 729.5487976074219,
  "summary_gm_stdv": 83.93006896972656,
  "summary_wm_k": 1.6929057599177506,
  "summary_wm_mad": 42.01571981641342,
  "summary_wm_mean": 997.53955078125,
  "summary_wm_median": 1000.0031127929688,
  "summary_wm_n": 241773.0,
  "summary_wm_p05": 912.3759155273438,
  "summary_wm_p95": 1071.541064453125,
  "summary_wm_stdv": 49.18671417236328,
  "tpm_overlap_csf": 0.1714726835489273,
  "tpm_overlap_gm": 0.4441794753074646,
  "tpm_overlap_wm": 0.517989456653595,
  "wm2max": 0.6118736800838744
}