{
  "aor": 0.0017769743589743587,
  "aqi": 0.004775238974358974,
  "bids_meta": {
    "AcquisitionMatrixPE": 78,
    "AcquisitionNumber": 5,
    "AcquisitionTime": "11:26:52.060000",
    "BodyPartExamined": "HEAD",
    "ConversionSoftware": "dcm2niix",
    "ConversionSoftwareVersion": "v1.0.20180622 GCC4.9.2",
    "DeviceSerialNumber": "34111",
    "EchoTime": 0.03,
    "EchoTrainLength": 31,
    "FlipAngle": 75,
    "ImageOrientationPatientDICOM": [
      0.999073,
      0.00434145,
      0.042826,
      -0.00434544,
      0.999991,
      -1.58898e-11
    ],
    "ImageType": [
      "ORIGINAL",
      "PRIMARY",
      "M",
      "FFE",
      "M",
      "FFE"
    ],
    "InPlanePhaseEncodingDirectionDICOM": "COL",
    "MRAcquisitionType": "2D",
    "MagneticFieldStrength": 3,
    "Manufacturer": "Philips",
    "ManufacturersModelName": "Achieva_dStream",
    "Modality": "MR",
    "PatientPosition": "HFS",
    "PercentPhaseFOV": 100,
    "PhaseEncodingAxis": "j",
    "PhaseEncodingSteps": 78,
    "PhilipsRescaleIntercept": 0,
    "PhilipsRescaleSlope": 0.778999,
    "PhilipsScaleSlope": 0.00831234,
    "PixelBandwidth": 3425,
    "ProtocolName": "EPI_run3_195dyn",
    "ReconMatrixPE": 80,
    "RepetitionTime": 2,
    "SAR": 0.0790158,
    "ScanOptions": "FS",
    "ScanningSequence": "GR",
    "SequenceVariant": "SK",
    "SeriesDescription": "EPI_run3_195dyn",
    "SeriesNumber": 501,
    "SliceThickness": 3,
    "SoftwareVersions": "5.3.1_5.3.1.1",
    "SpacingBetweenSlices": 3.2,
    "StationName": "HOST_INGENIA",
    "TaskName": "faces",
    "UsePhilipsFloatNotDisplayScaling": 1,
    "dataset": "ds001761",
    "modality": "bold",
    "run_id": 3,
    "session_id": "02",
    "subject_id": "02",
    "task_id": "faces"
  },
  "dummy_trs": 0,
  "dvars_nstd": 22.496340663092784,
  "dvars_std": 1.1756534922680408,
  "dvars_vstd": 1.0204631230412364,
  "efc": 0.4511713445937754,
  "fber": 78976.8984375,
  "fd_mean": 0.07437162876358162,
  "fd_num": 4,
  "fd_perc": 2.051282051282051,
  "fwhm_avg": 1.8662660163463227,
  "fwhm_x": 1.8123233333333333,
  "fwhm_y": 2.05205,
  "fwhm_z": 1.734424715705635,
  "gcor": 0.0176649,
  "gsr_x": -0.007353448309004307,
  "gsr_y": 0.01637202315032482,
  "provenance": {
    "md5sum": "350a87ed5e2abbb23c929bad1e18c507",
    "settings": {
      "fd_thres": 0.2,
      "testing": false
    },
    "software": "mriqc",
    "version": "21.0.0rc2",
    "webapi_port": null,
    "webapi_url": "https://mriqc.nimh.nih.gov/api/v1"
  },
  "size_t": 195,
  "size_x": 80,
  "size_y": 80,
  "size_z": 41,
  "snr": 5.6715353931267,
  "spacing_tr": 1.9999991655349731,
  "spacing_x": 3.0,
  "spacing_y": 3.0,
  "spacing_z": 3.200000524520874,
  "summary_bg_k": 105.16613922437827,
  "summary_bg_mad": 683.8191557418925,
  "summary_bg_mean": 3845.888427734375,
  "summary_bg_median": 561.3161010742188,
  "summary_bg_n": 172241.0,
  "summary_bg_p05": 33.85789489746094,
  "summary_bg_p95": 17408.26171875,
  "summary_bg_stdv": 10481.578125,
  "summary_fg_k": 2.4881930423958982,
  "summary_fg_mad": 26360.64427936994,
  "summary_fg_mean": 164843.671875,
  "summary_fg_median": 162760.53125,
  "summary_fg_n": 44140.0,
  "summary_fg_p05": 124488.9046875,
  "summary_fg_p95": 211697.22499999995,
  "summary_fg_stdv": 28697.46484375,
  "tsnr": 77.90519714355469
}