{
  "aor": 0.003945714285714286,
  "aqi": 0.004077566964285714,
  "bids_meta": {
    "AcquisitionMatrixPE": 78,
    "AcquisitionNumber": 10,
    "AcquisitionTime": "11:59:30.840000",
    "BodyPartExamined": "HEAD",
    "ConversionSoftware": "dcm2niix",
    "ConversionSoftwareVersion": "v1.0.20180622 GCC4.9.2",
    "DeviceSerialNumber": "34111",
    "EchoTime": 0.03,
    "EchoTrainLength": 31,
    "FlipAngle": 75,
    "ImageOrientationPatientDICOM": [
      0.999073,
      0.00434145,
      0.042826,
      -0.00434544,
      0.999991,
      -1.58898e-11
    ],
    "ImageType": [
      "ORIGINAL",
      "PRIMARY",
      "M",
      "FFE",
      "M",
      "FFE"
    ],
    "InPlanePhaseEncodingDirectionDICOM": "COL",
    "MRAcquisitionType": "2D",
    "MagneticFieldStrength": 3,
    "Manufacturer": "Philips",
    "ManufacturersModelName": "Achieva_dStream",
    "Modality": "MR",
    "PatientPosition": "HFS",
    "PercentPhaseFOV": 100,
    "PhaseEncodingAxis": "j",
    "PhaseEncodingSteps": 78,
    "PhilipsRescaleIntercept": 0,
    "PhilipsRescaleSlope": 0.805861,
    "PhilipsScaleSlope": 0.00809482,
    "PixelBandwidth": 3425,
    "ProtocolName": "EPI_LOCALIZER_56dyn",
    "ReconMatrixPE": 80,
    "RepetitionTime": 2,
    "SAR": 0.0790158,
    "ScanOptions": "FS",
    "ScanningSequence": "GR",
    "SequenceVariant": "SK",
    "SeriesDescription": "EPI_LOCALIZER_56dyn",
    "SeriesNumber": 1001,
    "SliceThickness": 3,
    "SoftwareVersions": "5.3.1_5.3.1.1",
    "SpacingBetweenSlices": 3.2,
    "StationName": "HOST_INGENIA",
    "TaskName": "loc",
    "UsePhilipsFloatNotDisplayScaling": 1,
    "dataset": "ds001761",
    "modality": "bold",
    "run_id": 2,
    "session_id": "02",
    "subject_id": "02",
    "task_id": "loc"
  },
  "dummy_trs": 0,
  "dvars_nstd": 23.25530801309091,
  "dvars_std": 1.1838570685454546,
  "dvars_vstd": 1.0228575032727276,
  "efc": 0.4518832552653634,
  "fber": 77698.984375,
  "fd_mean": 0.07349384049446975,
  "fd_num": 0,
  "fd_perc": 0.0,
  "fwhm_avg": 1.8709244877971305,
  "fwhm_x": 1.80661,
  "fwhm_y": 2.05762,
  "fwhm_z": 1.748543463391392,
  "gcor": 0.00536358,
  "gsr_x": -0.006853045895695686,
  "gsr_y": 0.014642709866166115,
  "provenance": {
    "md5sum": "85e8aa283d2db1b7798d8a8d3b4ce270",
    "settings": {
      "fd_thres": 0.2,
      "testing": false
    },
    "software": "mriqc",
    "version": "21.0.0rc2",
    "webapi_port": null,
    "webapi_url": "https://mriqc.nimh.nih.gov/api/v1"
  },
  "size_t": 56,
  "size_x": 80,
  "size_y": 80,
  "size_z": 41,
  "snr": 5.632140507729568,
  "spacing_tr": 1.9999991655349731,
  "spacing_x": 3.0,
  "spacing_y": 3.0,
  "spacing_z": 3.200000524520874,
  "summary_bg_k": 88.29170628140146,
  "summary_bg_mad": 702.3909338828973,
  "summary_bg_mean": 3941.6982421875,
  "summary_bg_median": 570.2808227539062,
  "summary_bg_n": 172187.0,
  "summary_bg_p05": 34.10062103271485,
  "summary_bg_p95": 18041.310546874945,
  "summary_bg_stdv": 10452.92578125,
  "summary_fg_k": 2.5719512842276337,
  "summary_fg_mad": 26721.681085235716,
  "summary_fg_mean": 166854.640625,
  "summary_fg_median": 164572.546875,
  "summary_fg_n": 44163.0,
  "summary_fg_p05": 125527.384375,
  "summary_fg_p95": 214412.79843750002,
  "summary_fg_stdv": 29219.91796875,
  "tsnr": 83.20941925048828
}