{
  "aor": 0.003855846153846154,
  "aqi": 0.00906045876923077,
  "bids_meta": {
    "AcquisitionMatrixPE": 78,
    "AcquisitionNumber": 12,
    "AcquisitionTime": "12:09:12.080000",
    "BodyPartExamined": "HEAD",
    "ConversionSoftware": "dcm2niix",
    "ConversionSoftwareVersion": "v1.0.20180622 GCC4.9.2",
    "DeviceSerialNumber": "34111",
    "EchoTime": 0.03,
    "EchoTrainLength": 31,
    "FlipAngle": 75,
    "ImageOrientationPatientDICOM": [
      0.999073,
      0.00434145,
      0.042826,
      -0.00434544,
      0.999991,
      -1.58898e-11
    ],
    "ImageType": [
      "ORIGINAL",
      "PRIMARY",
      "M",
      "FFE",
      "M",
      "FFE"
    ],
    "InPlanePhaseEncodingDirectionDICOM": "COL",
    "MRAcquisitionType": "2D",
    "MagneticFieldStrength": 3,
    "Manufacturer": "Philips",
    "ManufacturersModelName": "Achieva_dStream",
    "Modality": "MR",
    "PatientPosition": "HFS",
    "PercentPhaseFOV": 100,
    "PhaseEncodingAxis": "j",
    "PhaseEncodingSteps": 78,
    "PhilipsRescaleIntercept": 0,
    "PhilipsRescaleSlope": 0.823443,
    "PhilipsScaleSlope": 0.00790486,
    "PixelBandwidth": 3425,
    "ProtocolName": "EPI_run8_195dyn",
    "ReconMatrixPE": 80,
    "RepetitionTime": 2,
    "SAR": 0.0790158,
    "ScanOptions": "FS",
    "ScanningSequence": "GR",
    "SequenceVariant": "SK",
    "SeriesDescription": "EPI_run8_195dyn",
    "SeriesNumber": 1201,
    "SliceThickness": 3,
    "SoftwareVersions": "5.3.1_5.3.1.1",
    "SpacingBetweenSlices": 3.2,
    "StationName": "HOST_INGENIA",
    "TaskName": "faces",
    "UsePhilipsFloatNotDisplayScaling": 1,
    "dataset": "ds001761",
    "modality": "bold",
    "run_id": 8,
    "session_id": "02",
    "subject_id": "02",
    "task_id": "faces"
  },
  "dummy_trs": 0,
  "dvars_nstd": 26.340646242371133,
  "dvars_std": 1.1505964706185565,
  "dvars_vstd": 1.0115501357216496,
  "efc": 0.4526283588961535,
  "fber": 75069.59375,
  "fd_mean": 0.1598841021725848,
  "fd_num": 31,
  "fd_perc": 15.897435897435898,
  "fwhm_avg": 1.8825104592308641,
  "fwhm_x": 1.8149366666666669,
  "fwhm_y": 2.06962,
  "fwhm_z": 1.7629747110259262,
  "gcor": 0.0164552,
  "gsr_x": -0.007318601943552494,
  "gsr_y": 0.015131145715713501,
  "provenance": {
    "md5sum": "ce7122d306e86935f0bf4007a402b060",
    "settings": {
      "fd_thres": 0.2,
      "testing": false
    },
    "software": "mriqc",
    "version": "21.0.0rc2",
    "webapi_port": null,
    "webapi_url": "https://mriqc.nimh.nih.gov/api/v1"
  },
  "size_t": 195,
  "size_x": 80,
  "size_y": 80,
  "size_z": 41,
  "snr": 5.612574992588537,
  "spacing_tr": 1.9999991655349731,
  "spacing_x": 3.0,
  "spacing_y": 3.0,
  "spacing_z": 3.200000524520874,
  "summary_bg_k": 89.77826758685427,
  "summary_bg_mad": 710.5251344914736,
  "summary_bg_mean": 3990.782958984375,
  "summary_bg_median": 579.7667846679688,
  "summary_bg_n": 172123.0,
  "summary_bg_p05": 46.833516693115236,
  "summary_bg_p95": 18324.729492187478,
  "summary_bg_stdv": 10561.7158203125,
  "summary_fg_k": 2.559653848751294,
  "summary_fg_mad": 26874.574439019107,
  "summary_fg_mean": 166489.015625,
  "summary_fg_median": 164291.015625,
  "summary_fg_n": 44211.0,
  "summary_fg_p05": 125172.01171875,
  "summary_fg_p95": 214320.6015625,
  "summary_fg_stdv": 29271.619140625,
  "tsnr": 57.26115798950195
}