{
  "aor": 0.009912410256410256,
  "aqi": 0.007725545179487181,
  "bids_meta": {
    "AcquisitionMatrixPE": 78,
    "AcquisitionNumber": 13,
    "AcquisitionTime": "12:16:24.700000",
    "BodyPartExamined": "HEAD",
    "ConversionSoftware": "dcm2niix",
    "ConversionSoftwareVersion": "v1.0.20180622 GCC4.9.2",
    "DeviceSerialNumber": "34111",
    "EchoTime": 0.03,
    "EchoTrainLength": 31,
    "FlipAngle": 75,
    "ImageOrientationPatientDICOM": [
      0.999073,
      0.00434145,
      0.042826,
      -0.00434544,
      0.999991,
      -1.58898e-11
    ],
    "ImageType": [
      "ORIGINAL",
      "PRIMARY",
      "M",
      "FFE",
      "M",
      "FFE"
    ],
    "InPlanePhaseEncodingDirectionDICOM": "COL",
    "MRAcquisitionType": "2D",
    "MagneticFieldStrength": 3,
    "Manufacturer": "Philips",
    "ManufacturersModelName": "Achieva_dStream",
    "Modality": "MR",
    "PatientPosition": "HFS",
    "PercentPhaseFOV": 100,
    "PhaseEncodingAxis": "j",
    "PhaseEncodingSteps": 78,
    "PhilipsRescaleIntercept": 0,
    "PhilipsRescaleSlope": 0.820757,
    "PhilipsScaleSlope": 0.00828225,
    "PixelBandwidth": 3425,
    "ProtocolName": "EPI_run9_195dyn",
    "ReconMatrixPE": 80,
    "RepetitionTime": 2,
    "SAR": 0.0790158,
    "ScanOptions": "FS",
    "ScanningSequence": "GR",
    "SequenceVariant": "SK",
    "SeriesDescription": "EPI_run9_195dyn",
    "SeriesNumber": 1301,
    "SliceThickness": 3,
    "SoftwareVersions": "5.3.1_5.3.1.1",
    "SpacingBetweenSlices": 3.2,
    "StationName": "HOST_INGENIA",
    "TaskName": "faces",
    "UsePhilipsFloatNotDisplayScaling": 1,
    "dataset": "ds001761",
    "modality": "bold",
    "run_id": 9,
    "session_id": "02",
    "subject_id": "02",
    "task_id": "faces"
  },
  "dummy_trs": 0,
  "dvars_nstd": 25.57244506329896,
  "dvars_std": 1.2336976183505153,
  "dvars_vstd": 1.0850946515463917,
  "efc": 0.4529804563621208,
  "fber": 74611.46875,
  "fd_mean": 0.13144365840932934,
  "fd_num": 18,
  "fd_perc": 9.23076923076923,
  "fwhm_avg": 1.8738888619528093,
  "fwhm_x": 1.8010566666666668,
  "fwhm_y": 2.0566133333333334,
  "fwhm_z": 1.763996585858428,
  "gcor": 0.0181858,
  "gsr_x": -0.007383592426776886,
  "gsr_y": 0.015052443370223045,
  "provenance": {
    "md5sum": "99edbcf425dc55aaa3bd161cbe2a878b",
    "settings": {
      "fd_thres": 0.2,
      "testing": false
    },
    "software": "mriqc",
    "version": "21.0.0rc2",
    "webapi_port": null,
    "webapi_url": "https://mriqc.nimh.nih.gov/api/v1"
  },
  "size_t": 195,
  "size_x": 80,
  "size_y": 80,
  "size_z": 41,
  "snr": 5.712153091258674,
  "spacing_tr": 1.9999991655349731,
  "spacing_x": 3.0,
  "spacing_y": 3.0,
  "spacing_z": 3.200000524520874,
  "summary_bg_k": 93.3264408843414,
  "summary_bg_mad": 705.104652913994,
  "summary_bg_mean": 3957.249267578125,
  "summary_bg_median": 572.825439453125,
  "summary_bg_n": 172153.0,
  "summary_bg_p05": 37.31478500366212,
  "summary_bg_p95": 18217.73203124999,
  "summary_bg_stdv": 10498.640625,
  "summary_fg_k": 2.3211965706761406,
  "summary_fg_mad": 26178.07571555677,
  "summary_fg_mean": 164062.921875,
  "summary_fg_median": 162009.75,
  "summary_fg_n": 44232.0,
  "summary_fg_p05": 123720.65390625001,
  "summary_fg_p95": 210557.58984374997,
  "summary_fg_stdv": 28361.970703125,
  "tsnr": 60.28150177001953
}