{
  "aor": 0.004108392857142857,
  "aqi": 0.004387265714285714,
  "bids_meta": {
    "AcquisitionMatrixPE": 78,
    "AcquisitionNumber": 6,
    "AcquisitionTime": "11:34:2.700000",
    "BodyPartExamined": "HEAD",
    "ConversionSoftware": "dcm2niix",
    "ConversionSoftwareVersion": "v1.0.20180622 GCC4.9.2",
    "DeviceSerialNumber": "34111",
    "EchoTime": 0.03,
    "EchoTrainLength": 31,
    "FlipAngle": 75,
    "ImageOrientationPatientDICOM": [
      0.999073,
      0.00434145,
      0.042826,
      -0.00434544,
      0.999991,
      -1.58898e-11
    ],
    "ImageType": [
      "ORIGINAL",
      "PRIMARY",
      "M",
      "FFE",
      "M",
      "FFE"
    ],
    "InPlanePhaseEncodingDirectionDICOM": "COL",
    "MRAcquisitionType": "2D",
    "MagneticFieldStrength": 3,
    "Manufacturer": "Philips",
    "ManufacturersModelName": "Achieva_dStream",
    "Modality": "MR",
    "PatientPosition": "HFS",
    "PercentPhaseFOV": 100,
    "PhaseEncodingAxis": "j",
    "PhaseEncodingSteps": 78,
    "PhilipsRescaleIntercept": 0,
    "PhilipsRescaleSlope": 0.794628,
    "PhilipsScaleSlope": 0.00813174,
    "PixelBandwidth": 3425,
    "ProtocolName": "EPI_LOCALIZER_56dyn",
    "ReconMatrixPE": 80,
    "RepetitionTime": 2,
    "SAR": 0.0790158,
    "ScanOptions": "FS",
    "ScanningSequence": "GR",
    "SequenceVariant": "SK",
    "SeriesDescription": "EPI_LOCALIZER_56dyn",
    "SeriesNumber": 601,
    "SliceThickness": 3,
    "SoftwareVersions": "5.3.1_5.3.1.1",
    "SpacingBetweenSlices": 3.2,
    "StationName": "HOST_INGENIA",
    "TaskName": "loc",
    "UsePhilipsFloatNotDisplayScaling": 1,
    "dataset": "ds001761",
    "modality": "bold",
    "run_id": 1,
    "session_id": "02",
    "subject_id": "02",
    "task_id": "loc"
  },
  "dummy_trs": 0,
  "dvars_nstd": 22.970383071454542,
  "dvars_std": 1.1787183545454545,
  "dvars_vstd": 1.0233791956363636,
  "efc": 0.4511997247648769,
  "fber": 79528.921875,
  "fd_mean": 0.0647592290482721,
  "fd_num": 2,
  "fd_perc": 3.5714285714285716,
  "fwhm_avg": 1.8684783078410518,
  "fwhm_x": 1.80727,
  "fwhm_y": 2.0605933333333333,
  "fwhm_z": 1.737571590189822,
  "gcor": 0.0150196,
  "gsr_x": -0.007142267189919949,
  "gsr_y": 0.015422810800373554,
  "provenance": {
    "md5sum": "fce20d5bf669ebca8351d325fe9d84ff",
    "settings": {
      "fd_thres": 0.2,
      "testing": false
    },
    "software": "mriqc",
    "version": "21.0.0rc2",
    "webapi_port": null,
    "webapi_url": "https://mriqc.nimh.nih.gov/api/v1"
  },
  "size_t": 56,
  "size_x": 80,
  "size_y": 80,
  "size_z": 41,
  "snr": 5.665413133753557,
  "spacing_tr": 1.9999991655349731,
  "spacing_x": 3.0,
  "spacing_y": 3.0,
  "spacing_z": 3.200000524520874,
  "summary_bg_k": 97.05128571281956,
  "summary_bg_mad": 693.2596710661102,
  "summary_bg_mean": 3878.65234375,
  "summary_bg_median": 563.675537109375,
  "summary_bg_n": 172242.0,
  "summary_bg_p05": 26.595653629303012,
  "summary_bg_p95": 17543.497753906242,
  "summary_bg_stdv": 10488.5810546875,
  "summary_fg_k": 2.496436097738778,
  "summary_fg_mad": 26626.435475526567,
  "summary_fg_mean": 166405.4375,
  "summary_fg_median": 164303.3125,
  "summary_fg_n": 44138.0,
  "summary_fg_p05": 125525.478125,
  "summary_fg_p95": 213752.70859375002,
  "summary_fg_stdv": 29000.7890625,
  "tsnr": 81.7160873413086
}