{
  "bids_meta": {
    "AcquisitionMatrixPE": 240,
    "AcquisitionNumber": 2,
    "AcquisitionTime": "12:07:50.240000",
    "BodyPartExamined": "HEAD",
    "ConversionSoftware": "dcm2niix",
    "ConversionSoftwareVersion": "v1.0.20180622 GCC4.9.2",
    "DeviceSerialNumber": "34111",
    "EchoTime": 0.003761,
    "EchoTrainLength": 119,
    "FlipAngle": 8,
    "ImageOrientationPatientDICOM": [
      -0.105938,
      0.994373,
      -1.25482e-10,
      0.0335589,
      0.00357528,
      -0.99943
    ],
    "ImageType": [
      "ORIGINAL",
      "PRIMARY",
      "M",
      "FFE",
      "M",
      "FFE"
    ],
    "InPlanePhaseEncodingDirectionDICOM": "ROW",
    "MRAcquisitionType": "3D",
    "MagneticFieldStrength": 3,
    "Manufacturer": "Philips",
    "ManufacturersModelName": "Achieva_dStream",
    "Modality": "MR",
    "PatientPosition": "HFS",
    "PercentPhaseFOV": 100,
    "PhaseEncodingSteps": 240,
    "PhilipsRescaleIntercept": 0,
    "PhilipsRescaleSlope": 5.13797,
    "PhilipsScaleSlope": 0.00172534,
    "PixelBandwidth": 191,
    "ProtocolName": "sT1W_1mm_3D_32ch",
    "ReconMatrixPE": 240,
    "RepetitionTime": 0.0082103,
    "SAR": 0.0135948,
    "ScanOptions": "OTHER",
    "ScanningSequence": "GR",
    "SequenceVariant": "MP",
    "SeriesDescription": "sT1W_1mm_3D_32ch",
    "SeriesNumber": 201,
    "SliceThickness": 1,
    "SoftwareVersions": "5.3.1_5.3.1.1",
    "SpacingBetweenSlices": 1,
    "StationName": "HOST_INGENIA",
    "UsePhilipsFloatNotDisplayScaling": 1,
    "acq_id": "01",
    "dataset": "ds001761",
    "modality": "T1w",
    "session_id": "06",
    "subject_id": "04"
  },
  "cjv": 0.3225695023106534,
  "cnr": 3.7590272027191083,
  "efc": 0.7394085391134201,
  "fber": 979.1092529296875,
  "fwhm_avg": 3.600784460198893,
  "fwhm_x": 3.78113338059668,
  "fwhm_y": 3.66415,
  "fwhm_z": 3.35707,
  "icvs_csf": 0.2344221150868887,
  "icvs_gm": 0.3907127702533704,
  "icvs_wm": 0.3748651146597409,
  "inu_med": 2.360727310180664,
  "inu_range": 0.731391191482544,
  "provenance": {
    "md5sum": "f03682a818c2af8a6d8b67df70f04ab1",
    "settings": {
      "testing": false
    },
    "software": "mriqc",
    "version": "21.0.0rc2",
    "warnings": {
      "large_rot_frame": true,
      "small_air_mask": true
    },
    "webapi_port": null,
    "webapi_url": "https://mriqc.nimh.nih.gov/api/v1"
  },
  "qi_1": 0.0,
  "qi_2": 3.6628663363333586e-05,
  "rpve_csf": 20.25223634183649,
  "rpve_gm": 12.043500261778137,
  "rpve_wm": 16.84293181027304,
  "size_x": 170,
  "size_y": 240,
  "size_z": 240,
  "snr_csf": 4.2703861070967895,
  "snr_gm": 6.836119507371914,
  "snr_total": 9.966616786147565,
  "snr_wm": 18.79334474397399,
  "snrd_csf": 39.57384323353673,
  "snrd_gm": 71.77686044237468,
  "snrd_total": 76.42202388601926,
  "snrd_wm": 117.91536798214636,
  "spacing_x": 0.9999991059303284,
  "spacing_y": 1.0,
  "spacing_z": 1.0,
  "summary_bg_k": 3.2601672409725806,
  "summary_bg_mad": 5.556020622782104,
  "summary_bg_mean": 9.204585075378418,
  "summary_bg_median": 7.389300346374512,
  "summary_bg_n": 234421.0,
  "summary_bg_p05": 0.0,
  "summary_bg_p95": 26.619131088256836,
  "summary_bg_stdv": 8.694549560546875,
  "summary_csf_k": 1.8891764714523456,
  "summary_csf_mad": 57.40113386330093,
  "summary_csf_mean": 327.77801513671875,
  "summary_csf_median": 335.6142272949219,
  "summary_csf_n": 6848.0,
  "summary_csf_p05": 173.95783309936525,
  "summary_csf_p95": 439.09986267089835,
  "summary_csf_stdv": 78.58533477783203,
  "summary_gm_k": 0.45181537204293987,
  "summary_gm_mad": 78.97200526766164,
  "summary_gm_mean": 614.7421875,
  "summary_gm_median": 608.7186279296875,
  "summary_gm_n": 13585.0,
  "summary_gm_p05": 475.37465209960936,
  "summary_gm_p95": 776.5184326171875,
  "summary_gm_stdv": 89.04119110107422,
  "summary_wm_k": 1.169985735048165,
  "summary_wm_mad": 47.24532224016626,
  "summary_wm_mean": 998.3316040039062,
  "summary_wm_median": 1000.005859375,
  "summary_wm_n": 202606.0,
  "summary_wm_p05": 908.2398834228516,
  "summary_wm_p95": 1081.373046875,
  "summary_wm_stdv": 53.210506439208984,
  "tpm_overlap_csf": 0.1376025527715683,
  "tpm_overlap_gm": 0.42176729440689087,
  "tpm_overlap_wm": 0.5030535459518433,
  "wm2max": 0.6423065595456007
}