{
  "aor": 0.0013926153846153847,
  "aqi": 0.004048386051282051,
  "bids_meta": {
    "AcquisitionMatrixPE": 78,
    "AcquisitionNumber": 9,
    "AcquisitionTime": "13:13:0.650000",
    "BodyPartExamined": "HEAD",
    "ConversionSoftware": "dcm2niix",
    "ConversionSoftwareVersion": "v1.0.20180622 GCC4.9.2",
    "DeviceSerialNumber": "34111",
    "EchoTime": 0.030001,
    "EchoTrainLength": 31,
    "FlipAngle": 75,
    "ImageOrientationPatientDICOM": [
      0.999298,
      0.0325409,
      -0.018572,
      -0.0344419,
      0.992951,
      -0.113409
    ],
    "ImageType": [
      "ORIGINAL",
      "PRIMARY",
      "M",
      "FFE",
      "M",
      "FFE"
    ],
    "InPlanePhaseEncodingDirectionDICOM": "COL",
    "MRAcquisitionType": "2D",
    "MagneticFieldStrength": 3,
    "Manufacturer": "Philips",
    "ManufacturersModelName": "Achieva_dStream",
    "Modality": "MR",
    "PatientPosition": "HFS",
    "PercentPhaseFOV": 100,
    "PhaseEncodingAxis": "j",
    "PhaseEncodingSteps": 78,
    "PhilipsRescaleIntercept": 0,
    "PhilipsRescaleSlope": 0.786325,
    "PhilipsScaleSlope": 0.00669854,
    "PixelBandwidth": 3420,
    "ProtocolName": "EPI_run6_195dyn",
    "ReconMatrixPE": 80,
    "RepetitionTime": 2,
    "SAR": 0.0790595,
    "ScanOptions": "FS",
    "ScanningSequence": "GR",
    "SequenceVariant": "SK",
    "SeriesDescription": "EPI_run6_195dyn",
    "SeriesNumber": 901,
    "SliceThickness": 3,
    "SoftwareVersions": "5.3.1_5.3.1.1",
    "SpacingBetweenSlices": 3.2,
    "StationName": "HOST_INGENIA",
    "TaskName": "faces",
    "UsePhilipsFloatNotDisplayScaling": 1,
    "dataset": "ds001761",
    "modality": "bold",
    "run_id": 6,
    "session_id": "03",
    "subject_id": "04",
    "task_id": "faces"
  },
  "dummy_trs": 0,
  "dvars_nstd": 23.406422487422688,
  "dvars_std": 1.2432071454639175,
  "dvars_vstd": 1.011146278814433,
  "efc": 0.4125012797461363,
  "fber": 133337.515625,
  "fd_mean": 0.061249456582319894,
  "fd_num": 0,
  "fd_perc": 0.0,
  "fwhm_avg": 1.9054522381522243,
  "fwhm_x": 1.8773966666666666,
  "fwhm_y": 2.0433133333333333,
  "fwhm_z": 1.795646714456673,
  "gcor": 0.0270992,
  "gsr_x": -0.0019822956528514624,
  "gsr_y": 0.002808596706017852,
  "provenance": {
    "md5sum": "374a7be1f9f7636cc1df1dfbf03ea214",
    "settings": {
      "fd_thres": 0.2,
      "testing": false
    },
    "software": "mriqc",
    "version": "21.0.0rc2",
    "webapi_port": null,
    "webapi_url": "https://mriqc.nimh.nih.gov/api/v1"
  },
  "size_t": 195,
  "size_x": 80,
  "size_y": 80,
  "size_z": 41,
  "snr": 4.5328817651010755,
  "spacing_tr": 1.9999991655349731,
  "spacing_x": 3.0,
  "spacing_y": 3.0,
  "spacing_z": 3.200000286102295,
  "summary_bg_k": 121.68315456239237,
  "summary_bg_mad": 527.82422779839,
  "summary_bg_mean": 3695.27392578125,
  "summary_bg_median": 462.53021240234375,
  "summary_bg_n": 181110.0,
  "summary_bg_p05": 36.39535827636719,
  "summary_bg_p95": 16769.760351562483,
  "summary_bg_stdv": 11154.462890625,
  "summary_fg_k": 4.6293932479021,
  "summary_fg_mad": 29625.98300298987,
  "summary_fg_mean": 176556.25,
  "summary_fg_median": 171058.234375,
  "summary_fg_n": 37321.0,
  "summary_fg_p05": 130595.40625,
  "summary_fg_p95": 239406.09375,
  "summary_fg_stdv": 37736.6875,
  "tsnr": 77.30593872070312
}