{
  "aor": 0.0035814285714285718,
  "aqi": 0.0044330505357142854,
  "bids_meta": {
    "AcquisitionMatrixPE": 78,
    "AcquisitionNumber": 6,
    "AcquisitionTime": "12:56:42.340000",
    "BodyPartExamined": "HEAD",
    "ConversionSoftware": "dcm2niix",
    "ConversionSoftwareVersion": "v1.0.20180622 GCC4.9.2",
    "DeviceSerialNumber": "34111",
    "EchoTime": 0.03,
    "EchoTrainLength": 31,
    "FlipAngle": 75,
    "ImageOrientationPatientDICOM": [
      0.997079,
      0.0588339,
      0.0486977,
      -0.0542766,
      0.99445,
      -0.0901322
    ],
    "ImageType": [
      "ORIGINAL",
      "PRIMARY",
      "M",
      "FFE",
      "M",
      "FFE"
    ],
    "InPlanePhaseEncodingDirectionDICOM": "COL",
    "MRAcquisitionType": "2D",
    "MagneticFieldStrength": 3,
    "Manufacturer": "Philips",
    "ManufacturersModelName": "Achieva_dStream",
    "Modality": "MR",
    "PatientPosition": "HFS",
    "PercentPhaseFOV": 100,
    "PhaseEncodingAxis": "j",
    "PhaseEncodingSteps": 78,
    "PhilipsRescaleIntercept": 0,
    "PhilipsRescaleSlope": 0.799023,
    "PhilipsScaleSlope": 0.00712583,
    "PixelBandwidth": 3415,
    "ProtocolName": "EPI_LOCALIZER_56dyn",
    "ReconMatrixPE": 80,
    "RepetitionTime": 2,
    "SAR": 0.0791077,
    "ScanOptions": "FS",
    "ScanningSequence": "GR",
    "SequenceVariant": "SK",
    "SeriesDescription": "EPI_LOCALIZER_56dyn",
    "SeriesNumber": 601,
    "SliceThickness": 3,
    "SoftwareVersions": "5.3.1_5.3.1.1",
    "SpacingBetweenSlices": 3.2,
    "StationName": "HOST_INGENIA",
    "TaskName": "loc",
    "UsePhilipsFloatNotDisplayScaling": 1,
    "dataset": "ds001761",
    "modality": "bold",
    "run_id": 1,
    "session_id": "04",
    "subject_id": "04",
    "task_id": "loc"
  },
  "dummy_trs": 0,
  "dvars_nstd": 23.93677226018182,
  "dvars_std": 1.2501522914545455,
  "dvars_vstd": 1.017823675090909,
  "efc": 0.41378858597286977,
  "fber": 114255.1328125,
  "fd_mean": 0.059500884896671165,
  "fd_num": 1,
  "fd_perc": 1.7857142857142858,
  "fwhm_avg": 1.897775483769063,
  "fwhm_x": 1.9000199999999998,
  "fwhm_y": 2.01621,
  "fwhm_z": 1.777096451307189,
  "gcor": 0.0433969,
  "gsr_x": -0.0016816381830722094,
  "gsr_y": 0.002713077235966921,
  "provenance": {
    "md5sum": "bead7506fa1460a69d913a56b04ed49f",
    "settings": {
      "fd_thres": 0.2,
      "testing": false
    },
    "software": "mriqc",
    "version": "21.0.0rc2",
    "webapi_port": null,
    "webapi_url": "https://mriqc.nimh.nih.gov/api/v1"
  },
  "size_t": 56,
  "size_x": 80,
  "size_y": 80,
  "size_z": 41,
  "snr": 4.759761836004941,
  "spacing_tr": 1.9999991655349731,
  "spacing_x": 3.0,
  "spacing_y": 3.0,
  "spacing_z": 3.200000762939453,
  "summary_bg_k": 128.65824177597148,
  "summary_bg_mad": 570.4818332051167,
  "summary_bg_mean": 3654.69677734375,
  "summary_bg_median": 494.0372314453125,
  "summary_bg_n": 181016.0,
  "summary_bg_p05": 27.922918796539307,
  "summary_bg_p95": 16139.860107421875,
  "summary_bg_stdv": 11362.0927734375,
  "summary_fg_k": 5.161053172600861,
  "summary_fg_mad": 27000.87361550805,
  "summary_fg_mean": 173792.484375,
  "summary_fg_median": 168316.71875,
  "summary_fg_n": 37507.0,
  "summary_fg_p05": 131509.434375,
  "summary_fg_p95": 233113.72031249976,
  "summary_fg_stdv": 35361.953125,
  "tsnr": 81.27554321289062
}