{
  "aor": 0.0029123214285714286,
  "aqi": 0.006074983035714286,
  "bids_meta": {
    "AcquisitionMatrixPE": 78,
    "AcquisitionNumber": 7,
    "AcquisitionTime": "11:14:51.520000",
    "ConversionSoftware": "dcm2niix",
    "ConversionSoftwareVersion": "v1.0.20180622 GCC4.9.2",
    "DeviceSerialNumber": "34111",
    "EchoTime": 0.03,
    "EchoTrainLength": 31,
    "FlipAngle": 75,
    "ImageOrientationPatientDICOM": [
      0.999068,
      -0.00883264,
      -0.0422454,
      0.00839199,
      0.999909,
      -0.0105967
    ],
    "ImageType": [
      "ORIGINAL",
      "PRIMARY",
      "M",
      "FFE",
      "M",
      "FFE"
    ],
    "InPlanePhaseEncodingDirectionDICOM": "COL",
    "InstitutionName": "INSERM_PURPAN",
    "InstitutionalDepartmentName": "NEURO-SCIENCES",
    "MRAcquisitionType": "2D",
    "MagneticFieldStrength": 3,
    "Manufacturer": "Philips",
    "ManufacturersModelName": "Achieva_dStream",
    "Modality": "MR",
    "PatientPosition": "HFS",
    "PercentPhaseFOV": 100,
    "PhaseEncodingAxis": "j",
    "PhaseEncodingSteps": 78,
    "PhilipsRescaleIntercept": 0,
    "PhilipsRescaleSlope": 0.845665,
    "PhilipsScaleSlope": 0.0252502,
    "PixelBandwidth": 3427,
    "ProtocolName": "EPI_LOCALIZER_56dyn_SENSE",
    "ReconMatrixPE": 80,
    "RepetitionTime": 2,
    "SAR": 0.079251,
    "ScanOptions": "FS",
    "ScanningSequence": "GR",
    "SequenceVariant": "SK",
    "SeriesDescription": "EPI_LOCALIZER_56dyn",
    "SeriesNumber": 701,
    "SliceThickness": 3,
    "SoftwareVersions": "5.1.7_5.1.7.2",
    "SpacingBetweenSlices": 3.2,
    "StationName": "PHILIPS-IL8E2TF",
    "TaskName": "loc",
    "UsePhilipsFloatNotDisplayScaling": 1,
    "dataset": "ds001761",
    "modality": "bold",
    "run_id": 1,
    "session_id": "02",
    "subject_id": "01",
    "task_id": "loc"
  },
  "dummy_trs": 0,
  "dvars_nstd": 28.372949981272722,
  "dvars_std": 1.1439605309090912,
  "dvars_vstd": 1.0061318583636363,
  "efc": 0.4173474135929215,
  "fber": 145507.9375,
  "fd_mean": 0.10181922181034878,
  "fd_num": 3,
  "fd_perc": 5.357142857142857,
  "fwhm_avg": 1.7567448682678062,
  "fwhm_x": 1.7074533333333333,
  "fwhm_y": 1.9052066666666667,
  "fwhm_z": 1.657574604803418,
  "gcor": 0.0509953,
  "gsr_x": -0.010629098862409592,
  "gsr_y": 0.010921221226453781,
  "provenance": {
    "md5sum": "c573e75ecbfdc8f2e4f4d6cd1910d19a",
    "settings": {
      "fd_thres": 0.2,
      "testing": false
    },
    "software": "mriqc",
    "version": "21.0.0rc2",
    "webapi_port": null,
    "webapi_url": "https://mriqc.nimh.nih.gov/api/v1"
  },
  "size_t": 56,
  "size_x": 80,
  "size_y": 80,
  "size_z": 41,
  "snr": 5.263423834924613,
  "spacing_tr": 1.999998688697815,
  "spacing_x": 3.0,
  "spacing_y": 3.0,
  "spacing_z": 3.200000762939453,
  "summary_bg_k": 124.26670784197023,
  "summary_bg_mad": 145.8712631976947,
  "summary_bg_mean": 1265.4964599609375,
  "summary_bg_median": 145.92367553710938,
  "summary_bg_n": 180978.0,
  "summary_bg_p05": 26.33232688903809,
  "summary_bg_p95": 5547.337402343745,
  "summary_bg_stdv": 3812.395751953125,
  "summary_fg_k": 2.840596408453857,
  "summary_fg_mad": 8748.638783294411,
  "summary_fg_mean": 57655.4609375,
  "summary_fg_median": 55997.23046875,
  "summary_fg_n": 38445.0,
  "summary_fg_p05": 44786.17734375,
  "summary_fg_p95": 77568.17187499997,
  "summary_fg_stdv": 10638.7978515625,
  "tsnr": 66.68121337890625
}