{
  "aor": 0.0011403589743589743,
  "aqi": 0.008233266923076923,
  "bids_meta": {
    "AcquisitionMatrixPE": 78,
    "AcquisitionNumber": 12,
    "AcquisitionTime": "11:42:30.260000",
    "ConversionSoftware": "dcm2niix",
    "ConversionSoftwareVersion": "v1.0.20180622 GCC4.9.2",
    "DeviceSerialNumber": "34111",
    "EchoTime": 0.03,
    "EchoTrainLength": 31,
    "FlipAngle": 75,
    "ImageOrientationPatientDICOM": [
      0.999068,
      -0.00883264,
      -0.0422454,
      0.00839199,
      0.999909,
      -0.0105967
    ],
    "ImageType": [
      "ORIGINAL",
      "PRIMARY",
      "M",
      "FFE",
      "M",
      "FFE"
    ],
    "InPlanePhaseEncodingDirectionDICOM": "COL",
    "InstitutionName": "INSERM_PURPAN",
    "InstitutionalDepartmentName": "NEURO-SCIENCES",
    "MRAcquisitionType": "2D",
    "MagneticFieldStrength": 3,
    "Manufacturer": "Philips",
    "ManufacturersModelName": "Achieva_dStream",
    "Modality": "MR",
    "PatientPosition": "HFS",
    "PercentPhaseFOV": 100,
    "PhaseEncodingAxis": "j",
    "PhaseEncodingSteps": 78,
    "PhilipsRescaleIntercept": 0,
    "PhilipsRescaleSlope": 0.860317,
    "PhilipsScaleSlope": 0.0250499,
    "PixelBandwidth": 3427,
    "ProtocolName": "EPI_run7_195dyn_SENSE",
    "ReconMatrixPE": 80,
    "RepetitionTime": 2,
    "SAR": 0.079251,
    "ScanOptions": "FS",
    "ScanningSequence": "GR",
    "SequenceVariant": "SK",
    "SeriesDescription": "EPI_run7_195dyn",
    "SeriesNumber": 1201,
    "SliceThickness": 3,
    "SoftwareVersions": "5.1.7_5.1.7.2",
    "SpacingBetweenSlices": 3.2,
    "StationName": "PHILIPS-IL8E2TF",
    "TaskName": "faces",
    "UsePhilipsFloatNotDisplayScaling": 1,
    "dataset": "ds001761",
    "modality": "bold",
    "run_id": 7,
    "session_id": "02",
    "subject_id": "01",
    "task_id": "faces"
  },
  "dummy_trs": 0,
  "dvars_nstd": 27.280324169278337,
  "dvars_std": 1.1540730237628871,
  "dvars_vstd": 0.9964713694845354,
  "efc": 0.41766452285333155,
  "fber": 142004.0625,
  "fd_mean": 0.1362397176677445,
  "fd_num": 27,
  "fd_perc": 13.846153846153847,
  "fwhm_avg": 1.7463063965715946,
  "fwhm_x": 1.6917233333333332,
  "fwhm_y": 1.89624,
  "fwhm_z": 1.6509558563814506,
  "gcor": 0.0878577,
  "gsr_x": -0.010902986861765385,
  "gsr_y": 0.013188086450099945,
  "provenance": {
    "md5sum": "f0eb59e0c9c590c2a98ef77433589837",
    "settings": {
      "fd_thres": 0.2,
      "testing": false
    },
    "software": "mriqc",
    "version": "21.0.0rc2",
    "webapi_port": null,
    "webapi_url": "https://mriqc.nimh.nih.gov/api/v1"
  },
  "size_t": 195,
  "size_x": 80,
  "size_y": 80,
  "size_z": 41,
  "snr": 5.194207256917553,
  "spacing_tr": 1.999998688697815,
  "spacing_x": 3.0,
  "spacing_y": 3.0,
  "spacing_z": 3.200000762939453,
  "summary_bg_k": 166.39456364468697,
  "summary_bg_mad": 148.51532406295797,
  "summary_bg_mean": 1283.5321044921875,
  "summary_bg_median": 149.03314208984375,
  "summary_bg_n": 180800.0,
  "summary_bg_p05": 28.697339630126955,
  "summary_bg_p95": 5637.928686523434,
  "summary_bg_stdv": 3975.62255859375,
  "summary_fg_k": 2.927478915069944,
  "summary_fg_mad": 8787.160379608435,
  "summary_fg_mean": 58054.3203125,
  "summary_fg_median": 56285.6640625,
  "summary_fg_n": 38444.0,
  "summary_fg_p05": 44943.9748046875,
  "summary_fg_p95": 78561.14453125,
  "summary_fg_stdv": 10836.0966796875,
  "tsnr": 56.576168060302734
}