{
  "aor": 0.0037480357142857146,
  "aqi": 0.006699144642857142,
  "bids_meta": {
    "AcquisitionMatrixPE": 78,
    "AcquisitionNumber": 11,
    "AcquisitionTime": "11:39:41.950000",
    "ConversionSoftware": "dcm2niix",
    "ConversionSoftwareVersion": "v1.0.20180622 GCC4.9.2",
    "DeviceSerialNumber": "34111",
    "EchoTime": 0.03,
    "EchoTrainLength": 31,
    "FlipAngle": 75,
    "ImageOrientationPatientDICOM": [
      0.999068,
      -0.00883264,
      -0.0422454,
      0.00839199,
      0.999909,
      -0.0105967
    ],
    "ImageType": [
      "ORIGINAL",
      "PRIMARY",
      "M",
      "FFE",
      "M",
      "FFE"
    ],
    "InPlanePhaseEncodingDirectionDICOM": "COL",
    "InstitutionName": "INSERM_PURPAN",
    "InstitutionalDepartmentName": "NEURO-SCIENCES",
    "MRAcquisitionType": "2D",
    "MagneticFieldStrength": 3,
    "Manufacturer": "Philips",
    "ManufacturersModelName": "Achieva_dStream",
    "Modality": "MR",
    "PatientPosition": "HFS",
    "PercentPhaseFOV": 100,
    "PhaseEncodingAxis": "j",
    "PhaseEncodingSteps": 78,
    "PhilipsRescaleIntercept": 0,
    "PhilipsRescaleSlope": 0.823443,
    "PhilipsScaleSlope": 0.0256426,
    "PixelBandwidth": 3427,
    "ProtocolName": "EPI_LOCALIZER_56dyn_SENSE",
    "ReconMatrixPE": 80,
    "RepetitionTime": 2,
    "SAR": 0.079251,
    "ScanOptions": "FS",
    "ScanningSequence": "GR",
    "SequenceVariant": "SK",
    "SeriesDescription": "EPI_LOCALIZER_56dyn",
    "SeriesNumber": 1101,
    "SliceThickness": 3,
    "SoftwareVersions": "5.1.7_5.1.7.2",
    "SpacingBetweenSlices": 3.2,
    "StationName": "PHILIPS-IL8E2TF",
    "TaskName": "loc",
    "UsePhilipsFloatNotDisplayScaling": 1,
    "dataset": "ds001761",
    "modality": "bold",
    "run_id": 2,
    "session_id": "02",
    "subject_id": "01",
    "task_id": "loc"
  },
  "dummy_trs": 0,
  "dvars_nstd": 27.21902871636364,
  "dvars_std": 1.1623455305454546,
  "dvars_vstd": 1.0154823965454547,
  "efc": 0.41792731636231994,
  "fber": 144816.25,
  "fd_mean": 0.09446204556186279,
  "fd_num": 0,
  "fd_perc": 0.0,
  "fwhm_avg": 1.7548227850303366,
  "fwhm_x": 1.6996399999999998,
  "fwhm_y": 1.90846,
  "fwhm_z": 1.6563683550910102,
  "gcor": 0.0532414,
  "gsr_x": -0.0106102479621768,
  "gsr_y": 0.012694768607616425,
  "provenance": {
    "md5sum": "1e79713aa76a6e6843dc9588698bcf76",
    "settings": {
      "fd_thres": 0.2,
      "testing": false
    },
    "software": "mriqc",
    "version": "21.0.0rc2",
    "webapi_port": null,
    "webapi_url": "https://mriqc.nimh.nih.gov/api/v1"
  },
  "size_t": 56,
  "size_x": 80,
  "size_y": 80,
  "size_z": 41,
  "snr": 5.288414653398325,
  "spacing_tr": 1.999998688697815,
  "spacing_x": 3.0,
  "spacing_y": 3.0,
  "spacing_z": 3.200000762939453,
  "summary_bg_k": 147.1203636620281,
  "summary_bg_mad": 144.70182438839163,
  "summary_bg_mean": 1277.06396484375,
  "summary_bg_median": 145.63568115234375,
  "summary_bg_n": 180880.0,
  "summary_bg_p05": 26.971669483184815,
  "summary_bg_p95": 5581.292724609355,
  "summary_bg_stdv": 3936.23681640625,
  "summary_fg_k": 2.8933778878133234,
  "summary_fg_mad": 8641.27463787345,
  "summary_fg_mean": 57213.625,
  "summary_fg_median": 55612.13671875,
  "summary_fg_n": 38474.0,
  "summary_fg_p05": 44383.5126953125,
  "summary_fg_p95": 76752.651171875,
  "summary_fg_stdv": 10515.7060546875,
  "tsnr": 67.3192138671875
}