{
  "bids_meta": {
    "AcquisitionMatrixPE": 240,
    "AcquisitionNumber": 2,
    "AcquisitionTime": "10:25:24.400000",
    "BodyPartExamined": "HEAD",
    "ConversionSoftware": "dcm2niix",
    "ConversionSoftwareVersion": "v1.0.20180622 GCC4.9.2",
    "DeviceSerialNumber": "34111",
    "EchoTime": 0.003711,
    "EchoTrainLength": 119,
    "FlipAngle": 8,
    "ImageOrientationPatientDICOM": [
      0.0673051,
      0.997732,
      0,
      0,
      0,
      -1
    ],
    "ImageType": [
      "ORIGINAL",
      "PRIMARY",
      "M",
      "FFE",
      "M",
      "FFE"
    ],
    "InPlanePhaseEncodingDirectionDICOM": "ROW",
    "MRAcquisitionType": "3D",
    "MagneticFieldStrength": 3,
    "Manufacturer": "Philips",
    "ManufacturersModelName": "Achieva_dStream",
    "Modality": "MR",
    "PatientPosition": "HFS",
    "PercentPhaseFOV": 100,
    "PhaseEncodingSteps": 240,
    "PhilipsRescaleIntercept": 0,
    "PhilipsRescaleSlope": 4.65201,
    "PhilipsScaleSlope": 0.00172066,
    "PixelBandwidth": 191,
    "ProtocolName": "sT1W_1mm_3D_32ch",
    "ReconMatrixPE": 240,
    "RepetitionTime": 0.0081151,
    "SAR": 0.0130225,
    "ScanOptions": "OTHER",
    "ScanningSequence": "GR",
    "SequenceVariant": "MP",
    "SeriesDescription": "sT1W_1mm_3D_32ch",
    "SeriesNumber": 201,
    "SliceThickness": 1,
    "SoftwareVersions": "5.3.1_5.3.1.1",
    "SpacingBetweenSlices": 1,
    "StationName": "HOST_INGENIA",
    "UsePhilipsFloatNotDisplayScaling": 1,
    "acq_id": "01",
    "dataset": "ds001761",
    "modality": "T1w",
    "session_id": "05",
    "subject_id": "01"
  },
  "cjv": 0.3043613115834352,
  "cnr": 3.912539484380255,
  "efc": 0.7114136831868227,
  "fber": 1972.2276611328125,
  "fwhm_avg": 3.6256019794407215,
  "fwhm_x": 3.663205938322164,
  "fwhm_y": 3.84801,
  "fwhm_z": 3.36559,
  "icvs_csf": 0.24778312590521856,
  "icvs_gm": 0.3730061049320566,
  "icvs_wm": 0.37921076916272484,
  "inu_med": 2.8328075408935547,
  "inu_range": 0.7996944785118099,
  "provenance": {
    "md5sum": "58a682dac5721d7ea9fa0bf33d875d47",
    "settings": {
      "testing": false
    },
    "software": "mriqc",
    "version": "21.0.0rc2",
    "warnings": {
      "large_rot_frame": true,
      "small_air_mask": false
    },
    "webapi_port": null,
    "webapi_url": "https://mriqc.nimh.nih.gov/api/v1"
  },
  "qi_1": 0.0,
  "qi_2": 9.772384657989392e-06,
  "rpve_csf": 19.980098547385936,
  "rpve_gm": 12.594842442146726,
  "rpve_wm": 17.01778765689462,
  "size_x": 170,
  "size_y": 240,
  "size_z": 240,
  "snr_csf": 3.0000695416615994,
  "snr_gm": 7.250361322059754,
  "snr_total": 10.586955750889473,
  "snr_wm": 21.510436388947067,
  "snrd_csf": 41.86304037760526,
  "snrd_gm": 84.12184716390688,
  "snrd_total": 87.32516375909925,
  "snrd_wm": 135.9906037357856,
  "spacing_x": 1.000009298324585,
  "spacing_y": 1.0,
  "spacing_z": 1.0,
  "summary_bg_k": 1.8390402639613148,
  "summary_bg_mad": 4.817460927004726,
  "summary_bg_mean": 9.24680233001709,
  "summary_bg_median": 6.155844688415527,
  "summary_bg_n": 308332.0,
  "summary_bg_p05": 0.0,
  "summary_bg_p95": 24.515568351745607,
  "summary_bg_stdv": 7.9726362228393555,
  "summary_csf_k": 0.6927362116231692,
  "summary_csf_mad": 87.0777691240916,
  "summary_csf_mean": 296.14117431640625,
  "summary_csf_median": 307.83447265625,
  "summary_csf_n": 8421.0,
  "summary_csf_p05": 100.46025085449219,
  "summary_csf_p95": 448.47265625,
  "summary_csf_stdv": 102.60301971435547,
  "summary_gm_k": 0.4859555334024872,
  "summary_gm_mad": 76.13683619368709,
  "summary_gm_mean": 625.6453857421875,
  "summary_gm_median": 618.5791625976562,
  "summary_gm_n": 12333.0,
  "summary_gm_p05": 495.723681640625,
  "summary_gm_p95": 781.612158203125,
  "summary_gm_stdv": 85.31355285644531,
  "summary_wm_k": 1.7984075906272237,
  "summary_wm_mad": 39.949677790546076,
  "summary_wm_mean": 997.8143310546875,
  "summary_wm_median": 999.9893798828125,
  "summary_wm_n": 195864.0,
  "summary_wm_p05": 917.7189056396485,
  "summary_wm_p95": 1067.7755920410157,
  "summary_wm_stdv": 46.48844909667969,
  "tpm_overlap_csf": 0.15056687593460083,
  "tpm_overlap_gm": 0.4107956886291504,
  "tpm_overlap_wm": 0.49922579526901245,
  "wm2max": 0.6321489104833902
}