{
  "bids_meta": {
    "AcquisitionMatrixPE": 240,
    "AcquisitionNumber": 3,
    "AcquisitionTime": "10:15:20.060000",
    "ConversionSoftware": "dcm2niix",
    "ConversionSoftwareVersion": "v1.0.20180622 GCC4.9.2",
    "DeviceSerialNumber": "34111",
    "EchoTime": 0.003719,
    "EchoTrainLength": 119,
    "FlipAngle": 8,
    "ImageOrientationPatientDICOM": [
      0.0759835,
      0.997109,
      0,
      0,
      0,
      -1
    ],
    "ImageType": [
      "ORIGINAL",
      "PRIMARY",
      "M",
      "FFE",
      "M",
      "FFE"
    ],
    "InPlanePhaseEncodingDirectionDICOM": "ROW",
    "InstitutionName": "INSERM_PURPAN",
    "InstitutionalDepartmentName": "NEURO-SCIENCES",
    "MRAcquisitionType": "3D",
    "MagneticFieldStrength": 3,
    "Manufacturer": "Philips",
    "ManufacturersModelName": "Achieva_dStream",
    "Modality": "MR",
    "PatientPosition": "HFS",
    "PercentPhaseFOV": 100,
    "PhaseEncodingSteps": 240,
    "PhilipsRescaleIntercept": 0,
    "PhilipsRescaleSlope": 15.2222,
    "PhilipsScaleSlope": 0.00167327,
    "PixelBandwidth": 191,
    "ProtocolName": "sT1W_1mm_3D_32ch_SENSE",
    "ReconMatrixPE": 240,
    "RepetitionTime": 0.0081295,
    "SAR": 0.0129785,
    "ScanOptions": "OTHER",
    "ScanningSequence": "GR",
    "SequenceVariant": "MP",
    "SeriesDescription": "sT1W_1mm_3D_32ch",
    "SeriesNumber": 301,
    "SliceThickness": 1,
    "SoftwareVersions": "5.1.7_5.1.7.2",
    "SpacingBetweenSlices": 1,
    "StationName": "PHILIPS-IL8E2TF",
    "UsePhilipsFloatNotDisplayScaling": 1,
    "acq_id": "01",
    "dataset": "ds001761",
    "modality": "T1w",
    "session_id": "03",
    "subject_id": "01"
  },
  "cjv": 0.27697855030285345,
  "cnr": 4.355630749462959,
  "efc": 0.7682354436137449,
  "fber": 45.69807815551758,
  "fwhm_avg": 4.13789346853219,
  "fwhm_x": 4.489360405596569,
  "fwhm_y": 4.26758,
  "fwhm_z": 3.65674,
  "icvs_csf": 0.24236331303404768,
  "icvs_gm": 0.37923270246988844,
  "icvs_wm": 0.3784039844960639,
  "inu_med": 1.9919170141220093,
  "inu_range": 0.5177917957305909,
  "provenance": {
    "md5sum": "6dc9af5aebe3c9ad0c8df645c9a0f577",
    "settings": {
      "testing": false
    },
    "software": "mriqc",
    "version": "21.0.0rc2",
    "warnings": {
      "large_rot_frame": true,
      "small_air_mask": true
    },
    "webapi_port": null,
    "webapi_url": "https://mriqc.nimh.nih.gov/api/v1"
  },
  "qi_1": 0.0,
  "qi_2": 6.454340503583341e-05,
  "rpve_csf": 20.308654592768253,
  "rpve_gm": 12.353212589195747,
  "rpve_wm": 16.951101135030854,
  "size_x": 170,
  "size_y": 240,
  "size_z": 240,
  "snr_csf": 2.839362406791691,
  "snr_gm": 8.228205701062967,
  "snr_total": 11.211468437030819,
  "snr_wm": 22.5668372032378,
  "snrd_csf": 179.76864689450727,
  "snrd_gm": 369.65996479390225,
  "snrd_total": 382.35233632156184,
  "snrd_wm": 597.6283972762761,
  "spacing_x": 0.9999909996986389,
  "spacing_y": 1.0,
  "spacing_z": 1.0,
  "summary_bg_k": 1.1380632307019631,
  "summary_bg_mad": 0.09622571619283414,
  "summary_bg_mean": 11.797307014465332,
  "summary_bg_median": 10.908713340759277,
  "summary_bg_n": 92053.0,
  "summary_bg_p05": 0.0,
  "summary_bg_p95": 21.924675750732423,
  "summary_bg_stdv": 7.451614856719971,
  "summary_csf_k": -0.16898310733621136,
  "summary_csf_mad": 89.15589167951038,
  "summary_csf_mean": 278.544921875,
  "summary_csf_median": 300.80303955078125,
  "summary_csf_n": 10613.0,
  "summary_csf_p05": 62.17841567993164,
  "summary_csf_p95": 420.29674682617184,
  "summary_csf_stdv": 105.93535614013672,
  "summary_gm_k": 0.38514337876006843,
  "summary_gm_mad": 68.52700748487187,
  "summary_gm_mean": 623.59765625,
  "summary_gm_median": 618.5441284179688,
  "summary_gm_n": 13586.0,
  "summary_gm_p05": 505.4864196777344,
  "summary_gm_p95": 756.8728332519531,
  "summary_gm_stdv": 75.17086791992188,
  "summary_wm_k": 2.3066866295574355,
  "summary_wm_mad": 37.12776562727777,
  "summary_wm_mean": 998.5464477539062,
  "summary_wm_median": 999.9988403320312,
  "summary_wm_n": 199249.0,
  "summary_wm_p05": 924.3409545898437,
  "summary_wm_p95": 1066.4115966796874,
  "summary_wm_stdv": 44.31264877319336,
  "tpm_overlap_csf": 0.16548147797584534,
  "tpm_overlap_gm": 0.421455442905426,
  "tpm_overlap_wm": 0.504423975944519,
  "wm2max": 0.6270598637339049
}