{
  "bids_meta": {
    "AcquisitionMatrixPE": 240,
    "AcquisitionNumber": 2,
    "AcquisitionTime": "11:05:51.950000",
    "BodyPartExamined": "HEAD",
    "ConversionSoftware": "dcm2niix",
    "ConversionSoftwareVersion": "v1.0.20180622 GCC4.9.2",
    "DeviceSerialNumber": "34111",
    "EchoTime": 0.003713,
    "EchoTrainLength": 119,
    "FlipAngle": 8,
    "ImageOrientationPatientDICOM": [
      -0.00434544,
      0.999991,
      -1.58898e-11,
      0.0428256,
      0.000186098,
      -0.999083
    ],
    "ImageType": [
      "ORIGINAL",
      "PRIMARY",
      "M",
      "FFE",
      "M",
      "FFE"
    ],
    "InPlanePhaseEncodingDirectionDICOM": "ROW",
    "MRAcquisitionType": "3D",
    "MagneticFieldStrength": 3,
    "Manufacturer": "Philips",
    "ManufacturersModelName": "Achieva_dStream",
    "Modality": "MR",
    "PatientPosition": "HFS",
    "PercentPhaseFOV": 100,
    "PhaseEncodingSteps": 240,
    "PhilipsRescaleIntercept": 0,
    "PhilipsRescaleSlope": 4.24444,
    "PhilipsScaleSlope": 0.00171513,
    "PixelBandwidth": 191,
    "ProtocolName": "sT1W_1mm_3D_32ch",
    "ReconMatrixPE": 240,
    "RepetitionTime": 0.0081034,
    "SAR": 0.0132128,
    "ScanOptions": "OTHER",
    "ScanningSequence": "GR",
    "SequenceVariant": "MP",
    "SeriesDescription": "sT1W_1mm_3D_32ch",
    "SeriesNumber": 201,
    "SliceThickness": 1,
    "SoftwareVersions": "5.3.1_5.3.1.1",
    "SpacingBetweenSlices": 1,
    "StationName": "HOST_INGENIA",
    "UsePhilipsFloatNotDisplayScaling": 1,
    "acq_id": "01",
    "dataset": "ds001761",
    "modality": "T1w",
    "session_id": "02",
    "subject_id": "02"
  },
  "cjv": 0.28993863427213923,
  "cnr": 4.260373379754509,
  "efc": 0.7544781858604968,
  "fber": 560.764892578125,
  "fwhm_avg": 3.69620204477171,
  "fwhm_x": 3.7935261343151296,
  "fwhm_y": 3.90798,
  "fwhm_z": 3.3871,
  "icvs_csf": 0.24610509365310726,
  "icvs_gm": 0.3851926513646589,
  "icvs_wm": 0.36870225498223386,
  "inu_med": 2.136397123336792,
  "inu_range": 0.6852803945541384,
  "provenance": {
    "md5sum": "c3e38d655385e4f5641ca18517431c34",
    "settings": {
      "testing": false
    },
    "software": "mriqc",
    "version": "21.0.0rc2",
    "warnings": {
      "large_rot_frame": true,
      "small_air_mask": true
    },
    "webapi_port": null,
    "webapi_url": "https://mriqc.nimh.nih.gov/api/v1"
  },
  "qi_1": 4.486565375855417e-05,
  "qi_2": 2.7488553734151903e-05,
  "rpve_csf": 16.014541242229015,
  "rpve_gm": 9.87835708869183,
  "rpve_wm": 14.099134847941873,
  "size_x": 170,
  "size_y": 240,
  "size_z": 240,
  "snr_csf": 2.940485310462083,
  "snr_gm": 6.930847330340615,
  "snr_total": 10.386635782896624,
  "snr_wm": 21.28857470788717,
  "snrd_csf": 40.102365783361776,
  "snrd_gm": 78.44856633484497,
  "snrd_total": 84.0958622933305,
  "snrd_wm": 133.73665476178473,
  "spacing_x": 1.0000115633010864,
  "spacing_y": 1.0,
  "spacing_z": 1.0,
  "summary_bg_k": 7.823023651939414,
  "summary_bg_mad": 4.898641300864873,
  "summary_bg_mean": 8.348559379577637,
  "summary_bg_median": 6.420380115509033,
  "summary_bg_n": 196567.0,
  "summary_bg_p05": 0.0,
  "summary_bg_p95": 20.376046943664548,
  "summary_bg_stdv": 6.845019817352295,
  "summary_csf_k": 0.19289338462412964,
  "summary_csf_mad": 68.77477145424861,
  "summary_csf_mean": 271.567138671875,
  "summary_csf_median": 299.8568115234375,
  "summary_csf_n": 13957.0,
  "summary_csf_p05": 60.25680084228516,
  "summary_csf_p95": 395.8666625976562,
  "summary_csf_stdv": 101.97162628173828,
  "summary_gm_k": 0.3939928251941973,
  "summary_gm_mad": 78.49756169883688,
  "summary_gm_mean": 586.9078369140625,
  "summary_gm_median": 586.582275390625,
  "summary_gm_n": 19072.0,
  "summary_gm_p05": 445.3670944213867,
  "summary_gm_p95": 727.973910522461,
  "summary_gm_stdv": 84.63134002685547,
  "summary_wm_k": 1.5811140491457438,
  "summary_wm_mad": 41.364457110933394,
  "summary_wm_mean": 998.2327880859375,
  "summary_wm_median": 999.987060546875,
  "summary_wm_n": 238289.0,
  "summary_wm_p05": 919.1898803710938,
  "summary_wm_p95": 1070.3028076171875,
  "summary_wm_stdv": 46.97284698486328,
  "tpm_overlap_csf": 0.16519908607006073,
  "tpm_overlap_gm": 0.43104472756385803,
  "tpm_overlap_wm": 0.5105430483818054,
  "wm2max": 0.6225120023807366
}