{
  "aor": 0.002212525773195876,
  "aqi": 0.008674535412371134,
  "bids_meta": {
    "AcquisitionMatrixPE": 78,
    "AcquisitionNumber": 16,
    "AcquisitionTime": "13:01:5.820000",
    "BodyPartExamined": "HEAD",
    "ConversionSoftware": "dcm2niix",
    "ConversionSoftwareVersion": "v1.0.20180622 GCC4.9.2",
    "DeviceSerialNumber": "34111",
    "EchoTime": 0.030001,
    "EchoTrainLength": 31,
    "FlipAngle": 75,
    "ImageOrientationPatientDICOM": [
      0.999894,
      0.0125246,
      -0.00744763,
      -0.0130636,
      0.996917,
      -0.0773656
    ],
    "ImageType": [
      "ORIGINAL",
      "PRIMARY",
      "M",
      "FFE",
      "M",
      "FFE"
    ],
    "InPlanePhaseEncodingDirectionDICOM": "COL",
    "MRAcquisitionType": "2D",
    "MagneticFieldStrength": 3,
    "Manufacturer": "Philips",
    "ManufacturersModelName": "Achieva_dStream",
    "Modality": "MR",
    "PatientPosition": "HFS",
    "PercentPhaseFOV": 100,
    "PhaseEncodingAxis": "j",
    "PhaseEncodingSteps": 78,
    "PhilipsRescaleIntercept": 0,
    "PhilipsRescaleSlope": 0.788034,
    "PhilipsScaleSlope": 0.00782822,
    "PixelBandwidth": 3420,
    "ProtocolName": "EPI_run10_195dyn",
    "ReconMatrixPE": 80,
    "RepetitionTime": 2,
    "SAR": 0.0790596,
    "ScanOptions": "FS",
    "ScanningSequence": "GR",
    "SequenceVariant": "SK",
    "SeriesDescription": "EPI_run10_195dyn",
    "SeriesNumber": 1601,
    "SliceThickness": 3,
    "SoftwareVersions": "5.3.1_5.3.1.1",
    "SpacingBetweenSlices": 3.2,
    "StationName": "HOST_INGENIA",
    "TaskName": "faces",
    "UsePhilipsFloatNotDisplayScaling": 1,
    "dataset": "ds001761",
    "modality": "bold",
    "run_id": 10,
    "session_id": "04",
    "subject_id": "02",
    "task_id": "faces"
  },
  "dummy_trs": 1,
  "dvars_nstd": 22.71957337176166,
  "dvars_std": 1.0802921766839373,
  "dvars_vstd": 0.9857002652331611,
  "efc": 0.4511683652487607,
  "fber": 76088.2578125,
  "fd_mean": 0.10196737788308394,
  "fd_num": 13,
  "fd_perc": 6.701030927835052,
  "fwhm_avg": 1.8622427513992756,
  "fwhm_x": 1.7997333333333334,
  "fwhm_y": 2.041706666666667,
  "fwhm_z": 1.7452882541978267,
  "gcor": 0.012364,
  "gsr_x": -0.006973989307880402,
  "gsr_y": 0.014928310178220272,
  "provenance": {
    "md5sum": "f1623779f33e3b726385403cc9ed0faf",
    "settings": {
      "fd_thres": 0.2,
      "testing": false
    },
    "software": "mriqc",
    "version": "21.0.0rc2",
    "webapi_port": null,
    "webapi_url": "https://mriqc.nimh.nih.gov/api/v1"
  },
  "size_t": 194,
  "size_x": 80,
  "size_y": 80,
  "size_z": 41,
  "snr": 5.623829441668635,
  "spacing_tr": 1.9999991655349731,
  "spacing_x": 3.0,
  "spacing_y": 3.0,
  "spacing_z": 3.199998617172241,
  "summary_bg_k": 114.33308439668217,
  "summary_bg_mad": 701.9689523890346,
  "summary_bg_mean": 3767.79296875,
  "summary_bg_median": 561.4973754882812,
  "summary_bg_n": 171997.0,
  "summary_bg_p05": 29.5784236907959,
  "summary_bg_p95": 16893.276171874997,
  "summary_bg_stdv": 10251.0654296875,
  "summary_fg_k": 2.7776883702998623,
  "summary_fg_mad": 25725.789376273908,
  "summary_fg_mean": 162120.5,
  "summary_fg_median": 159683.671875,
  "summary_fg_n": 44331.0,
  "summary_fg_p05": 122260.8203125,
  "summary_fg_p95": 208600.4453125,
  "summary_fg_stdv": 28393.796875,
  "tsnr": 60.13951873779297
}