{
  "aor": 0.0062635897435897436,
  "aqi": 0.007517286,
  "bids_meta": {
    "AcquisitionMatrixPE": 78,
    "AcquisitionNumber": 7,
    "AcquisitionTime": "11:58:14.390000",
    "BodyPartExamined": "HEAD",
    "ConversionSoftware": "dcm2niix",
    "ConversionSoftwareVersion": "v1.0.20180622 GCC4.9.2",
    "DeviceSerialNumber": "34111",
    "EchoTime": 0.03,
    "EchoTrainLength": 31,
    "FlipAngle": 75,
    "ImageOrientationPatientDICOM": [
      0.999653,
      0.00224687,
      0.0262306,
      0.00156713,
      0.989506,
      -0.144483
    ],
    "ImageType": [
      "ORIGINAL",
      "PRIMARY",
      "M",
      "FFE",
      "M",
      "FFE"
    ],
    "InPlanePhaseEncodingDirectionDICOM": "COL",
    "MRAcquisitionType": "2D",
    "MagneticFieldStrength": 3,
    "Manufacturer": "Philips",
    "ManufacturersModelName": "Achieva_dStream",
    "Modality": "MR",
    "PatientPosition": "HFS",
    "PercentPhaseFOV": 100,
    "PhaseEncodingAxis": "j",
    "PhaseEncodingSteps": 78,
    "PhilipsRescaleIntercept": 0,
    "PhilipsRescaleSlope": 0.786325,
    "PhilipsScaleSlope": 0.00826713,
    "PixelBandwidth": 3423,
    "ProtocolName": "EPI_run4_195dyn",
    "ReconMatrixPE": 80,
    "RepetitionTime": 2,
    "SAR": 0.0791063,
    "ScanOptions": "FS",
    "ScanningSequence": "GR",
    "SequenceVariant": "SK",
    "SeriesDescription": "EPI_run4_195dyn",
    "SeriesNumber": 701,
    "SliceThickness": 3,
    "SoftwareVersions": "5.3.1_5.3.1.1",
    "SpacingBetweenSlices": 3.2,
    "StationName": "HOST_INGENIA",
    "TaskName": "faces",
    "UsePhilipsFloatNotDisplayScaling": 1,
    "dataset": "ds001761",
    "modality": "bold",
    "run_id": 4,
    "session_id": "04",
    "subject_id": "02",
    "task_id": "faces"
  },
  "dummy_trs": 0,
  "dvars_nstd": 28.561772720103072,
  "dvars_std": 1.2653507418041232,
  "dvars_vstd": 1.0720860576288656,
  "efc": 0.4533324392378952,
  "fber": 57067.328125,
  "fd_mean": 0.16080326966646966,
  "fd_num": 36,
  "fd_perc": 18.46153846153846,
  "fwhm_avg": 1.8277544851288976,
  "fwhm_x": 1.7510433333333333,
  "fwhm_y": 2.017936666666667,
  "fwhm_z": 1.7142834553866924,
  "gcor": 0.0112424,
  "gsr_x": -0.007304801605641842,
  "gsr_y": 0.014421294443309307,
  "provenance": {
    "md5sum": "ba524daf9437d36274a340f0896d3123",
    "settings": {
      "fd_thres": 0.2,
      "testing": false
    },
    "software": "mriqc",
    "version": "21.0.0rc2",
    "webapi_port": null,
    "webapi_url": "https://mriqc.nimh.nih.gov/api/v1"
  },
  "size_t": 195,
  "size_x": 80,
  "size_y": 80,
  "size_z": 41,
  "snr": 5.562435835817942,
  "spacing_tr": 1.9999991655349731,
  "spacing_x": 3.0,
  "spacing_y": 3.0,
  "spacing_z": 3.2000017166137695,
  "summary_bg_k": 112.66868213811274,
  "summary_bg_mad": 788.2471103572091,
  "summary_bg_mean": 3857.877197265625,
  "summary_bg_median": 654.8950805664062,
  "summary_bg_n": 171709.0,
  "summary_bg_p05": 52.63888778686523,
  "summary_bg_p95": 17068.151562500025,
  "summary_bg_stdv": 10460.123046875,
  "summary_fg_k": 2.9475364732804508,
  "summary_fg_mad": 25821.85736690114,
  "summary_fg_mean": 160785.078125,
  "summary_fg_median": 158271.203125,
  "summary_fg_n": 44403.0,
  "summary_fg_p05": 121492.76171875,
  "summary_fg_p95": 207411.7328125,
  "summary_fg_stdv": 28453.2578125,
  "tsnr": 59.6369743347168
}