{
  "aor": 0.007466607142857143,
  "aqi": 0.008731171785714285,
  "bids_meta": {
    "AcquisitionMatrixPE": 78,
    "AcquisitionNumber": 11,
    "AcquisitionTime": "12:26:41.610000",
    "BodyPartExamined": "HEAD",
    "ConversionSoftware": "dcm2niix",
    "ConversionSoftwareVersion": "v1.0.20180622 GCC4.9.2",
    "DeviceSerialNumber": "34111",
    "EchoTime": 0.03,
    "EchoTrainLength": 31,
    "FlipAngle": 75,
    "ImageOrientationPatientDICOM": [
      0.999653,
      0.00224687,
      0.0262306,
      0.00156713,
      0.989506,
      -0.144483
    ],
    "ImageType": [
      "ORIGINAL",
      "PRIMARY",
      "M",
      "FFE",
      "M",
      "FFE"
    ],
    "InPlanePhaseEncodingDirectionDICOM": "COL",
    "MRAcquisitionType": "2D",
    "MagneticFieldStrength": 3,
    "Manufacturer": "Philips",
    "ManufacturersModelName": "Achieva_dStream",
    "Modality": "MR",
    "PatientPosition": "HFS",
    "PercentPhaseFOV": 100,
    "PhaseEncodingAxis": "j",
    "PhaseEncodingSteps": 78,
    "PhilipsRescaleIntercept": 0,
    "PhilipsRescaleSlope": 0.88254,
    "PhilipsScaleSlope": 0.00796981,
    "PixelBandwidth": 3423,
    "ProtocolName": "EPI_LOCALIZER_56dyn",
    "ReconMatrixPE": 80,
    "RepetitionTime": 2,
    "SAR": 0.0791063,
    "ScanOptions": "FS",
    "ScanningSequence": "GR",
    "SequenceVariant": "SK",
    "SeriesDescription": "EPI_LOCALIZER_56dyn",
    "SeriesNumber": 1101,
    "SliceThickness": 3,
    "SoftwareVersions": "5.3.1_5.3.1.1",
    "SpacingBetweenSlices": 3.2,
    "StationName": "HOST_INGENIA",
    "TaskName": "loc",
    "UsePhilipsFloatNotDisplayScaling": 1,
    "dataset": "ds001761",
    "modality": "bold",
    "run_id": 2,
    "session_id": "04",
    "subject_id": "02",
    "task_id": "loc"
  },
  "dummy_trs": 0,
  "dvars_nstd": 31.841933475454546,
  "dvars_std": 1.2298011183636361,
  "dvars_vstd": 1.0436231514545455,
  "efc": 0.45524880742676954,
  "fber": 54547.17578125,
  "fd_mean": 0.2185587495217404,
  "fd_num": 20,
  "fd_perc": 35.714285714285715,
  "fwhm_avg": 1.8384726746414326,
  "fwhm_x": 1.75822,
  "fwhm_y": 2.0153333333333334,
  "fwhm_z": 1.741864690590965,
  "gcor": 0.0271991,
  "gsr_x": -0.007601430639624596,
  "gsr_y": 0.013533559627830982,
  "provenance": {
    "md5sum": "604fd3949cb6a81c16ee3335d5261aeb",
    "settings": {
      "fd_thres": 0.2,
      "testing": false
    },
    "software": "mriqc",
    "version": "21.0.0rc2",
    "webapi_port": null,
    "webapi_url": "https://mriqc.nimh.nih.gov/api/v1"
  },
  "size_t": 56,
  "size_x": 80,
  "size_y": 80,
  "size_z": 41,
  "snr": 5.548725044400426,
  "spacing_tr": 1.9999991655349731,
  "spacing_x": 3.0,
  "spacing_y": 3.0,
  "spacing_z": 3.2000017166137695,
  "summary_bg_k": 100.91030370641393,
  "summary_bg_mad": 792.4433976727395,
  "summary_bg_mean": 3968.844970703125,
  "summary_bg_median": 655.557373046875,
  "summary_bg_n": 171693.0,
  "summary_bg_p05": 53.182867431640624,
  "summary_bg_p95": 17781.684374999993,
  "summary_bg_stdv": 10774.953125,
  "summary_fg_k": 3.070165123160743,
  "summary_fg_mad": 25390.04947076138,
  "summary_fg_mean": 157848.75,
  "summary_fg_median": 155289.46875,
  "summary_fg_n": 44515.0,
  "summary_fg_p05": 119387.9875,
  "summary_fg_p95": 203510.93593749998,
  "summary_fg_stdv": 27986.19921875,
  "tsnr": 57.13548278808594
}