{
  "aor": 0.0017366666666666667,
  "aqi": 0.006925235846153846,
  "bids_meta": {
    "AcquisitionMatrixPE": 78,
    "AcquisitionNumber": 3,
    "AcquisitionTime": "11:34:8.930000",
    "BodyPartExamined": "HEAD",
    "ConversionSoftware": "dcm2niix",
    "ConversionSoftwareVersion": "v1.0.20180622 GCC4.9.2",
    "DeviceSerialNumber": "34111",
    "EchoTime": 0.03,
    "EchoTrainLength": 31,
    "FlipAngle": 75,
    "ImageOrientationPatientDICOM": [
      0.999653,
      0.00224687,
      0.0262306,
      0.00156713,
      0.989506,
      -0.144483
    ],
    "ImageType": [
      "ORIGINAL",
      "PRIMARY",
      "M",
      "FFE",
      "M",
      "FFE"
    ],
    "InPlanePhaseEncodingDirectionDICOM": "COL",
    "MRAcquisitionType": "2D",
    "MagneticFieldStrength": 3,
    "Manufacturer": "Philips",
    "ManufacturersModelName": "Achieva_dStream",
    "Modality": "MR",
    "PatientPosition": "HFS",
    "PercentPhaseFOV": 100,
    "PhaseEncodingAxis": "j",
    "PhaseEncodingSteps": 78,
    "PhilipsRescaleIntercept": 0,
    "PhilipsRescaleSlope": 0.771673,
    "PhilipsScaleSlope": 0.00821181,
    "PixelBandwidth": 3423,
    "ProtocolName": "EPI_run1_195dyn",
    "ReconMatrixPE": 80,
    "RepetitionTime": 2,
    "SAR": 0.0791063,
    "ScanOptions": "FS",
    "ScanningSequence": "GR",
    "SequenceVariant": "SK",
    "SeriesDescription": "EPI_run1_195dyn",
    "SeriesNumber": 301,
    "SliceThickness": 3,
    "SoftwareVersions": "5.3.1_5.3.1.1",
    "SpacingBetweenSlices": 3.2,
    "StationName": "HOST_INGENIA",
    "TaskName": "faces",
    "UsePhilipsFloatNotDisplayScaling": 1,
    "dataset": "ds001761",
    "modality": "bold",
    "run_id": 1,
    "session_id": "04",
    "subject_id": "02",
    "task_id": "faces"
  },
  "dummy_trs": 0,
  "dvars_nstd": 27.72508387170102,
  "dvars_std": 1.2092273734536079,
  "dvars_vstd": 0.9929059258762887,
  "efc": 0.4522446727336843,
  "fber": 55351.0390625,
  "fd_mean": 0.08779801906366082,
  "fd_num": 8,
  "fd_perc": 4.102564102564102,
  "fwhm_avg": 1.8357439267525537,
  "fwhm_x": 1.7565,
  "fwhm_y": 2.0206733333333333,
  "fwhm_z": 1.7300584469243276,
  "gcor": 0.00803087,
  "gsr_x": -0.00721926661208272,
  "gsr_y": 0.015289254486560822,
  "provenance": {
    "md5sum": "90d049b3dcae5340816810293924479f",
    "settings": {
      "fd_thres": 0.2,
      "testing": false
    },
    "software": "mriqc",
    "version": "21.0.0rc2",
    "webapi_port": null,
    "webapi_url": "https://mriqc.nimh.nih.gov/api/v1"
  },
  "size_t": 195,
  "size_x": 80,
  "size_y": 80,
  "size_z": 41,
  "snr": 5.467868427716006,
  "spacing_tr": 1.9999991655349731,
  "spacing_x": 3.0,
  "spacing_y": 3.0,
  "spacing_z": 3.2000017166137695,
  "summary_bg_k": 116.48145148575794,
  "summary_bg_mad": 793.1398831845365,
  "summary_bg_mean": 3754.120849609375,
  "summary_bg_median": 658.4613647460938,
  "summary_bg_n": 171794.0,
  "summary_bg_p05": 55.89781093597412,
  "summary_bg_p95": 16238.233593750001,
  "summary_bg_stdv": 10211.7138671875,
  "summary_fg_k": 2.9822547711006067,
  "summary_fg_mad": 25894.342715990264,
  "summary_fg_mean": 159484.59375,
  "summary_fg_median": 156885.3125,
  "summary_fg_n": 44430.0,
  "summary_fg_p05": 119766.095703125,
  "summary_fg_p95": 206448.34218749998,
  "summary_fg_stdv": 28691.90234375,
  "tsnr": 62.81842803955078
}