{
  "aor": 0.0066077835051546385,
  "aqi": 0.016196426649484535,
  "bids_meta": {
    "AcquisitionMatrixPE": 78,
    "AcquisitionNumber": 12,
    "AcquisitionTime": "12:29:31.570000",
    "BodyPartExamined": "HEAD",
    "ConversionSoftware": "dcm2niix",
    "ConversionSoftwareVersion": "v1.0.20180622 GCC4.9.2",
    "DeviceSerialNumber": "34111",
    "EchoTime": 0.03,
    "EchoTrainLength": 31,
    "FlipAngle": 75,
    "ImageOrientationPatientDICOM": [
      0.999653,
      0.00224687,
      0.0262306,
      0.00156713,
      0.989506,
      -0.144483
    ],
    "ImageType": [
      "ORIGINAL",
      "PRIMARY",
      "M",
      "FFE",
      "M",
      "FFE"
    ],
    "InPlanePhaseEncodingDirectionDICOM": "COL",
    "MRAcquisitionType": "2D",
    "MagneticFieldStrength": 3,
    "Manufacturer": "Philips",
    "ManufacturersModelName": "Achieva_dStream",
    "Modality": "MR",
    "PatientPosition": "HFS",
    "PercentPhaseFOV": 100,
    "PhaseEncodingAxis": "j",
    "PhaseEncodingSteps": 78,
    "PhilipsRescaleIntercept": 0,
    "PhilipsRescaleSlope": 0.829792,
    "PhilipsScaleSlope": 0.00854551,
    "PixelBandwidth": 3423,
    "ProtocolName": "EPI_run8_195dyn",
    "ReconMatrixPE": 80,
    "RepetitionTime": 2,
    "SAR": 0.0791063,
    "ScanOptions": "FS",
    "ScanningSequence": "GR",
    "SequenceVariant": "SK",
    "SeriesDescription": "EPI_run8_195dyn",
    "SeriesNumber": 1201,
    "SliceThickness": 3,
    "SoftwareVersions": "5.3.1_5.3.1.1",
    "SpacingBetweenSlices": 3.2,
    "StationName": "HOST_INGENIA",
    "TaskName": "faces",
    "UsePhilipsFloatNotDisplayScaling": 1,
    "dataset": "ds001761",
    "modality": "bold",
    "run_id": 8,
    "session_id": "04",
    "subject_id": "02",
    "task_id": "faces"
  },
  "dummy_trs": 1,
  "dvars_nstd": 30.53113662668393,
  "dvars_std": 1.2218266787564762,
  "dvars_vstd": 1.052205610621761,
  "efc": 0.455993643680443,
  "fber": 50873.6015625,
  "fd_mean": 0.23029256493417222,
  "fd_num": 78,
  "fd_perc": 40.20618556701031,
  "fwhm_avg": 1.8455387176978182,
  "fwhm_x": 1.7675400000000001,
  "fwhm_y": 2.0349833333333334,
  "fwhm_z": 1.7340928197601213,
  "gcor": 0.00970012,
  "gsr_x": -0.007224685978144407,
  "gsr_y": 0.013578644953668118,
  "provenance": {
    "md5sum": "1fbac4e44208eb5a651fd344042faf51",
    "settings": {
      "fd_thres": 0.2,
      "testing": false
    },
    "software": "mriqc",
    "version": "21.0.0rc2",
    "webapi_port": null,
    "webapi_url": "https://mriqc.nimh.nih.gov/api/v1"
  },
  "size_t": 194,
  "size_x": 80,
  "size_y": 80,
  "size_z": 41,
  "snr": 5.620458288217794,
  "spacing_tr": 1.9999991655349731,
  "spacing_x": 3.0,
  "spacing_y": 3.0,
  "spacing_z": 3.2000017166137695,
  "summary_bg_k": 95.94740771815256,
  "summary_bg_mad": 813.5737143346201,
  "summary_bg_mean": 4044.10498046875,
  "summary_bg_median": 679.0709228515625,
  "summary_bg_n": 171863.0,
  "summary_bg_p05": 65.49820709228516,
  "summary_bg_p95": 18182.546679687497,
  "summary_bg_stdv": 10720.81640625,
  "summary_fg_k": 2.874417408723425,
  "summary_fg_mad": 25202.129639565796,
  "summary_fg_mean": 157365.71875,
  "summary_fg_median": 154830.296875,
  "summary_fg_n": 44413.0,
  "summary_fg_p05": 119332.16875,
  "summary_fg_p95": 202854.521875,
  "summary_fg_stdv": 27547.318359375,
  "tsnr": 43.412986755371094
}