{
  "aor": 0.003593214285714286,
  "aqi": 0.005442454464285714,
  "bids_meta": {
    "AcquisitionMatrixPE": 78,
    "AcquisitionNumber": 6,
    "AcquisitionTime": "11:55:32.400000",
    "BodyPartExamined": "HEAD",
    "ConversionSoftware": "dcm2niix",
    "ConversionSoftwareVersion": "v1.0.20180622 GCC4.9.2",
    "DeviceSerialNumber": "34111",
    "EchoTime": 0.03,
    "EchoTrainLength": 31,
    "FlipAngle": 75,
    "ImageOrientationPatientDICOM": [
      0.999653,
      0.00224687,
      0.0262306,
      0.00156713,
      0.989506,
      -0.144483
    ],
    "ImageType": [
      "ORIGINAL",
      "PRIMARY",
      "M",
      "FFE",
      "M",
      "FFE"
    ],
    "InPlanePhaseEncodingDirectionDICOM": "COL",
    "MRAcquisitionType": "2D",
    "MagneticFieldStrength": 3,
    "Manufacturer": "Philips",
    "ManufacturersModelName": "Achieva_dStream",
    "Modality": "MR",
    "PatientPosition": "HFS",
    "PercentPhaseFOV": 100,
    "PhaseEncodingAxis": "j",
    "PhaseEncodingSteps": 78,
    "PhilipsRescaleIntercept": 0,
    "PhilipsRescaleSlope": 0.795604,
    "PhilipsScaleSlope": 0.00814362,
    "PixelBandwidth": 3423,
    "ProtocolName": "EPI_LOCALIZER_56dyn",
    "ReconMatrixPE": 80,
    "RepetitionTime": 2,
    "SAR": 0.0791063,
    "ScanOptions": "FS",
    "ScanningSequence": "GR",
    "SequenceVariant": "SK",
    "SeriesDescription": "EPI_LOCALIZER_56dyn",
    "SeriesNumber": 601,
    "SliceThickness": 3,
    "SoftwareVersions": "5.3.1_5.3.1.1",
    "SpacingBetweenSlices": 3.2,
    "StationName": "HOST_INGENIA",
    "TaskName": "loc",
    "UsePhilipsFloatNotDisplayScaling": 1,
    "dataset": "ds001761",
    "modality": "bold",
    "run_id": 1,
    "session_id": "04",
    "subject_id": "02",
    "task_id": "loc"
  },
  "dummy_trs": 0,
  "dvars_nstd": 25.845885779636376,
  "dvars_std": 1.1915180334545452,
  "dvars_vstd": 1.0180065838181818,
  "efc": 0.452923505036263,
  "fber": 57675.9765625,
  "fd_mean": 0.08415360216285575,
  "fd_num": 2,
  "fd_perc": 3.5714285714285716,
  "fwhm_avg": 1.8182264305992863,
  "fwhm_x": 1.74096,
  "fwhm_y": 2.0051733333333335,
  "fwhm_z": 1.7085459584645255,
  "gcor": 0.012279,
  "gsr_x": -0.007280527614057064,
  "gsr_y": 0.015109973959624767,
  "provenance": {
    "md5sum": "e9b4b5e62a7b9336487ca96cdb144467",
    "settings": {
      "fd_thres": 0.2,
      "testing": false
    },
    "software": "mriqc",
    "version": "21.0.0rc2",
    "webapi_port": null,
    "webapi_url": "https://mriqc.nimh.nih.gov/api/v1"
  },
  "size_t": 56,
  "size_x": 80,
  "size_y": 80,
  "size_z": 41,
  "snr": 5.56282542421285,
  "spacing_tr": 1.9999991655349731,
  "spacing_x": 3.0,
  "spacing_y": 3.0,
  "spacing_z": 3.2000017166137695,
  "summary_bg_k": 116.8884630103624,
  "summary_bg_mad": 775.196134221204,
  "summary_bg_mean": 3815.942138671875,
  "summary_bg_median": 645.4977416992188,
  "summary_bg_n": 171741.0,
  "summary_bg_p05": 49.6064338684082,
  "summary_bg_p95": 16779.802734375,
  "summary_bg_stdv": 10501.796875,
  "summary_fg_k": 3.0044722631586405,
  "summary_fg_mad": 25491.213906514724,
  "summary_fg_mean": 159713.734375,
  "summary_fg_median": 157209.171875,
  "summary_fg_n": 44417.0,
  "summary_fg_p05": 120668.5359375,
  "summary_fg_p95": 205856.30625,
  "summary_fg_stdv": 28260.3515625,
  "tsnr": 73.15966796875
}