{
  "aor": 0.0013817948717948715,
  "aqi": 0.005594134717948719,
  "bids_meta": {
    "AcquisitionMatrixPE": 78,
    "AcquisitionNumber": 19,
    "AcquisitionTime": "13:22:24.430000",
    "BodyPartExamined": "HEAD",
    "ConversionSoftware": "dcm2niix",
    "ConversionSoftwareVersion": "v1.0.20180622 GCC4.9.2",
    "DeviceSerialNumber": "34111",
    "EchoTime": 0.030001,
    "EchoTrainLength": 31,
    "FlipAngle": 75,
    "ImageOrientationPatientDICOM": [
      0.999894,
      0.0125246,
      -0.00744763,
      -0.0130636,
      0.996917,
      -0.0773656
    ],
    "ImageType": [
      "ORIGINAL",
      "PRIMARY",
      "M",
      "FFE",
      "M",
      "FFE"
    ],
    "InPlanePhaseEncodingDirectionDICOM": "COL",
    "MRAcquisitionType": "2D",
    "MagneticFieldStrength": 3,
    "Manufacturer": "Philips",
    "ManufacturersModelName": "Achieva_dStream",
    "Modality": "MR",
    "PatientPosition": "HFS",
    "PercentPhaseFOV": 100,
    "PhaseEncodingAxis": "j",
    "PhaseEncodingSteps": 78,
    "PhilipsRescaleIntercept": 0,
    "PhilipsRescaleSlope": 0.763858,
    "PhilipsScaleSlope": 0.00795228,
    "PixelBandwidth": 3420,
    "ProtocolName": "EPI_run13_195dyn",
    "ReconMatrixPE": 80,
    "RepetitionTime": 2,
    "SAR": 0.0790596,
    "ScanOptions": "FS",
    "ScanningSequence": "GR",
    "SequenceVariant": "SK",
    "SeriesDescription": "EPI_run13_195dyn",
    "SeriesNumber": 1901,
    "SliceThickness": 3,
    "SoftwareVersions": "5.3.1_5.3.1.1",
    "SpacingBetweenSlices": 3.2,
    "StationName": "HOST_INGENIA",
    "TaskName": "faces",
    "UsePhilipsFloatNotDisplayScaling": 1,
    "dataset": "ds001761",
    "modality": "bold",
    "run_id": 13,
    "session_id": "04",
    "subject_id": "02",
    "task_id": "faces"
  },
  "dummy_trs": 0,
  "dvars_nstd": 22.52577186876288,
  "dvars_std": 1.1445711495876283,
  "dvars_vstd": 1.012080380463918,
  "efc": 0.45131076266177067,
  "fber": 78173.6328125,
  "fd_mean": 0.07042617399751185,
  "fd_num": 2,
  "fd_perc": 1.0256410256410255,
  "fwhm_avg": 1.8284670515036427,
  "fwhm_x": 1.77778,
  "fwhm_y": 2.000176666666667,
  "fwhm_z": 1.7074444878442607,
  "gcor": 0.0111292,
  "gsr_x": -0.006166962906718254,
  "gsr_y": 0.014451446942985058,
  "provenance": {
    "md5sum": "124d5902b73f23bc4c5c3bb2dc770da1",
    "settings": {
      "fd_thres": 0.2,
      "testing": false
    },
    "software": "mriqc",
    "version": "21.0.0rc2",
    "webapi_port": null,
    "webapi_url": "https://mriqc.nimh.nih.gov/api/v1"
  },
  "size_t": 195,
  "size_x": 80,
  "size_y": 80,
  "size_z": 41,
  "snr": 5.680205608179081,
  "spacing_tr": 1.9999991655349731,
  "spacing_x": 3.0,
  "spacing_y": 3.0,
  "spacing_z": 3.199998617172241,
  "summary_bg_k": 111.9952628030333,
  "summary_bg_mad": 673.1183968601447,
  "summary_bg_mean": 3686.16748046875,
  "summary_bg_median": 541.394287109375,
  "summary_bg_n": 172000.0,
  "summary_bg_p05": 28.764392852783214,
  "summary_bg_p95": 16612.32158203121,
  "summary_bg_stdv": 10149.953125,
  "summary_fg_k": 3.108267496674567,
  "summary_fg_mad": 24512.3257917464,
  "summary_fg_mean": 158103.96875,
  "summary_fg_median": 155842.171875,
  "summary_fg_n": 44291.0,
  "summary_fg_p05": 119902.453125,
  "summary_fg_p95": 202517.8203125,
  "summary_fg_stdv": 27435.69921875,
  "tsnr": 71.33004760742188
}