{
  "aor": 0.009290461538461539,
  "aqi": 0.01273356035897436,
  "bids_meta": {
    "AcquisitionMatrixPE": 78,
    "AcquisitionNumber": 9,
    "AcquisitionTime": "12:12:24.580000",
    "BodyPartExamined": "HEAD",
    "ConversionSoftware": "dcm2niix",
    "ConversionSoftwareVersion": "v1.0.20180622 GCC4.9.2",
    "DeviceSerialNumber": "34111",
    "EchoTime": 0.03,
    "EchoTrainLength": 31,
    "FlipAngle": 75,
    "ImageOrientationPatientDICOM": [
      0.999653,
      0.00224687,
      0.0262306,
      0.00156713,
      0.989506,
      -0.144483
    ],
    "ImageType": [
      "ORIGINAL",
      "PRIMARY",
      "M",
      "FFE",
      "M",
      "FFE"
    ],
    "InPlanePhaseEncodingDirectionDICOM": "COL",
    "MRAcquisitionType": "2D",
    "MagneticFieldStrength": 3,
    "Manufacturer": "Philips",
    "ManufacturersModelName": "Achieva_dStream",
    "Modality": "MR",
    "PatientPosition": "HFS",
    "PercentPhaseFOV": 100,
    "PhaseEncodingAxis": "j",
    "PhaseEncodingSteps": 78,
    "PhilipsRescaleIntercept": 0,
    "PhilipsRescaleSlope": 0.827106,
    "PhilipsScaleSlope": 0.00842038,
    "PixelBandwidth": 3423,
    "ProtocolName": "EPI_run6_195dyn",
    "ReconMatrixPE": 80,
    "RepetitionTime": 2,
    "SAR": 0.0791063,
    "ScanOptions": "FS",
    "ScanningSequence": "GR",
    "SequenceVariant": "SK",
    "SeriesDescription": "EPI_run6_195dyn",
    "SeriesNumber": 901,
    "SliceThickness": 3,
    "SoftwareVersions": "5.3.1_5.3.1.1",
    "SpacingBetweenSlices": 3.2,
    "StationName": "HOST_INGENIA",
    "TaskName": "faces",
    "UsePhilipsFloatNotDisplayScaling": 1,
    "dataset": "ds001761",
    "modality": "bold",
    "run_id": 6,
    "session_id": "04",
    "subject_id": "02",
    "task_id": "faces"
  },
  "dummy_trs": 0,
  "dvars_nstd": 33.73463493963918,
  "dvars_std": 1.207687086494846,
  "dvars_vstd": 1.049867445670103,
  "efc": 0.45451806576681947,
  "fber": 54359.375,
  "fd_mean": 0.2787779456465047,
  "fd_num": 69,
  "fd_perc": 35.38461538461539,
  "fwhm_avg": 1.8479669794537934,
  "fwhm_x": 1.7656266666666667,
  "fwhm_y": 2.0322533333333332,
  "fwhm_z": 1.7460209383613798,
  "gcor": 0.0309371,
  "gsr_x": -0.00748048722743988,
  "gsr_y": 0.013908390887081623,
  "provenance": {
    "md5sum": "86b49af126a277272e10e8a723be6072",
    "settings": {
      "fd_thres": 0.2,
      "testing": false
    },
    "software": "mriqc",
    "version": "21.0.0rc2",
    "webapi_port": null,
    "webapi_url": "https://mriqc.nimh.nih.gov/api/v1"
  },
  "size_t": 195,
  "size_x": 80,
  "size_y": 80,
  "size_z": 41,
  "snr": 5.599141743136197,
  "spacing_tr": 1.9999991655349731,
  "spacing_x": 3.0,
  "spacing_y": 3.0,
  "spacing_z": 3.2000017166137695,
  "summary_bg_k": 104.09452918735514,
  "summary_bg_mad": 783.6159013551129,
  "summary_bg_mean": 3863.059814453125,
  "summary_bg_median": 655.514404296875,
  "summary_bg_n": 171753.0,
  "summary_bg_p05": 57.58514404296875,
  "summary_bg_p95": 17103.31640624999,
  "summary_bg_stdv": 10428.0380859375,
  "summary_fg_k": 2.897314039771887,
  "summary_fg_mad": 25094.779972682125,
  "summary_fg_mean": 156866.1875,
  "summary_fg_median": 154438.6875,
  "summary_fg_n": 44423.0,
  "summary_fg_p05": 118617.71484375,
  "summary_fg_p95": 202124.403125,
  "summary_fg_stdv": 27582.25390625,
  "tsnr": 46.071075439453125
}