{
  "bids_meta": {
    "AcquisitionMatrixPE": 240,
    "AcquisitionNumber": 2,
    "AcquisitionTime": "10:02:29.860000",
    "BodyPartExamined": "HEAD",
    "ConversionSoftware": "dcm2niix",
    "ConversionSoftwareVersion": "v1.0.20180622 GCC4.9.2",
    "DeviceSerialNumber": "34111",
    "EchoTime": 0.003724,
    "EchoTrainLength": 119,
    "FlipAngle": 8,
    "ImageOrientationPatientDICOM": [
      0.067902,
      0.997692,
      -3.86928e-11,
      -0.0163232,
      0.00111094,
      -0.999866
    ],
    "ImageType": [
      "ORIGINAL",
      "PRIMARY",
      "M",
      "FFE",
      "M",
      "FFE"
    ],
    "InPlanePhaseEncodingDirectionDICOM": "ROW",
    "MRAcquisitionType": "3D",
    "MagneticFieldStrength": 3,
    "Manufacturer": "Philips",
    "ManufacturersModelName": "Achieva_dStream",
    "Modality": "MR",
    "PatientPosition": "HFS",
    "PercentPhaseFOV": 100,
    "PhaseEncodingSteps": 240,
    "PhilipsRescaleIntercept": 0,
    "PhilipsRescaleSlope": 4.95507,
    "PhilipsScaleSlope": 0.00171549,
    "PixelBandwidth": 191,
    "ProtocolName": "sT1W_1mm_3D_32ch",
    "ReconMatrixPE": 240,
    "RepetitionTime": 0.008139,
    "SAR": 0.0135157,
    "ScanOptions": "OTHER",
    "ScanningSequence": "GR",
    "SequenceVariant": "MP",
    "SeriesDescription": "sT1W_1mm_3D_32ch",
    "SeriesNumber": 201,
    "SliceThickness": 1,
    "SoftwareVersions": "5.3.1_5.3.1.1",
    "SpacingBetweenSlices": 1,
    "StationName": "HOST_INGENIA",
    "UsePhilipsFloatNotDisplayScaling": 1,
    "acq_id": "01",
    "dataset": "ds001761",
    "modality": "T1w",
    "session_id": "08",
    "subject_id": "01"
  },
  "cjv": 0.3105861121875964,
  "cnr": 3.8342034706660955,
  "efc": 0.7405254803636347,
  "fber": 345.93212890625,
  "fwhm_avg": 3.614228980259554,
  "fwhm_x": 3.6660869407786625,
  "fwhm_y": 3.83324,
  "fwhm_z": 3.34336,
  "icvs_csf": 0.21689906755229138,
  "icvs_gm": 0.4014202395595981,
  "icvs_wm": 0.3816806928881105,
  "inu_med": 2.6688058376312256,
  "inu_range": 0.7953800678253176,
  "provenance": {
    "md5sum": "a817754f0e4b34f8565208f9e2f2cf72",
    "settings": {
      "testing": false
    },
    "software": "mriqc",
    "version": "21.0.0rc2",
    "warnings": {
      "large_rot_frame": true,
      "small_air_mask": true
    },
    "webapi_port": null,
    "webapi_url": "https://mriqc.nimh.nih.gov/api/v1"
  },
  "qi_1": 0.0,
  "qi_2": 2.177497328940529e-05,
  "rpve_csf": 21.395615513588858,
  "rpve_gm": 11.912356754146469,
  "rpve_wm": 16.446935186594295,
  "size_x": 170,
  "size_y": 240,
  "size_z": 240,
  "snr_csf": 2.054883238025203,
  "snr_gm": 6.3311369715277355,
  "snr_total": 9.399090634923946,
  "snr_wm": 19.8112516952189,
  "snrd_csf": 16.946153921609273,
  "snrd_gm": 40.272113382642026,
  "snrd_total": 41.768859786625086,
  "snrd_wm": 68.08831205562394,
  "spacing_x": 1.0000008344650269,
  "spacing_y": 1.0,
  "spacing_z": 1.0,
  "summary_bg_k": 1.3865746228109659,
  "summary_bg_mad": 9.621855468977024,
  "summary_bg_mean": 13.948447227478027,
  "summary_bg_median": 13.078245162963867,
  "summary_bg_n": 210642.0,
  "summary_bg_p05": 3.189265751838684,
  "summary_bg_p95": 30.061442565917964,
  "summary_bg_stdv": 8.818501472473145,
  "summary_csf_k": 13.771890814415041,
  "summary_csf_mad": 121.47962207714875,
  "summary_csf_mean": 231.32623291015625,
  "summary_csf_median": 248.88473510742188,
  "summary_csf_n": 9484.0,
  "summary_csf_p05": 49.9650915145874,
  "summary_csf_p95": 403.38330688476566,
  "summary_csf_stdv": 121.11228942871094,
  "summary_gm_k": 0.3794398006989126,
  "summary_gm_mad": 83.87733370154541,
  "summary_gm_mean": 598.7891845703125,
  "summary_gm_median": 591.4683837890625,
  "summary_gm_n": 14504.0,
  "summary_gm_p05": 452.26089935302736,
  "summary_gm_p95": 768.4897705078124,
  "summary_gm_stdv": 93.4189224243164,
  "summary_wm_k": 1.8080238588156403,
  "summary_wm_mad": 43.006685203062275,
  "summary_wm_mean": 997.7274169921875,
  "summary_wm_median": 999.999267578125,
  "summary_wm_n": 201035.0,
  "summary_wm_p05": 911.6706604003906,
  "summary_wm_p95": 1073.8577514648437,
  "summary_wm_stdv": 50.47620391845703,
  "tpm_overlap_csf": 0.17068400979042053,
  "tpm_overlap_gm": 0.4306667149066925,
  "tpm_overlap_wm": 0.5018766522407532,
  "wm2max": 0.6161707537506332
}