{
  "bids_meta": {
    "AcquisitionMatrixPE": 240,
    "AcquisitionNumber": 2,
    "AcquisitionTime": "11:06:57.210000",
    "BodyPartExamined": "HEAD",
    "ConversionSoftware": "dcm2niix",
    "ConversionSoftwareVersion": "v1.0.20180622 GCC4.9.2",
    "DeviceSerialNumber": "34111",
    "EchoTime": 0.003773,
    "EchoTrainLength": 119,
    "FlipAngle": 8,
    "ImageOrientationPatientDICOM": [
      0.0350546,
      0.99618,
      -0.0799746,
      0.0476514,
      -0.0815988,
      -0.995525
    ],
    "ImageType": [
      "ORIGINAL",
      "PRIMARY",
      "M",
      "FFE",
      "M",
      "FFE"
    ],
    "InPlanePhaseEncodingDirectionDICOM": "ROW",
    "MRAcquisitionType": "3D",
    "MagneticFieldStrength": 3,
    "Manufacturer": "Philips",
    "ManufacturersModelName": "Achieva_dStream",
    "Modality": "MR",
    "PatientPosition": "HFS",
    "PercentPhaseFOV": 100,
    "PhaseEncodingSteps": 240,
    "PhilipsRescaleIntercept": 0,
    "PhilipsRescaleSlope": 4.08791,
    "PhilipsScaleSlope": 0.00173456,
    "PixelBandwidth": 191,
    "ProtocolName": "sT1W_1mm_3D_32ch",
    "ReconMatrixPE": 240,
    "RepetitionTime": 0.0081942,
    "SAR": 0.0131242,
    "ScanOptions": "OTHER",
    "ScanningSequence": "GR",
    "SequenceVariant": "MP",
    "SeriesDescription": "sT1W_1mm_3D_32ch",
    "SeriesNumber": 201,
    "SliceThickness": 1,
    "SoftwareVersions": "5.3.1_5.3.1.1",
    "SpacingBetweenSlices": 1,
    "StationName": "HOST_INGENIA",
    "UsePhilipsFloatNotDisplayScaling": 1,
    "acq_id": "01",
    "dataset": "ds001761",
    "modality": "T1w",
    "session_id": "03",
    "subject_id": "02"
  },
  "cjv": 0.28868236235365663,
  "cnr": 4.197104545089376,
  "efc": 0.7689834161415077,
  "fber": 274.3982238769531,
  "fwhm_avg": 3.734200174315056,
  "fwhm_x": 3.837950522945169,
  "fwhm_y": 3.91077,
  "fwhm_z": 3.45388,
  "icvs_csf": 0.24064077404300135,
  "icvs_gm": 0.3954155007436616,
  "icvs_wm": 0.36394372521333707,
  "inu_med": 2.222747802734375,
  "inu_range": 0.7914628684520721,
  "provenance": {
    "md5sum": "b72dc1353fbccccc35b38070529c6efe",
    "settings": {
      "testing": false
    },
    "software": "mriqc",
    "version": "21.0.0rc2",
    "warnings": {
      "large_rot_frame": true,
      "small_air_mask": true
    },
    "webapi_port": null,
    "webapi_url": "https://mriqc.nimh.nih.gov/api/v1"
  },
  "qi_1": 0.0,
  "qi_2": 3.920948952895722e-05,
  "rpve_csf": 15.692239861775894,
  "rpve_gm": 9.451619722971111,
  "rpve_wm": 13.821369171517066,
  "size_x": 170,
  "size_y": 240,
  "size_z": 240,
  "snr_csf": 2.2874788701121367,
  "snr_gm": 6.957677623460299,
  "snr_total": 10.130432025894203,
  "snr_wm": 21.146139584110173,
  "snrd_csf": 34.12684542122501,
  "snrd_gm": 68.9752600059807,
  "snrd_total": 73.52984057317546,
  "snrd_wm": 117.48741629232067,
  "spacing_x": 0.9999972581863403,
  "spacing_y": 1.0,
  "spacing_z": 1.0,
  "summary_bg_k": 1232.343265032743,
  "summary_bg_mad": 5.576272900992521,
  "summary_bg_mean": 9.378259658813477,
  "summary_bg_median": 7.490073204040527,
  "summary_bg_n": 153298.0,
  "summary_bg_p05": 0.0,
  "summary_bg_p95": 22.814188575744627,
  "summary_bg_stdv": 17.967113494873047,
  "summary_csf_k": -0.9425379736678705,
  "summary_csf_mad": 128.48240417600502,
  "summary_csf_mean": 261.05438232421875,
  "summary_csf_median": 290.47479248046875,
  "summary_csf_n": 9445.0,
  "summary_csf_p05": 50.116607666015625,
  "summary_csf_p95": 432.4009216308594,
  "summary_csf_stdv": 126.97796630859375,
  "summary_gm_k": 0.4073631511371216,
  "summary_gm_mad": 78.6857826836081,
  "summary_gm_mean": 587.9857177734375,
  "summary_gm_median": 587.09130859375,
  "summary_gm_n": 21866.0,
  "summary_gm_p05": 450.79149627685547,
  "summary_gm_p95": 731.8059234619141,
  "summary_gm_stdv": 84.37842559814453,
  "summary_wm_k": 1.7273552110182617,
  "summary_wm_mad": 40.51610531659196,
  "summary_wm_mean": 998.2036743164062,
  "summary_wm_median": 1000.0084228515625,
  "summary_wm_n": 242965.0,
  "summary_wm_p05": 917.8651489257812,
  "summary_wm_p95": 1070.8509765625,
  "summary_wm_stdv": 47.29025650024414,
  "tpm_overlap_csf": 0.17207752168178558,
  "tpm_overlap_gm": 0.4473440945148468,
  "tpm_overlap_wm": 0.516875147819519,
  "wm2max": 0.5437105150841263
}