{
  "bids_meta": {
    "AcquisitionMatrixPE": 240,
    "AcquisitionNumber": 2,
    "AcquisitionTime": "10:13:51.020000",
    "BodyPartExamined": "HEAD",
    "ConversionSoftware": "dcm2niix",
    "ConversionSoftwareVersion": "v1.0.20180622 GCC4.9.2",
    "DeviceSerialNumber": "34111",
    "EchoTime": 0.003684,
    "EchoTrainLength": 119,
    "FlipAngle": 8,
    "ImageOrientationPatientDICOM": [
      -0.0127057,
      0.999919,
      0,
      0,
      0,
      -1
    ],
    "ImageType": [
      "ORIGINAL",
      "PRIMARY",
      "M",
      "FFE",
      "M",
      "FFE"
    ],
    "InPlanePhaseEncodingDirectionDICOM": "ROW",
    "MRAcquisitionType": "3D",
    "MagneticFieldStrength": 3,
    "Manufacturer": "Philips",
    "ManufacturersModelName": "Achieva_dStream",
    "Modality": "MR",
    "PatientPosition": "HFS",
    "PercentPhaseFOV": 100,
    "PhaseEncodingSteps": 240,
    "PhilipsRescaleIntercept": 0,
    "PhilipsRescaleSlope": 4.89157,
    "PhilipsScaleSlope": 0.00172736,
    "PixelBandwidth": 191,
    "ProtocolName": "sT1W_1mm_3D_32ch",
    "ReconMatrixPE": 240,
    "RepetitionTime": 0.008052,
    "SAR": 0.0130225,
    "ScanOptions": "OTHER",
    "ScanningSequence": "GR",
    "SequenceVariant": "MP",
    "SeriesDescription": "sT1W_1mm_3D_32ch",
    "SeriesNumber": 201,
    "SliceThickness": 1,
    "SoftwareVersions": "5.3.1_5.3.1.1",
    "SpacingBetweenSlices": 1,
    "StationName": "HOST_INGENIA",
    "UsePhilipsFloatNotDisplayScaling": 1,
    "acq_id": "01",
    "dataset": "ds001761",
    "modality": "T1w",
    "session_id": "05",
    "subject_id": "03"
  },
  "cjv": 0.27335904899541724,
  "cnr": 4.389612267860126,
  "efc": 0.7623589220155162,
  "fber": 238.96775817871094,
  "fwhm_avg": 3.8001773140310715,
  "fwhm_x": 3.8243019420932143,
  "fwhm_y": 4.07406,
  "fwhm_z": 3.50217,
  "icvs_csf": 0.24046634934882763,
  "icvs_gm": 0.3771417846934369,
  "icvs_wm": 0.38239186595773544,
  "inu_med": 2.482302665710449,
  "inu_range": 0.816950762271881,
  "provenance": {
    "md5sum": "59776ebbea330b85d29075201713e66d",
    "settings": {
      "testing": false
    },
    "software": "mriqc",
    "version": "21.0.0rc2",
    "warnings": {
      "large_rot_frame": true,
      "small_air_mask": true
    },
    "webapi_port": null,
    "webapi_url": "https://mriqc.nimh.nih.gov/api/v1"
  },
  "qi_1": 0.0,
  "qi_2": 1.576998060484594e-05,
  "rpve_csf": 17.68248568122226,
  "rpve_gm": 10.967640119984402,
  "rpve_wm": 15.08307902245379,
  "size_x": 170,
  "size_y": 240,
  "size_z": 240,
  "snr_csf": 2.6802673413433333,
  "snr_gm": 6.732206195629157,
  "snr_total": 10.574462260943333,
  "snr_wm": 22.31091324585751,
  "snrd_csf": 34.98230950000381,
  "snrd_gm": 65.91972866698606,
  "snrd_total": 71.85347504084962,
  "snrd_wm": 114.65838695555898,
  "spacing_x": 0.9999890327453613,
  "spacing_y": 1.0,
  "spacing_z": 1.0,
  "summary_bg_k": 8.236764075155694,
  "summary_bg_mad": 5.713784364216809,
  "summary_bg_mean": 12.856893539428711,
  "summary_bg_median": 11.073607444763184,
  "summary_bg_n": 202798.0,
  "summary_bg_p05": 3.615177536010742,
  "summary_bg_p95": 29.288726902008058,
  "summary_bg_stdv": 8.711956024169922,
  "summary_csf_k": 0.04857529475835731,
  "summary_csf_mad": 90.7674659934704,
  "summary_csf_mean": 277.1796875,
  "summary_csf_median": 305.098876953125,
  "summary_csf_n": 9979.0,
  "summary_csf_p05": 58.045571899414064,
  "summary_csf_p95": 426.5703826904297,
  "summary_csf_stdv": 113.8258056640625,
  "summary_gm_k": 0.44849202403750477,
  "summary_gm_mad": 76.77334888930284,
  "summary_gm_mean": 580.6007080078125,
  "summary_gm_median": 574.920166015625,
  "summary_gm_n": 19408.0,
  "summary_gm_p05": 446.79187469482423,
  "summary_gm_p95": 735.0059051513672,
  "summary_gm_stdv": 85.39627838134766,
  "summary_wm_k": 1.4958284380071785,
  "summary_wm_mad": 39.42478556835114,
  "summary_wm_mean": 998.4713745117188,
  "summary_wm_median": 999.9953002929688,
  "summary_wm_n": 234495.0,
  "summary_wm_p05": 922.7734619140625,
  "summary_wm_p95": 1067.4255737304688,
  "summary_wm_stdv": 44.82080841064453,
  "tpm_overlap_csf": 0.16177307069301605,
  "tpm_overlap_gm": 0.42544054985046387,
  "tpm_overlap_wm": 0.5059034824371338,
  "wm2max": 0.6527267926623151
}