{
  "bids_meta": {
    "AcquisitionMatrixPE": 240,
    "AcquisitionNumber": 12,
    "AcquisitionTime": "13:18:36.070000",
    "BodyPartExamined": "HEAD",
    "ConversionSoftware": "dcm2niix",
    "ConversionSoftwareVersion": "v1.0.20180622 GCC4.9.2",
    "DeviceSerialNumber": "34111",
    "EchoTime": 0.003698,
    "EchoTrainLength": 119,
    "FlipAngle": 8,
    "ImageOrientationPatientDICOM": [
      -0.0467459,
      0.998907,
      0,
      0,
      0,
      -1
    ],
    "ImageType": [
      "ORIGINAL",
      "PRIMARY",
      "M",
      "FFE",
      "M",
      "FFE"
    ],
    "InPlanePhaseEncodingDirectionDICOM": "ROW",
    "MRAcquisitionType": "3D",
    "MagneticFieldStrength": 3,
    "Manufacturer": "Philips",
    "ManufacturersModelName": "Achieva_dStream",
    "Modality": "MR",
    "PatientPosition": "HFS",
    "PercentPhaseFOV": 100,
    "PhaseEncodingSteps": 240,
    "PhilipsRescaleIntercept": 0,
    "PhilipsRescaleSlope": 4.73333,
    "PhilipsScaleSlope": 0.00176842,
    "PixelBandwidth": 191,
    "ProtocolName": "sT1W_1mm_3D_32ch",
    "ReconMatrixPE": 240,
    "RepetitionTime": 0.0080889,
    "SAR": 0.0134499,
    "ScanOptions": "OTHER",
    "ScanningSequence": "GR",
    "SequenceVariant": "MP",
    "SeriesDescription": "sT1W_1mm_3D_32ch",
    "SeriesNumber": 1201,
    "SliceThickness": 1,
    "SoftwareVersions": "5.3.1_5.3.1.1",
    "SpacingBetweenSlices": 1,
    "StationName": "HOST_INGENIA",
    "UsePhilipsFloatNotDisplayScaling": 1,
    "acq_id": "02",
    "dataset": "ds001761",
    "modality": "T1w",
    "session_id": "05",
    "subject_id": "04"
  },
  "cjv": 0.32664891189635514,
  "cnr": 3.8443443022533725,
  "efc": 0.7278553399871095,
  "fber": 776.2164306640625,
  "fwhm_avg": 3.6763703627423467,
  "fwhm_x": 3.8456710882270406,
  "fwhm_y": 3.80967,
  "fwhm_z": 3.37377,
  "icvs_csf": 0.24249347806336438,
  "icvs_gm": 0.3868044910692864,
  "icvs_wm": 0.37070203086734926,
  "inu_med": 2.657064199447632,
  "inu_range": 0.8048514366149901,
  "provenance": {
    "md5sum": "19a257a9cce555f7d124b2d6516eacb4",
    "settings": {
      "testing": false
    },
    "software": "mriqc",
    "version": "21.0.0rc2",
    "warnings": {
      "large_rot_frame": true,
      "small_air_mask": true
    },
    "webapi_port": null,
    "webapi_url": "https://mriqc.nimh.nih.gov/api/v1"
  },
  "qi_1": 0.0,
  "qi_2": 5.40941842893464e-05,
  "rpve_csf": 19.688494437255333,
  "rpve_gm": 12.046785575095146,
  "rpve_wm": 16.85478086406919,
  "size_x": 170,
  "size_y": 240,
  "size_z": 240,
  "snr_csf": 3.7279449041754407,
  "snr_gm": 7.261152446094905,
  "snr_total": 10.121423665286459,
  "snr_wm": 19.37517364558903,
  "snrd_csf": 46.45434835718976,
  "snrd_gm": 83.75972626248743,
  "snrd_total": 88.66034358415395,
  "snrd_wm": 135.76695613278463,
  "spacing_x": 0.9999945163726807,
  "spacing_y": 1.0,
  "spacing_z": 1.0,
  "summary_bg_k": 5.838905101228404,
  "summary_bg_mad": 4.825497116116583,
  "summary_bg_mean": 6.935594081878662,
  "summary_bg_median": 3.294212818145752,
  "summary_bg_n": 237735.0,
  "summary_bg_p05": 0.0,
  "summary_bg_p95": 19.945379638671874,
  "summary_bg_stdv": 6.818510055541992,
  "summary_csf_k": 0.8843044342020137,
  "summary_csf_mad": 67.44514403129864,
  "summary_csf_mean": 327.9429931640625,
  "summary_csf_median": 342.1658935546875,
  "summary_csf_n": 7235.0,
  "summary_csf_p05": 139.3807327270508,
  "summary_csf_p95": 456.27834167480455,
  "summary_csf_stdv": 91.7777099609375,
  "summary_gm_k": 0.30087844652423934,
  "summary_gm_mad": 79.07498386413744,
  "summary_gm_mean": 620.218505859375,
  "summary_gm_median": 616.9437866210938,
  "summary_gm_n": 15301.0,
  "summary_gm_p05": 483.7301940917969,
  "summary_gm_p95": 767.8905029296875,
  "summary_gm_stdv": 84.96221923828125,
  "summary_wm_k": 1.1333969590739477,
  "summary_wm_mad": 46.053240921472195,
  "summary_wm_mean": 999.2245483398438,
  "summary_wm_median": 1000.0101928710938,
  "summary_wm_n": 201628.0,
  "summary_wm_p05": 912.9205047607422,
  "summary_wm_p95": 1081.0989135742188,
  "summary_wm_stdv": 51.61283874511719,
  "tpm_overlap_csf": 0.13697755336761475,
  "tpm_overlap_gm": 0.42095109820365906,
  "tpm_overlap_wm": 0.5059143900871277,
  "wm2max": 0.6686925431046495
}