{
  "bids_meta": {
    "AcquisitionMatrixPE": 240,
    "AcquisitionNumber": 2,
    "AcquisitionTime": "12:02:30.540000",
    "BodyPartExamined": "HEAD",
    "ConversionSoftware": "dcm2niix",
    "ConversionSoftwareVersion": "v1.0.20180622 GCC4.9.2",
    "DeviceSerialNumber": "34111",
    "EchoTime": 0.003724,
    "EchoTrainLength": 119,
    "FlipAngle": 8,
    "ImageOrientationPatientDICOM": [
      -0.0865174,
      0.99625,
      0,
      0,
      0,
      -1
    ],
    "ImageType": [
      "ORIGINAL",
      "PRIMARY",
      "M",
      "FFE",
      "M",
      "FFE"
    ],
    "InPlanePhaseEncodingDirectionDICOM": "ROW",
    "MRAcquisitionType": "3D",
    "MagneticFieldStrength": 3,
    "Manufacturer": "Philips",
    "ManufacturersModelName": "Achieva_dStream",
    "Modality": "MR",
    "PatientPosition": "HFS",
    "PercentPhaseFOV": 100,
    "PhaseEncodingSteps": 240,
    "PhilipsRescaleIntercept": 0,
    "PhilipsRescaleSlope": 4.62442,
    "PhilipsScaleSlope": 0.00174823,
    "PixelBandwidth": 191,
    "ProtocolName": "sT1W_1mm_3D_32ch",
    "ReconMatrixPE": 240,
    "RepetitionTime": 0.0081392,
    "SAR": 0.0138168,
    "ScanOptions": "OTHER",
    "ScanningSequence": "GR",
    "SequenceVariant": "MP",
    "SeriesDescription": "sT1W_1mm_3D_32ch",
    "SeriesNumber": 201,
    "SliceThickness": 1,
    "SoftwareVersions": "5.3.1_5.3.1.1",
    "SpacingBetweenSlices": 1,
    "StationName": "HOST_INGENIA",
    "UsePhilipsFloatNotDisplayScaling": 1,
    "acq_id": "01",
    "dataset": "ds001761",
    "modality": "T1w",
    "session_id": "05",
    "subject_id": "04"
  },
  "cjv": 0.30908219020367084,
  "cnr": 3.9670044157258477,
  "efc": 0.7315079090173724,
  "fber": 1627.8594970703125,
  "fwhm_avg": 3.618671814589396,
  "fwhm_x": 3.8672154437681874,
  "fwhm_y": 3.65905,
  "fwhm_z": 3.32975,
  "icvs_csf": 0.23338503173007957,
  "icvs_gm": 0.3908455486775223,
  "icvs_wm": 0.3757694195923981,
  "inu_med": 2.7126567363739014,
  "inu_range": 0.8968777060508728,
  "provenance": {
    "md5sum": "86a2de3323ad9a7a85a8be7b98deb7ac",
    "settings": {
      "testing": false
    },
    "software": "mriqc",
    "version": "21.0.0rc2",
    "warnings": {
      "large_rot_frame": true,
      "small_air_mask": true
    },
    "webapi_port": null,
    "webapi_url": "https://mriqc.nimh.nih.gov/api/v1"
  },
  "qi_1": 0.0,
  "qi_2": 2.6347739660820653e-05,
  "rpve_csf": 20.401219162605603,
  "rpve_gm": 12.015855142954978,
  "rpve_wm": 16.794872414626568,
  "size_x": 170,
  "size_y": 240,
  "size_z": 240,
  "snr_csf": 4.04022033599972,
  "snr_gm": 6.937487634982275,
  "snr_total": 9.969491704534093,
  "snr_wm": 18.930767142620283,
  "snrd_csf": 46.10302140769764,
  "snrd_gm": 83.24502271617858,
  "snrd_total": 89.51346464103675,
  "snrd_wm": 139.192349799234,
  "spacing_x": 0.9999960064888,
  "spacing_y": 1.0,
  "spacing_z": 1.0,
  "summary_bg_k": 3.73021480862829,
  "summary_bg_mad": 4.706723446409853,
  "summary_bg_mean": 7.4035563468933105,
  "summary_bg_median": 6.21706485748291,
  "summary_bg_n": 262908.0,
  "summary_bg_p05": 0.0,
  "summary_bg_p95": 19.71270694732665,
  "summary_bg_stdv": 6.680346965789795,
  "summary_csf_k": 1.9662681366721406,
  "summary_csf_mad": 53.81627065298822,
  "summary_csf_mean": 322.51708984375,
  "summary_csf_median": 331.2198486328125,
  "summary_csf_n": 5671.0,
  "summary_csf_p05": 158.30103302001953,
  "summary_csf_p95": 439.0625915527344,
  "summary_csf_stdv": 81.9734115600586,
  "summary_gm_k": 0.37116491794133566,
  "summary_gm_mad": 77.58075357037072,
  "summary_gm_mean": 602.5795288085938,
  "summary_gm_median": 598.0606689453125,
  "summary_gm_n": 13594.0,
  "summary_gm_p05": 464.8977478027344,
  "summary_gm_p95": 754.9372375488281,
  "summary_gm_stdv": 86.20392608642578,
  "summary_wm_k": 1.142009149627694,
  "summary_wm_mad": 46.65319531043046,
  "summary_wm_mean": 998.2211303710938,
  "summary_wm_median": 1000.00537109375,
  "summary_wm_n": 203364.0,
  "summary_wm_p05": 907.9617889404296,
  "summary_wm_p95": 1080.7043701171874,
  "summary_wm_stdv": 52.824214935302734,
  "tpm_overlap_csf": 0.13807350397109985,
  "tpm_overlap_gm": 0.41726815700531006,
  "tpm_overlap_wm": 0.5020632743835449,
  "wm2max": 0.6656784885099615
}