{
  "aor": 0.0018005392156862743,
  "aqi": 0.005570555343137255,
  "bids_meta": {
    "AcquisitionMatrixPE": 78,
    "AcquisitionNumber": 11,
    "AcquisitionTime": "12:18:23.240000",
    "BodyPartExamined": "HEAD",
    "ConversionSoftware": "dcm2niix",
    "ConversionSoftwareVersion": "v1.0.20180622 GCC4.9.2",
    "DeviceSerialNumber": "34111",
    "EchoTime": 0.030001,
    "EchoTrainLength": 31,
    "FlipAngle": 75,
    "ImageOrientationPatientDICOM": [
      0.993691,
      0.105117,
      0.0390908,
      -0.102256,
      0.992354,
      -0.0691223
    ],
    "ImageType": [
      "ORIGINAL",
      "PRIMARY",
      "M",
      "FFE",
      "M",
      "FFE"
    ],
    "InPlanePhaseEncodingDirectionDICOM": "COL",
    "MRAcquisitionType": "2D",
    "MagneticFieldStrength": 3,
    "Manufacturer": "Philips",
    "ManufacturersModelName": "Achieva_dStream",
    "Modality": "MR",
    "PatientPosition": "HFS",
    "PercentPhaseFOV": 100,
    "PhaseEncodingAxis": "j",
    "PhaseEncodingSteps": 78,
    "PhilipsRescaleIntercept": 0,
    "PhilipsRescaleSlope": 0.799023,
    "PhilipsScaleSlope": 0.00726701,
    "PixelBandwidth": 3408,
    "ProtocolName": "EPI_run9_204dyn",
    "ReconMatrixPE": 80,
    "RepetitionTime": 2,
    "SAR": 0.0790629,
    "ScanOptions": "FS",
    "ScanningSequence": "GR",
    "SequenceVariant": "SK",
    "SeriesDescription": "EPI_run9_204dyn",
    "SeriesNumber": 1101,
    "SliceThickness": 3,
    "SoftwareVersions": "5.3.1_5.3.1.1",
    "SpacingBetweenSlices": 3.2,
    "StationName": "HOST_INGENIA",
    "TaskName": "faces",
    "UsePhilipsFloatNotDisplayScaling": 1,
    "dataset": "ds001761",
    "modality": "bold",
    "run_id": 9,
    "session_id": "07",
    "subject_id": "04",
    "task_id": "faces"
  },
  "dummy_trs": 0,
  "dvars_nstd": 24.919273780000008,
  "dvars_std": 1.2046465615763555,
  "dvars_vstd": 1.0081283935467975,
  "efc": 0.4192172581634895,
  "fber": 73951.109375,
  "fd_mean": 0.0913137558005278,
  "fd_num": 11,
  "fd_perc": 5.392156862745098,
  "fwhm_avg": 1.8707342968547362,
  "fwhm_x": 1.8664133333333333,
  "fwhm_y": 1.9940833333333332,
  "fwhm_z": 1.7517062238975432,
  "gcor": 0.0327305,
  "gsr_x": -0.003126206574961543,
  "gsr_y": 0.0054758754558861256,
  "provenance": {
    "md5sum": "d70e05ec40c74f6f459a0c471108f7f1",
    "settings": {
      "fd_thres": 0.2,
      "testing": false
    },
    "software": "mriqc",
    "version": "21.0.0rc2",
    "webapi_port": null,
    "webapi_url": "https://mriqc.nimh.nih.gov/api/v1"
  },
  "size_t": 204,
  "size_x": 80,
  "size_y": 80,
  "size_z": 41,
  "snr": 4.784084267350274,
  "spacing_tr": 1.9999991655349731,
  "spacing_x": 3.0,
  "spacing_y": 3.0,
  "spacing_z": 3.200000047683716,
  "summary_bg_k": 114.18157012359744,
  "summary_bg_mad": 734.5622776755574,
  "summary_bg_mean": 3899.390869140625,
  "summary_bg_median": 596.623779296875,
  "summary_bg_n": 180738.0,
  "summary_bg_p05": 36.055076408386235,
  "summary_bg_p95": 16355.334521484363,
  "summary_bg_stdv": 11487.3671875,
  "summary_fg_k": 4.45602917618149,
  "summary_fg_mad": 26698.747082168207,
  "summary_fg_mean": 167256.46875,
  "summary_fg_median": 161948.6875,
  "summary_fg_n": 37726.0,
  "summary_fg_p05": 126413.22265625,
  "summary_fg_p95": 225299.1328125,
  "summary_fg_stdv": 33851.10546875,
  "tsnr": 67.53242492675781
}