{
  "aor": 0.0011634313725490196,
  "aqi": 0.004702229166666666,
  "bids_meta": {
    "AcquisitionMatrixPE": 78,
    "AcquisitionNumber": 9,
    "AcquisitionTime": "12:03:17.390000",
    "BodyPartExamined": "HEAD",
    "ConversionSoftware": "dcm2niix",
    "ConversionSoftwareVersion": "v1.0.20180622 GCC4.9.2",
    "DeviceSerialNumber": "34111",
    "EchoTime": 0.030001,
    "EchoTrainLength": 31,
    "FlipAngle": 75,
    "ImageOrientationPatientDICOM": [
      0.993691,
      0.105117,
      0.0390908,
      -0.102256,
      0.992354,
      -0.0691223
    ],
    "ImageType": [
      "ORIGINAL",
      "PRIMARY",
      "M",
      "FFE",
      "M",
      "FFE"
    ],
    "InPlanePhaseEncodingDirectionDICOM": "COL",
    "MRAcquisitionType": "2D",
    "MagneticFieldStrength": 3,
    "Manufacturer": "Philips",
    "ManufacturersModelName": "Achieva_dStream",
    "Modality": "MR",
    "PatientPosition": "HFS",
    "PercentPhaseFOV": 100,
    "PhaseEncodingAxis": "j",
    "PhaseEncodingSteps": 78,
    "PhilipsRescaleIntercept": 0,
    "PhilipsRescaleSlope": 0.812698,
    "PhilipsScaleSlope": 0.00700405,
    "PixelBandwidth": 3408,
    "ProtocolName": "EPI_run7_204dyn",
    "ReconMatrixPE": 80,
    "RepetitionTime": 2,
    "SAR": 0.0790629,
    "ScanOptions": "FS",
    "ScanningSequence": "GR",
    "SequenceVariant": "SK",
    "SeriesDescription": "EPI_run7_204dyn",
    "SeriesNumber": 901,
    "SliceThickness": 3,
    "SoftwareVersions": "5.3.1_5.3.1.1",
    "SpacingBetweenSlices": 3.2,
    "StationName": "HOST_INGENIA",
    "TaskName": "faces",
    "UsePhilipsFloatNotDisplayScaling": 1,
    "dataset": "ds001761",
    "modality": "bold",
    "run_id": 7,
    "session_id": "07",
    "subject_id": "04",
    "task_id": "faces"
  },
  "dummy_trs": 0,
  "dvars_nstd": 25.257283337389175,
  "dvars_std": 1.2320745260098527,
  "dvars_vstd": 1.0043386461576358,
  "efc": 0.41738354770040736,
  "fber": 80358.84375,
  "fd_mean": 0.06378368823245595,
  "fd_num": 0,
  "fd_perc": 0.0,
  "fwhm_avg": 1.8636715885421564,
  "fwhm_x": 1.8600066666666668,
  "fwhm_y": 1.9834800000000001,
  "fwhm_z": 1.747528098959802,
  "gcor": 0.0526246,
  "gsr_x": -0.0027865322772413492,
  "gsr_y": 0.005392275284975767,
  "provenance": {
    "md5sum": "0c21cd721ecda9bdac0969a0372bbe1f",
    "settings": {
      "fd_thres": 0.2,
      "testing": false
    },
    "software": "mriqc",
    "version": "21.0.0rc2",
    "webapi_port": null,
    "webapi_url": "https://mriqc.nimh.nih.gov/api/v1"
  },
  "size_t": 204,
  "size_x": 80,
  "size_y": 80,
  "size_z": 41,
  "snr": 4.78010121927089,
  "spacing_tr": 1.9999991655349731,
  "spacing_x": 3.0,
  "spacing_y": 3.0,
  "spacing_z": 3.200000047683716,
  "summary_bg_k": 118.9667145995275,
  "summary_bg_mad": 714.5550882985269,
  "summary_bg_mean": 3844.693603515625,
  "summary_bg_median": 577.3760986328125,
  "summary_bg_n": 180901.0,
  "summary_bg_p05": 33.3157844543457,
  "summary_bg_p95": 16089.1669921875,
  "summary_bg_stdv": 11566.029296875,
  "summary_fg_k": 4.6099401727311795,
  "summary_fg_mad": 26872.25787305269,
  "summary_fg_mean": 169308.296875,
  "summary_fg_median": 163938.40625,
  "summary_fg_n": 37541.0,
  "summary_fg_p05": 128185.6875,
  "summary_fg_p95": 228019.8125,
  "summary_fg_stdv": 34295.5546875,
  "tsnr": 72.87669372558594
}