{
  "aor": 0.0015429901960784314,
  "aqi": 0.004414148235294117,
  "bids_meta": {
    "AcquisitionMatrixPE": 78,
    "AcquisitionNumber": 14,
    "AcquisitionTime": "12:39:37.210000",
    "BodyPartExamined": "HEAD",
    "ConversionSoftware": "dcm2niix",
    "ConversionSoftwareVersion": "v1.0.20180622 GCC4.9.2",
    "DeviceSerialNumber": "34111",
    "EchoTime": 0.030001,
    "EchoTrainLength": 31,
    "FlipAngle": 75,
    "ImageOrientationPatientDICOM": [
      0.99759,
      0.0428324,
      0.0545801,
      -0.0396801,
      0.997552,
      -0.0575862
    ],
    "ImageType": [
      "ORIGINAL",
      "PRIMARY",
      "M",
      "FFE",
      "M",
      "FFE"
    ],
    "InPlanePhaseEncodingDirectionDICOM": "COL",
    "MRAcquisitionType": "2D",
    "MagneticFieldStrength": 3,
    "Manufacturer": "Philips",
    "ManufacturersModelName": "Achieva_dStream",
    "Modality": "MR",
    "PatientPosition": "HFS",
    "PercentPhaseFOV": 100,
    "PhaseEncodingAxis": "j",
    "PhaseEncodingSteps": 78,
    "PhilipsRescaleIntercept": 0,
    "PhilipsRescaleSlope": 0.760928,
    "PhilipsScaleSlope": 0.00760445,
    "PixelBandwidth": 3420,
    "ProtocolName": "EPI_run10_204dyn",
    "ReconMatrixPE": 80,
    "RepetitionTime": 2,
    "SAR": 0.079107,
    "ScanOptions": "FS",
    "ScanningSequence": "GR",
    "SequenceVariant": "SK",
    "SeriesDescription": "EPI_run10_204dyn",
    "SeriesNumber": 1401,
    "SliceThickness": 3,
    "SoftwareVersions": "5.3.1_5.3.1.1",
    "SpacingBetweenSlices": 3.2,
    "StationName": "HOST_INGENIA",
    "TaskName": "faces",
    "UsePhilipsFloatNotDisplayScaling": 1,
    "dataset": "ds001761",
    "modality": "bold",
    "run_id": 10,
    "session_id": "07",
    "subject_id": "04",
    "task_id": "faces"
  },
  "dummy_trs": 0,
  "dvars_nstd": 25.630892682955658,
  "dvars_std": 1.2802134844827588,
  "dvars_vstd": 1.015884214630542,
  "efc": 0.41758782381756865,
  "fber": 95324.6015625,
  "fd_mean": 0.05466698227599571,
  "fd_num": 2,
  "fd_perc": 0.9803921568627451,
  "fwhm_avg": 1.8971174323570172,
  "fwhm_x": 1.8894533333333332,
  "fwhm_y": 2.0095966666666665,
  "fwhm_z": 1.7923022970710514,
  "gcor": 0.0195798,
  "gsr_x": -0.0032929705921560526,
  "gsr_y": 0.0019161695381626487,
  "provenance": {
    "md5sum": "d262ce7362431df965318163d9ac5fab",
    "settings": {
      "fd_thres": 0.2,
      "testing": false
    },
    "software": "mriqc",
    "version": "21.0.0rc2",
    "webapi_port": null,
    "webapi_url": "https://mriqc.nimh.nih.gov/api/v1"
  },
  "size_t": 204,
  "size_x": 80,
  "size_y": 80,
  "size_z": 41,
  "snr": 4.642054997627635,
  "spacing_tr": 1.9999991655349731,
  "spacing_x": 3.0,
  "spacing_y": 3.0,
  "spacing_z": 3.2000014781951904,
  "summary_bg_k": 119.88057761458091,
  "summary_bg_mad": 589.9585029597165,
  "summary_bg_mean": 3755.585205078125,
  "summary_bg_median": 525.0064697265625,
  "summary_bg_n": 180500.0,
  "summary_bg_p05": 51.16562404632569,
  "summary_bg_p95": 16415.645117187498,
  "summary_bg_stdv": 11251.9912109375,
  "summary_fg_k": 4.550912892888775,
  "summary_fg_mad": 27508.81545213404,
  "summary_fg_mean": 168471.171875,
  "summary_fg_median": 163124.28125,
  "summary_fg_n": 37754.0,
  "summary_fg_p05": 125686.96796875,
  "summary_fg_p95": 228374.853125,
  "summary_fg_stdv": 35140.06640625,
  "tsnr": 72.0441665649414
}