{
  "aor": 0.0014412254901960784,
  "aqi": 0.004369880147058824,
  "bids_meta": {
    "AcquisitionMatrixPE": 78,
    "AcquisitionNumber": 6,
    "AcquisitionTime": "11:39:37.090000",
    "BodyPartExamined": "HEAD",
    "ConversionSoftware": "dcm2niix",
    "ConversionSoftwareVersion": "v1.0.20180622 GCC4.9.2",
    "DeviceSerialNumber": "34111",
    "EchoTime": 0.030001,
    "EchoTrainLength": 31,
    "FlipAngle": 75,
    "ImageOrientationPatientDICOM": [
      0.993691,
      0.105117,
      0.0390908,
      -0.102256,
      0.992354,
      -0.0691223
    ],
    "ImageType": [
      "ORIGINAL",
      "PRIMARY",
      "M",
      "FFE",
      "M",
      "FFE"
    ],
    "InPlanePhaseEncodingDirectionDICOM": "COL",
    "MRAcquisitionType": "2D",
    "MagneticFieldStrength": 3,
    "Manufacturer": "Philips",
    "ManufacturersModelName": "Achieva_dStream",
    "Modality": "MR",
    "PatientPosition": "HFS",
    "PercentPhaseFOV": 100,
    "PhaseEncodingAxis": "j",
    "PhaseEncodingSteps": 78,
    "PhilipsRescaleIntercept": 0,
    "PhilipsRescaleSlope": 0.795604,
    "PhilipsScaleSlope": 0.00696737,
    "PixelBandwidth": 3408,
    "ProtocolName": "EPI_run4_204dyn",
    "ReconMatrixPE": 80,
    "RepetitionTime": 2,
    "SAR": 0.0790629,
    "ScanOptions": "FS",
    "ScanningSequence": "GR",
    "SequenceVariant": "SK",
    "SeriesDescription": "EPI_run4_204dyn",
    "SeriesNumber": 601,
    "SliceThickness": 3,
    "SoftwareVersions": "5.3.1_5.3.1.1",
    "SpacingBetweenSlices": 3.2,
    "StationName": "HOST_INGENIA",
    "TaskName": "faces",
    "UsePhilipsFloatNotDisplayScaling": 1,
    "dataset": "ds001761",
    "modality": "bold",
    "run_id": 4,
    "session_id": "07",
    "subject_id": "04",
    "task_id": "faces"
  },
  "dummy_trs": 0,
  "dvars_nstd": 24.143269684581252,
  "dvars_std": 1.2325226964039406,
  "dvars_vstd": 1.0125381475369462,
  "efc": 0.4157427689253922,
  "fber": 90216.9609375,
  "fd_mean": 0.05686270598713119,
  "fd_num": 1,
  "fd_perc": 0.49019607843137253,
  "fwhm_avg": 1.8814590884469748,
  "fwhm_x": 1.8766366666666665,
  "fwhm_y": 2.0010499999999998,
  "fwhm_z": 1.7666905986742587,
  "gcor": 0.0382113,
  "gsr_x": -0.0028871134854853153,
  "gsr_y": 0.004699797369539738,
  "provenance": {
    "md5sum": "75d25996b79d7712119b240561360cb0",
    "settings": {
      "fd_thres": 0.2,
      "testing": false
    },
    "software": "mriqc",
    "version": "21.0.0rc2",
    "webapi_port": null,
    "webapi_url": "https://mriqc.nimh.nih.gov/api/v1"
  },
  "size_t": 204,
  "size_x": 80,
  "size_y": 80,
  "size_z": 41,
  "snr": 4.724858921961404,
  "spacing_tr": 1.9999991655349731,
  "spacing_x": 3.0,
  "spacing_y": 3.0,
  "spacing_z": 3.200000047683716,
  "summary_bg_k": 123.18177239737733,
  "summary_bg_mad": 673.3392284878903,
  "summary_bg_mean": 3775.882080078125,
  "summary_bg_median": 554.4716796875,
  "summary_bg_n": 180870.0,
  "summary_bg_p05": 33.08324508666993,
  "summary_bg_p95": 15882.117333984357,
  "summary_bg_stdv": 11504.8310546875,
  "summary_fg_k": 4.8027845394532385,
  "summary_fg_mad": 27350.86040171403,
  "summary_fg_mean": 172444.3125,
  "summary_fg_median": 166990.84375,
  "summary_fg_n": 37577.0,
  "summary_fg_p05": 130241.81875,
  "summary_fg_p95": 233083.47187499993,
  "summary_fg_stdv": 35342.5625,
  "tsnr": 74.74273681640625
}