{
  "aor": 0.0042619642857142865,
  "aqi": 0.003996953571428571,
  "bids_meta": {
    "AcquisitionMatrixPE": 78,
    "AcquisitionNumber": 6,
    "AcquisitionTime": "10:38:40.900000",
    "BodyPartExamined": "HEAD",
    "ConversionSoftware": "dcm2niix",
    "ConversionSoftwareVersion": "v1.0.20180622 GCC4.9.2",
    "DeviceSerialNumber": "34111",
    "EchoTime": 0.030001,
    "EchoTrainLength": 31,
    "FlipAngle": 75,
    "ImageOrientationPatientDICOM": [
      0.998655,
      0.0252625,
      0.0452802,
      -0.0197265,
      0.992724,
      -0.118788
    ],
    "ImageType": [
      "ORIGINAL",
      "PRIMARY",
      "M",
      "FFE",
      "M",
      "FFE"
    ],
    "InPlanePhaseEncodingDirectionDICOM": "COL",
    "MRAcquisitionType": "2D",
    "MagneticFieldStrength": 3,
    "Manufacturer": "Philips",
    "ManufacturersModelName": "Achieva_dStream",
    "Modality": "MR",
    "PatientPosition": "HFS",
    "PercentPhaseFOV": 100,
    "PhaseEncodingAxis": "j",
    "PhaseEncodingSteps": 78,
    "PhilipsRescaleIntercept": 0,
    "PhilipsRescaleSlope": 0.804151,
    "PhilipsScaleSlope": 0.00772341,
    "PixelBandwidth": 3420,
    "ProtocolName": "EPI_LOCALIZER_56dyn",
    "ReconMatrixPE": 80,
    "RepetitionTime": 2,
    "SAR": 0.0791068,
    "ScanOptions": "FS",
    "ScanningSequence": "GR",
    "SequenceVariant": "SK",
    "SeriesDescription": "EPI_LOCALIZER_56dyn",
    "SeriesNumber": 601,
    "SliceThickness": 3,
    "SoftwareVersions": "5.3.1_5.3.1.1",
    "SpacingBetweenSlices": 3.2,
    "StationName": "HOST_INGENIA",
    "TaskName": "loc",
    "UsePhilipsFloatNotDisplayScaling": 1,
    "dataset": "ds001761",
    "modality": "bold",
    "run_id": 1,
    "session_id": "03",
    "subject_id": "03",
    "task_id": "loc"
  },
  "dummy_trs": 0,
  "dvars_nstd": 25.378882078363635,
  "dvars_std": 1.2603454032727266,
  "dvars_vstd": 1.0236852832727275,
  "efc": 0.43347254553398706,
  "fber": 117346.1796875,
  "fd_mean": 0.06994567274107522,
  "fd_num": 0,
  "fd_perc": 0.0,
  "fwhm_avg": 1.9176118449022823,
  "fwhm_x": 1.8682299999999998,
  "fwhm_y": 2.062743333333333,
  "fwhm_z": 1.8218622013735142,
  "gcor": 0.020463,
  "gsr_x": -0.012494624592363834,
  "gsr_y": 0.013071328401565552,
  "provenance": {
    "md5sum": "27895ba190179eff57697885350c99e0",
    "settings": {
      "fd_thres": 0.2,
      "testing": false
    },
    "software": "mriqc",
    "version": "21.0.0rc2",
    "webapi_port": null,
    "webapi_url": "https://mriqc.nimh.nih.gov/api/v1"
  },
  "size_t": 56,
  "size_x": 80,
  "size_y": 80,
  "size_z": 41,
  "snr": 5.440716942765586,
  "spacing_tr": 1.9999991655349731,
  "spacing_x": 3.0,
  "spacing_y": 3.0,
  "spacing_z": 3.200000524520874,
  "summary_bg_k": 43.01471787311521,
  "summary_bg_mad": 608.9091041109666,
  "summary_bg_mean": 3918.48095703125,
  "summary_bg_median": 483.4693298339844,
  "summary_bg_n": 177115.0,
  "summary_bg_p05": 18.60986747741699,
  "summary_bg_p95": 19464.620507812495,
  "summary_bg_stdv": 10223.4228515625,
  "summary_fg_k": 2.430560216690515,
  "summary_fg_mad": 29979.71104323161,
  "summary_fg_mean": 170571.96875,
  "summary_fg_median": 168206.71875,
  "summary_fg_n": 40494.0,
  "summary_fg_p05": 125919.175,
  "summary_fg_p95": 220897.12265625,
  "summary_fg_stdv": 30915.896484375,
  "tsnr": 82.47550201416016
}