{
  "aor": 0.0014147938144329897,
  "aqi": 0.004868372113402062,
  "bids_meta": {
    "AcquisitionMatrixPE": 78,
    "AcquisitionNumber": 13,
    "AcquisitionTime": "11:25:15.620000",
    "BodyPartExamined": "HEAD",
    "ConversionSoftware": "dcm2niix",
    "ConversionSoftwareVersion": "v1.0.20180622 GCC4.9.2",
    "DeviceSerialNumber": "34111",
    "EchoTime": 0.030001,
    "EchoTrainLength": 31,
    "FlipAngle": 75,
    "ImageOrientationPatientDICOM": [
      0.998655,
      0.0252625,
      0.0452802,
      -0.0197265,
      0.992724,
      -0.118788
    ],
    "ImageType": [
      "ORIGINAL",
      "PRIMARY",
      "M",
      "FFE",
      "M",
      "FFE"
    ],
    "InPlanePhaseEncodingDirectionDICOM": "COL",
    "MRAcquisitionType": "2D",
    "MagneticFieldStrength": 3,
    "Manufacturer": "Philips",
    "ManufacturersModelName": "Achieva_dStream",
    "Modality": "MR",
    "PatientPosition": "HFS",
    "PercentPhaseFOV": 100,
    "PhaseEncodingAxis": "j",
    "PhaseEncodingSteps": 78,
    "PhilipsRescaleIntercept": 0,
    "PhilipsRescaleSlope": 0.763126,
    "PhilipsScaleSlope": 0.00843458,
    "PixelBandwidth": 3420,
    "ProtocolName": "EPI_run9_195dyn",
    "ReconMatrixPE": 80,
    "RepetitionTime": 2,
    "SAR": 0.0791068,
    "ScanOptions": "FS",
    "ScanningSequence": "GR",
    "SequenceVariant": "SK",
    "SeriesDescription": "EPI_run9_195dyn",
    "SeriesNumber": 1301,
    "SliceThickness": 3,
    "SoftwareVersions": "5.3.1_5.3.1.1",
    "SpacingBetweenSlices": 3.2,
    "StationName": "HOST_INGENIA",
    "TaskName": "faces",
    "UsePhilipsFloatNotDisplayScaling": 1,
    "dataset": "ds001761",
    "modality": "bold",
    "run_id": 9,
    "session_id": "03",
    "subject_id": "03",
    "task_id": "faces"
  },
  "dummy_trs": 1,
  "dvars_nstd": 25.923161471865292,
  "dvars_std": 1.283611540362694,
  "dvars_vstd": 1.0196311146632129,
  "efc": 0.4358289018667622,
  "fber": 111082.1953125,
  "fd_mean": 0.07352076031019582,
  "fd_num": 0,
  "fd_perc": 0.0,
  "fwhm_avg": 1.9366937885729223,
  "fwhm_x": 1.8921666666666666,
  "fwhm_y": 2.08189,
  "fwhm_z": 1.8360246990521,
  "gcor": 0.0171354,
  "gsr_x": -0.013742223381996155,
  "gsr_y": 0.014086378738284111,
  "provenance": {
    "md5sum": "f70ab2dc0e706c0dd036a75ab18b069e",
    "settings": {
      "fd_thres": 0.2,
      "testing": false
    },
    "software": "mriqc",
    "version": "21.0.0rc2",
    "webapi_port": null,
    "webapi_url": "https://mriqc.nimh.nih.gov/api/v1"
  },
  "size_t": 194,
  "size_x": 80,
  "size_y": 80,
  "size_z": 41,
  "snr": 5.406457529664288,
  "spacing_tr": 1.9999991655349731,
  "spacing_x": 3.0,
  "spacing_y": 3.0,
  "spacing_z": 3.200000524520874,
  "summary_bg_k": 52.15449163471061,
  "summary_bg_mad": 608.442872587511,
  "summary_bg_mean": 4069.78564453125,
  "summary_bg_median": 486.701171875,
  "summary_bg_n": 177139.0,
  "summary_bg_p05": 26.38876552581787,
  "summary_bg_p95": 20543.396679687514,
  "summary_bg_stdv": 10626.59765625,
  "summary_fg_k": 2.711937425878552,
  "summary_fg_mad": 29253.015882397056,
  "summary_fg_mean": 166287.15625,
  "summary_fg_median": 164115.140625,
  "summary_fg_n": 40477.0,
  "summary_fg_p05": 122498.259375,
  "summary_fg_p95": 215663.79375,
  "summary_fg_stdv": 30355.017578125,
  "tsnr": 74.83976745605469
}