{
  "aor": 0.001652205128205128,
  "aqi": 0.004302106307692307,
  "bids_meta": {
    "AcquisitionMatrixPE": 78,
    "AcquisitionNumber": 4,
    "AcquisitionTime": "10:23:37.410000",
    "BodyPartExamined": "HEAD",
    "ConversionSoftware": "dcm2niix",
    "ConversionSoftwareVersion": "v1.0.20180622 GCC4.9.2",
    "DeviceSerialNumber": "34111",
    "EchoTime": 0.030001,
    "EchoTrainLength": 31,
    "FlipAngle": 75,
    "ImageOrientationPatientDICOM": [
      0.998655,
      0.0252625,
      0.0452802,
      -0.0197265,
      0.992724,
      -0.118788
    ],
    "ImageType": [
      "ORIGINAL",
      "PRIMARY",
      "M",
      "FFE",
      "M",
      "FFE"
    ],
    "InPlanePhaseEncodingDirectionDICOM": "COL",
    "MRAcquisitionType": "2D",
    "MagneticFieldStrength": 3,
    "Manufacturer": "Philips",
    "ManufacturersModelName": "Achieva_dStream",
    "Modality": "MR",
    "PatientPosition": "HFS",
    "PercentPhaseFOV": 100,
    "PhaseEncodingAxis": "j",
    "PhaseEncodingSteps": 78,
    "PhilipsRescaleIntercept": 0,
    "PhilipsRescaleSlope": 0.803175,
    "PhilipsScaleSlope": 0.00753057,
    "PixelBandwidth": 3420,
    "ProtocolName": "EPI_run2_195dyn",
    "ReconMatrixPE": 80,
    "RepetitionTime": 2,
    "SAR": 0.0791068,
    "ScanOptions": "FS",
    "ScanningSequence": "GR",
    "SequenceVariant": "SK",
    "SeriesDescription": "EPI_run2_195dyn",
    "SeriesNumber": 401,
    "SliceThickness": 3,
    "SoftwareVersions": "5.3.1_5.3.1.1",
    "SpacingBetweenSlices": 3.2,
    "StationName": "HOST_INGENIA",
    "TaskName": "faces",
    "UsePhilipsFloatNotDisplayScaling": 1,
    "dataset": "ds001761",
    "modality": "bold",
    "run_id": 2,
    "session_id": "03",
    "subject_id": "03",
    "task_id": "faces"
  },
  "dummy_trs": 0,
  "dvars_nstd": 25.565907733917534,
  "dvars_std": 1.279385685721649,
  "dvars_vstd": 1.0198664504123713,
  "efc": 0.43234505442958027,
  "fber": 118518.4453125,
  "fd_mean": 0.07479249996911733,
  "fd_num": 0,
  "fd_perc": 0.0,
  "fwhm_avg": 1.9270781636410483,
  "fwhm_x": 1.8789999999999998,
  "fwhm_y": 2.0674566666666667,
  "fwhm_z": 1.8347778242564787,
  "gcor": 0.0153099,
  "gsr_x": -0.012670080177485943,
  "gsr_y": 0.014558291994035244,
  "provenance": {
    "md5sum": "ee9778c139808a09f420eed45dbaab11",
    "settings": {
      "fd_thres": 0.2,
      "testing": false
    },
    "software": "mriqc",
    "version": "21.0.0rc2",
    "webapi_port": null,
    "webapi_url": "https://mriqc.nimh.nih.gov/api/v1"
  },
  "size_t": 195,
  "size_x": 80,
  "size_y": 80,
  "size_z": 41,
  "snr": 5.359696575474158,
  "spacing_tr": 1.9999991655349731,
  "spacing_x": 3.0,
  "spacing_y": 3.0,
  "spacing_z": 3.200000524520874,
  "summary_bg_k": 56.75135130783447,
  "summary_bg_mad": 616.620395694385,
  "summary_bg_mean": 3930.987060546875,
  "summary_bg_median": 491.3548278808594,
  "summary_bg_n": 177173.0,
  "summary_bg_p05": 22.30413284301758,
  "summary_bg_p95": 19438.16953124997,
  "summary_bg_stdv": 10411.9365234375,
  "summary_fg_k": 2.6640971926915116,
  "summary_fg_mad": 30620.41527539284,
  "summary_fg_mean": 173719.671875,
  "summary_fg_median": 171230.375,
  "summary_fg_n": 40429.0,
  "summary_fg_p05": 127691.7921875,
  "summary_fg_p95": 225762.86875,
  "summary_fg_stdv": 31947.37890625,
  "tsnr": 78.92636108398438
}