{
  "aor": 0.0037867857142857143,
  "aqi": 0.004593097678571428,
  "bids_meta": {
    "AcquisitionMatrixPE": 78,
    "AcquisitionNumber": 10,
    "AcquisitionTime": "11:06:13.220000",
    "BodyPartExamined": "HEAD",
    "ConversionSoftware": "dcm2niix",
    "ConversionSoftwareVersion": "v1.0.20180622 GCC4.9.2",
    "DeviceSerialNumber": "34111",
    "EchoTime": 0.030001,
    "EchoTrainLength": 31,
    "FlipAngle": 75,
    "ImageOrientationPatientDICOM": [
      0.998655,
      0.0252625,
      0.0452802,
      -0.0197265,
      0.992724,
      -0.118788
    ],
    "ImageType": [
      "ORIGINAL",
      "PRIMARY",
      "M",
      "FFE",
      "M",
      "FFE"
    ],
    "InPlanePhaseEncodingDirectionDICOM": "COL",
    "MRAcquisitionType": "2D",
    "MagneticFieldStrength": 3,
    "Manufacturer": "Philips",
    "ManufacturersModelName": "Achieva_dStream",
    "Modality": "MR",
    "PatientPosition": "HFS",
    "PercentPhaseFOV": 100,
    "PhaseEncodingAxis": "j",
    "PhaseEncodingSteps": 78,
    "PhilipsRescaleIntercept": 0,
    "PhilipsRescaleSlope": 0.816361,
    "PhilipsScaleSlope": 0.00779019,
    "PixelBandwidth": 3420,
    "ProtocolName": "EPI_LOCALIZER_56dyn",
    "ReconMatrixPE": 80,
    "RepetitionTime": 2,
    "SAR": 0.0791068,
    "ScanOptions": "FS",
    "ScanningSequence": "GR",
    "SequenceVariant": "SK",
    "SeriesDescription": "EPI_LOCALIZER_56dyn",
    "SeriesNumber": 1001,
    "SliceThickness": 3,
    "SoftwareVersions": "5.3.1_5.3.1.1",
    "SpacingBetweenSlices": 3.2,
    "StationName": "HOST_INGENIA",
    "TaskName": "loc",
    "UsePhilipsFloatNotDisplayScaling": 1,
    "dataset": "ds001761",
    "modality": "bold",
    "run_id": 2,
    "session_id": "03",
    "subject_id": "03",
    "task_id": "loc"
  },
  "dummy_trs": 0,
  "dvars_nstd": 26.351463006,
  "dvars_std": 1.2728461460000002,
  "dvars_vstd": 1.0198249449090908,
  "efc": 0.434647667961898,
  "fber": 116509.5859375,
  "fd_mean": 0.07302881182387193,
  "fd_num": 0,
  "fd_perc": 0.0,
  "fwhm_avg": 1.9173728176377567,
  "fwhm_x": 1.8724100000000001,
  "fwhm_y": 2.06724,
  "fwhm_z": 1.8124684529132697,
  "gcor": 0.0178401,
  "gsr_x": -0.013191011734306812,
  "gsr_y": 0.013939452357590199,
  "provenance": {
    "md5sum": "179e49cace3dddc030291cf181caf6b1",
    "settings": {
      "fd_thres": 0.2,
      "testing": false
    },
    "software": "mriqc",
    "version": "21.0.0rc2",
    "webapi_port": null,
    "webapi_url": "https://mriqc.nimh.nih.gov/api/v1"
  },
  "size_t": 56,
  "size_x": 80,
  "size_y": 80,
  "size_z": 41,
  "snr": 5.465769449270826,
  "spacing_tr": 1.9999991655349731,
  "spacing_x": 3.0,
  "spacing_y": 3.0,
  "spacing_z": 3.200000524520874,
  "summary_bg_k": 47.89038021789814,
  "summary_bg_mad": 603.5743060647154,
  "summary_bg_mean": 4001.43603515625,
  "summary_bg_median": 479.33990478515625,
  "summary_bg_n": 177185.0,
  "summary_bg_p05": 19.645103073120122,
  "summary_bg_p95": 20226.38203124998,
  "summary_bg_stdv": 10440.015625,
  "summary_fg_k": 2.475516909478257,
  "summary_fg_mad": 29460.20954243321,
  "summary_fg_mean": 168224.109375,
  "summary_fg_median": 166098.46875,
  "summary_fg_n": 40487.0,
  "summary_fg_p05": 124398.63671875,
  "summary_fg_p95": 217435.2890625,
  "summary_fg_stdv": 30388.478515625,
  "tsnr": 81.20415496826172
}