{
  "bids_meta": {
    "AcquisitionMatrixPE": 240,
    "AcquisitionNumber": 11,
    "AcquisitionTime": "11:32:22.900000",
    "BodyPartExamined": "HEAD",
    "ConversionSoftware": "dcm2niix",
    "ConversionSoftwareVersion": "v1.0.20180622 GCC4.9.2",
    "DeviceSerialNumber": "34111",
    "EchoTime": 0.003766,
    "EchoTrainLength": 119,
    "FlipAngle": 8,
    "ImageOrientationPatientDICOM": [
      0.0816875,
      0.991533,
      -0.100945,
      -0.0226039,
      -0.0994139,
      -0.994789
    ],
    "ImageType": [
      "ORIGINAL",
      "PRIMARY",
      "M",
      "FFE",
      "M",
      "FFE"
    ],
    "InPlanePhaseEncodingDirectionDICOM": "ROW",
    "MRAcquisitionType": "3D",
    "MagneticFieldStrength": 3,
    "Manufacturer": "Philips",
    "ManufacturersModelName": "Achieva_dStream",
    "Modality": "MR",
    "PatientPosition": "HFS",
    "PercentPhaseFOV": 100,
    "PhaseEncodingSteps": 240,
    "PhilipsRescaleIntercept": 0,
    "PhilipsRescaleSlope": 4.87936,
    "PhilipsScaleSlope": 0.00171538,
    "PixelBandwidth": 191,
    "ProtocolName": "sT1W_1mm_3D_32ch",
    "ReconMatrixPE": 240,
    "RepetitionTime": 0.0082048,
    "SAR": 0.0130225,
    "ScanOptions": "OTHER",
    "ScanningSequence": "GR",
    "SequenceVariant": "MP",
    "SeriesDescription": "sT1W_1mm_3D_32ch",
    "SeriesNumber": 1101,
    "SliceThickness": 1,
    "SoftwareVersions": "5.3.1_5.3.1.1",
    "SpacingBetweenSlices": 1,
    "StationName": "HOST_INGENIA",
    "UsePhilipsFloatNotDisplayScaling": 1,
    "acq_id": "02",
    "dataset": "ds001761",
    "modality": "T1w",
    "session_id": "08",
    "subject_id": "03"
  },
  "cjv": 0.27998215379615127,
  "cnr": 4.407523184681766,
  "efc": 0.7561396161961298,
  "fber": 495.26324462890625,
  "fwhm_avg": 3.927090262757068,
  "fwhm_x": 3.9347207882712043,
  "fwhm_y": 4.21452,
  "fwhm_z": 3.63203,
  "icvs_csf": 0.26059754186000006,
  "icvs_gm": 0.3619298945542186,
  "icvs_wm": 0.3774725635857814,
  "inu_med": 2.6554291248321533,
  "inu_range": 0.8051169037818906,
  "provenance": {
    "md5sum": "c53fbaec7fd438dd3c52a26feb9dcbaf",
    "settings": {
      "testing": false
    },
    "software": "mriqc",
    "version": "21.0.0rc2",
    "warnings": {
      "large_rot_frame": true,
      "small_air_mask": true
    },
    "webapi_port": null,
    "webapi_url": "https://mriqc.nimh.nih.gov/api/v1"
  },
  "qi_1": 0.0,
  "qi_2": 1.3696561132252816e-05,
  "rpve_csf": 16.83589514670777,
  "rpve_gm": 11.176765410370129,
  "rpve_wm": 15.173979308494374,
  "size_x": 170,
  "size_y": 240,
  "size_z": 240,
  "snr_csf": 2.846857885922257,
  "snr_gm": 6.8936129105940624,
  "snr_total": 10.863649997755287,
  "snr_wm": 22.85047919674954,
  "snrd_csf": 38.33049750268302,
  "snrd_gm": 78.9497775379231,
  "snrd_total": 84.41474099040174,
  "snrd_wm": 135.96394793059912,
  "spacing_x": 0.9999972581863403,
  "spacing_y": 1.0,
  "spacing_z": 1.0,
  "summary_bg_k": 1.8663950197314128,
  "summary_bg_mad": 4.818385100240687,
  "summary_bg_mean": 9.831070899963379,
  "summary_bg_median": 9.15395736694336,
  "summary_bg_n": 201667.0,
  "summary_bg_p05": 2.9040287733078003,
  "summary_bg_p95": 21.806582832336424,
  "summary_bg_stdv": 6.46065092086792,
  "summary_csf_k": 0.3659442066027494,
  "summary_csf_mad": 81.0749223181897,
  "summary_csf_mean": 268.28497314453125,
  "summary_csf_median": 281.9124450683594,
  "summary_csf_n": 14027.0,
  "summary_csf_p05": 72.14978256225587,
  "summary_csf_p95": 415.4594360351561,
  "summary_csf_stdv": 99.02229309082031,
  "summary_gm_k": 0.45313010946320675,
  "summary_gm_mad": 77.40750882260895,
  "summary_gm_mean": 587.3076782226562,
  "summary_gm_median": 580.6583862304688,
  "summary_gm_n": 19119.0,
  "summary_gm_p05": 457.984521484375,
  "summary_gm_p95": 738.9713256835937,
  "summary_gm_stdv": 84.22915649414062,
  "summary_wm_k": 1.1320725028929548,
  "summary_wm_mad": 39.99650680959372,
  "summary_wm_mean": 998.2481689453125,
  "summary_wm_median": 999.9851684570312,
  "summary_wm_n": 235239.0,
  "summary_wm_p05": 923.7591491699219,
  "summary_wm_p95": 1065.6000122070313,
  "summary_wm_stdv": 43.76201629638672,
  "tpm_overlap_csf": 0.16066625714302063,
  "tpm_overlap_gm": 0.4193924367427826,
  "tpm_overlap_wm": 0.5046343803405762,
  "wm2max": 0.7454742959163434
}