{
  "aor": 0.0052812886597938145,
  "aqi": 0.007213324072164949,
  "bids_meta": {
    "AcquisitionMatrixPE": 78,
    "AcquisitionNumber": 17,
    "AcquisitionTime": "12:45:8.970000",
    "BodyPartExamined": "HEAD",
    "ConversionSoftware": "dcm2niix",
    "ConversionSoftwareVersion": "v1.0.20180622 GCC4.9.2",
    "DeviceSerialNumber": "34111",
    "EchoTime": 0.03,
    "EchoTrainLength": 31,
    "FlipAngle": 75,
    "ImageOrientationPatientDICOM": [
      0.999073,
      0.00434145,
      0.042826,
      -0.00434544,
      0.999991,
      -1.58898e-11
    ],
    "ImageType": [
      "ORIGINAL",
      "PRIMARY",
      "M",
      "FFE",
      "M",
      "FFE"
    ],
    "InPlanePhaseEncodingDirectionDICOM": "COL",
    "MRAcquisitionType": "2D",
    "MagneticFieldStrength": 3,
    "Manufacturer": "Philips",
    "ManufacturersModelName": "Achieva_dStream",
    "Modality": "MR",
    "PatientPosition": "HFS",
    "PercentPhaseFOV": 100,
    "PhaseEncodingAxis": "j",
    "PhaseEncodingSteps": 78,
    "PhilipsRescaleIntercept": 0,
    "PhilipsRescaleSlope": 0.879365,
    "PhilipsScaleSlope": 0.00834466,
    "PixelBandwidth": 3425,
    "ProtocolName": "EPI_run13_195dyn",
    "ReconMatrixPE": 80,
    "RepetitionTime": 2,
    "SAR": 0.0790158,
    "ScanOptions": "FS",
    "ScanningSequence": "GR",
    "SequenceVariant": "SK",
    "SeriesDescription": "EPI_run13_195dyn",
    "SeriesNumber": 1701,
    "SliceThickness": 3,
    "SoftwareVersions": "5.3.1_5.3.1.1",
    "SpacingBetweenSlices": 3.2,
    "StationName": "HOST_INGENIA",
    "TaskName": "faces",
    "UsePhilipsFloatNotDisplayScaling": 1,
    "dataset": "ds001761",
    "modality": "bold",
    "run_id": 13,
    "session_id": "02",
    "subject_id": "02",
    "task_id": "faces"
  },
  "dummy_trs": 1,
  "dvars_nstd": 24.247453541243534,
  "dvars_std": 1.1689290146113986,
  "dvars_vstd": 1.0242514961139895,
  "efc": 0.45425920652111973,
  "fber": 70302.875,
  "fd_mean": 0.11990798153239031,
  "fd_num": 14,
  "fd_perc": 7.216494845360825,
  "fwhm_avg": 1.8911604589085027,
  "fwhm_x": 1.8168499999999999,
  "fwhm_y": 2.087756666666667,
  "fwhm_z": 1.768874710058841,
  "gcor": 0.0338837,
  "gsr_x": -0.007882533594965935,
  "gsr_y": 0.01408145297318697,
  "provenance": {
    "md5sum": "b94e52a1199b3aec57f513f1e7d51f1e",
    "settings": {
      "fd_thres": 0.2,
      "testing": false
    },
    "software": "mriqc",
    "version": "21.0.0rc2",
    "webapi_port": null,
    "webapi_url": "https://mriqc.nimh.nih.gov/api/v1"
  },
  "size_t": 194,
  "size_x": 80,
  "size_y": 80,
  "size_z": 41,
  "snr": 5.670754978326624,
  "spacing_tr": 1.9999991655349731,
  "spacing_x": 3.0,
  "spacing_y": 3.0,
  "spacing_z": 3.200000524520874,
  "summary_bg_k": 85.68810507036935,
  "summary_bg_mad": 715.8045973780193,
  "summary_bg_mean": 4046.361083984375,
  "summary_bg_median": 585.3948364257812,
  "summary_bg_n": 172075.0,
  "summary_bg_p05": 47.559538269042974,
  "summary_bg_p95": 18783.51914062494,
  "summary_bg_stdv": 10648.224609375,
  "summary_fg_k": 2.2003769294618003,
  "summary_fg_mad": 26627.408433232456,
  "summary_fg_mean": 163103.796875,
  "summary_fg_median": 160967.4375,
  "summary_fg_n": 44296.0,
  "summary_fg_p05": 122949.068359375,
  "summary_fg_p95": 209692.453125,
  "summary_fg_stdv": 28385.21875,
  "tsnr": 60.566226959228516
}