{
  "aor": 0.0015828205128205128,
  "aqi": 0.004600243282051282,
  "bids_meta": {
    "AcquisitionMatrixPE": 78,
    "AcquisitionNumber": 4,
    "AcquisitionTime": "11:19:42.530000",
    "BodyPartExamined": "HEAD",
    "ConversionSoftware": "dcm2niix",
    "ConversionSoftwareVersion": "v1.0.20180622 GCC4.9.2",
    "DeviceSerialNumber": "34111",
    "EchoTime": 0.03,
    "EchoTrainLength": 31,
    "FlipAngle": 75,
    "ImageOrientationPatientDICOM": [
      0.999073,
      0.00434145,
      0.042826,
      -0.00434544,
      0.999991,
      -1.58898e-11
    ],
    "ImageType": [
      "ORIGINAL",
      "PRIMARY",
      "M",
      "FFE",
      "M",
      "FFE"
    ],
    "InPlanePhaseEncodingDirectionDICOM": "COL",
    "MRAcquisitionType": "2D",
    "MagneticFieldStrength": 3,
    "Manufacturer": "Philips",
    "ManufacturersModelName": "Achieva_dStream",
    "Modality": "MR",
    "PatientPosition": "HFS",
    "PercentPhaseFOV": 100,
    "PhaseEncodingAxis": "j",
    "PhaseEncodingSteps": 78,
    "PhilipsRescaleIntercept": 0,
    "PhilipsRescaleSlope": 0.771673,
    "PhilipsScaleSlope": 0.00790572,
    "PixelBandwidth": 3425,
    "ProtocolName": "EPI_run2_195dyn",
    "ReconMatrixPE": 80,
    "RepetitionTime": 2,
    "SAR": 0.0790158,
    "ScanOptions": "FS",
    "ScanningSequence": "GR",
    "SequenceVariant": "SK",
    "SeriesDescription": "EPI_run2_195dyn",
    "SeriesNumber": 401,
    "SliceThickness": 3,
    "SoftwareVersions": "5.3.1_5.3.1.1",
    "SpacingBetweenSlices": 3.2,
    "StationName": "HOST_INGENIA",
    "TaskName": "faces",
    "UsePhilipsFloatNotDisplayScaling": 1,
    "dataset": "ds001761",
    "modality": "bold",
    "run_id": 2,
    "session_id": "02",
    "subject_id": "02",
    "task_id": "faces"
  },
  "dummy_trs": 0,
  "dvars_nstd": 22.35683195381443,
  "dvars_std": 1.169901507938145,
  "dvars_vstd": 1.0169902152577324,
  "efc": 0.4502885417478831,
  "fber": 79924.765625,
  "fd_mean": 0.06276198689799903,
  "fd_num": 2,
  "fd_perc": 1.0256410256410255,
  "fwhm_avg": 1.8753182378965028,
  "fwhm_x": 1.82022,
  "fwhm_y": 2.0590100000000002,
  "fwhm_z": 1.7467247136895083,
  "gcor": 0.0119133,
  "gsr_x": -0.0072635468095541,
  "gsr_y": 0.015953512862324715,
  "provenance": {
    "md5sum": "34eb57d7a3ac2f8ffd82774e7dc41cda",
    "settings": {
      "fd_thres": 0.2,
      "testing": false
    },
    "software": "mriqc",
    "version": "21.0.0rc2",
    "webapi_port": null,
    "webapi_url": "https://mriqc.nimh.nih.gov/api/v1"
  },
  "size_t": 195,
  "size_x": 80,
  "size_y": 80,
  "size_z": 41,
  "snr": 5.584690469665178,
  "spacing_tr": 1.9999991655349731,
  "spacing_x": 3.0,
  "spacing_y": 3.0,
  "spacing_z": 3.200000524520874,
  "summary_bg_k": 103.1372535955924,
  "summary_bg_mad": 696.3584060755508,
  "summary_bg_mean": 3868.6533203125,
  "summary_bg_median": 571.2720336914062,
  "summary_bg_n": 172287.0,
  "summary_bg_p05": 31.383626937866218,
  "summary_bg_p95": 17358.536132812475,
  "summary_bg_stdv": 10490.6220703125,
  "summary_fg_k": 2.64137543146905,
  "summary_fg_mad": 27215.758274552707,
  "summary_fg_mean": 168794.953125,
  "summary_fg_median": 166510.578125,
  "summary_fg_n": 44133.0,
  "summary_fg_p05": 126947.50625,
  "summary_fg_p95": 217526.859375,
  "summary_fg_stdv": 29815.205078125,
  "tsnr": 77.89765930175781
}