{
  "aor": 0.0029714705882352937,
  "aqi": 0.01313487024509804,
  "bids_meta": {
    "AcquisitionMatrixPE": 78,
    "AcquisitionNumber": 9,
    "AcquisitionTime": "11:11:34.160000",
    "BodyPartExamined": "HEAD",
    "ConversionSoftware": "dcm2niix",
    "ConversionSoftwareVersion": "v1.0.20180622 GCC4.9.2",
    "DeviceSerialNumber": "34111",
    "EchoTime": 0.030001,
    "EchoTrainLength": 31,
    "FlipAngle": 75,
    "ImageOrientationPatientDICOM": [
      0.997731,
      -0.0672479,
      0.00335446,
      0.0673295,
      0.996853,
      -0.0418389
    ],
    "ImageType": [
      "ORIGINAL",
      "PRIMARY",
      "M",
      "FFE",
      "M",
      "FFE"
    ],
    "InPlanePhaseEncodingDirectionDICOM": "COL",
    "MRAcquisitionType": "2D",
    "MagneticFieldStrength": 3,
    "Manufacturer": "Philips",
    "ManufacturersModelName": "Achieva_dStream",
    "Modality": "MR",
    "PatientPosition": "HFS",
    "PercentPhaseFOV": 100,
    "PhaseEncodingAxis": "j",
    "PhaseEncodingSteps": 78,
    "PhilipsRescaleIntercept": 0,
    "PhilipsRescaleSlope": 0.794628,
    "PhilipsScaleSlope": 0.00778865,
    "PixelBandwidth": 3418,
    "ProtocolName": "EPI_run6_204dyn",
    "ReconMatrixPE": 80,
    "RepetitionTime": 2,
    "SAR": 0.0790158,
    "ScanOptions": "FS",
    "ScanningSequence": "GR",
    "SequenceVariant": "SK",
    "SeriesDescription": "EPI_run6_204dyn",
    "SeriesNumber": 901,
    "SliceThickness": 3,
    "SoftwareVersions": "5.3.1_5.3.1.1",
    "SpacingBetweenSlices": 3.2,
    "StationName": "HOST_INGENIA",
    "TaskName": "faces",
    "UsePhilipsFloatNotDisplayScaling": 1,
    "dataset": "ds001761",
    "modality": "bold",
    "run_id": 6,
    "session_id": "05",
    "subject_id": "01",
    "task_id": "faces"
  },
  "dummy_trs": 0,
  "dvars_nstd": 33.33855464591134,
  "dvars_std": 1.1605378289162558,
  "dvars_vstd": 1.0027615566009855,
  "efc": 0.4191155402689493,
  "fber": 77804.6171875,
  "fd_mean": 0.3650596860176316,
  "fd_num": 131,
  "fd_perc": 64.2156862745098,
  "fwhm_avg": 1.7359843514504654,
  "fwhm_x": 1.6518,
  "fwhm_y": 1.8852833333333334,
  "fwhm_z": 1.6708697210180627,
  "gcor": 0.0238585,
  "gsr_x": -0.011847752146422863,
  "gsr_y": 0.016453150659799576,
  "provenance": {
    "md5sum": "8b78436565c3a3a9ea73d95a6a492a03",
    "settings": {
      "fd_thres": 0.2,
      "testing": false
    },
    "software": "mriqc",
    "version": "21.0.0rc2",
    "webapi_port": null,
    "webapi_url": "https://mriqc.nimh.nih.gov/api/v1"
  },
  "size_t": 204,
  "size_x": 80,
  "size_y": 80,
  "size_z": 41,
  "snr": 4.73113654003086,
  "spacing_tr": 1.9999991655349731,
  "spacing_x": 3.0,
  "spacing_y": 3.0,
  "spacing_z": 3.199998140335083,
  "summary_bg_k": 158.29936233839427,
  "summary_bg_mad": 672.2876625047323,
  "summary_bg_mean": 3948.875,
  "summary_bg_median": 571.4755859375,
  "summary_bg_n": 181084.0,
  "summary_bg_p05": 55.31187438964843,
  "summary_bg_p95": 17284.59384765625,
  "summary_bg_stdv": 11767.560546875,
  "summary_fg_k": 3.1918476913114446,
  "summary_fg_mad": 28044.683491485157,
  "summary_fg_mean": 166006.125,
  "summary_fg_median": 160329.203125,
  "summary_fg_n": 38304.0,
  "summary_fg_p05": 124488.384765625,
  "summary_fg_p95": 228768.69921874994,
  "summary_fg_stdv": 33887.65234375,
  "tsnr": 44.70180892944336
}