{
  "aor": 0.0015127941176470588,
  "aqi": 0.024757079411764703,
  "bids_meta": {
    "AcquisitionMatrixPE": 78,
    "AcquisitionNumber": 8,
    "AcquisitionTime": "11:04:12.180000",
    "BodyPartExamined": "HEAD",
    "ConversionSoftware": "dcm2niix",
    "ConversionSoftwareVersion": "v1.0.20180622 GCC4.9.2",
    "DeviceSerialNumber": "34111",
    "EchoTime": 0.030001,
    "EchoTrainLength": 31,
    "FlipAngle": 75,
    "ImageOrientationPatientDICOM": [
      0.997731,
      -0.0672479,
      0.00335446,
      0.0673295,
      0.996853,
      -0.0418389
    ],
    "ImageType": [
      "ORIGINAL",
      "PRIMARY",
      "M",
      "FFE",
      "M",
      "FFE"
    ],
    "InPlanePhaseEncodingDirectionDICOM": "COL",
    "MRAcquisitionType": "2D",
    "MagneticFieldStrength": 3,
    "Manufacturer": "Philips",
    "ManufacturersModelName": "Achieva_dStream",
    "Modality": "MR",
    "PatientPosition": "HFS",
    "PercentPhaseFOV": 100,
    "PhaseEncodingAxis": "j",
    "PhaseEncodingSteps": 78,
    "PhilipsRescaleIntercept": 0,
    "PhilipsRescaleSlope": 0.799756,
    "PhilipsScaleSlope": 0.00818837,
    "PixelBandwidth": 3418,
    "ProtocolName": "EPI_run5_204dyn",
    "ReconMatrixPE": 80,
    "RepetitionTime": 2,
    "SAR": 0.0790158,
    "ScanOptions": "FS",
    "ScanningSequence": "GR",
    "SequenceVariant": "SK",
    "SeriesDescription": "EPI_run5_204dyn",
    "SeriesNumber": 801,
    "SliceThickness": 3,
    "SoftwareVersions": "5.3.1_5.3.1.1",
    "SpacingBetweenSlices": 3.2,
    "StationName": "HOST_INGENIA",
    "TaskName": "faces",
    "UsePhilipsFloatNotDisplayScaling": 1,
    "dataset": "ds001761",
    "modality": "bold",
    "run_id": 5,
    "session_id": "05",
    "subject_id": "01",
    "task_id": "faces"
  },
  "dummy_trs": 0,
  "dvars_nstd": 32.983145145369456,
  "dvars_std": 1.0542857687192124,
  "dvars_vstd": 0.9446180071921181,
  "efc": 0.4212243817851191,
  "fber": 76388.6328125,
  "fd_mean": 0.37991864358403543,
  "fd_num": 151,
  "fd_perc": 74.01960784313725,
  "fwhm_avg": 1.72594281565651,
  "fwhm_x": 1.6565666666666665,
  "fwhm_y": 1.8917733333333333,
  "fwhm_z": 1.6294884469695305,
  "gcor": 0.0179406,
  "gsr_x": -0.01190885528922081,
  "gsr_y": 0.01583603210747242,
  "provenance": {
    "md5sum": "b3797bcd113264bfe90f422d2a9ded08",
    "settings": {
      "fd_thres": 0.2,
      "testing": false
    },
    "software": "mriqc",
    "version": "21.0.0rc2",
    "webapi_port": null,
    "webapi_url": "https://mriqc.nimh.nih.gov/api/v1"
  },
  "size_t": 204,
  "size_x": 80,
  "size_y": 80,
  "size_z": 41,
  "snr": 4.922828750334534,
  "spacing_tr": 1.9999991655349731,
  "spacing_x": 3.0,
  "spacing_y": 3.0,
  "spacing_z": 3.199998140335083,
  "summary_bg_k": 143.14372097298136,
  "summary_bg_mad": 679.9221047269407,
  "summary_bg_mean": 4016.733154296875,
  "summary_bg_median": 580.2288818359375,
  "summary_bg_n": 180872.0,
  "summary_bg_p05": 60.386837768554685,
  "summary_bg_p95": 17571.973242187436,
  "summary_bg_stdv": 11738.8642578125,
  "summary_fg_k": 3.157401259824959,
  "summary_fg_mad": 26938.326334414847,
  "summary_fg_mean": 164537.609375,
  "summary_fg_median": 159196.765625,
  "summary_fg_n": 38635.0,
  "summary_fg_p05": 125055.5375,
  "summary_fg_p95": 223989.74218749997,
  "summary_fg_stdv": 32338.0546875,
  "tsnr": 35.28847885131836
}