{
  "aor": 0.0019699019607843137,
  "aqi": 0.015531477450980394,
  "bids_meta": {
    "AcquisitionMatrixPE": 78,
    "AcquisitionNumber": 11,
    "AcquisitionTime": "11:26:30.540000",
    "BodyPartExamined": "HEAD",
    "ConversionSoftware": "dcm2niix",
    "ConversionSoftwareVersion": "v1.0.20180622 GCC4.9.2",
    "DeviceSerialNumber": "34111",
    "EchoTime": 0.030001,
    "EchoTrainLength": 31,
    "FlipAngle": 75,
    "ImageOrientationPatientDICOM": [
      0.997731,
      -0.0672479,
      0.00335446,
      0.0673295,
      0.996853,
      -0.0418389
    ],
    "ImageType": [
      "ORIGINAL",
      "PRIMARY",
      "M",
      "FFE",
      "M",
      "FFE"
    ],
    "InPlanePhaseEncodingDirectionDICOM": "COL",
    "MRAcquisitionType": "2D",
    "MagneticFieldStrength": 3,
    "Manufacturer": "Philips",
    "ManufacturersModelName": "Achieva_dStream",
    "Modality": "MR",
    "PatientPosition": "HFS",
    "PercentPhaseFOV": 100,
    "PhaseEncodingAxis": "j",
    "PhaseEncodingSteps": 78,
    "PhilipsRescaleIntercept": 0,
    "PhilipsRescaleSlope": 0.786325,
    "PhilipsScaleSlope": 0.00763835,
    "PixelBandwidth": 3418,
    "ProtocolName": "EPI_run8_204dyn",
    "ReconMatrixPE": 80,
    "RepetitionTime": 2,
    "SAR": 0.0790158,
    "ScanOptions": "FS",
    "ScanningSequence": "GR",
    "SequenceVariant": "SK",
    "SeriesDescription": "EPI_run8_204dyn",
    "SeriesNumber": 1101,
    "SliceThickness": 3,
    "SoftwareVersions": "5.3.1_5.3.1.1",
    "SpacingBetweenSlices": 3.2,
    "StationName": "HOST_INGENIA",
    "TaskName": "faces",
    "UsePhilipsFloatNotDisplayScaling": 1,
    "dataset": "ds001761",
    "modality": "bold",
    "run_id": 8,
    "session_id": "05",
    "subject_id": "01",
    "task_id": "faces"
  },
  "dummy_trs": 0,
  "dvars_nstd": 32.17760812364532,
  "dvars_std": 1.1424488224630545,
  "dvars_vstd": 0.9935694333004929,
  "efc": 0.4195045739737526,
  "fber": 75172.359375,
  "fd_mean": 0.3149914821795754,
  "fd_num": 127,
  "fd_perc": 62.254901960784316,
  "fwhm_avg": 1.7459678975320225,
  "fwhm_x": 1.65156,
  "fwhm_y": 1.8926833333333333,
  "fwhm_z": 1.6936603592627348,
  "gcor": 0.0215369,
  "gsr_x": -0.011493350379168987,
  "gsr_y": 0.016986319795250893,
  "provenance": {
    "md5sum": "24a9a797e24cef415cc3cfaffadeb70f",
    "settings": {
      "fd_thres": 0.2,
      "testing": false
    },
    "software": "mriqc",
    "version": "21.0.0rc2",
    "webapi_port": null,
    "webapi_url": "https://mriqc.nimh.nih.gov/api/v1"
  },
  "size_t": 204,
  "size_x": 80,
  "size_y": 80,
  "size_z": 41,
  "snr": 4.749331063214338,
  "spacing_tr": 1.9999991655349731,
  "spacing_x": 3.0,
  "spacing_y": 3.0,
  "spacing_z": 3.199998140335083,
  "summary_bg_k": 161.66366282585773,
  "summary_bg_mad": 682.5826434118894,
  "summary_bg_mean": 3959.6748046875,
  "summary_bg_median": 586.5764770507812,
  "summary_bg_n": 180933.0,
  "summary_bg_p05": 59.67429885864258,
  "summary_bg_p95": 17327.332421874995,
  "summary_bg_stdv": 11780.07421875,
  "summary_fg_k": 3.1317984659936924,
  "summary_fg_mad": 28305.36665968584,
  "summary_fg_mean": 166757.359375,
  "summary_fg_median": 161137.4375,
  "summary_fg_n": 38438.0,
  "summary_fg_p05": 125319.508203125,
  "summary_fg_p95": 229426.07187500002,
  "summary_fg_stdv": 33928.0078125,
  "tsnr": 42.17416763305664
}