{
  "aor": 0.007936785714285714,
  "aqi": 0.007983068392857144,
  "bids_meta": {
    "AcquisitionMatrixPE": 78,
    "AcquisitionNumber": 7,
    "AcquisitionTime": "11:01:32.970000",
    "BodyPartExamined": "HEAD",
    "ConversionSoftware": "dcm2niix",
    "ConversionSoftwareVersion": "v1.0.20180622 GCC4.9.2",
    "DeviceSerialNumber": "34111",
    "EchoTime": 0.030001,
    "EchoTrainLength": 31,
    "FlipAngle": 75,
    "ImageOrientationPatientDICOM": [
      0.997731,
      -0.0672479,
      0.00335446,
      0.0673295,
      0.996853,
      -0.0418389
    ],
    "ImageType": [
      "ORIGINAL",
      "PRIMARY",
      "M",
      "FFE",
      "M",
      "FFE"
    ],
    "InPlanePhaseEncodingDirectionDICOM": "COL",
    "MRAcquisitionType": "2D",
    "MagneticFieldStrength": 3,
    "Manufacturer": "Philips",
    "ManufacturersModelName": "Achieva_dStream",
    "Modality": "MR",
    "PatientPosition": "HFS",
    "PercentPhaseFOV": 100,
    "PhaseEncodingAxis": "j",
    "PhaseEncodingSteps": 78,
    "PhilipsRescaleIntercept": 0,
    "PhilipsRescaleSlope": 0.797314,
    "PhilipsScaleSlope": 0.0080866,
    "PixelBandwidth": 3418,
    "ProtocolName": "EPI_LOCALIZER_56dyn",
    "ReconMatrixPE": 80,
    "RepetitionTime": 2,
    "SAR": 0.0790158,
    "ScanOptions": "FS",
    "ScanningSequence": "GR",
    "SequenceVariant": "SK",
    "SeriesDescription": "EPI_LOCALIZER_56dyn",
    "SeriesNumber": 701,
    "SliceThickness": 3,
    "SoftwareVersions": "5.3.1_5.3.1.1",
    "SpacingBetweenSlices": 3.2,
    "StationName": "HOST_INGENIA",
    "TaskName": "loc",
    "UsePhilipsFloatNotDisplayScaling": 1,
    "dataset": "ds001761",
    "modality": "bold",
    "run_id": 1,
    "session_id": "05",
    "subject_id": "01",
    "task_id": "loc"
  },
  "dummy_trs": 0,
  "dvars_nstd": 31.880437990000008,
  "dvars_std": 1.233775728181818,
  "dvars_vstd": 1.0408470136363634,
  "efc": 0.4193294801590429,
  "fber": 78884.890625,
  "fd_mean": 0.21332954721873318,
  "fd_num": 19,
  "fd_perc": 33.92857142857143,
  "fwhm_avg": 1.7106064325960277,
  "fwhm_x": 1.6241766666666668,
  "fwhm_y": 1.8480666666666667,
  "fwhm_z": 1.6595759644547494,
  "gcor": 0.0278362,
  "gsr_x": -0.012093661352992058,
  "gsr_y": 0.015193143859505653,
  "provenance": {
    "md5sum": "2e8226fa5d9b366cc0cb95674b0b43df",
    "settings": {
      "fd_thres": 0.2,
      "testing": false
    },
    "software": "mriqc",
    "version": "21.0.0rc2",
    "webapi_port": null,
    "webapi_url": "https://mriqc.nimh.nih.gov/api/v1"
  },
  "size_t": 56,
  "size_x": 80,
  "size_y": 80,
  "size_z": 41,
  "snr": 4.856005634238072,
  "spacing_tr": 1.9999991655349731,
  "spacing_x": 3.0,
  "spacing_y": 3.0,
  "spacing_z": 3.199998140335083,
  "summary_bg_k": 148.89669097718405,
  "summary_bg_mad": 685.3653221325087,
  "summary_bg_mean": 3949.01806640625,
  "summary_bg_median": 572.5006713867188,
  "summary_bg_n": 181070.0,
  "summary_bg_p05": 38.789123725891116,
  "summary_bg_p95": 17234.318164062483,
  "summary_bg_stdv": 11721.998046875,
  "summary_fg_k": 3.0102406243697386,
  "summary_fg_mad": 27618.354273855974,
  "summary_fg_mean": 166706.53125,
  "summary_fg_median": 161148.359375,
  "summary_fg_n": 38425.0,
  "summary_fg_p05": 126239.93125,
  "summary_fg_p95": 228056.91874999998,
  "summary_fg_stdv": 33184.94140625,
  "tsnr": 56.636863708496094
}