{
  "aor": 0.0012987745098039217,
  "aqi": 0.011083358382352939,
  "bids_meta": {
    "AcquisitionMatrixPE": 78,
    "AcquisitionNumber": 14,
    "AcquisitionTime": "11:43:51.400000",
    "BodyPartExamined": "HEAD",
    "ConversionSoftware": "dcm2niix",
    "ConversionSoftwareVersion": "v1.0.20180622 GCC4.9.2",
    "DeviceSerialNumber": "34111",
    "EchoTime": 0.030001,
    "EchoTrainLength": 31,
    "FlipAngle": 75,
    "ImageOrientationPatientDICOM": [
      0.997731,
      -0.0672479,
      0.00335446,
      0.0673295,
      0.996853,
      -0.0418389
    ],
    "ImageType": [
      "ORIGINAL",
      "PRIMARY",
      "M",
      "FFE",
      "M",
      "FFE"
    ],
    "InPlanePhaseEncodingDirectionDICOM": "COL",
    "MRAcquisitionType": "2D",
    "MagneticFieldStrength": 3,
    "Manufacturer": "Philips",
    "ManufacturersModelName": "Achieva_dStream",
    "Modality": "MR",
    "PatientPosition": "HFS",
    "PercentPhaseFOV": 100,
    "PhaseEncodingAxis": "j",
    "PhaseEncodingSteps": 78,
    "PhilipsRescaleIntercept": 0,
    "PhilipsRescaleSlope": 0.810012,
    "PhilipsScaleSlope": 0.00817518,
    "PixelBandwidth": 3418,
    "ProtocolName": "EPI_run10_204dyn",
    "ReconMatrixPE": 80,
    "RepetitionTime": 2,
    "SAR": 0.0790158,
    "ScanOptions": "FS",
    "ScanningSequence": "GR",
    "SequenceVariant": "SK",
    "SeriesDescription": "EPI_run10_204dyn",
    "SeriesNumber": 1401,
    "SliceThickness": 3,
    "SoftwareVersions": "5.3.1_5.3.1.1",
    "SpacingBetweenSlices": 3.2,
    "StationName": "HOST_INGENIA",
    "TaskName": "faces",
    "UsePhilipsFloatNotDisplayScaling": 1,
    "dataset": "ds001761",
    "modality": "bold",
    "run_id": 10,
    "session_id": "05",
    "subject_id": "01",
    "task_id": "faces"
  },
  "dummy_trs": 0,
  "dvars_nstd": 31.19516817078818,
  "dvars_std": 1.1705632371921175,
  "dvars_vstd": 0.9884381511330047,
  "efc": 0.42002584476113114,
  "fber": 69496.8203125,
  "fd_mean": 0.24165898841475378,
  "fd_num": 93,
  "fd_perc": 45.588235294117645,
  "fwhm_avg": 1.7272594943141482,
  "fwhm_x": 1.6274933333333335,
  "fwhm_y": 1.8628966666666666,
  "fwhm_z": 1.6913884829424446,
  "gcor": 0.0193856,
  "gsr_x": -0.01104467548429966,
  "gsr_y": 0.01568935252726078,
  "provenance": {
    "md5sum": "fdca12e221e54bd67e6406ab6d756d66",
    "settings": {
      "fd_thres": 0.2,
      "testing": false
    },
    "software": "mriqc",
    "version": "21.0.0rc2",
    "webapi_port": null,
    "webapi_url": "https://mriqc.nimh.nih.gov/api/v1"
  },
  "size_t": 204,
  "size_x": 80,
  "size_y": 80,
  "size_z": 41,
  "snr": 4.878596832831832,
  "spacing_tr": 1.9999991655349731,
  "spacing_x": 3.0,
  "spacing_y": 3.0,
  "spacing_z": 3.199998140335083,
  "summary_bg_k": 148.71213145371954,
  "summary_bg_mad": 704.8359968677619,
  "summary_bg_mean": 3960.77099609375,
  "summary_bg_median": 596.7911987304688,
  "summary_bg_n": 181164.0,
  "summary_bg_p05": 56.55458488464355,
  "summary_bg_p95": 17480.52158203125,
  "summary_bg_stdv": 11675.73046875,
  "summary_fg_k": 2.9234257434875657,
  "summary_fg_mad": 26938.372665734176,
  "summary_fg_mean": 162486.203125,
  "summary_fg_median": 156981.5,
  "summary_fg_n": 38266.0,
  "summary_fg_p05": 123489.3515625,
  "summary_fg_p95": 222203.2421875,
  "summary_fg_stdv": 32177.171875,
  "tsnr": 48.63273620605469
}