{
  "aor": 0.0015384102564102563,
  "aqi": 0.005122695282051282,
  "bids_meta": {
    "AcquisitionMatrixPE": 78,
    "AcquisitionNumber": 10,
    "AcquisitionTime": "12:10:29.110000",
    "BodyPartExamined": "HEAD",
    "ConversionSoftware": "dcm2niix",
    "ConversionSoftwareVersion": "v1.0.20180622 GCC4.9.2",
    "DeviceSerialNumber": "34111",
    "EchoTime": 0.03,
    "EchoTrainLength": 31,
    "FlipAngle": 75,
    "ImageOrientationPatientDICOM": [
      0.999163,
      -0.0164297,
      0.0374663,
      0.0204144,
      0.993878,
      -0.108583
    ],
    "ImageType": [
      "ORIGINAL",
      "PRIMARY",
      "M",
      "FFE",
      "M",
      "FFE"
    ],
    "InPlanePhaseEncodingDirectionDICOM": "COL",
    "MRAcquisitionType": "2D",
    "MagneticFieldStrength": 3,
    "Manufacturer": "Philips",
    "ManufacturersModelName": "Achieva_dStream",
    "Modality": "MR",
    "PatientPosition": "HFS",
    "PercentPhaseFOV": 100,
    "PhaseEncodingAxis": "j",
    "PhaseEncodingSteps": 78,
    "PhilipsRescaleIntercept": 0,
    "PhilipsRescaleSlope": 0.803175,
    "PhilipsScaleSlope": 0.00788869,
    "PixelBandwidth": 3425,
    "ProtocolName": "EPI_run6_195dyn",
    "ReconMatrixPE": 80,
    "RepetitionTime": 2,
    "SAR": 0.0791052,
    "ScanOptions": "FS",
    "ScanningSequence": "GR",
    "SequenceVariant": "SK",
    "SeriesDescription": "EPI_run6_195dyn",
    "SeriesNumber": 1001,
    "SliceThickness": 3,
    "SoftwareVersions": "5.3.1_5.3.1.1",
    "SpacingBetweenSlices": 3.2,
    "StationName": "HOST_INGENIA",
    "TaskName": "faces",
    "UsePhilipsFloatNotDisplayScaling": 1,
    "dataset": "ds001761",
    "modality": "bold",
    "run_id": 6,
    "session_id": "01",
    "subject_id": "03",
    "task_id": "faces"
  },
  "dummy_trs": 0,
  "dvars_nstd": 25.129019747268025,
  "dvars_std": 1.232885937113402,
  "dvars_vstd": 1.0173374476804122,
  "efc": 0.43573096544858686,
  "fber": 111395.90625,
  "fd_mean": 0.07153470481401045,
  "fd_num": 0,
  "fd_perc": 0.0,
  "fwhm_avg": 1.8153093821697928,
  "fwhm_x": 1.7528566666666665,
  "fwhm_y": 1.9792399999999999,
  "fwhm_z": 1.7138314798427123,
  "gcor": 0.015158,
  "gsr_x": -0.012373670004308224,
  "gsr_y": 0.014679496176540852,
  "provenance": {
    "md5sum": "fa7d8b4a94b47aee8df38393f91db641",
    "settings": {
      "fd_thres": 0.2,
      "testing": false
    },
    "software": "mriqc",
    "version": "21.0.0rc2",
    "webapi_port": null,
    "webapi_url": "https://mriqc.nimh.nih.gov/api/v1"
  },
  "size_t": 195,
  "size_x": 80,
  "size_y": 80,
  "size_z": 41,
  "snr": 5.6699211366937545,
  "spacing_tr": 1.9999991655349731,
  "spacing_x": 3.0,
  "spacing_y": 3.0,
  "spacing_z": 3.1999995708465576,
  "summary_bg_k": 67.65054161100203,
  "summary_bg_mad": 562.2474083155569,
  "summary_bg_mean": 3989.117919921875,
  "summary_bg_median": 475.314208984375,
  "summary_bg_n": 177142.0,
  "summary_bg_p05": 32.48657341003419,
  "summary_bg_p95": 19902.205078124996,
  "summary_bg_stdv": 10730.9423828125,
  "summary_fg_k": 2.604528478523905,
  "summary_fg_mad": 27629.04522579098,
  "summary_fg_mean": 164223.25,
  "summary_fg_median": 161924.78125,
  "summary_fg_n": 40490.0,
  "summary_fg_p05": 124359.0671875,
  "summary_fg_p95": 210740.13437499997,
  "summary_fg_stdv": 28558.20703125,
  "tsnr": 74.27870178222656
}