{
  "aor": 0.001384926108374384,
  "aqi": 0.004754223645320198,
  "bids_meta": {
    "AcquisitionMatrixPE": 78,
    "AcquisitionNumber": 4,
    "AcquisitionTime": "12:17:12.170000",
    "BodyPartExamined": "HEAD",
    "ConversionSoftware": "dcm2niix",
    "ConversionSoftwareVersion": "v1.0.20180622 GCC4.9.2",
    "DeviceSerialNumber": "34111",
    "EchoTime": 0.03,
    "EchoTrainLength": 31,
    "FlipAngle": 75,
    "ImageOrientationPatientDICOM": [
      0.994959,
      0.0926782,
      -0.0383119,
      -0.0974756,
      0.983523,
      -0.152251
    ],
    "ImageType": [
      "ORIGINAL",
      "PRIMARY",
      "M",
      "FFE",
      "M",
      "FFE"
    ],
    "InPlanePhaseEncodingDirectionDICOM": "COL",
    "MRAcquisitionType": "2D",
    "MagneticFieldStrength": 3,
    "Manufacturer": "Philips",
    "ManufacturersModelName": "Achieva_dStream",
    "Modality": "MR",
    "PatientPosition": "HFS",
    "PercentPhaseFOV": 100,
    "PhaseEncodingAxis": "j",
    "PhaseEncodingSteps": 78,
    "PhilipsRescaleIntercept": 0,
    "PhilipsRescaleSlope": 0.831746,
    "PhilipsScaleSlope": 0.00678995,
    "PixelBandwidth": 3413,
    "ProtocolName": "EPI_run2_204dyn",
    "ReconMatrixPE": 80,
    "RepetitionTime": 2,
    "SAR": 0.0791081,
    "ScanOptions": "FS",
    "ScanningSequence": "GR",
    "SequenceVariant": "SK",
    "SeriesDescription": "EPI_run2_204dyn",
    "SeriesNumber": 401,
    "SliceThickness": 3,
    "SoftwareVersions": "5.3.1_5.3.1.1",
    "SpacingBetweenSlices": 3.2,
    "StationName": "HOST_INGENIA",
    "TaskName": "faces",
    "UsePhilipsFloatNotDisplayScaling": 1,
    "dataset": "ds001761",
    "modality": "bold",
    "run_id": 2,
    "session_id": "05",
    "subject_id": "04",
    "task_id": "faces"
  },
  "dummy_trs": 1,
  "dvars_nstd": 27.40164778519801,
  "dvars_std": 1.2822494678217822,
  "dvars_vstd": 1.0191069088613867,
  "efc": 0.4155929613465764,
  "fber": 131303.375,
  "fd_mean": 0.07251657888543417,
  "fd_num": 1,
  "fd_perc": 0.49261083743842365,
  "fwhm_avg": 1.8859161214502418,
  "fwhm_x": 1.8530633333333333,
  "fwhm_y": 2.019956666666667,
  "fwhm_z": 1.7847283643507252,
  "gcor": 0.0429217,
  "gsr_x": -0.0027321260422468185,
  "gsr_y": 0.0010573577601462603,
  "provenance": {
    "md5sum": "4de5825f165ccc6c804f72f7ed53568c",
    "settings": {
      "fd_thres": 0.2,
      "testing": false
    },
    "software": "mriqc",
    "version": "21.0.0rc2",
    "webapi_port": null,
    "webapi_url": "https://mriqc.nimh.nih.gov/api/v1"
  },
  "size_t": 203,
  "size_x": 80,
  "size_y": 80,
  "size_z": 41,
  "snr": 4.505266477537529,
  "spacing_tr": 1.9999991655349731,
  "spacing_x": 3.0,
  "spacing_y": 3.0,
  "spacing_z": 3.1999995708465576,
  "summary_bg_k": 107.86272384117784,
  "summary_bg_mad": 504.32486612809646,
  "summary_bg_mean": 3733.999755859375,
  "summary_bg_median": 449.138671875,
  "summary_bg_n": 180584.0,
  "summary_bg_p05": 36.71422977447509,
  "summary_bg_p95": 16737.6806640625,
  "summary_bg_stdv": 11489.798828125,
  "summary_fg_k": 4.552129577191451,
  "summary_fg_mad": 28751.78050424384,
  "summary_fg_mean": 169399.859375,
  "summary_fg_median": 164216.96875,
  "summary_fg_n": 37529.0,
  "summary_fg_p05": 124325.425,
  "summary_fg_p95": 230492.43437499998,
  "summary_fg_stdv": 36449.515625,
  "tsnr": 70.80766296386719
}