{
  "aor": 0.0010959313725490197,
  "aqi": 0.006084251862745098,
  "bids_meta": {
    "AcquisitionMatrixPE": 78,
    "AcquisitionNumber": 15,
    "AcquisitionTime": "13:39:8.860000",
    "BodyPartExamined": "HEAD",
    "ConversionSoftware": "dcm2niix",
    "ConversionSoftwareVersion": "v1.0.20180622 GCC4.9.2",
    "DeviceSerialNumber": "34111",
    "EchoTime": 0.030001,
    "EchoTrainLength": 31,
    "FlipAngle": 75,
    "ImageOrientationPatientDICOM": [
      0.998382,
      0.0491632,
      -0.02858,
      -0.0536373,
      0.98107,
      -0.186075
    ],
    "ImageType": [
      "ORIGINAL",
      "PRIMARY",
      "M",
      "FFE",
      "M",
      "FFE"
    ],
    "InPlanePhaseEncodingDirectionDICOM": "COL",
    "MRAcquisitionType": "2D",
    "MagneticFieldStrength": 3,
    "Manufacturer": "Philips",
    "ManufacturersModelName": "Achieva_dStream",
    "Modality": "MR",
    "PatientPosition": "HFS",
    "PercentPhaseFOV": 100,
    "PhaseEncodingAxis": "j",
    "PhaseEncodingSteps": 78,
    "PhilipsRescaleIntercept": 0,
    "PhilipsRescaleSlope": 0.794628,
    "PhilipsScaleSlope": 0.00748766,
    "PixelBandwidth": 3418,
    "ProtocolName": "EPI_run11_204dyn",
    "ReconMatrixPE": 80,
    "RepetitionTime": 2,
    "SAR": 0.0791066,
    "ScanOptions": "FS",
    "ScanningSequence": "GR",
    "SequenceVariant": "SK",
    "SeriesDescription": "EPI_run11_204dyn",
    "SeriesNumber": 1501,
    "SliceThickness": 3,
    "SoftwareVersions": "5.3.1_5.3.1.1",
    "SpacingBetweenSlices": 3.2,
    "StationName": "HOST_INGENIA",
    "TaskName": "faces",
    "UsePhilipsFloatNotDisplayScaling": 1,
    "dataset": "ds001761",
    "modality": "bold",
    "run_id": 11,
    "session_id": "05",
    "subject_id": "04",
    "task_id": "faces"
  },
  "dummy_trs": 0,
  "dvars_nstd": 28.18369712246303,
  "dvars_std": 1.2876691410344818,
  "dvars_vstd": 0.9964738561576356,
  "efc": 0.4167631563961938,
  "fber": 105412.546875,
  "fd_mean": 0.06969155930217355,
  "fd_num": 0,
  "fd_perc": 0.0,
  "fwhm_avg": 1.767655811066718,
  "fwhm_x": 1.7280433333333332,
  "fwhm_y": 1.89639,
  "fwhm_z": 1.678534099866821,
  "gcor": 0.049133,
  "gsr_x": -0.0009010554058477283,
  "gsr_y": 0.0031374816317111254,
  "provenance": {
    "md5sum": "a0ca9864bfdd52a8e5809be44fdb1c01",
    "settings": {
      "fd_thres": 0.2,
      "testing": false
    },
    "software": "mriqc",
    "version": "21.0.0rc2",
    "webapi_port": null,
    "webapi_url": "https://mriqc.nimh.nih.gov/api/v1"
  },
  "size_t": 204,
  "size_x": 80,
  "size_y": 80,
  "size_z": 41,
  "snr": 4.799065404165725,
  "spacing_tr": 1.9999991655349731,
  "spacing_x": 3.0,
  "spacing_y": 3.0,
  "spacing_z": 3.200000524520874,
  "summary_bg_k": 135.68810218858548,
  "summary_bg_mad": 552.460182924349,
  "summary_bg_mean": 3854.11474609375,
  "summary_bg_median": 497.79217529296875,
  "summary_bg_n": 180823.0,
  "summary_bg_p05": 52.055148696899415,
  "summary_bg_p95": 17168.918749999997,
  "summary_bg_stdv": 12016.1416015625,
  "summary_fg_k": 5.080656694176255,
  "summary_fg_mad": 24966.53488078139,
  "summary_fg_mean": 167107.59375,
  "summary_fg_median": 161954.0625,
  "summary_fg_n": 37522.0,
  "summary_fg_p05": 126933.451171875,
  "summary_fg_p95": 224841.23046874997,
  "summary_fg_stdv": 33746.55078125,
  "tsnr": 66.00955200195312
}