{
  "aor": 0.0014122167487684728,
  "aqi": 0.004150162660098522,
  "bids_meta": {
    "AcquisitionMatrixPE": 78,
    "AcquisitionNumber": 6,
    "AcquisitionTime": "12:33:21.970000",
    "BodyPartExamined": "HEAD",
    "ConversionSoftware": "dcm2niix",
    "ConversionSoftwareVersion": "v1.0.20180622 GCC4.9.2",
    "DeviceSerialNumber": "34111",
    "EchoTime": 0.03,
    "EchoTrainLength": 31,
    "FlipAngle": 75,
    "ImageOrientationPatientDICOM": [
      0.994959,
      0.0926782,
      -0.0383119,
      -0.0974756,
      0.983523,
      -0.152251
    ],
    "ImageType": [
      "ORIGINAL",
      "PRIMARY",
      "M",
      "FFE",
      "M",
      "FFE"
    ],
    "InPlanePhaseEncodingDirectionDICOM": "COL",
    "MRAcquisitionType": "2D",
    "MagneticFieldStrength": 3,
    "Manufacturer": "Philips",
    "ManufacturersModelName": "Achieva_dStream",
    "Modality": "MR",
    "PatientPosition": "HFS",
    "PercentPhaseFOV": 100,
    "PhaseEncodingAxis": "j",
    "PhaseEncodingSteps": 78,
    "PhilipsRescaleIntercept": 0,
    "PhilipsRescaleSlope": 0.854457,
    "PhilipsScaleSlope": 0.00654421,
    "PixelBandwidth": 3413,
    "ProtocolName": "EPI_run4_204dyn",
    "ReconMatrixPE": 80,
    "RepetitionTime": 2,
    "SAR": 0.0791081,
    "ScanOptions": "FS",
    "ScanningSequence": "GR",
    "SequenceVariant": "SK",
    "SeriesDescription": "EPI_run4_204dyn",
    "SeriesNumber": 601,
    "SliceThickness": 3,
    "SoftwareVersions": "5.3.1_5.3.1.1",
    "SpacingBetweenSlices": 3.2,
    "StationName": "HOST_INGENIA",
    "TaskName": "faces",
    "UsePhilipsFloatNotDisplayScaling": 1,
    "dataset": "ds001761",
    "modality": "bold",
    "run_id": 4,
    "session_id": "05",
    "subject_id": "04",
    "task_id": "faces"
  },
  "dummy_trs": 1,
  "dvars_nstd": 26.443598010891076,
  "dvars_std": 1.2900907749009902,
  "dvars_vstd": 1.020299023861386,
  "efc": 0.4163308839919465,
  "fber": 134361.125,
  "fd_mean": 0.05750757538083647,
  "fd_num": 0,
  "fd_perc": 0.0,
  "fwhm_avg": 1.8751834818983444,
  "fwhm_x": 1.8493266666666666,
  "fwhm_y": 2.006326666666667,
  "fwhm_z": 1.7698971123616993,
  "gcor": 0.0414533,
  "gsr_x": -0.0026561410631984472,
  "gsr_y": 0.0008008372387848794,
  "provenance": {
    "md5sum": "2649907d50c8de15cb4a076e816da043",
    "settings": {
      "fd_thres": 0.2,
      "testing": false
    },
    "software": "mriqc",
    "version": "21.0.0rc2",
    "webapi_port": null,
    "webapi_url": "https://mriqc.nimh.nih.gov/api/v1"
  },
  "size_t": 203,
  "size_x": 80,
  "size_y": 80,
  "size_z": 41,
  "snr": 4.551291026729053,
  "spacing_tr": 1.9999991655349731,
  "spacing_x": 3.0,
  "spacing_y": 3.0,
  "spacing_z": 3.1999995708465576,
  "summary_bg_k": 104.41125620181596,
  "summary_bg_mad": 503.6203665196822,
  "summary_bg_mean": 3777.80908203125,
  "summary_bg_median": 446.111572265625,
  "summary_bg_n": 180496.0,
  "summary_bg_p05": 33.604928970336914,
  "summary_bg_p95": 17212.64794921875,
  "summary_bg_stdv": 11560.236328125,
  "summary_fg_k": 4.513173616028268,
  "summary_fg_mad": 28704.846877764274,
  "summary_fg_mean": 170368.265625,
  "summary_fg_median": 165315.1875,
  "summary_fg_n": 37585.0,
  "summary_fg_p05": 125462.0640625,
  "summary_fg_p95": 231547.38124999986,
  "summary_fg_stdv": 36322.21875,
  "tsnr": 75.67469787597656
}