{
  "aor": 0.0015138235294117647,
  "aqi": 0.003814045343137255,
  "bids_meta": {
    "AcquisitionMatrixPE": 78,
    "AcquisitionNumber": 8,
    "AcquisitionTime": "12:48:18.450000",
    "BodyPartExamined": "HEAD",
    "ConversionSoftware": "dcm2niix",
    "ConversionSoftwareVersion": "v1.0.20180622 GCC4.9.2",
    "DeviceSerialNumber": "34111",
    "EchoTime": 0.03,
    "EchoTrainLength": 31,
    "FlipAngle": 75,
    "ImageOrientationPatientDICOM": [
      0.994959,
      0.0926782,
      -0.0383119,
      -0.0974756,
      0.983523,
      -0.152251
    ],
    "ImageType": [
      "ORIGINAL",
      "PRIMARY",
      "M",
      "FFE",
      "M",
      "FFE"
    ],
    "InPlanePhaseEncodingDirectionDICOM": "COL",
    "MRAcquisitionType": "2D",
    "MagneticFieldStrength": 3,
    "Manufacturer": "Philips",
    "ManufacturersModelName": "Achieva_dStream",
    "Modality": "MR",
    "PatientPosition": "HFS",
    "PercentPhaseFOV": 100,
    "PhaseEncodingAxis": "j",
    "PhaseEncodingSteps": 78,
    "PhilipsRescaleIntercept": 0,
    "PhilipsRescaleSlope": 0.827106,
    "PhilipsScaleSlope": 0.00671419,
    "PixelBandwidth": 3413,
    "ProtocolName": "EPI_run6_204dyn",
    "ReconMatrixPE": 80,
    "RepetitionTime": 2,
    "SAR": 0.0791081,
    "ScanOptions": "FS",
    "ScanningSequence": "GR",
    "SequenceVariant": "SK",
    "SeriesDescription": "EPI_run6_204dyn",
    "SeriesNumber": 801,
    "SliceThickness": 3,
    "SoftwareVersions": "5.3.1_5.3.1.1",
    "SpacingBetweenSlices": 3.2,
    "StationName": "HOST_INGENIA",
    "TaskName": "faces",
    "UsePhilipsFloatNotDisplayScaling": 1,
    "dataset": "ds001761",
    "modality": "bold",
    "run_id": 6,
    "session_id": "05",
    "subject_id": "04",
    "task_id": "faces"
  },
  "dummy_trs": 0,
  "dvars_nstd": 26.33381670684729,
  "dvars_std": 1.2952749530541874,
  "dvars_vstd": 1.0155145240394092,
  "efc": 0.4162766446339867,
  "fber": 130635.2890625,
  "fd_mean": 0.053816745924139875,
  "fd_num": 1,
  "fd_perc": 0.49019607843137253,
  "fwhm_avg": 1.8798252181914823,
  "fwhm_x": 1.8519633333333332,
  "fwhm_y": 2.0135433333333332,
  "fwhm_z": 1.7739689879077807,
  "gcor": 0.0302952,
  "gsr_x": -0.002560016931965947,
  "gsr_y": 0.0005426736897788942,
  "provenance": {
    "md5sum": "5ba5bbf978d6eeb33aa1a39bf26b6591",
    "settings": {
      "fd_thres": 0.2,
      "testing": false
    },
    "software": "mriqc",
    "version": "21.0.0rc2",
    "webapi_port": null,
    "webapi_url": "https://mriqc.nimh.nih.gov/api/v1"
  },
  "size_t": 204,
  "size_x": 80,
  "size_y": 80,
  "size_z": 41,
  "snr": 4.518626738047646,
  "spacing_tr": 1.9999991655349731,
  "spacing_x": 3.0,
  "spacing_y": 3.0,
  "spacing_z": 3.1999995708465576,
  "summary_bg_k": 105.20982659681047,
  "summary_bg_mad": 505.56575029767964,
  "summary_bg_mean": 3770.607177734375,
  "summary_bg_median": 449.14324951171875,
  "summary_bg_n": 180522.0,
  "summary_bg_p05": 35.95525531768799,
  "summary_bg_p95": 17182.647363281227,
  "summary_bg_stdv": 11495.5068359375,
  "summary_fg_k": 4.558210579240643,
  "summary_fg_mad": 28726.286695783445,
  "summary_fg_mean": 169295.125,
  "summary_fg_median": 164351.3125,
  "summary_fg_n": 37592.0,
  "summary_fg_p05": 124435.91015625,
  "summary_fg_p95": 230491.11249999996,
  "summary_fg_stdv": 36371.4765625,
  "tsnr": 77.1797866821289
}