{
  "aor": 0.0011084803921568628,
  "aqi": 0.005748326568627451,
  "bids_meta": {
    "AcquisitionMatrixPE": 78,
    "AcquisitionNumber": 16,
    "AcquisitionTime": "13:46:32.740000",
    "BodyPartExamined": "HEAD",
    "ConversionSoftware": "dcm2niix",
    "ConversionSoftwareVersion": "v1.0.20180622 GCC4.9.2",
    "DeviceSerialNumber": "34111",
    "EchoTime": 0.030001,
    "EchoTrainLength": 31,
    "FlipAngle": 75,
    "ImageOrientationPatientDICOM": [
      0.998382,
      0.0491632,
      -0.02858,
      -0.0536373,
      0.98107,
      -0.186075
    ],
    "ImageType": [
      "ORIGINAL",
      "PRIMARY",
      "M",
      "FFE",
      "M",
      "FFE"
    ],
    "InPlanePhaseEncodingDirectionDICOM": "COL",
    "MRAcquisitionType": "2D",
    "MagneticFieldStrength": 3,
    "Manufacturer": "Philips",
    "ManufacturersModelName": "Achieva_dStream",
    "Modality": "MR",
    "PatientPosition": "HFS",
    "PercentPhaseFOV": 100,
    "PhaseEncodingAxis": "j",
    "PhaseEncodingSteps": 78,
    "PhilipsRescaleIntercept": 0,
    "PhilipsRescaleSlope": 0.805861,
    "PhilipsScaleSlope": 0.00734146,
    "PixelBandwidth": 3418,
    "ProtocolName": "EPI_run12_204dyn",
    "ReconMatrixPE": 80,
    "RepetitionTime": 2,
    "SAR": 0.0791066,
    "ScanOptions": "FS",
    "ScanningSequence": "GR",
    "SequenceVariant": "SK",
    "SeriesDescription": "EPI_run12_204dyn",
    "SeriesNumber": 1601,
    "SliceThickness": 3,
    "SoftwareVersions": "5.3.1_5.3.1.1",
    "SpacingBetweenSlices": 3.2,
    "StationName": "HOST_INGENIA",
    "TaskName": "faces",
    "UsePhilipsFloatNotDisplayScaling": 1,
    "dataset": "ds001761",
    "modality": "bold",
    "run_id": 12,
    "session_id": "05",
    "subject_id": "04",
    "task_id": "faces"
  },
  "dummy_trs": 0,
  "dvars_nstd": 28.30880079596061,
  "dvars_std": 1.2905194317733992,
  "dvars_vstd": 1.0029224256157636,
  "efc": 0.4167626980354223,
  "fber": 103823.1015625,
  "fd_mean": 0.07726954390553223,
  "fd_num": 1,
  "fd_perc": 0.49019607843137253,
  "fwhm_avg": 1.7627374782374166,
  "fwhm_x": 1.7272733333333334,
  "fwhm_y": 1.8916300000000001,
  "fwhm_z": 1.6693091013789159,
  "gcor": 0.0469763,
  "gsr_x": -0.0009177302708849311,
  "gsr_y": 0.0027291313745081425,
  "provenance": {
    "md5sum": "7e39cbbb09f704b7188d200fbd117986",
    "settings": {
      "fd_thres": 0.2,
      "testing": false
    },
    "software": "mriqc",
    "version": "21.0.0rc2",
    "webapi_port": null,
    "webapi_url": "https://mriqc.nimh.nih.gov/api/v1"
  },
  "size_t": 204,
  "size_x": 80,
  "size_y": 80,
  "size_z": 41,
  "snr": 4.790034284830485,
  "spacing_tr": 1.9999991655349731,
  "spacing_x": 3.0,
  "spacing_y": 3.0,
  "spacing_z": 3.200000524520874,
  "summary_bg_k": 128.85976310816406,
  "summary_bg_mad": 557.7722960436195,
  "summary_bg_mean": 3867.274658203125,
  "summary_bg_median": 500.39892578125,
  "summary_bg_n": 180908.0,
  "summary_bg_p05": 48.54425754547119,
  "summary_bg_p95": 17276.802929687492,
  "summary_bg_stdv": 12007.755859375,
  "summary_fg_k": 5.126719644018239,
  "summary_fg_mad": 24960.268569842236,
  "summary_fg_mean": 166939.296875,
  "summary_fg_median": 161761.1875,
  "summary_fg_n": 37444.0,
  "summary_fg_p05": 126743.30546875,
  "summary_fg_p95": 225015.12499999997,
  "summary_fg_stdv": 33769.91015625,
  "tsnr": 67.67092895507812
}