{
  "aor": 0.0012067156862745098,
  "aqi": 0.004312558480392157,
  "bids_meta": {
    "AcquisitionMatrixPE": 78,
    "AcquisitionNumber": 10,
    "AcquisitionTime": "13:05:29.310000",
    "BodyPartExamined": "HEAD",
    "ConversionSoftware": "dcm2niix",
    "ConversionSoftwareVersion": "v1.0.20180622 GCC4.9.2",
    "DeviceSerialNumber": "34111",
    "EchoTime": 0.03,
    "EchoTrainLength": 31,
    "FlipAngle": 75,
    "ImageOrientationPatientDICOM": [
      0.994959,
      0.0926782,
      -0.0383119,
      -0.0974756,
      0.983523,
      -0.152251
    ],
    "ImageType": [
      "ORIGINAL",
      "PRIMARY",
      "M",
      "FFE",
      "M",
      "FFE"
    ],
    "InPlanePhaseEncodingDirectionDICOM": "COL",
    "MRAcquisitionType": "2D",
    "MagneticFieldStrength": 3,
    "Manufacturer": "Philips",
    "ManufacturersModelName": "Achieva_dStream",
    "Modality": "MR",
    "PatientPosition": "HFS",
    "PercentPhaseFOV": 100,
    "PhaseEncodingAxis": "j",
    "PhaseEncodingSteps": 78,
    "PhilipsRescaleIntercept": 0,
    "PhilipsRescaleSlope": 0.862271,
    "PhilipsScaleSlope": 0.00660632,
    "PixelBandwidth": 3413,
    "ProtocolName": "EPI_run8_204dyn",
    "ReconMatrixPE": 80,
    "RepetitionTime": 2,
    "SAR": 0.0791081,
    "ScanOptions": "FS",
    "ScanningSequence": "GR",
    "SequenceVariant": "SK",
    "SeriesDescription": "EPI_run8_204dyn",
    "SeriesNumber": 1001,
    "SliceThickness": 3,
    "SoftwareVersions": "5.3.1_5.3.1.1",
    "SpacingBetweenSlices": 3.2,
    "StationName": "HOST_INGENIA",
    "TaskName": "faces",
    "UsePhilipsFloatNotDisplayScaling": 1,
    "dataset": "ds001761",
    "modality": "bold",
    "run_id": 8,
    "session_id": "05",
    "subject_id": "04",
    "task_id": "faces"
  },
  "dummy_trs": 0,
  "dvars_nstd": 26.0025130304926,
  "dvars_std": 1.2522765136945813,
  "dvars_vstd": 1.0053410935467986,
  "efc": 0.4166607509604965,
  "fber": 130210.15625,
  "fd_mean": 0.0670795064740724,
  "fd_num": 0,
  "fd_perc": 0.0,
  "fwhm_avg": 1.8775901486477125,
  "fwhm_x": 1.8495466666666667,
  "fwhm_y": 2.011476666666667,
  "fwhm_z": 1.7717471126098039,
  "gcor": 0.0250811,
  "gsr_x": -0.0022540211211889982,
  "gsr_y": 0.0007206156151369214,
  "provenance": {
    "md5sum": "2cd0b4341670000d6f8e1bd3da581f4a",
    "settings": {
      "fd_thres": 0.2,
      "testing": false
    },
    "software": "mriqc",
    "version": "21.0.0rc2",
    "webapi_port": null,
    "webapi_url": "https://mriqc.nimh.nih.gov/api/v1"
  },
  "size_t": 204,
  "size_x": 80,
  "size_y": 80,
  "size_z": 41,
  "snr": 4.536158240184724,
  "spacing_tr": 1.9999991655349731,
  "spacing_x": 3.0,
  "spacing_y": 3.0,
  "spacing_z": 3.1999995708465576,
  "summary_bg_k": 101.14235200755358,
  "summary_bg_mad": 507.2306237270388,
  "summary_bg_mean": 3815.70947265625,
  "summary_bg_median": 449.0863342285156,
  "summary_bg_n": 180609.0,
  "summary_bg_p05": 34.702825927734374,
  "summary_bg_p95": 17399.324609375,
  "summary_bg_stdv": 11587.001953125,
  "summary_fg_k": 4.42913004030545,
  "summary_fg_mad": 28441.383830403895,
  "summary_fg_mean": 168533.796875,
  "summary_fg_median": 163633.734375,
  "summary_fg_n": 37635.0,
  "summary_fg_p05": 123858.97734375,
  "summary_fg_p95": 229340.8765625,
  "summary_fg_stdv": 36072.71875,
  "tsnr": 72.12610626220703
}