{
  "aor": 0.0022244117647058823,
  "aqi": 0.0045784797058823525,
  "bids_meta": {
    "AcquisitionMatrixPE": 78,
    "AcquisitionNumber": 9,
    "AcquisitionTime": "12:57:23.520000",
    "BodyPartExamined": "HEAD",
    "ConversionSoftware": "dcm2niix",
    "ConversionSoftwareVersion": "v1.0.20180622 GCC4.9.2",
    "DeviceSerialNumber": "34111",
    "EchoTime": 0.03,
    "EchoTrainLength": 31,
    "FlipAngle": 75,
    "ImageOrientationPatientDICOM": [
      0.994959,
      0.0926782,
      -0.0383119,
      -0.0974756,
      0.983523,
      -0.152251
    ],
    "ImageType": [
      "ORIGINAL",
      "PRIMARY",
      "M",
      "FFE",
      "M",
      "FFE"
    ],
    "InPlanePhaseEncodingDirectionDICOM": "COL",
    "MRAcquisitionType": "2D",
    "MagneticFieldStrength": 3,
    "Manufacturer": "Philips",
    "ManufacturersModelName": "Achieva_dStream",
    "Modality": "MR",
    "PatientPosition": "HFS",
    "PercentPhaseFOV": 100,
    "PhaseEncodingAxis": "j",
    "PhaseEncodingSteps": 78,
    "PhilipsRescaleIntercept": 0,
    "PhilipsRescaleSlope": 0.837363,
    "PhilipsScaleSlope": 0.00683591,
    "PixelBandwidth": 3413,
    "ProtocolName": "EPI_run7_204dyn",
    "ReconMatrixPE": 80,
    "RepetitionTime": 2,
    "SAR": 0.0791081,
    "ScanOptions": "FS",
    "ScanningSequence": "GR",
    "SequenceVariant": "SK",
    "SeriesDescription": "EPI_run7_204dyn",
    "SeriesNumber": 901,
    "SliceThickness": 3,
    "SoftwareVersions": "5.3.1_5.3.1.1",
    "SpacingBetweenSlices": 3.2,
    "StationName": "HOST_INGENIA",
    "TaskName": "faces",
    "UsePhilipsFloatNotDisplayScaling": 1,
    "dataset": "ds001761",
    "modality": "bold",
    "run_id": 7,
    "session_id": "05",
    "subject_id": "04",
    "task_id": "faces"
  },
  "dummy_trs": 0,
  "dvars_nstd": 26.190903772118233,
  "dvars_std": 1.253765114630542,
  "dvars_vstd": 1.0256615751724136,
  "efc": 0.4164245423762546,
  "fber": 132286.46875,
  "fd_mean": 0.08775679128537188,
  "fd_num": 10,
  "fd_perc": 4.901960784313726,
  "fwhm_avg": 1.8764373710409255,
  "fwhm_x": 1.8505666666666667,
  "fwhm_y": 2.0031733333333333,
  "fwhm_z": 1.7755721131227764,
  "gcor": 0.034881,
  "gsr_x": -0.0022937715984880924,
  "gsr_y": 0.000679544173181057,
  "provenance": {
    "md5sum": "c0e0e1b082d1bf90e0e25727aa72ce7a",
    "settings": {
      "fd_thres": 0.2,
      "testing": false
    },
    "software": "mriqc",
    "version": "21.0.0rc2",
    "webapi_port": null,
    "webapi_url": "https://mriqc.nimh.nih.gov/api/v1"
  },
  "size_t": 204,
  "size_x": 80,
  "size_y": 80,
  "size_z": 41,
  "snr": 4.56629372916962,
  "spacing_tr": 1.9999991655349731,
  "spacing_x": 3.0,
  "spacing_y": 3.0,
  "spacing_z": 3.1999995708465576,
  "summary_bg_k": 99.71033454867352,
  "summary_bg_mad": 492.1087529929028,
  "summary_bg_mean": 3729.76513671875,
  "summary_bg_median": 439.362060546875,
  "summary_bg_n": 180553.0,
  "summary_bg_p05": 39.66935501098633,
  "summary_bg_p95": 16904.212109375,
  "summary_bg_stdv": 11354.1298828125,
  "summary_fg_k": 4.323002664736589,
  "summary_fg_mad": 28177.967114362844,
  "summary_fg_mean": 166720.765625,
  "summary_fg_median": 161864.90625,
  "summary_fg_n": 37562.0,
  "summary_fg_p05": 122632.423046875,
  "summary_fg_p95": 226826.74375,
  "summary_fg_stdv": 35447.29296875,
  "tsnr": 70.28095245361328
}