{
  "aor": 0.0012567647058823533,
  "aqi": 0.0069879847549019596,
  "bids_meta": {
    "AcquisitionMatrixPE": 78,
    "AcquisitionNumber": 14,
    "AcquisitionTime": "13:31:25.430000",
    "BodyPartExamined": "HEAD",
    "ConversionSoftware": "dcm2niix",
    "ConversionSoftwareVersion": "v1.0.20180622 GCC4.9.2",
    "DeviceSerialNumber": "34111",
    "EchoTime": 0.030001,
    "EchoTrainLength": 31,
    "FlipAngle": 75,
    "ImageOrientationPatientDICOM": [
      0.998382,
      0.0491632,
      -0.02858,
      -0.0536373,
      0.98107,
      -0.186075
    ],
    "ImageType": [
      "ORIGINAL",
      "PRIMARY",
      "M",
      "FFE",
      "M",
      "FFE"
    ],
    "InPlanePhaseEncodingDirectionDICOM": "COL",
    "MRAcquisitionType": "2D",
    "MagneticFieldStrength": 3,
    "Manufacturer": "Philips",
    "ManufacturersModelName": "Achieva_dStream",
    "Modality": "MR",
    "PatientPosition": "HFS",
    "PercentPhaseFOV": 100,
    "PhaseEncodingAxis": "j",
    "PhaseEncodingSteps": 78,
    "PhilipsRescaleIntercept": 0,
    "PhilipsRescaleSlope": 0.774115,
    "PhilipsScaleSlope": 0.00749321,
    "PixelBandwidth": 3418,
    "ProtocolName": "EPI_run10_204dyn",
    "ReconMatrixPE": 80,
    "RepetitionTime": 2,
    "SAR": 0.0791066,
    "ScanOptions": "FS",
    "ScanningSequence": "GR",
    "SequenceVariant": "SK",
    "SeriesDescription": "EPI_run10_204dyn",
    "SeriesNumber": 1401,
    "SliceThickness": 3,
    "SoftwareVersions": "5.3.1_5.3.1.1",
    "SpacingBetweenSlices": 3.2,
    "StationName": "HOST_INGENIA",
    "TaskName": "faces",
    "UsePhilipsFloatNotDisplayScaling": 1,
    "dataset": "ds001761",
    "modality": "bold",
    "run_id": 10,
    "session_id": "05",
    "subject_id": "04",
    "task_id": "faces"
  },
  "dummy_trs": 0,
  "dvars_nstd": 26.63713905275863,
  "dvars_std": 1.252706680492611,
  "dvars_vstd": 0.9897321237438423,
  "efc": 0.4162578518423556,
  "fber": 103415.3046875,
  "fd_mean": 0.05562865334295102,
  "fd_num": 0,
  "fd_perc": 0.0,
  "fwhm_avg": 1.7716581718175626,
  "fwhm_x": 1.7370133333333333,
  "fwhm_y": 1.8928333333333331,
  "fwhm_z": 1.6851278487860213,
  "gcor": 0.0258877,
  "gsr_x": -0.0010260833660140634,
  "gsr_y": 0.0036438656970858574,
  "provenance": {
    "md5sum": "41b70c3ce6309980ef291b6df7388d3b",
    "settings": {
      "fd_thres": 0.2,
      "testing": false
    },
    "software": "mriqc",
    "version": "21.0.0rc2",
    "webapi_port": null,
    "webapi_url": "https://mriqc.nimh.nih.gov/api/v1"
  },
  "size_t": 204,
  "size_x": 80,
  "size_y": 80,
  "size_z": 41,
  "snr": 4.793487878081322,
  "spacing_tr": 1.9999991655349731,
  "spacing_x": 3.0,
  "spacing_y": 3.0,
  "spacing_z": 3.200000524520874,
  "summary_bg_k": 144.02229878285354,
  "summary_bg_mad": 567.2118046570413,
  "summary_bg_mean": 3867.99560546875,
  "summary_bg_median": 510.5413818359375,
  "summary_bg_n": 180862.0,
  "summary_bg_p05": 53.1932508468628,
  "summary_bg_p95": 17299.490820312476,
  "summary_bg_stdv": 12043.408203125,
  "summary_fg_k": 4.968154820671426,
  "summary_fg_mad": 25553.20521177599,
  "summary_fg_mean": 169473.09375,
  "summary_fg_median": 164157.3125,
  "summary_fg_n": 37556.0,
  "summary_fg_p05": 128531.705078125,
  "summary_fg_p95": 228622.7578125,
  "summary_fg_stdv": 34245.4453125,
  "tsnr": 63.81413650512695
}