{
  "aor": 0.001078578431372549,
  "aqi": 0.006874119460784314,
  "bids_meta": {
    "AcquisitionMatrixPE": 78,
    "AcquisitionNumber": 15,
    "AcquisitionTime": "12:58:25.870000",
    "BodyPartExamined": "HEAD",
    "ConversionSoftware": "dcm2niix",
    "ConversionSoftwareVersion": "v1.0.20180622 GCC4.9.2",
    "DeviceSerialNumber": "34111",
    "EchoTime": 0.030001,
    "EchoTrainLength": 31,
    "FlipAngle": 75,
    "ImageOrientationPatientDICOM": [
      0.998443,
      -0.0543958,
      0.0123698,
      0.0553827,
      0.993141,
      -0.102974
    ],
    "ImageType": [
      "ORIGINAL",
      "PRIMARY",
      "M",
      "FFE",
      "M",
      "FFE"
    ],
    "InPlanePhaseEncodingDirectionDICOM": "COL",
    "MRAcquisitionType": "2D",
    "MagneticFieldStrength": 3,
    "Manufacturer": "Philips",
    "ManufacturersModelName": "Achieva_dStream",
    "Modality": "MR",
    "PatientPosition": "HFS",
    "PercentPhaseFOV": 100,
    "PhaseEncodingAxis": "j",
    "PhaseEncodingSteps": 78,
    "PhilipsRescaleIntercept": 0,
    "PhilipsRescaleSlope": 0.795604,
    "PhilipsScaleSlope": 0.00845639,
    "PixelBandwidth": 3420,
    "ProtocolName": "EPI_run13_204dyn",
    "ReconMatrixPE": 80,
    "RepetitionTime": 2,
    "SAR": 0.0791057,
    "ScanOptions": "FS",
    "ScanningSequence": "GR",
    "SequenceVariant": "SK",
    "SeriesDescription": "EPI_run13_204dyn",
    "SeriesNumber": 1501,
    "SliceThickness": 3,
    "SoftwareVersions": "5.3.1_5.3.1.1",
    "SpacingBetweenSlices": 3.2,
    "StationName": "HOST_INGENIA",
    "TaskName": "faces",
    "UsePhilipsFloatNotDisplayScaling": 1,
    "dataset": "ds001761",
    "modality": "bold",
    "run_id": 13,
    "session_id": "07",
    "subject_id": "01",
    "task_id": "faces"
  },
  "dummy_trs": 0,
  "dvars_nstd": 26.558647296995076,
  "dvars_std": 1.145512013251231,
  "dvars_vstd": 0.9929536998029557,
  "efc": 0.4180451150805932,
  "fber": 111055.2890625,
  "fd_mean": 0.16500445209608766,
  "fd_num": 57,
  "fd_perc": 27.941176470588236,
  "fwhm_avg": 1.7967675495757183,
  "fwhm_x": 1.7379033333333334,
  "fwhm_y": 1.9408333333333332,
  "fwhm_z": 1.7115659820604883,
  "gcor": 0.0209056,
  "gsr_x": -0.012018374167382717,
  "gsr_y": 0.012505481019616127,
  "provenance": {
    "md5sum": "93627bb029107b625b979633525a0de6",
    "settings": {
      "fd_thres": 0.2,
      "testing": false
    },
    "software": "mriqc",
    "version": "21.0.0rc2",
    "webapi_port": null,
    "webapi_url": "https://mriqc.nimh.nih.gov/api/v1"
  },
  "size_t": 204,
  "size_x": 80,
  "size_y": 80,
  "size_z": 41,
  "snr": 4.676510963920024,
  "spacing_tr": 1.9999991655349731,
  "spacing_x": 3.0,
  "spacing_y": 3.0,
  "spacing_z": 3.1999993324279785,
  "summary_bg_k": 153.60529800660402,
  "summary_bg_mad": 535.8081513701167,
  "summary_bg_mean": 3616.803955078125,
  "summary_bg_median": 464.5003356933594,
  "summary_bg_n": 180810.0,
  "summary_bg_p05": 36.50306568145752,
  "summary_bg_p95": 16169.106640624977,
  "summary_bg_stdv": 10724.091796875,
  "summary_fg_k": 3.1356927891980755,
  "summary_fg_mad": 27809.864782299497,
  "summary_fg_mean": 161261.078125,
  "summary_fg_median": 156010.03125,
  "summary_fg_n": 38476.0,
  "summary_fg_p05": 119845.40625,
  "summary_fg_p95": 222835.1640625,
  "summary_fg_stdv": 33359.9140625,
  "tsnr": 58.874267578125
}