{
  "aor": 0.0013962745098039218,
  "aqi": 0.006347681323529412,
  "bids_meta": {
    "AcquisitionMatrixPE": 78,
    "AcquisitionNumber": 9,
    "AcquisitionTime": "12:13:2.870000",
    "BodyPartExamined": "HEAD",
    "ConversionSoftware": "dcm2niix",
    "ConversionSoftwareVersion": "v1.0.20180622 GCC4.9.2",
    "DeviceSerialNumber": "34111",
    "EchoTime": 0.030001,
    "EchoTrainLength": 31,
    "FlipAngle": 75,
    "ImageOrientationPatientDICOM": [
      0.998443,
      -0.0543958,
      0.0123698,
      0.0553827,
      0.993141,
      -0.102974
    ],
    "ImageType": [
      "ORIGINAL",
      "PRIMARY",
      "M",
      "FFE",
      "M",
      "FFE"
    ],
    "InPlanePhaseEncodingDirectionDICOM": "COL",
    "MRAcquisitionType": "2D",
    "MagneticFieldStrength": 3,
    "Manufacturer": "Philips",
    "ManufacturersModelName": "Achieva_dStream",
    "Modality": "MR",
    "PatientPosition": "HFS",
    "PercentPhaseFOV": 100,
    "PhaseEncodingAxis": "j",
    "PhaseEncodingSteps": 78,
    "PhilipsRescaleIntercept": 0,
    "PhilipsRescaleSlope": 0.846642,
    "PhilipsScaleSlope": 0.00787375,
    "PixelBandwidth": 3420,
    "ProtocolName": "EPI_run7_204dyn",
    "ReconMatrixPE": 80,
    "RepetitionTime": 2,
    "SAR": 0.0791057,
    "ScanOptions": "FS",
    "ScanningSequence": "GR",
    "SequenceVariant": "SK",
    "SeriesDescription": "EPI_run7_204dyn",
    "SeriesNumber": 901,
    "SliceThickness": 3,
    "SoftwareVersions": "5.3.1_5.3.1.1",
    "SpacingBetweenSlices": 3.2,
    "StationName": "HOST_INGENIA",
    "TaskName": "faces",
    "UsePhilipsFloatNotDisplayScaling": 1,
    "dataset": "ds001761",
    "modality": "bold",
    "run_id": 7,
    "session_id": "07",
    "subject_id": "01",
    "task_id": "faces"
  },
  "dummy_trs": 0,
  "dvars_nstd": 28.468435973152733,
  "dvars_std": 1.2061122279802956,
  "dvars_vstd": 1.0087132432512311,
  "efc": 0.41695417824771286,
  "fber": 113932.5625,
  "fd_mean": 0.17140086259665152,
  "fd_num": 55,
  "fd_perc": 26.96078431372549,
  "fwhm_avg": 1.802889286116014,
  "fwhm_x": 1.7417366666666665,
  "fwhm_y": 1.9491933333333333,
  "fwhm_z": 1.717737858348042,
  "gcor": 0.0274143,
  "gsr_x": -0.011178618296980858,
  "gsr_y": 0.012203962542116642,
  "provenance": {
    "md5sum": "f9da75568ca369f6ca07b79a008a93b4",
    "settings": {
      "fd_thres": 0.2,
      "testing": false
    },
    "software": "mriqc",
    "version": "21.0.0rc2",
    "webapi_port": null,
    "webapi_url": "https://mriqc.nimh.nih.gov/api/v1"
  },
  "size_t": 204,
  "size_x": 80,
  "size_y": 80,
  "size_z": 41,
  "snr": 4.673701057503338,
  "spacing_tr": 1.9999991655349731,
  "spacing_x": 3.0,
  "spacing_y": 3.0,
  "spacing_z": 3.1999993324279785,
  "summary_bg_k": 152.97007971099706,
  "summary_bg_mad": 533.9745973256493,
  "summary_bg_mean": 3595.01806640625,
  "summary_bg_median": 468.29119873046875,
  "summary_bg_n": 180747.0,
  "summary_bg_p05": 39.90187149047852,
  "summary_bg_p95": 15868.387499999983,
  "summary_bg_stdv": 10810.623046875,
  "summary_fg_k": 3.140139822705458,
  "summary_fg_mad": 28239.205535685025,
  "summary_fg_mean": 164524.71875,
  "summary_fg_median": 158993.5625,
  "summary_fg_n": 38472.0,
  "summary_fg_p05": 122143.104296875,
  "summary_fg_p95": 227157.97656249994,
  "summary_fg_stdv": 34018.328125,
  "tsnr": 60.89073181152344
}