{
  "aor": 0.0009519117647058822,
  "aqi": 0.008234443774509805,
  "bids_meta": {
    "AcquisitionMatrixPE": 78,
    "AcquisitionNumber": 6,
    "AcquisitionTime": "11:50:24.770000",
    "BodyPartExamined": "HEAD",
    "ConversionSoftware": "dcm2niix",
    "ConversionSoftwareVersion": "v1.0.20180622 GCC4.9.2",
    "DeviceSerialNumber": "34111",
    "EchoTime": 0.030001,
    "EchoTrainLength": 31,
    "FlipAngle": 75,
    "ImageOrientationPatientDICOM": [
      0.998443,
      -0.0543958,
      0.0123698,
      0.0553827,
      0.993141,
      -0.102974
    ],
    "ImageType": [
      "ORIGINAL",
      "PRIMARY",
      "M",
      "FFE",
      "M",
      "FFE"
    ],
    "InPlanePhaseEncodingDirectionDICOM": "COL",
    "MRAcquisitionType": "2D",
    "MagneticFieldStrength": 3,
    "Manufacturer": "Philips",
    "ManufacturersModelName": "Achieva_dStream",
    "Modality": "MR",
    "PatientPosition": "HFS",
    "PercentPhaseFOV": 100,
    "PhaseEncodingAxis": "j",
    "PhaseEncodingSteps": 78,
    "PhilipsRescaleIntercept": 0,
    "PhilipsRescaleSlope": 0.820757,
    "PhilipsScaleSlope": 0.00806278,
    "PixelBandwidth": 3420,
    "ProtocolName": "EPI_run4_204dyn",
    "ReconMatrixPE": 80,
    "RepetitionTime": 2,
    "SAR": 0.0791057,
    "ScanOptions": "FS",
    "ScanningSequence": "GR",
    "SequenceVariant": "SK",
    "SeriesDescription": "EPI_run4_204dyn",
    "SeriesNumber": 601,
    "SliceThickness": 3,
    "SoftwareVersions": "5.3.1_5.3.1.1",
    "SpacingBetweenSlices": 3.2,
    "StationName": "HOST_INGENIA",
    "TaskName": "faces",
    "UsePhilipsFloatNotDisplayScaling": 1,
    "dataset": "ds001761",
    "modality": "bold",
    "run_id": 4,
    "session_id": "07",
    "subject_id": "01",
    "task_id": "faces"
  },
  "dummy_trs": 0,
  "dvars_nstd": 28.802713835812817,
  "dvars_std": 1.1667507076354675,
  "dvars_vstd": 0.9845910086206894,
  "efc": 0.4177420240204446,
  "fber": 119871.953125,
  "fd_mean": 0.21578553469903955,
  "fd_num": 81,
  "fd_perc": 39.705882352941174,
  "fwhm_avg": 1.809193661985466,
  "fwhm_x": 1.74061,
  "fwhm_y": 1.95673,
  "fwhm_z": 1.7302409859563976,
  "gcor": 0.0215399,
  "gsr_x": -0.012343719601631165,
  "gsr_y": 0.01241923589259386,
  "provenance": {
    "md5sum": "bb19d3ae0af3cb36d5538e45bb945e10",
    "settings": {
      "fd_thres": 0.2,
      "testing": false
    },
    "software": "mriqc",
    "version": "21.0.0rc2",
    "webapi_port": null,
    "webapi_url": "https://mriqc.nimh.nih.gov/api/v1"
  },
  "size_t": 204,
  "size_x": 80,
  "size_y": 80,
  "size_z": 41,
  "snr": 4.648794528300197,
  "spacing_tr": 1.9999991655349731,
  "spacing_x": 3.0,
  "spacing_y": 3.0,
  "spacing_z": 3.1999993324279785,
  "summary_bg_k": 149.5213379559565,
  "summary_bg_mad": 517.9123060047712,
  "summary_bg_mean": 3616.243408203125,
  "summary_bg_median": 458.0032958984375,
  "summary_bg_n": 180712.0,
  "summary_bg_p05": 50.301233291625984,
  "summary_bg_p95": 15887.868554687497,
  "summary_bg_stdv": 10811.2041015625,
  "summary_fg_k": 3.220035739109651,
  "summary_fg_mad": 28454.171274538505,
  "summary_fg_mean": 164753.453125,
  "summary_fg_median": 159341.4375,
  "summary_fg_n": 38638.0,
  "summary_fg_p05": 121799.971875,
  "summary_fg_p95": 227110.2726562501,
  "summary_fg_stdv": 34275.41796875,
  "tsnr": 54.325828552246094
}