{
  "aor": 0.001054313725490196,
  "aqi": 0.007320001813725489,
  "bids_meta": {
    "AcquisitionMatrixPE": 78,
    "AcquisitionNumber": 11,
    "AcquisitionTime": "12:28:6.440000",
    "BodyPartExamined": "HEAD",
    "ConversionSoftware": "dcm2niix",
    "ConversionSoftwareVersion": "v1.0.20180622 GCC4.9.2",
    "DeviceSerialNumber": "34111",
    "EchoTime": 0.030001,
    "EchoTrainLength": 31,
    "FlipAngle": 75,
    "ImageOrientationPatientDICOM": [
      0.998443,
      -0.0543958,
      0.0123698,
      0.0553827,
      0.993141,
      -0.102974
    ],
    "ImageType": [
      "ORIGINAL",
      "PRIMARY",
      "M",
      "FFE",
      "M",
      "FFE"
    ],
    "InPlanePhaseEncodingDirectionDICOM": "COL",
    "MRAcquisitionType": "2D",
    "MagneticFieldStrength": 3,
    "Manufacturer": "Philips",
    "ManufacturersModelName": "Achieva_dStream",
    "Modality": "MR",
    "PatientPosition": "HFS",
    "PercentPhaseFOV": 100,
    "PhaseEncodingAxis": "j",
    "PhaseEncodingSteps": 78,
    "PhilipsRescaleIntercept": 0,
    "PhilipsRescaleSlope": 0.790476,
    "PhilipsScaleSlope": 0.00823463,
    "PixelBandwidth": 3420,
    "ProtocolName": "EPI_run9_204dyn",
    "ReconMatrixPE": 80,
    "RepetitionTime": 2,
    "SAR": 0.0791057,
    "ScanOptions": "FS",
    "ScanningSequence": "GR",
    "SequenceVariant": "SK",
    "SeriesDescription": "EPI_run9_204dyn",
    "SeriesNumber": 1101,
    "SliceThickness": 3,
    "SoftwareVersions": "5.3.1_5.3.1.1",
    "SpacingBetweenSlices": 3.2,
    "StationName": "HOST_INGENIA",
    "TaskName": "faces",
    "UsePhilipsFloatNotDisplayScaling": 1,
    "dataset": "ds001761",
    "modality": "bold",
    "run_id": 9,
    "session_id": "07",
    "subject_id": "01",
    "task_id": "faces"
  },
  "dummy_trs": 0,
  "dvars_nstd": 28.006806960738906,
  "dvars_std": 1.185105904433498,
  "dvars_vstd": 0.9913332487684726,
  "efc": 0.41711269468118695,
  "fber": 111440.546875,
  "fd_mean": 0.16628759012655658,
  "fd_num": 58,
  "fd_perc": 28.431372549019606,
  "fwhm_avg": 1.8060291481906716,
  "fwhm_x": 1.73891,
  "fwhm_y": 1.9475833333333332,
  "fwhm_z": 1.7315941112386817,
  "gcor": 0.0280839,
  "gsr_x": -0.011223174631595612,
  "gsr_y": 0.012572423554956913,
  "provenance": {
    "md5sum": "0c260529feb572922396ae12b294c42a",
    "settings": {
      "fd_thres": 0.2,
      "testing": false
    },
    "software": "mriqc",
    "version": "21.0.0rc2",
    "webapi_port": null,
    "webapi_url": "https://mriqc.nimh.nih.gov/api/v1"
  },
  "size_t": 204,
  "size_x": 80,
  "size_y": 80,
  "size_z": 41,
  "snr": 4.669993043477263,
  "spacing_tr": 1.9999991655349731,
  "spacing_x": 3.0,
  "spacing_y": 3.0,
  "spacing_z": 3.1999993324279785,
  "summary_bg_k": 155.1982777043926,
  "summary_bg_mad": 536.2375361473046,
  "summary_bg_mean": 3601.6748046875,
  "summary_bg_median": 472.0104675292969,
  "summary_bg_n": 180777.0,
  "summary_bg_p05": 43.89508056640625,
  "summary_bg_p95": 15997.518749999985,
  "summary_bg_stdv": 10795.658203125,
  "summary_fg_k": 3.0846885821173275,
  "summary_fg_mad": 28313.961119421234,
  "summary_fg_mean": 164052.265625,
  "summary_fg_median": 158751.671875,
  "summary_fg_n": 38482.0,
  "summary_fg_p05": 121835.04296875,
  "summary_fg_p95": 226597.490625,
  "summary_fg_stdv": 33993.54296875,
  "tsnr": 56.852779388427734
}