{
  "aor": 0.0012284803921568626,
  "aqi": 0.006387789656862745,
  "bids_meta": {
    "AcquisitionMatrixPE": 78,
    "AcquisitionNumber": 3,
    "AcquisitionTime": "11:27:43.100000",
    "BodyPartExamined": "HEAD",
    "ConversionSoftware": "dcm2niix",
    "ConversionSoftwareVersion": "v1.0.20180622 GCC4.9.2",
    "DeviceSerialNumber": "34111",
    "EchoTime": 0.030001,
    "EchoTrainLength": 31,
    "FlipAngle": 75,
    "ImageOrientationPatientDICOM": [
      0.998443,
      -0.0543958,
      0.0123698,
      0.0553827,
      0.993141,
      -0.102974
    ],
    "ImageType": [
      "ORIGINAL",
      "PRIMARY",
      "M",
      "FFE",
      "M",
      "FFE"
    ],
    "InPlanePhaseEncodingDirectionDICOM": "COL",
    "MRAcquisitionType": "2D",
    "MagneticFieldStrength": 3,
    "Manufacturer": "Philips",
    "ManufacturersModelName": "Achieva_dStream",
    "Modality": "MR",
    "PatientPosition": "HFS",
    "PercentPhaseFOV": 100,
    "PhaseEncodingAxis": "j",
    "PhaseEncodingSteps": 78,
    "PhilipsRescaleIntercept": 0,
    "PhilipsRescaleSlope": 0.823443,
    "PhilipsScaleSlope": 0.0078398,
    "PixelBandwidth": 3420,
    "ProtocolName": "EPI_run1_204dyn",
    "ReconMatrixPE": 80,
    "RepetitionTime": 2,
    "SAR": 0.0791057,
    "ScanOptions": "FS",
    "ScanningSequence": "GR",
    "SequenceVariant": "SK",
    "SeriesDescription": "EPI_run1_204dyn",
    "SeriesNumber": 301,
    "SliceThickness": 3,
    "SoftwareVersions": "5.3.1_5.3.1.1",
    "SpacingBetweenSlices": 3.2,
    "StationName": "HOST_INGENIA",
    "TaskName": "faces",
    "UsePhilipsFloatNotDisplayScaling": 1,
    "dataset": "ds001761",
    "modality": "bold",
    "run_id": 1,
    "session_id": "07",
    "subject_id": "01",
    "task_id": "faces"
  },
  "dummy_trs": 0,
  "dvars_nstd": 29.965231778029533,
  "dvars_std": 1.2325661552216751,
  "dvars_vstd": 0.9951674026108376,
  "efc": 0.41693828840763447,
  "fber": 112051.90625,
  "fd_mean": 0.14677709716325454,
  "fd_num": 35,
  "fd_perc": 17.15686274509804,
  "fwhm_avg": 1.819066996466189,
  "fwhm_x": 1.74585,
  "fwhm_y": 1.9646100000000002,
  "fwhm_z": 1.7467409893985668,
  "gcor": 0.017136,
  "gsr_x": -0.01282243337482214,
  "gsr_y": 0.012637721374630928,
  "provenance": {
    "md5sum": "1cb904c39a1d76bee37068740abe33b5",
    "settings": {
      "fd_thres": 0.2,
      "testing": false
    },
    "software": "mriqc",
    "version": "21.0.0rc2",
    "webapi_port": null,
    "webapi_url": "https://mriqc.nimh.nih.gov/api/v1"
  },
  "size_t": 204,
  "size_x": 80,
  "size_y": 80,
  "size_z": 41,
  "snr": 4.556116184220644,
  "spacing_tr": 1.9999991655349731,
  "spacing_x": 3.0,
  "spacing_y": 3.0,
  "spacing_z": 3.1999993324279785,
  "summary_bg_k": 171.30168840743764,
  "summary_bg_mad": 561.4055153062097,
  "summary_bg_mean": 3661.4375,
  "summary_bg_median": 481.9618225097656,
  "summary_bg_n": 180820.0,
  "summary_bg_p05": 35.871707153320315,
  "summary_bg_p95": 15752.958789062452,
  "summary_bg_stdv": 11211.521484375,
  "summary_fg_k": 3.2363765201810386,
  "summary_fg_mad": 29636.18747607193,
  "summary_fg_mean": 167235.453125,
  "summary_fg_median": 161806.640625,
  "summary_fg_n": 38510.0,
  "summary_fg_p05": 122517.87265625,
  "summary_fg_p95": 231491.3109374998,
  "summary_fg_stdv": 35513.69921875,
  "tsnr": 59.261680603027344
}