{
  "aor": 0.0011125641025641025,
  "aqi": 0.00741796482051282,
  "bids_meta": {
    "AcquisitionMatrixPE": 78,
    "AcquisitionNumber": 18,
    "AcquisitionTime": "11:47:26.830000",
    "ConversionSoftware": "dcm2niix",
    "ConversionSoftwareVersion": "v1.0.20180622 GCC4.9.2",
    "DeviceSerialNumber": "34111",
    "EchoTime": 0.03,
    "EchoTrainLength": 31,
    "FlipAngle": 75,
    "ImageOrientationPatientDICOM": [
      0.998746,
      0.00633731,
      0.0496559,
      -1.24683e-18,
      0.991954,
      -0.126598
    ],
    "ImageType": [
      "ORIGINAL",
      "PRIMARY",
      "M",
      "FFE",
      "M",
      "FFE"
    ],
    "InPlanePhaseEncodingDirectionDICOM": "COL",
    "InstitutionName": "INSERM_PURPAN",
    "InstitutionalDepartmentName": "NEURO-SCIENCES",
    "MRAcquisitionType": "2D",
    "MagneticFieldStrength": 3,
    "Manufacturer": "Philips",
    "ManufacturersModelName": "Achieva_dStream",
    "Modality": "MR",
    "PatientPosition": "HFS",
    "PercentPhaseFOV": 100,
    "PhaseEncodingAxis": "j",
    "PhaseEncodingSteps": 78,
    "PhilipsRescaleIntercept": 0,
    "PhilipsRescaleSlope": 0.79072,
    "PhilipsScaleSlope": 0.0259946,
    "PixelBandwidth": 3427,
    "ProtocolName": "EPI_run12_195dyn_SENSE",
    "ReconMatrixPE": 80,
    "RepetitionTime": 2,
    "SAR": 0.0793447,
    "ScanOptions": "FS",
    "ScanningSequence": "GR",
    "SequenceVariant": "SK",
    "SeriesDescription": "EPI_run12_195dyn",
    "SeriesNumber": 1801,
    "SliceThickness": 3,
    "SoftwareVersions": "5.1.7_5.1.7.2",
    "SpacingBetweenSlices": 3.2,
    "StationName": "PHILIPS-IL8E2TF",
    "TaskName": "faces",
    "UsePhilipsFloatNotDisplayScaling": 1,
    "dataset": "ds001761",
    "modality": "bold",
    "run_id": 12,
    "session_id": "01",
    "subject_id": "01",
    "task_id": "faces"
  },
  "dummy_trs": 0,
  "dvars_nstd": 26.422526536597942,
  "dvars_std": 1.1315909698453612,
  "dvars_vstd": 1.00411692871134,
  "efc": 0.4207340885465472,
  "fber": 125705.453125,
  "fd_mean": 0.11064432145303911,
  "fd_num": 8,
  "fd_perc": 4.102564102564102,
  "fwhm_avg": 1.6990114240928527,
  "fwhm_x": 1.6562533333333331,
  "fwhm_y": 1.8197166666666666,
  "fwhm_z": 1.6210642722785584,
  "gcor": 0.0210979,
  "gsr_x": -0.010320546105504036,
  "gsr_y": 0.016942856833338737,
  "provenance": {
    "md5sum": "86dfc4edeabf4ca300370dc2aea640de",
    "settings": {
      "fd_thres": 0.2,
      "testing": false
    },
    "software": "mriqc",
    "version": "21.0.0rc2",
    "webapi_port": null,
    "webapi_url": "https://mriqc.nimh.nih.gov/api/v1"
  },
  "size_t": 195,
  "size_x": 80,
  "size_y": 80,
  "size_z": 41,
  "snr": 5.206171110757805,
  "spacing_tr": 1.999998688697815,
  "spacing_x": 3.0,
  "spacing_y": 3.0,
  "spacing_z": 3.200002670288086,
  "summary_bg_k": 167.29319016122648,
  "summary_bg_mad": 150.46189270562823,
  "summary_bg_mean": 1280.689697265625,
  "summary_bg_median": 147.08987426757812,
  "summary_bg_n": 180551.0,
  "summary_bg_p05": 22.313495635986328,
  "summary_bg_p95": 5841.341796875,
  "summary_bg_stdv": 3994.78369140625,
  "summary_fg_k": 2.8227812863845925,
  "summary_fg_mad": 8191.467024174649,
  "summary_fg_mean": 53892.5859375,
  "summary_fg_median": 52159.13671875,
  "summary_fg_n": 38682.0,
  "summary_fg_p05": 41884.665234375,
  "summary_fg_p95": 72671.98124999992,
  "summary_fg_stdv": 10018.583984375,
  "tsnr": 59.46379852294922
}