{
  "aor": 0.0012076470588235294,
  "aqi": 0.010664489411764705,
  "bids_meta": {
    "AcquisitionMatrixPE": 78,
    "AcquisitionNumber": 14,
    "AcquisitionTime": "11:30:54.800000",
    "BodyPartExamined": "HEAD",
    "ConversionSoftware": "dcm2niix",
    "ConversionSoftwareVersion": "v1.0.20180622 GCC4.9.2",
    "DeviceSerialNumber": "34111",
    "EchoTime": 0.030001,
    "EchoTrainLength": 31,
    "FlipAngle": 75,
    "ImageOrientationPatientDICOM": [
      0.997992,
      -0.063312,
      -0.00175248,
      0.0623479,
      0.986912,
      -0.148722
    ],
    "ImageType": [
      "ORIGINAL",
      "PRIMARY",
      "M",
      "FFE",
      "M",
      "FFE"
    ],
    "InPlanePhaseEncodingDirectionDICOM": "COL",
    "MRAcquisitionType": "2D",
    "MagneticFieldStrength": 3,
    "Manufacturer": "Philips",
    "ManufacturersModelName": "Achieva_dStream",
    "Modality": "MR",
    "PatientPosition": "HFS",
    "PercentPhaseFOV": 100,
    "PhaseEncodingAxis": "j",
    "PhaseEncodingSteps": 78,
    "PhilipsRescaleIntercept": 0,
    "PhilipsRescaleSlope": 0.788767,
    "PhilipsScaleSlope": 0.00859781,
    "PixelBandwidth": 3418,
    "ProtocolName": "EPI_run12_204dyn",
    "ReconMatrixPE": 80,
    "RepetitionTime": 2,
    "SAR": 0.0791062,
    "ScanOptions": "FS",
    "ScanningSequence": "GR",
    "SequenceVariant": "SK",
    "SeriesDescription": "EPI_run12_204dyn",
    "SeriesNumber": 1401,
    "SliceThickness": 3,
    "SoftwareVersions": "5.3.1_5.3.1.1",
    "SpacingBetweenSlices": 3.2,
    "StationName": "HOST_INGENIA",
    "TaskName": "faces",
    "UsePhilipsFloatNotDisplayScaling": 1,
    "dataset": "ds001761",
    "modality": "bold",
    "run_id": 12,
    "session_id": "08",
    "subject_id": "01",
    "task_id": "faces"
  },
  "dummy_trs": 0,
  "dvars_nstd": 30.862506490738916,
  "dvars_std": 1.1631825582266009,
  "dvars_vstd": 0.9824747466502461,
  "efc": 0.419490708560415,
  "fber": 133386.984375,
  "fd_mean": 0.2609152146753417,
  "fd_num": 97,
  "fd_perc": 47.549019607843135,
  "fwhm_avg": 1.7597641393337609,
  "fwhm_x": 1.6936499999999999,
  "fwhm_y": 1.8910533333333335,
  "fwhm_z": 1.6945890846679486,
  "gcor": 0.024137,
  "gsr_x": -0.012519446201622486,
  "gsr_y": 0.014970164746046066,
  "provenance": {
    "md5sum": "bb97e3d73deecfd11b322ae23b8c66fd",
    "settings": {
      "fd_thres": 0.2,
      "testing": false
    },
    "software": "mriqc",
    "version": "21.0.0rc2",
    "webapi_port": null,
    "webapi_url": "https://mriqc.nimh.nih.gov/api/v1"
  },
  "size_t": 204,
  "size_x": 80,
  "size_y": 80,
  "size_z": 41,
  "snr": 4.800710339423591,
  "spacing_tr": 1.9999991655349731,
  "spacing_x": 3.0,
  "spacing_y": 3.0,
  "spacing_z": 3.200002908706665,
  "summary_bg_k": 160.1382448130438,
  "summary_bg_mad": 525.5155175695905,
  "summary_bg_mean": 3743.603759765625,
  "summary_bg_median": 432.8836669921875,
  "summary_bg_n": 180546.0,
  "summary_bg_p05": 31.731361865997314,
  "summary_bg_p95": 16848.27197265625,
  "summary_bg_stdv": 11180.8974609375,
  "summary_fg_k": 3.107872149414696,
  "summary_fg_mad": 27216.4764100023,
  "summary_fg_mean": 164446.828125,
  "summary_fg_median": 158512.21875,
  "summary_fg_n": 38738.0,
  "summary_fg_p05": 124575.84140625,
  "summary_fg_p95": 224960.62500000003,
  "summary_fg_stdv": 33018.06640625,
  "tsnr": 49.859737396240234
}