{
  "aor": 0.001473676470588235,
  "aqi": 0.006202987254901961,
  "bids_meta": {
    "AcquisitionMatrixPE": 78,
    "AcquisitionNumber": 3,
    "AcquisitionTime": "10:08:53.950000",
    "BodyPartExamined": "HEAD",
    "ConversionSoftware": "dcm2niix",
    "ConversionSoftwareVersion": "v1.0.20180622 GCC4.9.2",
    "DeviceSerialNumber": "34111",
    "EchoTime": 0.030001,
    "EchoTrainLength": 31,
    "FlipAngle": 75,
    "ImageOrientationPatientDICOM": [
      0.997992,
      -0.063312,
      -0.00175248,
      0.0623479,
      0.986912,
      -0.148722
    ],
    "ImageType": [
      "ORIGINAL",
      "PRIMARY",
      "M",
      "FFE",
      "M",
      "FFE"
    ],
    "InPlanePhaseEncodingDirectionDICOM": "COL",
    "MRAcquisitionType": "2D",
    "MagneticFieldStrength": 3,
    "Manufacturer": "Philips",
    "ManufacturersModelName": "Achieva_dStream",
    "Modality": "MR",
    "PatientPosition": "HFS",
    "PercentPhaseFOV": 100,
    "PhaseEncodingAxis": "j",
    "PhaseEncodingSteps": 78,
    "PhilipsRescaleIntercept": 0,
    "PhilipsRescaleSlope": 0.770208,
    "PhilipsScaleSlope": 0.00782208,
    "PixelBandwidth": 3418,
    "ProtocolName": "EPI_run1_204dyn",
    "ReconMatrixPE": 80,
    "RepetitionTime": 2,
    "SAR": 0.0791062,
    "ScanOptions": "FS",
    "ScanningSequence": "GR",
    "SequenceVariant": "SK",
    "SeriesDescription": "EPI_run1_204dyn",
    "SeriesNumber": 301,
    "SliceThickness": 3,
    "SoftwareVersions": "5.3.1_5.3.1.1",
    "SpacingBetweenSlices": 3.2,
    "StationName": "HOST_INGENIA",
    "TaskName": "faces",
    "UsePhilipsFloatNotDisplayScaling": 1,
    "dataset": "ds001761",
    "modality": "bold",
    "run_id": 1,
    "session_id": "08",
    "subject_id": "01",
    "task_id": "faces"
  },
  "dummy_trs": 0,
  "dvars_nstd": 28.162363089753697,
  "dvars_std": 1.2009641589162563,
  "dvars_vstd": 1.0048161477832511,
  "efc": 0.4162053313372889,
  "fber": 151308.3125,
  "fd_mean": 0.13597273366823368,
  "fd_num": 29,
  "fd_perc": 14.215686274509803,
  "fwhm_avg": 1.7723274656377257,
  "fwhm_x": 1.7026466666666666,
  "fwhm_y": 1.8965466666666666,
  "fwhm_z": 1.7177890635798443,
  "gcor": 0.0120041,
  "gsr_x": -0.013112419284880161,
  "gsr_y": 0.014553253538906574,
  "provenance": {
    "md5sum": "4c1b8114bcb303f9baa2c6a940dce4fa",
    "settings": {
      "fd_thres": 0.2,
      "testing": false
    },
    "software": "mriqc",
    "version": "21.0.0rc2",
    "webapi_port": null,
    "webapi_url": "https://mriqc.nimh.nih.gov/api/v1"
  },
  "size_t": 204,
  "size_x": 80,
  "size_y": 80,
  "size_z": 41,
  "snr": 4.695318348621692,
  "spacing_tr": 1.9999991655349731,
  "spacing_x": 3.0,
  "spacing_y": 3.0,
  "spacing_z": 3.200002908706665,
  "summary_bg_k": 176.26612640833926,
  "summary_bg_mad": 523.0225340197029,
  "summary_bg_mean": 3761.132080078125,
  "summary_bg_median": 427.5617980957031,
  "summary_bg_n": 181003.0,
  "summary_bg_p05": 23.639789199829103,
  "summary_bg_p95": 16266.955371093749,
  "summary_bg_stdv": 11743.6083984375,
  "summary_fg_k": 3.3486446662422944,
  "summary_fg_mad": 28789.44786685775,
  "summary_fg_mean": 172499.34375,
  "summary_fg_median": 166430.21875,
  "summary_fg_n": 38428.0,
  "summary_fg_p05": 129639.3625,
  "summary_fg_p95": 237887.9984375,
  "summary_fg_stdv": 35445.53125,
  "tsnr": 60.051612854003906
}