{
  "aor": 0.0010884803921568627,
  "aqi": 0.010325613774509803,
  "bids_meta": {
    "AcquisitionMatrixPE": 78,
    "AcquisitionNumber": 4,
    "AcquisitionTime": "10:16:30.680000",
    "BodyPartExamined": "HEAD",
    "ConversionSoftware": "dcm2niix",
    "ConversionSoftwareVersion": "v1.0.20180622 GCC4.9.2",
    "DeviceSerialNumber": "34111",
    "EchoTime": 0.030001,
    "EchoTrainLength": 31,
    "FlipAngle": 75,
    "ImageOrientationPatientDICOM": [
      0.997992,
      -0.063312,
      -0.00175248,
      0.0623479,
      0.986912,
      -0.148722
    ],
    "ImageType": [
      "ORIGINAL",
      "PRIMARY",
      "M",
      "FFE",
      "M",
      "FFE"
    ],
    "InPlanePhaseEncodingDirectionDICOM": "COL",
    "MRAcquisitionType": "2D",
    "MagneticFieldStrength": 3,
    "Manufacturer": "Philips",
    "ManufacturersModelName": "Achieva_dStream",
    "Modality": "MR",
    "PatientPosition": "HFS",
    "PercentPhaseFOV": 100,
    "PhaseEncodingAxis": "j",
    "PhaseEncodingSteps": 78,
    "PhilipsRescaleIntercept": 0,
    "PhilipsRescaleSlope": 0.802442,
    "PhilipsScaleSlope": 0.00772019,
    "PixelBandwidth": 3418,
    "ProtocolName": "EPI_run2_204dyn",
    "ReconMatrixPE": 80,
    "RepetitionTime": 2,
    "SAR": 0.0791062,
    "ScanOptions": "FS",
    "ScanningSequence": "GR",
    "SequenceVariant": "SK",
    "SeriesDescription": "EPI_run2_204dyn",
    "SeriesNumber": 401,
    "SliceThickness": 3,
    "SoftwareVersions": "5.3.1_5.3.1.1",
    "SpacingBetweenSlices": 3.2,
    "StationName": "HOST_INGENIA",
    "TaskName": "faces",
    "UsePhilipsFloatNotDisplayScaling": 1,
    "dataset": "ds001761",
    "modality": "bold",
    "run_id": 2,
    "session_id": "08",
    "subject_id": "01",
    "task_id": "faces"
  },
  "dummy_trs": 0,
  "dvars_nstd": 29.861025908669955,
  "dvars_std": 1.1589650616748763,
  "dvars_vstd": 0.9736541599507387,
  "efc": 0.4174425998464678,
  "fber": 154791.46875,
  "fd_mean": 0.1890625523418308,
  "fd_num": 62,
  "fd_perc": 30.392156862745097,
  "fwhm_avg": 1.7538104642424404,
  "fwhm_x": 1.70096,
  "fwhm_y": 1.8839166666666667,
  "fwhm_z": 1.6765547260606544,
  "gcor": 0.0156014,
  "gsr_x": -0.013139162212610245,
  "gsr_y": 0.014528834261000156,
  "provenance": {
    "md5sum": "5db5d64d625f2f5f8aacf03f0b58b13f",
    "settings": {
      "fd_thres": 0.2,
      "testing": false
    },
    "software": "mriqc",
    "version": "21.0.0rc2",
    "webapi_port": null,
    "webapi_url": "https://mriqc.nimh.nih.gov/api/v1"
  },
  "size_t": 204,
  "size_x": 80,
  "size_y": 80,
  "size_z": 41,
  "snr": 4.748498233960941,
  "spacing_tr": 1.9999991655349731,
  "spacing_x": 3.0,
  "spacing_y": 3.0,
  "spacing_z": 3.200002908706665,
  "summary_bg_k": 165.24380185319876,
  "summary_bg_mad": 486.94347825787554,
  "summary_bg_mean": 3752.1142578125,
  "summary_bg_median": 411.80731201171875,
  "summary_bg_n": 180826.0,
  "summary_bg_p05": 39.053317070007324,
  "summary_bg_p95": 16473.0341796875,
  "summary_bg_stdv": 11579.296875,
  "summary_fg_k": 3.439186551403888,
  "summary_fg_mad": 27657.782226604355,
  "summary_fg_mean": 168858.984375,
  "summary_fg_median": 162810.0625,
  "summary_fg_n": 38653.0,
  "summary_fg_p05": 127676.56875,
  "summary_fg_p95": 232065.94375000003,
  "summary_fg_stdv": 34286.19921875,
  "tsnr": 52.78069305419922
}