{
  "aor": 0.0015940686274509806,
  "aqi": 0.00877678612745098,
  "bids_meta": {
    "AcquisitionMatrixPE": 78,
    "AcquisitionNumber": 9,
    "AcquisitionTime": "10:53:35.870000",
    "BodyPartExamined": "HEAD",
    "ConversionSoftware": "dcm2niix",
    "ConversionSoftwareVersion": "v1.0.20180622 GCC4.9.2",
    "DeviceSerialNumber": "34111",
    "EchoTime": 0.030001,
    "EchoTrainLength": 31,
    "FlipAngle": 75,
    "ImageOrientationPatientDICOM": [
      0.997992,
      -0.063312,
      -0.00175248,
      0.0623479,
      0.986912,
      -0.148722
    ],
    "ImageType": [
      "ORIGINAL",
      "PRIMARY",
      "M",
      "FFE",
      "M",
      "FFE"
    ],
    "InPlanePhaseEncodingDirectionDICOM": "COL",
    "MRAcquisitionType": "2D",
    "MagneticFieldStrength": 3,
    "Manufacturer": "Philips",
    "ManufacturersModelName": "Achieva_dStream",
    "Modality": "MR",
    "PatientPosition": "HFS",
    "PercentPhaseFOV": 100,
    "PhaseEncodingAxis": "j",
    "PhaseEncodingSteps": 78,
    "PhilipsRescaleIntercept": 0,
    "PhilipsRescaleSlope": 0.801465,
    "PhilipsScaleSlope": 0.00814159,
    "PixelBandwidth": 3418,
    "ProtocolName": "EPI_run7_204dyn",
    "ReconMatrixPE": 80,
    "RepetitionTime": 2,
    "SAR": 0.0791062,
    "ScanOptions": "FS",
    "ScanningSequence": "GR",
    "SequenceVariant": "SK",
    "SeriesDescription": "EPI_run7_204dyn",
    "SeriesNumber": 901,
    "SliceThickness": 3,
    "SoftwareVersions": "5.3.1_5.3.1.1",
    "SpacingBetweenSlices": 3.2,
    "StationName": "HOST_INGENIA",
    "TaskName": "faces",
    "UsePhilipsFloatNotDisplayScaling": 1,
    "dataset": "ds001761",
    "modality": "bold",
    "run_id": 7,
    "session_id": "08",
    "subject_id": "01",
    "task_id": "faces"
  },
  "dummy_trs": 0,
  "dvars_nstd": 29.529432879261083,
  "dvars_std": 1.208975295073891,
  "dvars_vstd": 1.0047583427093598,
  "efc": 0.4176215897277352,
  "fber": 145892.734375,
  "fd_mean": 0.1619237390465396,
  "fd_num": 44,
  "fd_perc": 21.568627450980394,
  "fwhm_avg": 1.7630734403349975,
  "fwhm_x": 1.6982866666666665,
  "fwhm_y": 1.8813133333333332,
  "fwhm_z": 1.709620321004993,
  "gcor": 0.0202481,
  "gsr_x": -0.01227114163339138,
  "gsr_y": 0.01511762198060751,
  "provenance": {
    "md5sum": "0c7498dc80889886453acb170093f183",
    "settings": {
      "fd_thres": 0.2,
      "testing": false
    },
    "software": "mriqc",
    "version": "21.0.0rc2",
    "webapi_port": null,
    "webapi_url": "https://mriqc.nimh.nih.gov/api/v1"
  },
  "size_t": 204,
  "size_x": 80,
  "size_y": 80,
  "size_z": 41,
  "snr": 4.799266388316721,
  "spacing_tr": 1.9999991655349731,
  "spacing_x": 3.0,
  "spacing_y": 3.0,
  "spacing_z": 3.200002908706665,
  "summary_bg_k": 171.69529024787786,
  "summary_bg_mad": 489.21022900692685,
  "summary_bg_mean": 3687.121826171875,
  "summary_bg_median": 418.7644348144531,
  "summary_bg_n": 180688.0,
  "summary_bg_p05": 38.00231914520264,
  "summary_bg_p95": 16333.274853515617,
  "summary_bg_stdv": 11313.0458984375,
  "summary_fg_k": 3.2865373965964197,
  "summary_fg_mad": 27442.12151796095,
  "summary_fg_mean": 166243.15625,
  "summary_fg_median": 160358.9375,
  "summary_fg_n": 38534.0,
  "summary_fg_p05": 126187.178125,
  "summary_fg_p95": 227809.09296874993,
  "summary_fg_stdv": 33412.78515625,
  "tsnr": 53.612403869628906
}