{
  "aor": 0.002013529411764706,
  "aqi": 0.009596114460784313,
  "bids_meta": {
    "AcquisitionMatrixPE": 78,
    "AcquisitionNumber": 5,
    "AcquisitionTime": "10:23:50.120000",
    "BodyPartExamined": "HEAD",
    "ConversionSoftware": "dcm2niix",
    "ConversionSoftwareVersion": "v1.0.20180622 GCC4.9.2",
    "DeviceSerialNumber": "34111",
    "EchoTime": 0.030001,
    "EchoTrainLength": 31,
    "FlipAngle": 75,
    "ImageOrientationPatientDICOM": [
      0.997992,
      -0.063312,
      -0.00175248,
      0.0623479,
      0.986912,
      -0.148722
    ],
    "ImageType": [
      "ORIGINAL",
      "PRIMARY",
      "M",
      "FFE",
      "M",
      "FFE"
    ],
    "InPlanePhaseEncodingDirectionDICOM": "COL",
    "MRAcquisitionType": "2D",
    "MagneticFieldStrength": 3,
    "Manufacturer": "Philips",
    "ManufacturersModelName": "Achieva_dStream",
    "Modality": "MR",
    "PatientPosition": "HFS",
    "PercentPhaseFOV": 100,
    "PhaseEncodingAxis": "j",
    "PhaseEncodingSteps": 78,
    "PhilipsRescaleIntercept": 0,
    "PhilipsRescaleSlope": 0.748718,
    "PhilipsScaleSlope": 0.0081276,
    "PixelBandwidth": 3418,
    "ProtocolName": "EPI_run3_204dyn",
    "ReconMatrixPE": 80,
    "RepetitionTime": 2,
    "SAR": 0.0791062,
    "ScanOptions": "FS",
    "ScanningSequence": "GR",
    "SequenceVariant": "SK",
    "SeriesDescription": "EPI_run3_204dyn",
    "SeriesNumber": 501,
    "SliceThickness": 3,
    "SoftwareVersions": "5.3.1_5.3.1.1",
    "SpacingBetweenSlices": 3.2,
    "StationName": "HOST_INGENIA",
    "TaskName": "faces",
    "UsePhilipsFloatNotDisplayScaling": 1,
    "dataset": "ds001761",
    "modality": "bold",
    "run_id": 3,
    "session_id": "08",
    "subject_id": "01",
    "task_id": "faces"
  },
  "dummy_trs": 0,
  "dvars_nstd": 28.977654358275874,
  "dvars_std": 1.159941403842364,
  "dvars_vstd": 1.000798549852217,
  "efc": 0.41712854632453433,
  "fber": 161414.59375,
  "fd_mean": 0.23139717045627797,
  "fd_num": 100,
  "fd_perc": 49.01960784313726,
  "fwhm_avg": 1.75481484177146,
  "fwhm_x": 1.70076,
  "fwhm_y": 1.8954766666666665,
  "fwhm_z": 1.6682078586477134,
  "gcor": 0.0174927,
  "gsr_x": -0.012457440607249737,
  "gsr_y": 0.014541996642947197,
  "provenance": {
    "md5sum": "8ba7537167cdcd666b05c8ce44568a75",
    "settings": {
      "fd_thres": 0.2,
      "testing": false
    },
    "software": "mriqc",
    "version": "21.0.0rc2",
    "webapi_port": null,
    "webapi_url": "https://mriqc.nimh.nih.gov/api/v1"
  },
  "size_t": 204,
  "size_x": 80,
  "size_y": 80,
  "size_z": 41,
  "snr": 4.7748082946872366,
  "spacing_tr": 1.9999991655349731,
  "spacing_x": 3.0,
  "spacing_y": 3.0,
  "spacing_z": 3.200002908706665,
  "summary_bg_k": 171.5734417450947,
  "summary_bg_mad": 486.3220888469136,
  "summary_bg_mean": 3769.3681640625,
  "summary_bg_median": 410.6191101074219,
  "summary_bg_n": 180753.0,
  "summary_bg_p05": 36.543669891357425,
  "summary_bg_p95": 16656.503125,
  "summary_bg_stdv": 11724.96875,
  "summary_fg_k": 3.3792571133532574,
  "summary_fg_mad": 27987.348483816386,
  "summary_fg_mean": 170906.28125,
  "summary_fg_median": 164863.28125,
  "summary_fg_n": 38658.0,
  "summary_fg_p05": 129298.3625,
  "summary_fg_p95": 234723.02500000008,
  "summary_fg_stdv": 34527.28125,
  "tsnr": 52.03760528564453
}