{
  "aor": 0.0017436764705882353,
  "aqi": 0.0067626575,
  "bids_meta": {
    "AcquisitionMatrixPE": 78,
    "AcquisitionNumber": 16,
    "AcquisitionTime": "11:45:54.370000",
    "BodyPartExamined": "HEAD",
    "ConversionSoftware": "dcm2niix",
    "ConversionSoftwareVersion": "v1.0.20180622 GCC4.9.2",
    "DeviceSerialNumber": "34111",
    "EchoTime": 0.030001,
    "EchoTrainLength": 31,
    "FlipAngle": 75,
    "ImageOrientationPatientDICOM": [
      0.997992,
      -0.063312,
      -0.00175248,
      0.0623479,
      0.986912,
      -0.148722
    ],
    "ImageType": [
      "ORIGINAL",
      "PRIMARY",
      "M",
      "FFE",
      "M",
      "FFE"
    ],
    "InPlanePhaseEncodingDirectionDICOM": "COL",
    "MRAcquisitionType": "2D",
    "MagneticFieldStrength": 3,
    "Manufacturer": "Philips",
    "ManufacturersModelName": "Achieva_dStream",
    "Modality": "MR",
    "PatientPosition": "HFS",
    "PercentPhaseFOV": 100,
    "PhaseEncodingAxis": "j",
    "PhaseEncodingSteps": 78,
    "PhilipsRescaleIntercept": 0,
    "PhilipsRescaleSlope": 0.771673,
    "PhilipsScaleSlope": 0.00843625,
    "PixelBandwidth": 3418,
    "ProtocolName": "EPI_run14_204dyn",
    "ReconMatrixPE": 80,
    "RepetitionTime": 2,
    "SAR": 0.0791062,
    "ScanOptions": "FS",
    "ScanningSequence": "GR",
    "SequenceVariant": "SK",
    "SeriesDescription": "EPI_run14_204dyn",
    "SeriesNumber": 1601,
    "SliceThickness": 3,
    "SoftwareVersions": "5.3.1_5.3.1.1",
    "SpacingBetweenSlices": 3.2,
    "StationName": "HOST_INGENIA",
    "TaskName": "faces",
    "UsePhilipsFloatNotDisplayScaling": 1,
    "dataset": "ds001761",
    "modality": "bold",
    "run_id": 14,
    "session_id": "08",
    "subject_id": "01",
    "task_id": "faces"
  },
  "dummy_trs": 0,
  "dvars_nstd": 29.724528420443335,
  "dvars_std": 1.2154184717733987,
  "dvars_vstd": 1.015667208029557,
  "efc": 0.4193994183734263,
  "fber": 133233.640625,
  "fd_mean": 0.17479025208772123,
  "fd_num": 49,
  "fd_perc": 24.019607843137255,
  "fwhm_avg": 1.751367126061267,
  "fwhm_x": 1.6866866666666667,
  "fwhm_y": 1.87486,
  "fwhm_z": 1.6925547115171342,
  "gcor": 0.0226249,
  "gsr_x": -0.013028559274971485,
  "gsr_y": 0.015075504779815674,
  "provenance": {
    "md5sum": "63cd2bc7fd232b2b8ed756cc807dd1d5",
    "settings": {
      "fd_thres": 0.2,
      "testing": false
    },
    "software": "mriqc",
    "version": "21.0.0rc2",
    "webapi_port": null,
    "webapi_url": "https://mriqc.nimh.nih.gov/api/v1"
  },
  "size_t": 204,
  "size_x": 80,
  "size_y": 80,
  "size_z": 41,
  "snr": 4.791875475124765,
  "spacing_tr": 1.9999991655349731,
  "spacing_x": 3.0,
  "spacing_y": 3.0,
  "spacing_z": 3.200002908706665,
  "summary_bg_k": 162.21152198512073,
  "summary_bg_mad": 525.6182077264563,
  "summary_bg_mean": 3769.311279296875,
  "summary_bg_median": 434.7528381347656,
  "summary_bg_n": 180571.0,
  "summary_bg_p05": 28.253103256225586,
  "summary_bg_p95": 16830.412109375,
  "summary_bg_stdv": 11395.3916015625,
  "summary_fg_k": 3.212638346411759,
  "summary_fg_mad": 27252.6611703977,
  "summary_fg_mean": 164583.28125,
  "summary_fg_median": 158721.25,
  "summary_fg_n": 38617.0,
  "summary_fg_p05": 124881.81875,
  "summary_fg_p95": 226005.04374999984,
  "summary_fg_stdv": 33122.5625,
  "tsnr": 59.11027908325195
}