{
  "aor": 0.0011971078431372549,
  "aqi": 0.007868684411764706,
  "bids_meta": {
    "AcquisitionMatrixPE": 78,
    "AcquisitionNumber": 13,
    "AcquisitionTime": "11:23:23.950000",
    "BodyPartExamined": "HEAD",
    "ConversionSoftware": "dcm2niix",
    "ConversionSoftwareVersion": "v1.0.20180622 GCC4.9.2",
    "DeviceSerialNumber": "34111",
    "EchoTime": 0.030001,
    "EchoTrainLength": 31,
    "FlipAngle": 75,
    "ImageOrientationPatientDICOM": [
      0.997992,
      -0.063312,
      -0.00175248,
      0.0623479,
      0.986912,
      -0.148722
    ],
    "ImageType": [
      "ORIGINAL",
      "PRIMARY",
      "M",
      "FFE",
      "M",
      "FFE"
    ],
    "InPlanePhaseEncodingDirectionDICOM": "COL",
    "MRAcquisitionType": "2D",
    "MagneticFieldStrength": 3,
    "Manufacturer": "Philips",
    "ManufacturersModelName": "Achieva_dStream",
    "Modality": "MR",
    "PatientPosition": "HFS",
    "PercentPhaseFOV": 100,
    "PhaseEncodingAxis": "j",
    "PhaseEncodingSteps": 78,
    "PhilipsRescaleIntercept": 0,
    "PhilipsRescaleSlope": 0.778266,
    "PhilipsScaleSlope": 0.00849726,
    "PixelBandwidth": 3418,
    "ProtocolName": "EPI_run11_204dyn",
    "ReconMatrixPE": 80,
    "RepetitionTime": 2,
    "SAR": 0.0791062,
    "ScanOptions": "FS",
    "ScanningSequence": "GR",
    "SequenceVariant": "SK",
    "SeriesDescription": "EPI_run11_204dyn",
    "SeriesNumber": 1301,
    "SliceThickness": 3,
    "SoftwareVersions": "5.3.1_5.3.1.1",
    "SpacingBetweenSlices": 3.2,
    "StationName": "HOST_INGENIA",
    "TaskName": "faces",
    "UsePhilipsFloatNotDisplayScaling": 1,
    "dataset": "ds001761",
    "modality": "bold",
    "run_id": 11,
    "session_id": "08",
    "subject_id": "01",
    "task_id": "faces"
  },
  "dummy_trs": 0,
  "dvars_nstd": 30.38302011896552,
  "dvars_std": 1.2149803369458128,
  "dvars_vstd": 0.9968336712807886,
  "efc": 0.41845248321625617,
  "fber": 150221.15625,
  "fd_mean": 0.17466649771888174,
  "fd_num": 58,
  "fd_perc": 28.431372549019606,
  "fwhm_avg": 1.7611783706244901,
  "fwhm_x": 1.6857433333333331,
  "fwhm_y": 1.8872933333333333,
  "fwhm_z": 1.7104984452068037,
  "gcor": 0.0233717,
  "gsr_x": -0.012280008755624294,
  "gsr_y": 0.014829350635409355,
  "provenance": {
    "md5sum": "d176d8136b10eb582bfd4b390d2d943b",
    "settings": {
      "fd_thres": 0.2,
      "testing": false
    },
    "software": "mriqc",
    "version": "21.0.0rc2",
    "webapi_port": null,
    "webapi_url": "https://mriqc.nimh.nih.gov/api/v1"
  },
  "size_t": 204,
  "size_x": 80,
  "size_y": 80,
  "size_z": 41,
  "snr": 4.772307192338257,
  "spacing_tr": 1.9999991655349731,
  "spacing_x": 3.0,
  "spacing_y": 3.0,
  "spacing_z": 3.200002908706665,
  "summary_bg_k": 166.61791055072155,
  "summary_bg_mad": 473.51609408639985,
  "summary_bg_mean": 3717.647216796875,
  "summary_bg_median": 409.3641357421875,
  "summary_bg_n": 180640.0,
  "summary_bg_p05": 40.77036037445069,
  "summary_bg_p95": 16547.782421874992,
  "summary_bg_stdv": 11315.60546875,
  "summary_fg_k": 3.2660968697546,
  "summary_fg_mad": 27435.658298914655,
  "summary_fg_mean": 165434.125,
  "summary_fg_median": 159486.046875,
  "summary_fg_n": 38614.0,
  "summary_fg_p05": 125195.2765625,
  "summary_fg_p95": 227163.2718749999,
  "summary_fg_stdv": 33418.6328125,
  "tsnr": 56.560874938964844
}