{
  "aor": 0.0016522058823529415,
  "aqi": 0.005336962156862746,
  "bids_meta": {
    "AcquisitionMatrixPE": 78,
    "AcquisitionNumber": 9,
    "AcquisitionTime": "11:12:11.390000",
    "BodyPartExamined": "HEAD",
    "ConversionSoftware": "dcm2niix",
    "ConversionSoftwareVersion": "v1.0.20180622 GCC4.9.2",
    "DeviceSerialNumber": "34111",
    "EchoTime": 0.03,
    "EchoTrainLength": 31,
    "FlipAngle": 75,
    "ImageOrientationPatientDICOM": [
      0.999774,
      0.021244,
      -0.000289865,
      -0.0211778,
      0.995384,
      -0.0936118
    ],
    "ImageType": [
      "ORIGINAL",
      "PRIMARY",
      "M",
      "FFE",
      "M",
      "FFE"
    ],
    "InPlanePhaseEncodingDirectionDICOM": "COL",
    "MRAcquisitionType": "2D",
    "MagneticFieldStrength": 3,
    "Manufacturer": "Philips",
    "ManufacturersModelName": "Achieva_dStream",
    "Modality": "MR",
    "PatientPosition": "HFS",
    "PercentPhaseFOV": 100,
    "PhaseEncodingAxis": "j",
    "PhaseEncodingSteps": 78,
    "PhilipsRescaleIntercept": 0,
    "PhilipsRescaleSlope": 0.786325,
    "PhilipsScaleSlope": 0.00825379,
    "PixelBandwidth": 3423,
    "ProtocolName": "EPI_run7_204dyn",
    "ReconMatrixPE": 80,
    "RepetitionTime": 2,
    "SAR": 0.0790594,
    "ScanOptions": "FS",
    "ScanningSequence": "GR",
    "SequenceVariant": "SK",
    "SeriesDescription": "EPI_run7_204dyn",
    "SeriesNumber": 901,
    "SliceThickness": 3,
    "SoftwareVersions": "5.3.1_5.3.1.1",
    "SpacingBetweenSlices": 3.2,
    "StationName": "HOST_INGENIA",
    "TaskName": "faces",
    "UsePhilipsFloatNotDisplayScaling": 1,
    "dataset": "ds001761",
    "modality": "bold",
    "run_id": 7,
    "session_id": "05",
    "subject_id": "03",
    "task_id": "faces"
  },
  "dummy_trs": 0,
  "dvars_nstd": 26.788514451921195,
  "dvars_std": 1.2392695103448281,
  "dvars_vstd": 1.0154079959113296,
  "efc": 0.43360856409292714,
  "fber": 138123.3125,
  "fd_mean": 0.07839176288129694,
  "fd_num": 0,
  "fd_perc": 0.0,
  "fwhm_avg": 1.763666296429524,
  "fwhm_x": 1.7002633333333332,
  "fwhm_y": 1.9244133333333335,
  "fwhm_z": 1.6663222226219045,
  "gcor": 0.0145595,
  "gsr_x": -0.011621701531112194,
  "gsr_y": 0.01599925011396408,
  "provenance": {
    "md5sum": "e6258697393ee34e0a6036b8ab68885d",
    "settings": {
      "fd_thres": 0.2,
      "testing": false
    },
    "software": "mriqc",
    "version": "21.0.0rc2",
    "webapi_port": null,
    "webapi_url": "https://mriqc.nimh.nih.gov/api/v1"
  },
  "size_t": 204,
  "size_x": 80,
  "size_y": 80,
  "size_z": 41,
  "snr": 5.6352037303729015,
  "spacing_tr": 1.9999991655349731,
  "spacing_x": 3.0,
  "spacing_y": 3.0,
  "spacing_z": 3.1999993324279785,
  "summary_bg_k": 70.80145726234299,
  "summary_bg_mad": 527.2360145982655,
  "summary_bg_mean": 3913.785400390625,
  "summary_bg_median": 425.43402099609375,
  "summary_bg_n": 177497.0,
  "summary_bg_p05": 21.984784317016604,
  "summary_bg_p95": 19703.976953124937,
  "summary_bg_stdv": 10566.25390625,
  "summary_fg_k": 3.106097258898429,
  "summary_fg_mad": 26490.673127064812,
  "summary_fg_mean": 162456.40625,
  "summary_fg_median": 159749.796875,
  "summary_fg_n": 40241.0,
  "summary_fg_p05": 123316.125,
  "summary_fg_p95": 208016.96875,
  "summary_fg_stdv": 28348.1875,
  "tsnr": 70.41533660888672
}