{
  "aor": 0.0077780882352941165,
  "aqi": 0.01133549088235294,
  "bids_meta": {
    "AcquisitionMatrixPE": 78,
    "AcquisitionNumber": 4,
    "AcquisitionTime": "10:29:13.220000",
    "BodyPartExamined": "HEAD",
    "ConversionSoftware": "dcm2niix",
    "ConversionSoftwareVersion": "v1.0.20180622 GCC4.9.2",
    "DeviceSerialNumber": "34111",
    "EchoTime": 0.03,
    "EchoTrainLength": 31,
    "FlipAngle": 75,
    "ImageOrientationPatientDICOM": [
      0.999774,
      0.021244,
      -0.000289865,
      -0.0211778,
      0.995384,
      -0.0936118
    ],
    "ImageType": [
      "ORIGINAL",
      "PRIMARY",
      "M",
      "FFE",
      "M",
      "FFE"
    ],
    "InPlanePhaseEncodingDirectionDICOM": "COL",
    "MRAcquisitionType": "2D",
    "MagneticFieldStrength": 3,
    "Manufacturer": "Philips",
    "ManufacturersModelName": "Achieva_dStream",
    "Modality": "MR",
    "PatientPosition": "HFS",
    "PercentPhaseFOV": 100,
    "PhaseEncodingAxis": "j",
    "PhaseEncodingSteps": 78,
    "PhilipsRescaleIntercept": 0,
    "PhilipsRescaleSlope": 0.792918,
    "PhilipsScaleSlope": 0.00784339,
    "PixelBandwidth": 3423,
    "ProtocolName": "EPI_run2_204dyn",
    "ReconMatrixPE": 80,
    "RepetitionTime": 2,
    "SAR": 0.0790594,
    "ScanOptions": "FS",
    "ScanningSequence": "GR",
    "SequenceVariant": "SK",
    "SeriesDescription": "EPI_run2_204dyn",
    "SeriesNumber": 401,
    "SliceThickness": 3,
    "SoftwareVersions": "5.3.1_5.3.1.1",
    "SpacingBetweenSlices": 3.2,
    "StationName": "HOST_INGENIA",
    "TaskName": "faces",
    "UsePhilipsFloatNotDisplayScaling": 1,
    "dataset": "ds001761",
    "modality": "bold",
    "run_id": 2,
    "session_id": "05",
    "subject_id": "03",
    "task_id": "faces"
  },
  "dummy_trs": 0,
  "dvars_nstd": 27.434067138472912,
  "dvars_std": 1.2637419350738919,
  "dvars_vstd": 1.0725918680295556,
  "efc": 0.4305289144627387,
  "fber": 125170.5546875,
  "fd_mean": 0.12269126731093233,
  "fd_num": 21,
  "fd_perc": 10.294117647058824,
  "fwhm_avg": 1.8005233816008535,
  "fwhm_x": 1.7521000000000002,
  "fwhm_y": 1.9567166666666667,
  "fwhm_z": 1.6927534781358942,
  "gcor": 0.0143401,
  "gsr_x": -0.010814557783305645,
  "gsr_y": 0.016166983172297478,
  "provenance": {
    "md5sum": "42f6359e1f504efbafd8741b2ff242fd",
    "settings": {
      "fd_thres": 0.2,
      "testing": false
    },
    "software": "mriqc",
    "version": "21.0.0rc2",
    "webapi_port": null,
    "webapi_url": "https://mriqc.nimh.nih.gov/api/v1"
  },
  "size_t": 204,
  "size_x": 80,
  "size_y": 80,
  "size_z": 41,
  "snr": 5.488215474862192,
  "spacing_tr": 1.9999991655349731,
  "spacing_x": 3.0,
  "spacing_y": 3.0,
  "spacing_z": 3.1999993324279785,
  "summary_bg_k": 69.96823287647064,
  "summary_bg_mad": 570.4589107396336,
  "summary_bg_mean": 3847.66015625,
  "summary_bg_median": 462.97442626953125,
  "summary_bg_n": 177950.0,
  "summary_bg_p05": 29.388990879058838,
  "summary_bg_p95": 19070.611230468738,
  "summary_bg_stdv": 10328.8037109375,
  "summary_fg_k": 2.8541317958553982,
  "summary_fg_mad": 28001.560616020342,
  "summary_fg_mean": 167663.421875,
  "summary_fg_median": 164800.5,
  "summary_fg_n": 40013.0,
  "summary_fg_p05": 125745.009375,
  "summary_fg_p95": 216160.61875000002,
  "summary_fg_stdv": 30027.69140625,
  "tsnr": 52.237823486328125
}