{
  "aor": 0.0014770588235294118,
  "aqi": 0.005001958529411765,
  "bids_meta": {
    "AcquisitionMatrixPE": 78,
    "AcquisitionNumber": 6,
    "AcquisitionTime": "10:46:48.620000",
    "BodyPartExamined": "HEAD",
    "ConversionSoftware": "dcm2niix",
    "ConversionSoftwareVersion": "v1.0.20180622 GCC4.9.2",
    "DeviceSerialNumber": "34111",
    "EchoTime": 0.03,
    "EchoTrainLength": 31,
    "FlipAngle": 75,
    "ImageOrientationPatientDICOM": [
      0.999774,
      0.021244,
      -0.000289865,
      -0.0211778,
      0.995384,
      -0.0936118
    ],
    "ImageType": [
      "ORIGINAL",
      "PRIMARY",
      "M",
      "FFE",
      "M",
      "FFE"
    ],
    "InPlanePhaseEncodingDirectionDICOM": "COL",
    "MRAcquisitionType": "2D",
    "MagneticFieldStrength": 3,
    "Manufacturer": "Philips",
    "ManufacturersModelName": "Achieva_dStream",
    "Modality": "MR",
    "PatientPosition": "HFS",
    "PercentPhaseFOV": 100,
    "PhaseEncodingAxis": "j",
    "PhaseEncodingSteps": 78,
    "PhilipsRescaleIntercept": 0,
    "PhilipsRescaleSlope": 0.750916,
    "PhilipsScaleSlope": 0.00830005,
    "PixelBandwidth": 3423,
    "ProtocolName": "EPI_run4_204dyn",
    "ReconMatrixPE": 80,
    "RepetitionTime": 2,
    "SAR": 0.0790594,
    "ScanOptions": "FS",
    "ScanningSequence": "GR",
    "SequenceVariant": "SK",
    "SeriesDescription": "EPI_run4_204dyn",
    "SeriesNumber": 601,
    "SliceThickness": 3,
    "SoftwareVersions": "5.3.1_5.3.1.1",
    "SpacingBetweenSlices": 3.2,
    "StationName": "HOST_INGENIA",
    "TaskName": "faces",
    "UsePhilipsFloatNotDisplayScaling": 1,
    "dataset": "ds001761",
    "modality": "bold",
    "run_id": 4,
    "session_id": "05",
    "subject_id": "03",
    "task_id": "faces"
  },
  "dummy_trs": 0,
  "dvars_nstd": 25.96826695211823,
  "dvars_std": 1.2273252861576363,
  "dvars_vstd": 1.0123168337438417,
  "efc": 0.432361555417354,
  "fber": 131878.921875,
  "fd_mean": 0.07679006634987555,
  "fd_num": 0,
  "fd_perc": 0.0,
  "fwhm_avg": 1.768902546921076,
  "fwhm_x": 1.7090100000000001,
  "fwhm_y": 1.9243066666666666,
  "fwhm_z": 1.673390974096561,
  "gcor": 0.0146689,
  "gsr_x": -0.011565672233700752,
  "gsr_y": 0.016391843557357788,
  "provenance": {
    "md5sum": "90dcab8dc381efc59c7a23cc286ee478",
    "settings": {
      "fd_thres": 0.2,
      "testing": false
    },
    "software": "mriqc",
    "version": "21.0.0rc2",
    "webapi_port": null,
    "webapi_url": "https://mriqc.nimh.nih.gov/api/v1"
  },
  "size_t": 204,
  "size_x": 80,
  "size_y": 80,
  "size_z": 41,
  "snr": 5.6426956158893065,
  "spacing_tr": 1.9999991655349731,
  "spacing_x": 3.0,
  "spacing_y": 3.0,
  "spacing_z": 3.1999993324279785,
  "summary_bg_k": 70.0947532395017,
  "summary_bg_mad": 549.5205421547406,
  "summary_bg_mean": 3859.607666015625,
  "summary_bg_median": 441.95263671875,
  "summary_bg_n": 177579.0,
  "summary_bg_p05": 21.68022518157959,
  "summary_bg_p95": 19452.269726562503,
  "summary_bg_stdv": 10411.7431640625,
  "summary_fg_k": 2.9534991160099215,
  "summary_fg_mad": 27005.796318186683,
  "summary_fg_mean": 164999.25,
  "summary_fg_median": 162354.484375,
  "summary_fg_n": 40196.0,
  "summary_fg_p05": 125229.916015625,
  "summary_fg_p95": 211472.4453125,
  "summary_fg_stdv": 28772.146484375,
  "tsnr": 72.39839172363281
}