{
  "aor": 0.009205539215686275,
  "aqi": 0.006812252107843137,
  "bids_meta": {
    "AcquisitionMatrixPE": 78,
    "AcquisitionNumber": 14,
    "AcquisitionTime": "13:41:24.600000",
    "BodyPartExamined": "HEAD",
    "ConversionSoftware": "dcm2niix",
    "ConversionSoftwareVersion": "v1.0.20180622 GCC4.9.2",
    "DeviceSerialNumber": "34111",
    "EchoTime": 0.030001,
    "EchoTrainLength": 31,
    "FlipAngle": 75,
    "ImageOrientationPatientDICOM": [
      0.999138,
      0.0354676,
      0.0215574,
      -0.0327312,
      0.992685,
      -0.116209
    ],
    "ImageType": [
      "ORIGINAL",
      "PRIMARY",
      "M",
      "FFE",
      "M",
      "FFE"
    ],
    "InPlanePhaseEncodingDirectionDICOM": "COL",
    "MRAcquisitionType": "2D",
    "MagneticFieldStrength": 3,
    "Manufacturer": "Philips",
    "ManufacturersModelName": "Achieva_dStream",
    "Modality": "MR",
    "PatientPosition": "HFS",
    "PercentPhaseFOV": 100,
    "PhaseEncodingAxis": "j",
    "PhaseEncodingSteps": 78,
    "PhilipsRescaleIntercept": 0,
    "PhilipsRescaleSlope": 0.805861,
    "PhilipsScaleSlope": 0.00795023,
    "PixelBandwidth": 3420,
    "ProtocolName": "EPI_run12_204dyn",
    "ReconMatrixPE": 80,
    "RepetitionTime": 2,
    "SAR": 0.0791062,
    "ScanOptions": "FS",
    "ScanningSequence": "GR",
    "SequenceVariant": "SK",
    "SeriesDescription": "EPI_run12_204dyn",
    "SeriesNumber": 1401,
    "SliceThickness": 3,
    "SoftwareVersions": "5.3.1_5.3.1.1",
    "SpacingBetweenSlices": 3.2,
    "StationName": "HOST_INGENIA",
    "TaskName": "faces",
    "UsePhilipsFloatNotDisplayScaling": 1,
    "dataset": "ds001761",
    "modality": "bold",
    "run_id": 12,
    "session_id": "07",
    "subject_id": "02",
    "task_id": "faces"
  },
  "dummy_trs": 0,
  "dvars_nstd": 25.563477821625618,
  "dvars_std": 1.241508877635468,
  "dvars_vstd": 1.08653160862069,
  "efc": 0.4498973308294152,
  "fber": 95450.4609375,
  "fd_mean": 0.1517289279662716,
  "fd_num": 25,
  "fd_perc": 12.254901960784315,
  "fwhm_avg": 1.9141110214789323,
  "fwhm_x": 1.8537666666666668,
  "fwhm_y": 2.1003000000000003,
  "fwhm_z": 1.7882663977701299,
  "gcor": 0.0232109,
  "gsr_x": -0.008579915389418602,
  "gsr_y": 0.016173971816897392,
  "provenance": {
    "md5sum": "6c78ff2411d24b1e6c78a1965d57a054",
    "settings": {
      "fd_thres": 0.2,
      "testing": false
    },
    "software": "mriqc",
    "version": "21.0.0rc2",
    "webapi_port": null,
    "webapi_url": "https://mriqc.nimh.nih.gov/api/v1"
  },
  "size_t": 204,
  "size_x": 80,
  "size_y": 80,
  "size_z": 41,
  "snr": 5.470676138250206,
  "spacing_tr": 1.9999991655349731,
  "spacing_x": 3.0,
  "spacing_y": 3.0,
  "spacing_z": 3.199998617172241,
  "summary_bg_k": 142.19449447237474,
  "summary_bg_mad": 627.8316813746103,
  "summary_bg_mean": 3694.91357421875,
  "summary_bg_median": 508.59722900390625,
  "summary_bg_n": 171945.0,
  "summary_bg_p05": 25.679047393798832,
  "summary_bg_p95": 16783.872656249958,
  "summary_bg_stdv": 10454.7001953125,
  "summary_fg_k": 2.5056009219361064,
  "summary_fg_mad": 27331.26225363816,
  "summary_fg_mean": 164059.703125,
  "summary_fg_median": 161649.5,
  "summary_fg_n": 44347.0,
  "summary_fg_p05": 123123.58359375,
  "summary_fg_p95": 212583.5171875,
  "summary_fg_stdv": 29548.025390625,
  "tsnr": 62.101112365722656
}