{
  "aor": 0.001613088235294118,
  "aqi": 0.005155033480392157,
  "bids_meta": {
    "AcquisitionMatrixPE": 78,
    "AcquisitionNumber": 6,
    "AcquisitionTime": "12:41:51.080000",
    "BodyPartExamined": "HEAD",
    "ConversionSoftware": "dcm2niix",
    "ConversionSoftwareVersion": "v1.0.20180622 GCC4.9.2",
    "DeviceSerialNumber": "34111",
    "EchoTime": 0.030001,
    "EchoTrainLength": 31,
    "FlipAngle": 75,
    "ImageOrientationPatientDICOM": [
      0.999138,
      0.0354676,
      0.0215574,
      -0.0327312,
      0.992685,
      -0.116209
    ],
    "ImageType": [
      "ORIGINAL",
      "PRIMARY",
      "M",
      "FFE",
      "M",
      "FFE"
    ],
    "InPlanePhaseEncodingDirectionDICOM": "COL",
    "MRAcquisitionType": "2D",
    "MagneticFieldStrength": 3,
    "Manufacturer": "Philips",
    "ManufacturersModelName": "Achieva_dStream",
    "Modality": "MR",
    "PatientPosition": "HFS",
    "PercentPhaseFOV": 100,
    "PhaseEncodingAxis": "j",
    "PhaseEncodingSteps": 78,
    "PhilipsRescaleIntercept": 0,
    "PhilipsRescaleSlope": 0.782173,
    "PhilipsScaleSlope": 0.00780262,
    "PixelBandwidth": 3420,
    "ProtocolName": "EPI_run4_204dyn",
    "ReconMatrixPE": 80,
    "RepetitionTime": 2,
    "SAR": 0.0791062,
    "ScanOptions": "FS",
    "ScanningSequence": "GR",
    "SequenceVariant": "SK",
    "SeriesDescription": "EPI_run4_204dyn",
    "SeriesNumber": 601,
    "SliceThickness": 3,
    "SoftwareVersions": "5.3.1_5.3.1.1",
    "SpacingBetweenSlices": 3.2,
    "StationName": "HOST_INGENIA",
    "TaskName": "faces",
    "UsePhilipsFloatNotDisplayScaling": 1,
    "dataset": "ds001761",
    "modality": "bold",
    "run_id": 4,
    "session_id": "07",
    "subject_id": "02",
    "task_id": "faces"
  },
  "dummy_trs": 0,
  "dvars_nstd": 24.58807665256158,
  "dvars_std": 1.191904473940886,
  "dvars_vstd": 1.0003591552709354,
  "efc": 0.4477423858589796,
  "fber": 99905.59375,
  "fd_mean": 0.08936770186492027,
  "fd_num": 10,
  "fd_perc": 4.901960784313726,
  "fwhm_avg": 1.9198087316132735,
  "fwhm_x": 1.8608500000000001,
  "fwhm_y": 2.0978066666666666,
  "fwhm_z": 1.8007695281731533,
  "gcor": 0.0138404,
  "gsr_x": -0.008367620408535004,
  "gsr_y": 0.0167889054864645,
  "provenance": {
    "md5sum": "a298a35894b856e3c90e5a111e1fb528",
    "settings": {
      "fd_thres": 0.2,
      "testing": false
    },
    "software": "mriqc",
    "version": "21.0.0rc2",
    "webapi_port": null,
    "webapi_url": "https://mriqc.nimh.nih.gov/api/v1"
  },
  "size_t": 204,
  "size_x": 80,
  "size_y": 80,
  "size_z": 41,
  "snr": 5.362343061692298,
  "spacing_tr": 1.9999991655349731,
  "spacing_x": 3.0,
  "spacing_y": 3.0,
  "spacing_z": 3.199998617172241,
  "summary_bg_k": 147.20155604847542,
  "summary_bg_mad": 614.8781865154538,
  "summary_bg_mean": 3621.875244140625,
  "summary_bg_median": 500.6292419433594,
  "summary_bg_n": 172114.0,
  "summary_bg_p05": 21.31844081878662,
  "summary_bg_p95": 16326.972558593763,
  "summary_bg_stdv": 10420.373046875,
  "summary_fg_k": 2.6337566436072066,
  "summary_fg_mad": 27940.82025638094,
  "summary_fg_mean": 165013.84375,
  "summary_fg_median": 162201.8125,
  "summary_fg_n": 44134.0,
  "summary_fg_p05": 123043.98515625,
  "summary_fg_p95": 214955.36484375,
  "summary_fg_stdv": 30247.966796875,
  "tsnr": 72.46553802490234
}