{
  "aor": 0.0012694358974358973,
  "aqi": 0.00521516676923077,
  "bids_meta": {
    "AcquisitionMatrixPE": 78,
    "AcquisitionNumber": 17,
    "AcquisitionTime": "13:08:8.890000",
    "BodyPartExamined": "HEAD",
    "ConversionSoftware": "dcm2niix",
    "ConversionSoftwareVersion": "v1.0.20180622 GCC4.9.2",
    "DeviceSerialNumber": "34111",
    "EchoTime": 0.030001,
    "EchoTrainLength": 31,
    "FlipAngle": 75,
    "ImageOrientationPatientDICOM": [
      0.999894,
      0.0125246,
      -0.00744763,
      -0.0130636,
      0.996917,
      -0.0773656
    ],
    "ImageType": [
      "ORIGINAL",
      "PRIMARY",
      "M",
      "FFE",
      "M",
      "FFE"
    ],
    "InPlanePhaseEncodingDirectionDICOM": "COL",
    "MRAcquisitionType": "2D",
    "MagneticFieldStrength": 3,
    "Manufacturer": "Philips",
    "ManufacturersModelName": "Achieva_dStream",
    "Modality": "MR",
    "PatientPosition": "HFS",
    "PercentPhaseFOV": 100,
    "PhaseEncodingAxis": "j",
    "PhaseEncodingSteps": 78,
    "PhilipsRescaleIntercept": 0,
    "PhilipsRescaleSlope": 0.779731,
    "PhilipsScaleSlope": 0.00788764,
    "PixelBandwidth": 3420,
    "ProtocolName": "EPI_run11_195dyn",
    "ReconMatrixPE": 80,
    "RepetitionTime": 2,
    "SAR": 0.0790596,
    "ScanOptions": "FS",
    "ScanningSequence": "GR",
    "SequenceVariant": "SK",
    "SeriesDescription": "EPI_run11_195dyn",
    "SeriesNumber": 1701,
    "SliceThickness": 3,
    "SoftwareVersions": "5.3.1_5.3.1.1",
    "SpacingBetweenSlices": 3.2,
    "StationName": "HOST_INGENIA",
    "TaskName": "faces",
    "UsePhilipsFloatNotDisplayScaling": 1,
    "dataset": "ds001761",
    "modality": "bold",
    "run_id": 11,
    "session_id": "04",
    "subject_id": "02",
    "task_id": "faces"
  },
  "dummy_trs": 0,
  "dvars_nstd": 22.069523231237106,
  "dvars_std": 1.1302876355154645,
  "dvars_vstd": 1.0110448911855676,
  "efc": 0.4506392641315359,
  "fber": 79680.2734375,
  "fd_mean": 0.08246216372779178,
  "fd_num": 3,
  "fd_perc": 1.5384615384615385,
  "fwhm_avg": 1.8399236516432182,
  "fwhm_x": 1.7785433333333334,
  "fwhm_y": 2.01353,
  "fwhm_z": 1.7276976215963218,
  "gcor": 0.0109447,
  "gsr_x": -0.0065654609352350235,
  "gsr_y": 0.01411108486354351,
  "provenance": {
    "md5sum": "da269ce84dcb6b79644b1e6270ad6d82",
    "settings": {
      "fd_thres": 0.2,
      "testing": false
    },
    "software": "mriqc",
    "version": "21.0.0rc2",
    "webapi_port": null,
    "webapi_url": "https://mriqc.nimh.nih.gov/api/v1"
  },
  "size_t": 195,
  "size_x": 80,
  "size_y": 80,
  "size_z": 41,
  "snr": 5.6993782247768054,
  "spacing_tr": 1.9999991655349731,
  "spacing_x": 3.0,
  "spacing_y": 3.0,
  "spacing_z": 3.199998617172241,
  "summary_bg_k": 117.6319294989461,
  "summary_bg_mad": 676.5959492241518,
  "summary_bg_mean": 3695.136474609375,
  "summary_bg_median": 546.1036376953125,
  "summary_bg_n": 171930.0,
  "summary_bg_p05": 31.074427509307863,
  "summary_bg_p95": 16644.877929687438,
  "summary_bg_stdv": 10171.0908203125,
  "summary_fg_k": 2.8196925365623047,
  "summary_fg_mad": 25212.473106605838,
  "summary_fg_mean": 161276.03125,
  "summary_fg_median": 159010.25,
  "summary_fg_n": 44314.0,
  "summary_fg_p05": 122141.778515625,
  "summary_fg_p95": 206767.346875,
  "summary_fg_stdv": 27899.263671875,
  "tsnr": 72.4342041015625
}