{
  "bids_meta": {
    "AcquisitionMatrixPE": 240,
    "AcquisitionNumber": 15,
    "AcquisitionTime": "12:55:4.660000",
    "BodyPartExamined": "HEAD",
    "ConversionSoftware": "dcm2niix",
    "ConversionSoftwareVersion": "v1.0.20180622 GCC4.9.2",
    "DeviceSerialNumber": "34111",
    "EchoTime": 0.003686,
    "EchoTrainLength": 119,
    "FlipAngle": 8,
    "ImageOrientationPatientDICOM": [
      -0.0124228,
      0.999923,
      2.27328e-13,
      0.00179633,
      2.23171e-05,
      -0.999998
    ],
    "ImageType": [
      "ORIGINAL",
      "PRIMARY",
      "M",
      "FFE",
      "M",
      "FFE"
    ],
    "InPlanePhaseEncodingDirectionDICOM": "ROW",
    "MRAcquisitionType": "3D",
    "MagneticFieldStrength": 3,
    "Manufacturer": "Philips",
    "ManufacturersModelName": "Achieva_dStream",
    "Modality": "MR",
    "PatientPosition": "HFS",
    "PercentPhaseFOV": 100,
    "PhaseEncodingSteps": 240,
    "PhilipsRescaleIntercept": 0,
    "PhilipsRescaleSlope": 4.46032,
    "PhilipsScaleSlope": 0.00174663,
    "PixelBandwidth": 191,
    "ProtocolName": "sT1W_1mm_3D_32ch",
    "ReconMatrixPE": 240,
    "RepetitionTime": 0.0080558,
    "SAR": 0.0131242,
    "ScanOptions": "OTHER",
    "ScanningSequence": "GR",
    "SequenceVariant": "MP",
    "SeriesDescription": "sT1W_1mm_3D_32ch",
    "SeriesNumber": 1501,
    "SliceThickness": 1,
    "SoftwareVersions": "5.3.1_5.3.1.1",
    "SpacingBetweenSlices": 1,
    "StationName": "HOST_INGENIA",
    "UsePhilipsFloatNotDisplayScaling": 1,
    "acq_id": "02",
    "dataset": "ds001761",
    "modality": "T1w",
    "session_id": "04",
    "subject_id": "02"
  },
  "cjv": 0.2923527863437997,
  "cnr": 4.198907908939246,
  "efc": 0.7595415968316287,
  "fber": 733.2623901367188,
  "fwhm_avg": 3.6464436898827,
  "fwhm_x": 3.7456610696481,
  "fwhm_y": 3.85277,
  "fwhm_z": 3.3409,
  "icvs_csf": 0.2357194700307249,
  "icvs_gm": 0.3921905005250607,
  "icvs_wm": 0.3720900294442144,
  "inu_med": 1.9918004274368286,
  "inu_range": 0.6053362846374508,
  "provenance": {
    "md5sum": "d178dfed524c478674ea4f3b1284a207",
    "settings": {
      "testing": false
    },
    "software": "mriqc",
    "version": "21.0.0rc2",
    "warnings": {
      "large_rot_frame": true,
      "small_air_mask": true
    },
    "webapi_port": null,
    "webapi_url": "https://mriqc.nimh.nih.gov/api/v1"
  },
  "qi_1": 0.0,
  "qi_2": 3.467948002795149e-05,
  "rpve_csf": 16.463004530196763,
  "rpve_gm": 9.753977429570542,
  "rpve_wm": 13.948373852437248,
  "size_x": 170,
  "size_y": 240,
  "size_z": 240,
  "snr_csf": 3.0397579872660403,
  "snr_gm": 6.863265858813081,
  "snr_total": 10.215361552894555,
  "snr_wm": 20.74306081260454,
  "snrd_csf": 40.427061605602326,
  "snrd_gm": 75.86143981362717,
  "snrd_total": 81.85872876886909,
  "snrd_wm": 129.28768488737776,
  "spacing_x": 1.000002384185791,
  "spacing_y": 1.0,
  "spacing_z": 1.0,
  "summary_bg_k": 7.8722415933139605,
  "summary_bg_mad": 5.067191835364628,
  "summary_bg_mean": 8.590136528015137,
  "summary_bg_median": 6.659755706787109,
  "summary_bg_n": 204004.0,
  "summary_bg_p05": 0.0,
  "summary_bg_p95": 22.852493381500235,
  "summary_bg_stdv": 7.256244659423828,
  "summary_csf_k": 0.2783154471631275,
  "summary_csf_mad": 68.3646895082212,
  "summary_csf_mean": 283.2283630371094,
  "summary_csf_median": 312.685546875,
  "summary_csf_n": 13204.0,
  "summary_csf_p05": 63.98311977386475,
  "summary_csf_p95": 406.81929016113276,
  "summary_csf_stdv": 102.86138153076172,
  "summary_gm_k": 0.40024554566501314,
  "summary_gm_mad": 79.30709291506925,
  "summary_gm_mean": 587.7960205078125,
  "summary_gm_median": 586.7548828125,
  "summary_gm_n": 19449.0,
  "summary_gm_p05": 449.18642578125,
  "summary_gm_p95": 735.6528564453125,
  "summary_gm_stdv": 85.48988342285156,
  "summary_wm_k": 1.6825139598067267,
  "summary_wm_mad": 41.50141502461187,
  "summary_wm_mean": 997.098876953125,
  "summary_wm_median": 999.9833984375,
  "summary_wm_n": 240700.0,
  "summary_wm_p05": 913.1756072998047,
  "summary_wm_p95": 1068.504376220703,
  "summary_wm_stdv": 48.20799255371094,
  "tpm_overlap_csf": 0.16841615736484528,
  "tpm_overlap_gm": 0.4398331642150879,
  "tpm_overlap_wm": 0.5156992077827454,
  "wm2max": 0.6208566081514535
}