{
  "bids_meta": {
    "AcquisitionMatrixPE": 240,
    "AcquisitionNumber": 2,
    "AcquisitionTime": "11:08:16.140000",
    "BodyPartExamined": "HEAD",
    "ConversionSoftware": "dcm2niix",
    "ConversionSoftwareVersion": "v1.0.20180622 GCC4.9.2",
    "DeviceSerialNumber": "34111",
    "EchoTime": 0.003756,
    "EchoTrainLength": 119,
    "FlipAngle": 8,
    "ImageOrientationPatientDICOM": [
      -0.0932349,
      0.995644,
      3.76659e-10,
      0.03751,
      0.00351254,
      -0.99929
    ],
    "ImageType": [
      "ORIGINAL",
      "PRIMARY",
      "M",
      "FFE",
      "M",
      "FFE"
    ],
    "InPlanePhaseEncodingDirectionDICOM": "ROW",
    "MRAcquisitionType": "3D",
    "MagneticFieldStrength": 3,
    "Manufacturer": "Philips",
    "ManufacturersModelName": "Achieva_dStream",
    "Modality": "MR",
    "PatientPosition": "HFS",
    "PercentPhaseFOV": 100,
    "PhaseEncodingSteps": 240,
    "PhilipsRescaleIntercept": 0,
    "PhilipsRescaleSlope": 4.60147,
    "PhilipsScaleSlope": 0.00167125,
    "PixelBandwidth": 191,
    "ProtocolName": "sT1W_1mm_3D_32ch",
    "ReconMatrixPE": 240,
    "RepetitionTime": 0.0082006,
    "SAR": 0.0132572,
    "ScanOptions": "OTHER",
    "ScanningSequence": "GR",
    "SequenceVariant": "MP",
    "SeriesDescription": "sT1W_1mm_3D_32ch",
    "SeriesNumber": 201,
    "SliceThickness": 1,
    "SoftwareVersions": "5.3.1_5.3.1.1",
    "SpacingBetweenSlices": 1,
    "StationName": "HOST_INGENIA",
    "UsePhilipsFloatNotDisplayScaling": 1,
    "acq_id": "01",
    "dataset": "ds001761",
    "modality": "T1w",
    "session_id": "07",
    "subject_id": "04"
  },
  "cjv": 0.3181134276893659,
  "cnr": 3.899007289650928,
  "efc": 0.7513273744687305,
  "fber": 682.3070068359375,
  "fwhm_avg": 3.6189939502091453,
  "fwhm_x": 3.823471850627436,
  "fwhm_y": 3.68756,
  "fwhm_z": 3.34595,
  "icvs_csf": 0.2295110332751216,
  "icvs_gm": 0.3958939836678206,
  "icvs_wm": 0.3745949830570578,
  "inu_med": 2.572357177734375,
  "inu_range": 0.8284349322319029,
  "provenance": {
    "md5sum": "e04b9bc4ecded7e692020aa777cd9a79",
    "settings": {
      "testing": false
    },
    "software": "mriqc",
    "version": "21.0.0rc2",
    "warnings": {
      "large_rot_frame": true,
      "small_air_mask": true
    },
    "webapi_port": null,
    "webapi_url": "https://mriqc.nimh.nih.gov/api/v1"
  },
  "qi_1": 0.0,
  "qi_2": 2.3323903924277013e-05,
  "rpve_csf": 20.474279550333655,
  "rpve_gm": 11.93095075018736,
  "rpve_wm": 16.682006445073668,
  "size_x": 170,
  "size_y": 240,
  "size_z": 240,
  "snr_csf": 3.7155493196880416,
  "snr_gm": 6.739826151806487,
  "snr_total": 9.76255287392031,
  "snr_wm": 18.832283150266402,
  "snrd_csf": 38.16535336181341,
  "snrd_gm": 72.24688108028005,
  "snrd_total": 77.17762940296758,
  "snrd_wm": 121.12065376680927,
  "spacing_x": 0.9999969005584717,
  "spacing_y": 1.0,
  "spacing_z": 1.0,
  "summary_bg_k": 3.278783651322411,
  "summary_bg_mad": 5.408982168907362,
  "summary_bg_mean": 9.713895797729492,
  "summary_bg_median": 7.172915935516357,
  "summary_bg_n": 176443.0,
  "summary_bg_p05": 0.0,
  "summary_bg_p95": 25.112443542480463,
  "summary_bg_stdv": 7.66437292098999,
  "summary_csf_k": 1.5134002767812458,
  "summary_csf_mad": 60.181442854574726,
  "summary_csf_mean": 314.2934265136719,
  "summary_csf_median": 315.1034240722656,
  "summary_csf_n": 7090.0,
  "summary_csf_p05": 159.69843978881838,
  "summary_csf_p95": 452.0754852294922,
  "summary_csf_stdv": 84.80070495605469,
  "summary_gm_k": 0.28955071760260687,
  "summary_gm_mad": 82.32731579378282,
  "summary_gm_mean": 600.8154296875,
  "summary_gm_median": 596.4896850585938,
  "summary_gm_n": 15505.0,
  "summary_gm_p05": 460.1784240722656,
  "summary_gm_p95": 756.9696411132811,
  "summary_gm_stdv": 88.49938201904297,
  "summary_wm_k": 1.3846414150418225,
  "summary_wm_mad": 46.03622864015634,
  "summary_wm_mean": 997.6015625,
  "summary_wm_median": 1000.0046997070312,
  "summary_wm_n": 204321.0,
  "summary_wm_p05": 905.337890625,
  "summary_wm_p95": 1078.6268310546875,
  "summary_wm_stdv": 53.100425720214844,
  "tpm_overlap_csf": 0.13703322410583496,
  "tpm_overlap_gm": 0.42377883195877075,
  "tpm_overlap_wm": 0.501583456993103,
  "wm2max": 0.6316114396653177
}