{
  "aor": 0.0014775384615384611,
  "aqi": 0.006154420153846154,
  "bids_meta": {
    "AcquisitionMatrixPE": 78,
    "AcquisitionNumber": 3,
    "AcquisitionTime": "11:23:52.560000",
    "BodyPartExamined": "HEAD",
    "ConversionSoftware": "dcm2niix",
    "ConversionSoftwareVersion": "v1.0.20180622 GCC4.9.2",
    "DeviceSerialNumber": "34111",
    "EchoTime": 0.03,
    "EchoTrainLength": 31,
    "FlipAngle": 75,
    "ImageOrientationPatientDICOM": [
      0.999163,
      -0.0164297,
      0.0374663,
      0.0204144,
      0.993878,
      -0.108583
    ],
    "ImageType": [
      "ORIGINAL",
      "PRIMARY",
      "M",
      "FFE",
      "M",
      "FFE"
    ],
    "InPlanePhaseEncodingDirectionDICOM": "COL",
    "MRAcquisitionType": "2D",
    "MagneticFieldStrength": 3,
    "Manufacturer": "Philips",
    "ManufacturersModelName": "Achieva_dStream",
    "Modality": "MR",
    "PatientPosition": "HFS",
    "PercentPhaseFOV": 100,
    "PhaseEncodingAxis": "j",
    "PhaseEncodingSteps": 78,
    "PhilipsRescaleIntercept": 0,
    "PhilipsRescaleSlope": 0.773382,
    "PhilipsScaleSlope": 0.00773582,
    "PixelBandwidth": 3425,
    "ProtocolName": "EPI_run1_195dyn",
    "ReconMatrixPE": 80,
    "RepetitionTime": 2,
    "SAR": 0.0791052,
    "ScanOptions": "FS",
    "ScanningSequence": "GR",
    "SequenceVariant": "SK",
    "SeriesDescription": "EPI_run1_195dyn",
    "SeriesNumber": 301,
    "SliceThickness": 3,
    "SoftwareVersions": "5.3.1_5.3.1.1",
    "SpacingBetweenSlices": 3.2,
    "StationName": "HOST_INGENIA",
    "TaskName": "faces",
    "UsePhilipsFloatNotDisplayScaling": 1,
    "dataset": "ds001761",
    "modality": "bold",
    "run_id": 1,
    "session_id": "01",
    "subject_id": "03",
    "task_id": "faces"
  },
  "dummy_trs": 0,
  "dvars_nstd": 22.64339251355671,
  "dvars_std": 1.1441595715463917,
  "dvars_vstd": 0.9991249426804122,
  "efc": 0.43287854817086524,
  "fber": 112422.390625,
  "fd_mean": 0.06953338118071702,
  "fd_num": 0,
  "fd_perc": 0.0,
  "fwhm_avg": 1.8443685508855558,
  "fwhm_x": 1.7813299999999999,
  "fwhm_y": 1.9921066666666667,
  "fwhm_z": 1.7596689859900008,
  "gcor": 0.0197341,
  "gsr_x": -0.011279623955488205,
  "gsr_y": 0.01387271098792553,
  "provenance": {
    "md5sum": "769d0f133be4219fcb2b8229da246092",
    "settings": {
      "fd_thres": 0.2,
      "testing": false
    },
    "software": "mriqc",
    "version": "21.0.0rc2",
    "webapi_port": null,
    "webapi_url": "https://mriqc.nimh.nih.gov/api/v1"
  },
  "size_t": 195,
  "size_x": 80,
  "size_y": 80,
  "size_z": 41,
  "snr": 5.499820994403153,
  "spacing_tr": 1.9999991655349731,
  "spacing_x": 3.0,
  "spacing_y": 3.0,
  "spacing_z": 3.1999995708465576,
  "summary_bg_k": 59.72284140384234,
  "summary_bg_mad": 577.9553487476171,
  "summary_bg_mean": 3873.529052734375,
  "summary_bg_median": 489.5107116699219,
  "summary_bg_n": 177206.0,
  "summary_bg_p05": 35.905945777893066,
  "summary_bg_p95": 18751.5546875,
  "summary_bg_stdv": 10448.0146484375,
  "summary_fg_k": 2.517212895289588,
  "summary_fg_mad": 29220.00481737564,
  "summary_fg_mean": 169730.34375,
  "summary_fg_median": 167112.890625,
  "summary_fg_n": 40463.0,
  "summary_fg_p05": 127320.65546875,
  "summary_fg_p95": 219795.92656250004,
  "summary_fg_stdv": 30384.775390625,
  "tsnr": 65.75091552734375
}