{
  "aor": 0.003873928571428571,
  "aqi": 0.00493263875,
  "bids_meta": {
    "AcquisitionMatrixPE": 78,
    "AcquisitionNumber": 11,
    "AcquisitionTime": "12:18:1.000000",
    "BodyPartExamined": "HEAD",
    "ConversionSoftware": "dcm2niix",
    "ConversionSoftwareVersion": "v1.0.20180622 GCC4.9.2",
    "DeviceSerialNumber": "34111",
    "EchoTime": 0.03,
    "EchoTrainLength": 31,
    "FlipAngle": 75,
    "ImageOrientationPatientDICOM": [
      0.999163,
      -0.0164297,
      0.0374663,
      0.0204144,
      0.993878,
      -0.108583
    ],
    "ImageType": [
      "ORIGINAL",
      "PRIMARY",
      "M",
      "FFE",
      "M",
      "FFE"
    ],
    "InPlanePhaseEncodingDirectionDICOM": "COL",
    "MRAcquisitionType": "2D",
    "MagneticFieldStrength": 3,
    "Manufacturer": "Philips",
    "ManufacturersModelName": "Achieva_dStream",
    "Modality": "MR",
    "PatientPosition": "HFS",
    "PercentPhaseFOV": 100,
    "PhaseEncodingAxis": "j",
    "PhaseEncodingSteps": 78,
    "PhilipsRescaleIntercept": 0,
    "PhilipsRescaleSlope": 0.781441,
    "PhilipsScaleSlope": 0.00807856,
    "PixelBandwidth": 3425,
    "ProtocolName": "EPI_LOCALIZER_56dyn",
    "ReconMatrixPE": 80,
    "RepetitionTime": 2,
    "SAR": 0.0791052,
    "ScanOptions": "FS",
    "ScanningSequence": "GR",
    "SequenceVariant": "SK",
    "SeriesDescription": "EPI_LOCALIZER_56dyn",
    "SeriesNumber": 1101,
    "SliceThickness": 3,
    "SoftwareVersions": "5.3.1_5.3.1.1",
    "SpacingBetweenSlices": 3.2,
    "StationName": "HOST_INGENIA",
    "TaskName": "loc",
    "UsePhilipsFloatNotDisplayScaling": 1,
    "dataset": "ds001761",
    "modality": "bold",
    "run_id": 2,
    "session_id": "01",
    "subject_id": "03",
    "task_id": "loc"
  },
  "dummy_trs": 0,
  "dvars_nstd": 25.281060548363634,
  "dvars_std": 1.2249982252727274,
  "dvars_vstd": 1.0229788054545457,
  "efc": 0.4364751141611031,
  "fber": 108166.984375,
  "fd_mean": 0.08056427611594136,
  "fd_num": 1,
  "fd_perc": 1.7857142857142858,
  "fwhm_avg": 1.8172704240198836,
  "fwhm_x": 1.7499033333333334,
  "fwhm_y": 1.9839733333333334,
  "fwhm_z": 1.7179346053929843,
  "gcor": 0.0536747,
  "gsr_x": -0.011866352520883083,
  "gsr_y": 0.01321939006447792,
  "provenance": {
    "md5sum": "363f1ccd60315e65444188dad50876a8",
    "settings": {
      "fd_thres": 0.2,
      "testing": false
    },
    "software": "mriqc",
    "version": "21.0.0rc2",
    "webapi_port": null,
    "webapi_url": "https://mriqc.nimh.nih.gov/api/v1"
  },
  "size_t": 56,
  "size_x": 80,
  "size_y": 80,
  "size_z": 41,
  "snr": 5.69126733611083,
  "spacing_tr": 1.9999991655349731,
  "spacing_x": 3.0,
  "spacing_y": 3.0,
  "spacing_z": 3.1999995708465576,
  "summary_bg_k": 48.43993023157683,
  "summary_bg_mad": 574.4901483857356,
  "summary_bg_mean": 3962.157470703125,
  "summary_bg_median": 483.6545715332031,
  "summary_bg_n": 177051.0,
  "summary_bg_p05": 32.23834037780762,
  "summary_bg_p95": 19768.0859375,
  "summary_bg_stdv": 10419.3720703125,
  "summary_fg_k": 2.537363747576493,
  "summary_fg_mad": 27423.890143805264,
  "summary_fg_mean": 163630.25,
  "summary_fg_median": 161334.359375,
  "summary_fg_n": 40718.0,
  "summary_fg_p05": 123917.005859375,
  "summary_fg_p95": 209632.11640625002,
  "summary_fg_stdv": 28347.35546875,
  "tsnr": 75.2784194946289
}