{
  "aor": 0.0015195384615384613,
  "aqi": 0.006361553743589743,
  "bids_meta": {
    "AcquisitionMatrixPE": 78,
    "AcquisitionNumber": 5,
    "AcquisitionTime": "11:38:28.420000",
    "BodyPartExamined": "HEAD",
    "ConversionSoftware": "dcm2niix",
    "ConversionSoftwareVersion": "v1.0.20180622 GCC4.9.2",
    "DeviceSerialNumber": "34111",
    "EchoTime": 0.03,
    "EchoTrainLength": 31,
    "FlipAngle": 75,
    "ImageOrientationPatientDICOM": [
      0.999163,
      -0.0164297,
      0.0374663,
      0.0204144,
      0.993878,
      -0.108583
    ],
    "ImageType": [
      "ORIGINAL",
      "PRIMARY",
      "M",
      "FFE",
      "M",
      "FFE"
    ],
    "InPlanePhaseEncodingDirectionDICOM": "COL",
    "MRAcquisitionType": "2D",
    "MagneticFieldStrength": 3,
    "Manufacturer": "Philips",
    "ManufacturersModelName": "Achieva_dStream",
    "Modality": "MR",
    "PatientPosition": "HFS",
    "PercentPhaseFOV": 100,
    "PhaseEncodingAxis": "j",
    "PhaseEncodingSteps": 78,
    "PhilipsRescaleIntercept": 0,
    "PhilipsRescaleSlope": 0.74652,
    "PhilipsScaleSlope": 0.00792525,
    "PixelBandwidth": 3425,
    "ProtocolName": "EPI_run3_195dyn",
    "ReconMatrixPE": 80,
    "RepetitionTime": 2,
    "SAR": 0.0791052,
    "ScanOptions": "FS",
    "ScanningSequence": "GR",
    "SequenceVariant": "SK",
    "SeriesDescription": "EPI_run3_195dyn",
    "SeriesNumber": 501,
    "SliceThickness": 3,
    "SoftwareVersions": "5.3.1_5.3.1.1",
    "SpacingBetweenSlices": 3.2,
    "StationName": "HOST_INGENIA",
    "TaskName": "faces",
    "UsePhilipsFloatNotDisplayScaling": 1,
    "dataset": "ds001761",
    "modality": "bold",
    "run_id": 3,
    "session_id": "01",
    "subject_id": "03",
    "task_id": "faces"
  },
  "dummy_trs": 0,
  "dvars_nstd": 24.208099031030912,
  "dvars_std": 1.1951694423711334,
  "dvars_vstd": 1.0072327590721657,
  "efc": 0.43431795378027194,
  "fber": 110736.5078125,
  "fd_mean": 0.07736314157184394,
  "fd_num": 1,
  "fd_perc": 0.5128205128205128,
  "fwhm_avg": 1.8306523000353512,
  "fwhm_x": 1.76128,
  "fwhm_y": 1.9900266666666668,
  "fwhm_z": 1.7406502334393874,
  "gcor": 0.0147598,
  "gsr_x": -0.011688247323036194,
  "gsr_y": 0.014803780242800713,
  "provenance": {
    "md5sum": "634c94ae18aa7dd83ddd842b3f16dc27",
    "settings": {
      "fd_thres": 0.2,
      "testing": false
    },
    "software": "mriqc",
    "version": "21.0.0rc2",
    "webapi_port": null,
    "webapi_url": "https://mriqc.nimh.nih.gov/api/v1"
  },
  "size_t": 195,
  "size_x": 80,
  "size_y": 80,
  "size_z": 41,
  "snr": 5.5826238333262275,
  "spacing_tr": 1.9999991655349731,
  "spacing_x": 3.0,
  "spacing_y": 3.0,
  "spacing_z": 3.1999995708465576,
  "summary_bg_k": 68.74474750544883,
  "summary_bg_mad": 575.9229127641629,
  "summary_bg_mean": 3944.791015625,
  "summary_bg_median": 487.1123046875,
  "summary_bg_n": 177165.0,
  "summary_bg_p05": 32.68135147094727,
  "summary_bg_p95": 19438.996484375,
  "summary_bg_stdv": 10700.5185546875,
  "summary_fg_k": 2.642496705621963,
  "summary_fg_mad": 28253.232342611667,
  "summary_fg_mean": 167805.671875,
  "summary_fg_median": 165189.25,
  "summary_fg_n": 40517.0,
  "summary_fg_p05": 126594.359375,
  "summary_fg_p95": 216189.70624999996,
  "summary_fg_stdv": 29589.529296875,
  "tsnr": 67.37451171875
}