{
  "aor": 0.003661071428571428,
  "aqi": 0.004489571607142857,
  "bids_meta": {
    "AcquisitionMatrixPE": 78,
    "AcquisitionNumber": 6,
    "AcquisitionTime": "11:46:15.540000",
    "BodyPartExamined": "HEAD",
    "ConversionSoftware": "dcm2niix",
    "ConversionSoftwareVersion": "v1.0.20180622 GCC4.9.2",
    "DeviceSerialNumber": "34111",
    "EchoTime": 0.03,
    "EchoTrainLength": 31,
    "FlipAngle": 75,
    "ImageOrientationPatientDICOM": [
      0.999163,
      -0.0164297,
      0.0374663,
      0.0204144,
      0.993878,
      -0.108583
    ],
    "ImageType": [
      "ORIGINAL",
      "PRIMARY",
      "M",
      "FFE",
      "M",
      "FFE"
    ],
    "InPlanePhaseEncodingDirectionDICOM": "COL",
    "MRAcquisitionType": "2D",
    "MagneticFieldStrength": 3,
    "Manufacturer": "Philips",
    "ManufacturersModelName": "Achieva_dStream",
    "Modality": "MR",
    "PatientPosition": "HFS",
    "PercentPhaseFOV": 100,
    "PhaseEncodingAxis": "j",
    "PhaseEncodingSteps": 78,
    "PhilipsRescaleIntercept": 0,
    "PhilipsRescaleSlope": 0.802442,
    "PhilipsScaleSlope": 0.00782513,
    "PixelBandwidth": 3425,
    "ProtocolName": "EPI_LOCALIZER_56dyn",
    "ReconMatrixPE": 80,
    "RepetitionTime": 2,
    "SAR": 0.0791052,
    "ScanOptions": "FS",
    "ScanningSequence": "GR",
    "SequenceVariant": "SK",
    "SeriesDescription": "EPI_LOCALIZER_56dyn",
    "SeriesNumber": 601,
    "SliceThickness": 3,
    "SoftwareVersions": "5.3.1_5.3.1.1",
    "SpacingBetweenSlices": 3.2,
    "StationName": "HOST_INGENIA",
    "TaskName": "loc",
    "UsePhilipsFloatNotDisplayScaling": 1,
    "dataset": "ds001761",
    "modality": "bold",
    "run_id": 1,
    "session_id": "01",
    "subject_id": "03",
    "task_id": "loc"
  },
  "dummy_trs": 0,
  "dvars_nstd": 23.907702914363636,
  "dvars_std": 1.192459888727273,
  "dvars_vstd": 1.0198108696363635,
  "efc": 0.4339828538595808,
  "fber": 115840.6875,
  "fd_mean": 0.06685715498811078,
  "fd_num": 0,
  "fd_perc": 0.0,
  "fwhm_avg": 1.8207861883173904,
  "fwhm_x": 1.7532433333333335,
  "fwhm_y": 1.9820399999999998,
  "fwhm_z": 1.727075231618838,
  "gcor": 0.021321,
  "gsr_x": -0.011333979666233063,
  "gsr_y": 0.012841243296861649,
  "provenance": {
    "md5sum": "cfab6b0b5879f5e33daba6cdcbf63ff2",
    "settings": {
      "fd_thres": 0.2,
      "testing": false
    },
    "software": "mriqc",
    "version": "21.0.0rc2",
    "webapi_port": null,
    "webapi_url": "https://mriqc.nimh.nih.gov/api/v1"
  },
  "size_t": 56,
  "size_x": 80,
  "size_y": 80,
  "size_z": 41,
  "snr": 5.65892665438388,
  "spacing_tr": 1.9999991655349731,
  "spacing_x": 3.0,
  "spacing_y": 3.0,
  "spacing_z": 3.1999995708465576,
  "summary_bg_k": 49.215975849309366,
  "summary_bg_mad": 561.3452879844901,
  "summary_bg_mean": 3858.18896484375,
  "summary_bg_median": 473.1447448730469,
  "summary_bg_n": 177188.0,
  "summary_bg_p05": 30.389185428619385,
  "summary_bg_p95": 19101.13515625,
  "summary_bg_stdv": 10261.494140625,
  "summary_fg_k": 2.4228822024672327,
  "summary_fg_mad": 28077.821967634725,
  "summary_fg_mean": 166488.125,
  "summary_fg_median": 163986.984375,
  "summary_fg_n": 40551.0,
  "summary_fg_p05": 126121.41015625,
  "summary_fg_p95": 213909.96875,
  "summary_fg_stdv": 28978.103515625,
  "tsnr": 78.64112854003906
}