{
  "bids_meta": {
    "AcquisitionMatrixPE": 240,
    "AcquisitionNumber": 2,
    "AcquisitionTime": "10:09:16.700000",
    "BodyPartExamined": "HEAD",
    "ConversionSoftware": "dcm2niix",
    "ConversionSoftwareVersion": "v1.0.20180622 GCC4.9.2",
    "DeviceSerialNumber": "34111",
    "EchoTime": 0.003698,
    "EchoTrainLength": 119,
    "FlipAngle": 8,
    "ImageOrientationPatientDICOM": [
      -0.0287013,
      0.999588,
      2.68118e-12,
      0.0169867,
      0.000487742,
      -0.999856
    ],
    "ImageType": [
      "ORIGINAL",
      "PRIMARY",
      "M",
      "FFE",
      "M",
      "FFE"
    ],
    "InPlanePhaseEncodingDirectionDICOM": "ROW",
    "MRAcquisitionType": "3D",
    "MagneticFieldStrength": 3,
    "Manufacturer": "Philips",
    "ManufacturersModelName": "Achieva_dStream",
    "Modality": "MR",
    "PatientPosition": "HFS",
    "PercentPhaseFOV": 100,
    "PhaseEncodingSteps": 240,
    "PhilipsRescaleIntercept": 0,
    "PhilipsRescaleSlope": 4.67839,
    "PhilipsScaleSlope": 0.00171237,
    "PixelBandwidth": 191,
    "ProtocolName": "sT1W_1mm_3D_32ch",
    "ReconMatrixPE": 240,
    "RepetitionTime": 0.0080885,
    "SAR": 0.0133183,
    "ScanOptions": "OTHER",
    "ScanningSequence": "GR",
    "SequenceVariant": "MP",
    "SeriesDescription": "sT1W_1mm_3D_32ch",
    "SeriesNumber": 201,
    "SliceThickness": 1,
    "SoftwareVersions": "5.3.1_5.3.1.1",
    "SpacingBetweenSlices": 1,
    "StationName": "HOST_INGENIA",
    "UsePhilipsFloatNotDisplayScaling": 1,
    "acq_id": "01",
    "dataset": "ds001761",
    "modality": "T1w",
    "session_id": "03",
    "subject_id": "03"
  },
  "cjv": 0.27031623298051816,
  "cnr": 4.4164589572709545,
  "efc": 0.7448699215152335,
  "fber": 619.1358642578125,
  "fwhm_avg": 3.8132814121660688,
  "fwhm_x": 3.8592842364982074,
  "fwhm_y": 4.04003,
  "fwhm_z": 3.54053,
  "icvs_csf": 0.23031040128524202,
  "icvs_gm": 0.3874972316503375,
  "icvs_wm": 0.38219236706442045,
  "inu_med": 2.6312737464904785,
  "inu_range": 0.8167340159416199,
  "provenance": {
    "md5sum": "fe199f39b7d81b86ab957581e960a1b6",
    "settings": {
      "testing": false
    },
    "software": "mriqc",
    "version": "21.0.0rc2",
    "warnings": {
      "large_rot_frame": true,
      "small_air_mask": true
    },
    "webapi_port": null,
    "webapi_url": "https://mriqc.nimh.nih.gov/api/v1"
  },
  "qi_1": 0.0,
  "qi_2": 1.9302323543898872e-05,
  "rpve_csf": 18.028761429448643,
  "rpve_gm": 10.740672678080289,
  "rpve_wm": 14.876961676738315,
  "size_x": 170,
  "size_y": 240,
  "size_z": 240,
  "snr_csf": 2.2881895214455974,
  "snr_gm": 6.793079151384041,
  "snr_total": 10.699074323974436,
  "snr_wm": 23.015954299093668,
  "snrd_csf": 36.4648258539815,
  "snrd_gm": 81.30408135385109,
  "snrd_total": 86.19121502657477,
  "snrd_wm": 140.80473787189175,
  "spacing_x": 1.0000066757202148,
  "spacing_y": 1.0,
  "spacing_z": 1.0,
  "summary_bg_k": 9.640496164628997,
  "summary_bg_mad": 4.65272285012075,
  "summary_bg_mean": 8.404799461364746,
  "summary_bg_median": 6.0211992263793945,
  "summary_bg_n": 239334.0,
  "summary_bg_p05": 0.0,
  "summary_bg_p95": 20.666688919067383,
  "summary_bg_stdv": 6.50650691986084,
  "summary_csf_k": -0.7207768057166017,
  "summary_csf_mad": 124.06675570917238,
  "summary_csf_mean": 238.50115966796875,
  "summary_csf_median": 258.9700927734375,
  "summary_csf_n": 12126.0,
  "summary_csf_p05": 55.47645092010498,
  "summary_csf_p95": 397.4697952270508,
  "summary_csf_stdv": 113.17218780517578,
  "summary_gm_k": 0.5875915422240285,
  "summary_gm_mad": 75.97485755775416,
  "summary_gm_mean": 582.5223388671875,
  "summary_gm_median": 577.4146728515625,
  "summary_gm_n": 21523.0,
  "summary_gm_p05": 449.9996765136719,
  "summary_gm_p95": 734.4091979980468,
  "summary_gm_stdv": 84.99845886230469,
  "summary_wm_k": 1.5848985093477603,
  "summary_wm_mad": 38.25229552042774,
  "summary_wm_mean": 998.6327514648438,
  "summary_wm_median": 999.9832763671875,
  "summary_wm_n": 236031.0,
  "summary_wm_p05": 925.7023620605469,
  "summary_wm_p95": 1065.7392578125,
  "summary_wm_stdv": 43.447303771972656,
  "tpm_overlap_csf": 0.17522060871124268,
  "tpm_overlap_gm": 0.43262678384780884,
  "tpm_overlap_wm": 0.5047300457954407,
  "wm2max": 0.733262388399141
}