{
  "bids_meta": {
    "AcquisitionMatrixPE": 240,
    "AcquisitionNumber": 2,
    "AcquisitionTime": "11:43:40.490000",
    "BodyPartExamined": "HEAD",
    "ConversionSoftware": "dcm2niix",
    "ConversionSoftwareVersion": "v1.0.20180622 GCC4.9.2",
    "DeviceSerialNumber": "34111",
    "EchoTime": 0.003799,
    "EchoTrainLength": 119,
    "FlipAngle": 8,
    "ImageOrientationPatientDICOM": [
      -0.0537792,
      0.991883,
      -0.115222,
      0.0628452,
      -0.111798,
      -0.991742
    ],
    "ImageType": [
      "ORIGINAL",
      "PRIMARY",
      "M",
      "FFE",
      "M",
      "FFE"
    ],
    "InPlanePhaseEncodingDirectionDICOM": "ROW",
    "MRAcquisitionType": "3D",
    "MagneticFieldStrength": 3,
    "Manufacturer": "Philips",
    "ManufacturersModelName": "Achieva_dStream",
    "Modality": "MR",
    "PatientPosition": "HFS",
    "PercentPhaseFOV": 100,
    "PhaseEncodingSteps": 240,
    "PhilipsRescaleIntercept": 0,
    "PhilipsRescaleSlope": 4.86032,
    "PhilipsScaleSlope": 0.00172105,
    "PixelBandwidth": 191,
    "ProtocolName": "sT1W_1mm_3D_32ch",
    "ReconMatrixPE": 240,
    "RepetitionTime": 0.0082419,
    "SAR": 0.0136896,
    "ScanOptions": "OTHER",
    "ScanningSequence": "GR",
    "SequenceVariant": "MP",
    "SeriesDescription": "sT1W_1mm_3D_32ch",
    "SeriesNumber": 201,
    "SliceThickness": 1,
    "SoftwareVersions": "5.3.1_5.3.1.1",
    "SpacingBetweenSlices": 1,
    "StationName": "HOST_INGENIA",
    "UsePhilipsFloatNotDisplayScaling": 1,
    "acq_id": "01",
    "dataset": "ds001761",
    "modality": "T1w",
    "session_id": "08",
    "subject_id": "04"
  },
  "cjv": 0.3173453618923528,
  "cnr": 3.809032184599273,
  "efc": 0.7439928203427029,
  "fber": 1012.5609130859375,
  "fwhm_avg": 3.6086524067513204,
  "fwhm_x": 3.819117220253961,
  "fwhm_y": 3.63856,
  "fwhm_z": 3.36828,
  "icvs_csf": 0.23545705746766096,
  "icvs_gm": 0.3899715530310068,
  "icvs_wm": 0.37457138950133223,
  "inu_med": 2.13035249710083,
  "inu_range": 0.6959042549133301,
  "provenance": {
    "md5sum": "ca27c7d7e8ee2abcd4a36a8e733a5055",
    "settings": {
      "testing": false
    },
    "software": "mriqc",
    "version": "21.0.0rc2",
    "warnings": {
      "large_rot_frame": true,
      "small_air_mask": true
    },
    "webapi_port": null,
    "webapi_url": "https://mriqc.nimh.nih.gov/api/v1"
  },
  "qi_1": 0.0,
  "qi_2": 2.7422288552897948e-05,
  "rpve_csf": 20.1670233315066,
  "rpve_gm": 12.003483146067415,
  "rpve_wm": 16.804843248247998,
  "size_x": 170,
  "size_y": 240,
  "size_z": 240,
  "snr_csf": 3.9652600219456144,
  "snr_gm": 6.847042163251221,
  "snr_total": 10.157340969850301,
  "snr_wm": 19.65972072435407,
  "snrd_csf": 39.193186723664965,
  "snrd_gm": 71.39768024868522,
  "snrd_total": 76.11900277098535,
  "snrd_wm": 117.76614134060587,
  "spacing_x": 1.0000085830688477,
  "spacing_y": 1.0,
  "spacing_z": 1.0,
  "summary_bg_k": 1476.7025576985131,
  "summary_bg_mad": 5.563078556231111,
  "summary_bg_mean": 9.536825180053711,
  "summary_bg_median": 7.4228692054748535,
  "summary_bg_n": 228987.0,
  "summary_bg_p05": 0.0,
  "summary_bg_p95": 26.482966423034668,
  "summary_bg_stdv": 16.069183349609375,
  "summary_csf_k": 21.99687050245791,
  "summary_csf_mad": 56.53411832948398,
  "summary_csf_mean": 327.41705322265625,
  "summary_csf_median": 332.8082275390625,
  "summary_csf_n": 7289.0,
  "summary_csf_p05": 173.77989501953127,
  "summary_csf_p95": 448.9132934570312,
  "summary_csf_stdv": 83.92523956298828,
  "summary_gm_k": 0.49063076471431266,
  "summary_gm_mad": 79.26777463724083,
  "summary_gm_mean": 613.2833862304688,
  "summary_gm_median": 606.2720947265625,
  "summary_gm_n": 13734.0,
  "summary_gm_p05": 479.44068145751953,
  "summary_gm_p95": 773.3701904296875,
  "summary_gm_stdv": 88.54188537597656,
  "summary_wm_k": 1.085209723691178,
  "summary_wm_mad": 45.68281659399096,
  "summary_wm_mean": 999.091796875,
  "summary_wm_median": 1000.009033203125,
  "summary_wm_n": 203554.0,
  "summary_wm_p05": 914.6487548828125,
  "summary_wm_p95": 1080.1813903808593,
  "summary_wm_stdv": 50.86575698852539,
  "tpm_overlap_csf": 0.13784465193748474,
  "tpm_overlap_gm": 0.4202781319618225,
  "tpm_overlap_wm": 0.5033575296401978,
  "wm2max": 0.6120969715960457
}