{
  "aor": 0.001144,
  "aqi": 0.00564060041025641,
  "bids_meta": {
    "AcquisitionMatrixPE": 78,
    "AcquisitionNumber": 9,
    "AcquisitionTime": "13:14:50.990000",
    "BodyPartExamined": "HEAD",
    "ConversionSoftware": "dcm2niix",
    "ConversionSoftwareVersion": "v1.0.20180622 GCC4.9.2",
    "DeviceSerialNumber": "34111",
    "EchoTime": 0.03,
    "EchoTrainLength": 31,
    "FlipAngle": 75,
    "ImageOrientationPatientDICOM": [
      0.997079,
      0.0588339,
      0.0486977,
      -0.0542766,
      0.99445,
      -0.0901322
    ],
    "ImageType": [
      "ORIGINAL",
      "PRIMARY",
      "M",
      "FFE",
      "M",
      "FFE"
    ],
    "InPlanePhaseEncodingDirectionDICOM": "COL",
    "MRAcquisitionType": "2D",
    "MagneticFieldStrength": 3,
    "Manufacturer": "Philips",
    "ManufacturersModelName": "Achieva_dStream",
    "Modality": "MR",
    "PatientPosition": "HFS",
    "PercentPhaseFOV": 100,
    "PhaseEncodingAxis": "j",
    "PhaseEncodingSteps": 78,
    "PhilipsRescaleIntercept": 0,
    "PhilipsRescaleSlope": 0.784615,
    "PhilipsScaleSlope": 0.00715081,
    "PixelBandwidth": 3415,
    "ProtocolName": "EPI_run6_195dyn",
    "ReconMatrixPE": 80,
    "RepetitionTime": 2,
    "SAR": 0.0791077,
    "ScanOptions": "FS",
    "ScanningSequence": "GR",
    "SequenceVariant": "SK",
    "SeriesDescription": "EPI_run6_195dyn",
    "SeriesNumber": 901,
    "SliceThickness": 3,
    "SoftwareVersions": "5.3.1_5.3.1.1",
    "SpacingBetweenSlices": 3.2,
    "StationName": "HOST_INGENIA",
    "TaskName": "faces",
    "UsePhilipsFloatNotDisplayScaling": 1,
    "dataset": "ds001761",
    "modality": "bold",
    "run_id": 6,
    "session_id": "04",
    "subject_id": "04",
    "task_id": "faces"
  },
  "dummy_trs": 0,
  "dvars_nstd": 26.265349624020633,
  "dvars_std": 1.2771787424226813,
  "dvars_vstd": 1.0056330686082477,
  "efc": 0.4146719235729955,
  "fber": 108997.46875,
  "fd_mean": 0.080398170021362,
  "fd_num": 0,
  "fd_perc": 0.0,
  "fwhm_avg": 1.8940523589724638,
  "fwhm_x": 1.8910766666666667,
  "fwhm_y": 2.0165433333333334,
  "fwhm_z": 1.7745370769173916,
  "gcor": 0.0601801,
  "gsr_x": -0.00150215660687536,
  "gsr_y": 0.002493760082870722,
  "provenance": {
    "md5sum": "d56b775b5e724d00898d54aefbd6f5f3",
    "settings": {
      "fd_thres": 0.2,
      "testing": false
    },
    "software": "mriqc",
    "version": "21.0.0rc2",
    "webapi_port": null,
    "webapi_url": "https://mriqc.nimh.nih.gov/api/v1"
  },
  "size_t": 195,
  "size_x": 80,
  "size_y": 80,
  "size_z": 41,
  "snr": 4.762820070868332,
  "spacing_tr": 1.9999991655349731,
  "spacing_x": 3.0,
  "spacing_y": 3.0,
  "spacing_z": 3.200000762939453,
  "summary_bg_k": 120.76353322370677,
  "summary_bg_mad": 583.1747935725523,
  "summary_bg_mean": 3753.470703125,
  "summary_bg_median": 507.885009765625,
  "summary_bg_n": 181020.0,
  "summary_bg_p05": 38.369689559936525,
  "summary_bg_p95": 16642.99072265625,
  "summary_bg_stdv": 11516.7255859375,
  "summary_fg_k": 5.1633702989678465,
  "summary_fg_mad": 26996.228900745387,
  "summary_fg_mean": 173832.28125,
  "summary_fg_median": 168346.6875,
  "summary_fg_n": 37500.0,
  "summary_fg_p05": 131339.6734375,
  "summary_fg_p95": 233722.24140624996,
  "summary_fg_stdv": 35345.5390625,
  "tsnr": 70.78982543945312
}