{
  "aor": 0.004905892857142858,
  "aqi": 0.004750142678571428,
  "bids_meta": {
    "AcquisitionMatrixPE": 78,
    "AcquisitionNumber": 10,
    "AcquisitionTime": "13:23:6.350000",
    "BodyPartExamined": "HEAD",
    "ConversionSoftware": "dcm2niix",
    "ConversionSoftwareVersion": "v1.0.20180622 GCC4.9.2",
    "DeviceSerialNumber": "34111",
    "EchoTime": 0.03,
    "EchoTrainLength": 31,
    "FlipAngle": 75,
    "ImageOrientationPatientDICOM": [
      0.997079,
      0.0588339,
      0.0486977,
      -0.0542766,
      0.99445,
      -0.0901322
    ],
    "ImageType": [
      "ORIGINAL",
      "PRIMARY",
      "M",
      "FFE",
      "M",
      "FFE"
    ],
    "InPlanePhaseEncodingDirectionDICOM": "COL",
    "MRAcquisitionType": "2D",
    "MagneticFieldStrength": 3,
    "Manufacturer": "Philips",
    "ManufacturersModelName": "Achieva_dStream",
    "Modality": "MR",
    "PatientPosition": "HFS",
    "PercentPhaseFOV": 100,
    "PhaseEncodingAxis": "j",
    "PhaseEncodingSteps": 78,
    "PhilipsRescaleIntercept": 0,
    "PhilipsRescaleSlope": 0.799756,
    "PhilipsScaleSlope": 0.00721287,
    "PixelBandwidth": 3415,
    "ProtocolName": "EPI_LOCALIZER_56dyn",
    "ReconMatrixPE": 80,
    "RepetitionTime": 2,
    "SAR": 0.0791077,
    "ScanOptions": "FS",
    "ScanningSequence": "GR",
    "SequenceVariant": "SK",
    "SeriesDescription": "EPI_LOCALIZER_56dyn",
    "SeriesNumber": 1001,
    "SliceThickness": 3,
    "SoftwareVersions": "5.3.1_5.3.1.1",
    "SpacingBetweenSlices": 3.2,
    "StationName": "HOST_INGENIA",
    "TaskName": "loc",
    "UsePhilipsFloatNotDisplayScaling": 1,
    "dataset": "ds001761",
    "modality": "bold",
    "run_id": 2,
    "session_id": "04",
    "subject_id": "04",
    "task_id": "loc"
  },
  "dummy_trs": 0,
  "dvars_nstd": 26.224430326363628,
  "dvars_std": 1.292372974363636,
  "dvars_vstd": 1.0344081090909092,
  "efc": 0.4147549250693664,
  "fber": 111282.3515625,
  "fd_mean": 0.08661624813185366,
  "fd_num": 4,
  "fd_perc": 7.142857142857143,
  "fwhm_avg": 1.893800553120375,
  "fwhm_x": 1.8853333333333333,
  "fwhm_y": 2.0178,
  "fwhm_z": 1.7782683260277925,
  "gcor": 0.053296,
  "gsr_x": -0.0021742915268987417,
  "gsr_y": 0.002980864606797695,
  "provenance": {
    "md5sum": "e8bf0eefa2f70b6c83d2295744a1edac",
    "settings": {
      "fd_thres": 0.2,
      "testing": false
    },
    "software": "mriqc",
    "version": "21.0.0rc2",
    "webapi_port": null,
    "webapi_url": "https://mriqc.nimh.nih.gov/api/v1"
  },
  "size_t": 56,
  "size_x": 80,
  "size_y": 80,
  "size_z": 41,
  "snr": 4.809763469848072,
  "spacing_tr": 1.9999991655349731,
  "spacing_x": 3.0,
  "spacing_y": 3.0,
  "spacing_z": 3.200000762939453,
  "summary_bg_k": 129.77677521237948,
  "summary_bg_mad": 583.1888988350529,
  "summary_bg_mean": 3723.8134765625,
  "summary_bg_median": 499.71331787109375,
  "summary_bg_n": 181006.0,
  "summary_bg_p05": 28.45185613632202,
  "summary_bg_p95": 16531.48779296875,
  "summary_bg_stdv": 11540.646484375,
  "summary_fg_k": 5.077768076922103,
  "summary_fg_mad": 26797.96560250976,
  "summary_fg_mean": 173211.234375,
  "summary_fg_median": 167805.90625,
  "summary_fg_n": 37465.0,
  "summary_fg_p05": 131195.31875,
  "summary_fg_p95": 232541.60624999998,
  "summary_fg_stdv": 34888.1328125,
  "tsnr": 78.06729125976562
}