{
  "aor": 0.0009725128205128204,
  "aqi": 0.006141362923076924,
  "bids_meta": {
    "AcquisitionMatrixPE": 78,
    "AcquisitionNumber": 3,
    "AcquisitionTime": "12:33:57.930000",
    "BodyPartExamined": "HEAD",
    "ConversionSoftware": "dcm2niix",
    "ConversionSoftwareVersion": "v1.0.20180622 GCC4.9.2",
    "DeviceSerialNumber": "34111",
    "EchoTime": 0.03,
    "EchoTrainLength": 31,
    "FlipAngle": 75,
    "ImageOrientationPatientDICOM": [
      0.997079,
      0.0588339,
      0.0486977,
      -0.0542766,
      0.99445,
      -0.0901322
    ],
    "ImageType": [
      "ORIGINAL",
      "PRIMARY",
      "M",
      "FFE",
      "M",
      "FFE"
    ],
    "InPlanePhaseEncodingDirectionDICOM": "COL",
    "MRAcquisitionType": "2D",
    "MagneticFieldStrength": 3,
    "Manufacturer": "Philips",
    "ManufacturersModelName": "Achieva_dStream",
    "Modality": "MR",
    "PatientPosition": "HFS",
    "PercentPhaseFOV": 100,
    "PhaseEncodingAxis": "j",
    "PhaseEncodingSteps": 78,
    "PhilipsRescaleIntercept": 0,
    "PhilipsRescaleSlope": 0.775824,
    "PhilipsScaleSlope": 0.00712678,
    "PixelBandwidth": 3415,
    "ProtocolName": "EPI_run1_195dyn",
    "ReconMatrixPE": 80,
    "RepetitionTime": 2,
    "SAR": 0.0791077,
    "ScanOptions": "FS",
    "ScanningSequence": "GR",
    "SequenceVariant": "SK",
    "SeriesDescription": "EPI_run1_195dyn",
    "SeriesNumber": 301,
    "SliceThickness": 3,
    "SoftwareVersions": "5.3.1_5.3.1.1",
    "SpacingBetweenSlices": 3.2,
    "StationName": "HOST_INGENIA",
    "TaskName": "faces",
    "UsePhilipsFloatNotDisplayScaling": 1,
    "dataset": "ds001761",
    "modality": "bold",
    "run_id": 1,
    "session_id": "04",
    "subject_id": "04",
    "task_id": "faces"
  },
  "dummy_trs": 0,
  "dvars_nstd": 25.66371869551543,
  "dvars_std": 1.260393164948453,
  "dvars_vstd": 0.9931201043298958,
  "efc": 0.41306452874083727,
  "fber": 107130.9921875,
  "fd_mean": 0.07162158364667659,
  "fd_num": 1,
  "fd_perc": 0.5128205128205128,
  "fwhm_avg": 1.9036328441276655,
  "fwhm_x": 1.8996666666666666,
  "fwhm_y": 2.0246666666666666,
  "fwhm_z": 1.7865651990496638,
  "gcor": 0.061877,
  "gsr_x": -0.002643418498337269,
  "gsr_y": 0.003612544620409608,
  "provenance": {
    "md5sum": "5f396e4c60ffcb386a2b1e9e256c2cbc",
    "settings": {
      "fd_thres": 0.2,
      "testing": false
    },
    "software": "mriqc",
    "version": "21.0.0rc2",
    "webapi_port": null,
    "webapi_url": "https://mriqc.nimh.nih.gov/api/v1"
  },
  "size_t": 195,
  "size_x": 80,
  "size_y": 80,
  "size_z": 41,
  "snr": 4.690187084203502,
  "spacing_tr": 1.9999991655349731,
  "spacing_x": 3.0,
  "spacing_y": 3.0,
  "spacing_z": 3.200000762939453,
  "summary_bg_k": 132.15675685968108,
  "summary_bg_mad": 598.5543144023085,
  "summary_bg_mean": 3740.529052734375,
  "summary_bg_median": 519.734619140625,
  "summary_bg_n": 181249.0,
  "summary_bg_p05": 39.15382461547851,
  "summary_bg_p95": 16128.703906250006,
  "summary_bg_stdv": 11625.466796875,
  "summary_fg_k": 5.410210799061884,
  "summary_fg_mad": 27310.656399366897,
  "summary_fg_mean": 176869.890625,
  "summary_fg_median": 171112.90625,
  "summary_fg_n": 37282.0,
  "summary_fg_p05": 133287.771875,
  "summary_fg_p95": 238650.89687499977,
  "summary_fg_stdv": 36482.68359375,
  "tsnr": 68.12210083007812
}