{
  "aor": 0.0009443589743589745,
  "aqi": 0.005960730512820513,
  "bids_meta": {
    "AcquisitionMatrixPE": 78,
    "AcquisitionNumber": 16,
    "AcquisitionTime": "14:08:25.210000",
    "BodyPartExamined": "HEAD",
    "ConversionSoftware": "dcm2niix",
    "ConversionSoftwareVersion": "v1.0.20180622 GCC4.9.2",
    "DeviceSerialNumber": "34111",
    "EchoTime": 0.03,
    "EchoTrainLength": 31,
    "FlipAngle": 75,
    "ImageOrientationPatientDICOM": [
      0.997079,
      0.0588339,
      0.0486977,
      -0.0542766,
      0.99445,
      -0.0901322
    ],
    "ImageType": [
      "ORIGINAL",
      "PRIMARY",
      "M",
      "FFE",
      "M",
      "FFE"
    ],
    "InPlanePhaseEncodingDirectionDICOM": "COL",
    "MRAcquisitionType": "2D",
    "MagneticFieldStrength": 3,
    "Manufacturer": "Philips",
    "ManufacturersModelName": "Achieva_dStream",
    "Modality": "MR",
    "PatientPosition": "HFS",
    "PercentPhaseFOV": 100,
    "PhaseEncodingAxis": "j",
    "PhaseEncodingSteps": 78,
    "PhilipsRescaleIntercept": 0,
    "PhilipsRescaleSlope": 0.802442,
    "PhilipsScaleSlope": 0.0072264,
    "PixelBandwidth": 3415,
    "ProtocolName": "EPI_run12_195dyn",
    "ReconMatrixPE": 80,
    "RepetitionTime": 2,
    "SAR": 0.0791077,
    "ScanOptions": "FS",
    "ScanningSequence": "GR",
    "SequenceVariant": "SK",
    "SeriesDescription": "EPI_run12_195dyn",
    "SeriesNumber": 1601,
    "SliceThickness": 3,
    "SoftwareVersions": "5.3.1_5.3.1.1",
    "SpacingBetweenSlices": 3.2,
    "StationName": "HOST_INGENIA",
    "TaskName": "faces",
    "UsePhilipsFloatNotDisplayScaling": 1,
    "dataset": "ds001761",
    "modality": "bold",
    "run_id": 12,
    "session_id": "04",
    "subject_id": "04",
    "task_id": "faces"
  },
  "dummy_trs": 0,
  "dvars_nstd": 26.09167516824743,
  "dvars_std": 1.2847060115463915,
  "dvars_vstd": 0.987544308917526,
  "efc": 0.4172550920941969,
  "fber": 103974.6171875,
  "fd_mean": 0.06980601667441298,
  "fd_num": 1,
  "fd_perc": 0.5128205128205128,
  "fwhm_avg": 1.8897972898238076,
  "fwhm_x": 1.8851366666666667,
  "fwhm_y": 2.01344,
  "fwhm_z": 1.7708152028047557,
  "gcor": 0.0359134,
  "gsr_x": -0.002453091787174344,
  "gsr_y": 0.0013127574929967523,
  "provenance": {
    "md5sum": "f9e3c251c77bfc99c1cebefd8e474d01",
    "settings": {
      "fd_thres": 0.2,
      "testing": false
    },
    "software": "mriqc",
    "version": "21.0.0rc2",
    "webapi_port": null,
    "webapi_url": "https://mriqc.nimh.nih.gov/api/v1"
  },
  "size_t": 195,
  "size_x": 80,
  "size_y": 80,
  "size_z": 41,
  "snr": 4.783315941718189,
  "spacing_tr": 1.9999991655349731,
  "spacing_x": 3.0,
  "spacing_y": 3.0,
  "spacing_z": 3.200000762939453,
  "summary_bg_k": 111.8696458285846,
  "summary_bg_mad": 594.968014649624,
  "summary_bg_mean": 3817.96435546875,
  "summary_bg_median": 510.8441162109375,
  "summary_bg_n": 180778.0,
  "summary_bg_p05": 35.996667098999026,
  "summary_bg_p95": 17114.896191406246,
  "summary_bg_stdv": 11455.1982421875,
  "summary_fg_k": 5.0401468964699045,
  "summary_fg_mad": 26612.33917162093,
  "summary_fg_mean": 170701.03125,
  "summary_fg_median": 165366.625,
  "summary_fg_n": 37609.0,
  "summary_fg_p05": 129165.971875,
  "summary_fg_p95": 229427.31562499993,
  "summary_fg_stdv": 34571.0859375,
  "tsnr": 68.99127960205078
}