{
  "aor": 0.002629313725490196,
  "aqi": 0.006635965735294117,
  "bids_meta": {
    "AcquisitionMatrixPE": 78,
    "AcquisitionNumber": 17,
    "AcquisitionTime": "12:17:46.560000",
    "BodyPartExamined": "HEAD",
    "ConversionSoftware": "dcm2niix",
    "ConversionSoftwareVersion": "v1.0.20180622 GCC4.9.2",
    "DeviceSerialNumber": "34111",
    "EchoTime": 0.03,
    "EchoTrainLength": 31,
    "FlipAngle": 75,
    "ImageOrientationPatientDICOM": [
      0.996296,
      -0.0830391,
      -0.0223382,
      0.0803768,
      0.991604,
      -0.101299
    ],
    "ImageType": [
      "ORIGINAL",
      "PRIMARY",
      "M",
      "FFE",
      "M",
      "FFE"
    ],
    "InPlanePhaseEncodingDirectionDICOM": "COL",
    "MRAcquisitionType": "2D",
    "MagneticFieldStrength": 3,
    "Manufacturer": "Philips",
    "ManufacturersModelName": "Achieva_dStream",
    "Modality": "MR",
    "PatientPosition": "HFS",
    "PercentPhaseFOV": 100,
    "PhaseEncodingAxis": "j",
    "PhaseEncodingSteps": 78,
    "PhilipsRescaleIntercept": 0,
    "PhilipsRescaleSlope": 0.788767,
    "PhilipsScaleSlope": 0.00896431,
    "PixelBandwidth": 3415,
    "ProtocolName": "EPI_run13_204dyn",
    "ReconMatrixPE": 80,
    "RepetitionTime": 2,
    "SAR": 0.0790606,
    "ScanOptions": "FS",
    "ScanningSequence": "GR",
    "SequenceVariant": "SK",
    "SeriesDescription": "EPI_run13_204dyn",
    "SeriesNumber": 1701,
    "SliceThickness": 3,
    "SoftwareVersions": "5.3.1_5.3.1.1",
    "SpacingBetweenSlices": 3.2,
    "StationName": "HOST_INGENIA",
    "TaskName": "faces",
    "UsePhilipsFloatNotDisplayScaling": 1,
    "dataset": "ds001761",
    "modality": "bold",
    "run_id": 13,
    "session_id": "08",
    "subject_id": "03",
    "task_id": "faces"
  },
  "dummy_trs": 0,
  "dvars_nstd": 27.238631770147773,
  "dvars_std": 1.2486365982758616,
  "dvars_vstd": 1.008448651428572,
  "efc": 0.44018768362325916,
  "fber": 107957.734375,
  "fd_mean": 0.0906443315190524,
  "fd_num": 4,
  "fd_perc": 1.9607843137254901,
  "fwhm_avg": 1.8228435762143278,
  "fwhm_x": 1.7373733333333332,
  "fwhm_y": 1.9923166666666667,
  "fwhm_z": 1.738840728642984,
  "gcor": 0.0211145,
  "gsr_x": -0.013936665840446949,
  "gsr_y": 0.012393573299050331,
  "provenance": {
    "md5sum": "1481cee40c810cfe016777d8bc00b35d",
    "settings": {
      "fd_thres": 0.2,
      "testing": false
    },
    "software": "mriqc",
    "version": "21.0.0rc2",
    "webapi_port": null,
    "webapi_url": "https://mriqc.nimh.nih.gov/api/v1"
  },
  "size_t": 204,
  "size_x": 80,
  "size_y": 80,
  "size_z": 41,
  "snr": 5.632959055346186,
  "spacing_tr": 1.9999991655349731,
  "spacing_x": 3.0,
  "spacing_y": 3.0,
  "spacing_z": 3.1999998092651367,
  "summary_bg_k": 52.48730728512845,
  "summary_bg_mad": 523.2253296883009,
  "summary_bg_mean": 4007.3388671875,
  "summary_bg_median": 466.30841064453125,
  "summary_bg_n": 176238.0,
  "summary_bg_p05": 42.685350418090835,
  "summary_bg_p95": 20309.27617187499,
  "summary_bg_stdv": 10692.4248046875,
  "summary_fg_k": 3.1051739249978647,
  "summary_fg_mad": 26481.916507711765,
  "summary_fg_mean": 158072.359375,
  "summary_fg_median": 155561.21875,
  "summary_fg_n": 41055.0,
  "summary_fg_p05": 120241.42578125,
  "summary_fg_p95": 203137.53593749998,
  "summary_fg_stdv": 27615.916015625,
  "tsnr": 65.36296844482422
}