{
  "aor": 0.0016426470588235295,
  "aqi": 0.006158540833333333,
  "bids_meta": {
    "AcquisitionMatrixPE": 78,
    "AcquisitionNumber": 15,
    "AcquisitionTime": "12:01:13.370000",
    "BodyPartExamined": "HEAD",
    "ConversionSoftware": "dcm2niix",
    "ConversionSoftwareVersion": "v1.0.20180622 GCC4.9.2",
    "DeviceSerialNumber": "34111",
    "EchoTime": 0.03,
    "EchoTrainLength": 31,
    "FlipAngle": 75,
    "ImageOrientationPatientDICOM": [
      0.996296,
      -0.0830391,
      -0.0223382,
      0.0803768,
      0.991604,
      -0.101299
    ],
    "ImageType": [
      "ORIGINAL",
      "PRIMARY",
      "M",
      "FFE",
      "M",
      "FFE"
    ],
    "InPlanePhaseEncodingDirectionDICOM": "COL",
    "MRAcquisitionType": "2D",
    "MagneticFieldStrength": 3,
    "Manufacturer": "Philips",
    "ManufacturersModelName": "Achieva_dStream",
    "Modality": "MR",
    "PatientPosition": "HFS",
    "PercentPhaseFOV": 100,
    "PhaseEncodingAxis": "j",
    "PhaseEncodingSteps": 78,
    "PhilipsRescaleIntercept": 0,
    "PhilipsRescaleSlope": 0.819048,
    "PhilipsScaleSlope": 0.00827721,
    "PixelBandwidth": 3415,
    "ProtocolName": "EPI_run11_204dyn",
    "ReconMatrixPE": 80,
    "RepetitionTime": 2,
    "SAR": 0.0790606,
    "ScanOptions": "FS",
    "ScanningSequence": "GR",
    "SequenceVariant": "SK",
    "SeriesDescription": "EPI_run11_204dyn",
    "SeriesNumber": 1501,
    "SliceThickness": 3,
    "SoftwareVersions": "5.3.1_5.3.1.1",
    "SpacingBetweenSlices": 3.2,
    "StationName": "HOST_INGENIA",
    "TaskName": "faces",
    "UsePhilipsFloatNotDisplayScaling": 1,
    "dataset": "ds001761",
    "modality": "bold",
    "run_id": 11,
    "session_id": "08",
    "subject_id": "03",
    "task_id": "faces"
  },
  "dummy_trs": 0,
  "dvars_nstd": 27.516790652906398,
  "dvars_std": 1.245507805172413,
  "dvars_vstd": 1.001336378965517,
  "efc": 0.4393061412694884,
  "fber": 106607.1953125,
  "fd_mean": 0.08989587615269508,
  "fd_num": 5,
  "fd_perc": 2.450980392156863,
  "fwhm_avg": 1.8097432979877768,
  "fwhm_x": 1.72834,
  "fwhm_y": 1.9846366666666666,
  "fwhm_z": 1.7162532272966637,
  "gcor": 0.0244865,
  "gsr_x": -0.013773951679468155,
  "gsr_y": 0.013546455651521683,
  "provenance": {
    "md5sum": "cd4a08a39e7dc76493fa198f331a246b",
    "settings": {
      "fd_thres": 0.2,
      "testing": false
    },
    "software": "mriqc",
    "version": "21.0.0rc2",
    "webapi_port": null,
    "webapi_url": "https://mriqc.nimh.nih.gov/api/v1"
  },
  "size_t": 204,
  "size_x": 80,
  "size_y": 80,
  "size_z": 41,
  "snr": 5.627516259471721,
  "spacing_tr": 1.9999991655349731,
  "spacing_x": 3.0,
  "spacing_y": 3.0,
  "spacing_z": 3.1999998092651367,
  "summary_bg_k": 57.16132279015954,
  "summary_bg_mad": 534.6511069805289,
  "summary_bg_mean": 4022.443115234375,
  "summary_bg_median": 475.73321533203125,
  "summary_bg_n": 176360.0,
  "summary_bg_p05": 41.69869480133057,
  "summary_bg_p95": 20227.839160156218,
  "summary_bg_stdv": 10745.828125,
  "summary_fg_k": 3.0696316371600325,
  "summary_fg_mad": 26861.02252811558,
  "summary_fg_mean": 160279.1875,
  "summary_fg_median": 157732.171875,
  "summary_fg_n": 40950.0,
  "summary_fg_p05": 121842.53359375,
  "summary_fg_p95": 206163.05703124995,
  "summary_fg_stdv": 28028.39453125,
  "tsnr": 67.12704467773438
}