{
  "aor": 0.002338333333333333,
  "aqi": 0.008837351862745098,
  "bids_meta": {
    "AcquisitionMatrixPE": 78,
    "AcquisitionNumber": 7,
    "AcquisitionTime": "10:58:51.870000",
    "BodyPartExamined": "HEAD",
    "ConversionSoftware": "dcm2niix",
    "ConversionSoftwareVersion": "v1.0.20180622 GCC4.9.2",
    "DeviceSerialNumber": "34111",
    "EchoTime": 0.03,
    "EchoTrainLength": 31,
    "FlipAngle": 75,
    "ImageOrientationPatientDICOM": [
      0.999642,
      -0.0053048,
      0.0262425,
      0.00643863,
      0.999041,
      -0.0433118
    ],
    "ImageType": [
      "ORIGINAL",
      "PRIMARY",
      "M",
      "FFE",
      "M",
      "FFE"
    ],
    "InPlanePhaseEncodingDirectionDICOM": "COL",
    "MRAcquisitionType": "2D",
    "MagneticFieldStrength": 3,
    "Manufacturer": "Philips",
    "ManufacturersModelName": "Achieva_dStream",
    "Modality": "MR",
    "PatientPosition": "HFS",
    "PercentPhaseFOV": 100,
    "PhaseEncodingAxis": "j",
    "PhaseEncodingSteps": 78,
    "PhilipsRescaleIntercept": 0,
    "PhilipsRescaleSlope": 0.828083,
    "PhilipsScaleSlope": 0.00723176,
    "PixelBandwidth": 3425,
    "ProtocolName": "EPI_run5_204dyn",
    "ReconMatrixPE": 80,
    "RepetitionTime": 2,
    "SAR": 0.0790591,
    "ScanOptions": "FS",
    "ScanningSequence": "GR",
    "SequenceVariant": "SK",
    "SeriesDescription": "EPI_run5_204dyn",
    "SeriesNumber": 701,
    "SliceThickness": 3,
    "SoftwareVersions": "5.3.1_5.3.1.1",
    "SpacingBetweenSlices": 3.2,
    "StationName": "HOST_INGENIA",
    "TaskName": "faces",
    "UsePhilipsFloatNotDisplayScaling": 1,
    "dataset": "ds001761",
    "modality": "bold",
    "run_id": 5,
    "session_id": "08",
    "subject_id": "03",
    "task_id": "faces"
  },
  "dummy_trs": 0,
  "dvars_nstd": 27.04444046206896,
  "dvars_std": 1.230111274729064,
  "dvars_vstd": 0.9895656886206893,
  "efc": 0.437938583711013,
  "fber": 106582.4921875,
  "fd_mean": 0.1216219805127981,
  "fd_num": 23,
  "fd_perc": 11.27450980392157,
  "fwhm_avg": 1.8602943184575709,
  "fwhm_x": 1.805576523172337,
  "fwhm_y": 2.0215533333333333,
  "fwhm_z": 1.7537530988670422,
  "gcor": 0.0195712,
  "gsr_x": -0.012073494493961334,
  "gsr_y": 0.013805488124489784,
  "provenance": {
    "md5sum": "3ccabe8a3cd970ebb8ac48927dc93d81",
    "settings": {
      "fd_thres": 0.2,
      "testing": false
    },
    "software": "mriqc",
    "version": "21.0.0rc2",
    "webapi_port": null,
    "webapi_url": "https://mriqc.nimh.nih.gov/api/v1"
  },
  "size_t": 204,
  "size_x": 80,
  "size_y": 80,
  "size_z": 41,
  "snr": 5.561007131968186,
  "spacing_tr": 1.9999991655349731,
  "spacing_x": 3.000000238418579,
  "spacing_y": 3.0,
  "spacing_z": 3.200000047683716,
  "summary_bg_k": 49.010006447703105,
  "summary_bg_mad": 669.6619175547089,
  "summary_bg_mean": 4523.82958984375,
  "summary_bg_median": 544.323486328125,
  "summary_bg_n": 176586.0,
  "summary_bg_p05": 37.592512130737305,
  "summary_bg_p95": 22507.09375,
  "summary_bg_stdv": 11960.1796875,
  "summary_fg_k": 3.222463478631161,
  "summary_fg_mad": 30492.100686513113,
  "summary_fg_mean": 182326.59375,
  "summary_fg_median": 179409.375,
  "summary_fg_n": 40887.0,
  "summary_fg_p05": 137137.265625,
  "summary_fg_p95": 235550.5765625,
  "summary_fg_stdv": 32261.634765625,
  "tsnr": 58.85490798950195
}