{
  "aor": 0.0012479901960784315,
  "aqi": 0.005946019901960786,
  "bids_meta": {
    "AcquisitionMatrixPE": 78,
    "AcquisitionNumber": 16,
    "AcquisitionTime": "12:10:17.780000",
    "BodyPartExamined": "HEAD",
    "ConversionSoftware": "dcm2niix",
    "ConversionSoftwareVersion": "v1.0.20180622 GCC4.9.2",
    "DeviceSerialNumber": "34111",
    "EchoTime": 0.03,
    "EchoTrainLength": 31,
    "FlipAngle": 75,
    "ImageOrientationPatientDICOM": [
      0.996296,
      -0.0830391,
      -0.0223382,
      0.0803768,
      0.991604,
      -0.101299
    ],
    "ImageType": [
      "ORIGINAL",
      "PRIMARY",
      "M",
      "FFE",
      "M",
      "FFE"
    ],
    "InPlanePhaseEncodingDirectionDICOM": "COL",
    "MRAcquisitionType": "2D",
    "MagneticFieldStrength": 3,
    "Manufacturer": "Philips",
    "ManufacturersModelName": "Achieva_dStream",
    "Modality": "MR",
    "PatientPosition": "HFS",
    "PercentPhaseFOV": 100,
    "PhaseEncodingAxis": "j",
    "PhaseEncodingSteps": 78,
    "PhilipsRescaleIntercept": 0,
    "PhilipsRescaleSlope": 0.794628,
    "PhilipsScaleSlope": 0.00865246,
    "PixelBandwidth": 3415,
    "ProtocolName": "EPI_run12_204dyn",
    "ReconMatrixPE": 80,
    "RepetitionTime": 2,
    "SAR": 0.0790606,
    "ScanOptions": "FS",
    "ScanningSequence": "GR",
    "SequenceVariant": "SK",
    "SeriesDescription": "EPI_run12_204dyn",
    "SeriesNumber": 1601,
    "SliceThickness": 3,
    "SoftwareVersions": "5.3.1_5.3.1.1",
    "SpacingBetweenSlices": 3.2,
    "StationName": "HOST_INGENIA",
    "TaskName": "faces",
    "UsePhilipsFloatNotDisplayScaling": 1,
    "dataset": "ds001761",
    "modality": "bold",
    "run_id": 12,
    "session_id": "08",
    "subject_id": "03",
    "task_id": "faces"
  },
  "dummy_trs": 0,
  "dvars_nstd": 27.190259980492627,
  "dvars_std": 1.259914514334976,
  "dvars_vstd": 1.0049787603940887,
  "efc": 0.43977217958390225,
  "fber": 109064.09375,
  "fd_mean": 0.08843128834400057,
  "fd_num": 1,
  "fd_perc": 0.49019607843137253,
  "fwhm_avg": 1.810277950993853,
  "fwhm_x": 1.7171766666666668,
  "fwhm_y": 1.9859133333333334,
  "fwhm_z": 1.7277438529815587,
  "gcor": 0.0254237,
  "gsr_x": -0.013695288449525833,
  "gsr_y": 0.013325706124305725,
  "provenance": {
    "md5sum": "99729f1c421d5be3db48222b0082d46b",
    "settings": {
      "fd_thres": 0.2,
      "testing": false
    },
    "software": "mriqc",
    "version": "21.0.0rc2",
    "webapi_port": null,
    "webapi_url": "https://mriqc.nimh.nih.gov/api/v1"
  },
  "size_t": 204,
  "size_x": 80,
  "size_y": 80,
  "size_z": 41,
  "snr": 5.646073153092526,
  "spacing_tr": 1.9999991655349731,
  "spacing_x": 3.0,
  "spacing_y": 3.0,
  "spacing_z": 3.1999998092651367,
  "summary_bg_k": 55.273508066903844,
  "summary_bg_mad": 528.0070645771065,
  "summary_bg_mean": 4034.0439453125,
  "summary_bg_median": 468.7385559082031,
  "summary_bg_n": 176319.0,
  "summary_bg_p05": 38.289809417724605,
  "summary_bg_p95": 20281.319335937515,
  "summary_bg_stdv": 10781.6845703125,
  "summary_fg_k": 3.063268906230779,
  "summary_fg_mad": 26585.00369321723,
  "summary_fg_mean": 159633.125,
  "summary_fg_median": 157181.46875,
  "summary_fg_n": 41020.0,
  "summary_fg_p05": 121347.31796875,
  "summary_fg_p95": 204975.7125,
  "summary_fg_stdv": 27838.73828125,
  "tsnr": 69.04899597167969
}