{
  "aor": 0.0015351470588235293,
  "aqi": 0.0053743162254901965,
  "bids_meta": {
    "AcquisitionMatrixPE": 78,
    "AcquisitionNumber": 3,
    "AcquisitionTime": "10:27:38.940000",
    "BodyPartExamined": "HEAD",
    "ConversionSoftware": "dcm2niix",
    "ConversionSoftwareVersion": "v1.0.20180622 GCC4.9.2",
    "DeviceSerialNumber": "34111",
    "EchoTime": 0.03,
    "EchoTrainLength": 31,
    "FlipAngle": 75,
    "ImageOrientationPatientDICOM": [
      0.999642,
      -0.0053048,
      0.0262425,
      0.00643863,
      0.999041,
      -0.0433118
    ],
    "ImageType": [
      "ORIGINAL",
      "PRIMARY",
      "M",
      "FFE",
      "M",
      "FFE"
    ],
    "InPlanePhaseEncodingDirectionDICOM": "COL",
    "MRAcquisitionType": "2D",
    "MagneticFieldStrength": 3,
    "Manufacturer": "Philips",
    "ManufacturersModelName": "Achieva_dStream",
    "Modality": "MR",
    "PatientPosition": "HFS",
    "PercentPhaseFOV": 100,
    "PhaseEncodingAxis": "j",
    "PhaseEncodingSteps": 78,
    "PhilipsRescaleIntercept": 0,
    "PhilipsRescaleSlope": 0.838095,
    "PhilipsScaleSlope": 0.00683258,
    "PixelBandwidth": 3425,
    "ProtocolName": "EPI_run1_204dyn",
    "ReconMatrixPE": 80,
    "RepetitionTime": 2,
    "SAR": 0.0790591,
    "ScanOptions": "FS",
    "ScanningSequence": "GR",
    "SequenceVariant": "SK",
    "SeriesDescription": "EPI_run1_204dyn",
    "SeriesNumber": 301,
    "SliceThickness": 3,
    "SoftwareVersions": "5.3.1_5.3.1.1",
    "SpacingBetweenSlices": 3.2,
    "StationName": "HOST_INGENIA",
    "TaskName": "faces",
    "UsePhilipsFloatNotDisplayScaling": 1,
    "dataset": "ds001761",
    "modality": "bold",
    "run_id": 1,
    "session_id": "08",
    "subject_id": "03",
    "task_id": "faces"
  },
  "dummy_trs": 0,
  "dvars_nstd": 24.891766674778328,
  "dvars_std": 1.22607817270936,
  "dvars_vstd": 1.003394125862069,
  "efc": 0.4355212653956296,
  "fber": 105635.03125,
  "fd_mean": 0.0668517577437863,
  "fd_num": 0,
  "fd_perc": 0.0,
  "fwhm_avg": 1.877298762317763,
  "fwhm_x": 1.8244531883388209,
  "fwhm_y": 2.03674,
  "fwhm_z": 1.7707030986144676,
  "gcor": 0.0241101,
  "gsr_x": -0.0118329506367445,
  "gsr_y": 0.013197842054069042,
  "provenance": {
    "md5sum": "8d2bdedec665d027baa83a31ade5abe4",
    "settings": {
      "fd_thres": 0.2,
      "testing": false
    },
    "software": "mriqc",
    "version": "21.0.0rc2",
    "webapi_port": null,
    "webapi_url": "https://mriqc.nimh.nih.gov/api/v1"
  },
  "size_t": 204,
  "size_x": 80,
  "size_y": 80,
  "size_z": 41,
  "snr": 5.361591994277147,
  "spacing_tr": 1.9999991655349731,
  "spacing_x": 3.000000238418579,
  "spacing_y": 3.0,
  "spacing_z": 3.200000047683716,
  "summary_bg_k": 48.856606232303704,
  "summary_bg_mad": 710.3729628022833,
  "summary_bg_mean": 4432.935546875,
  "summary_bg_median": 558.6906127929688,
  "summary_bg_n": 176759.0,
  "summary_bg_p05": 25.130048179626463,
  "summary_bg_p95": 21417.448046875,
  "summary_bg_stdv": 11764.5244140625,
  "summary_fg_k": 3.2344712479823317,
  "summary_fg_mad": 32029.95300331771,
  "summary_fg_mean": 186832.3125,
  "summary_fg_median": 183844.8125,
  "summary_fg_n": 40805.0,
  "summary_fg_p05": 138912.853125,
  "summary_fg_p95": 243712.20625,
  "summary_fg_stdv": 34288.80078125,
  "tsnr": 68.16455078125
}