{
  "bids_meta": {
    "AcquisitionMatrixPE": 240,
    "AcquisitionNumber": 2,
    "AcquisitionTime": "12:28:9.850000",
    "BodyPartExamined": "HEAD",
    "ConversionSoftware": "dcm2niix",
    "ConversionSoftwareVersion": "v1.0.20180622 GCC4.9.2",
    "DeviceSerialNumber": "34111",
    "EchoTime": 0.00372,
    "EchoTrainLength": 119,
    "FlipAngle": 8,
    "ImageOrientationPatientDICOM": [
      -0.0708145,
      0.997489,
      -0.000593931,
      0.00838685,
      0,
      -0.999965
    ],
    "ImageType": [
      "ORIGINAL",
      "PRIMARY",
      "M",
      "FFE",
      "M",
      "FFE"
    ],
    "InPlanePhaseEncodingDirectionDICOM": "ROW",
    "MRAcquisitionType": "3D",
    "MagneticFieldStrength": 3,
    "Manufacturer": "Philips",
    "ManufacturersModelName": "Achieva_dStream",
    "Modality": "MR",
    "PatientPosition": "HFS",
    "PercentPhaseFOV": 100,
    "PhaseEncodingSteps": 240,
    "PhilipsRescaleIntercept": 0,
    "PhilipsRescaleSlope": 4.71795,
    "PhilipsScaleSlope": 0.00175778,
    "PixelBandwidth": 191,
    "ProtocolName": "sT1W_1mm_3D_32ch",
    "ReconMatrixPE": 240,
    "RepetitionTime": 0.0081323,
    "SAR": 0.0138932,
    "ScanOptions": "OTHER",
    "ScanningSequence": "GR",
    "SequenceVariant": "MP",
    "SeriesDescription": "sT1W_1mm_3D_32ch",
    "SeriesNumber": 201,
    "SliceThickness": 1,
    "SoftwareVersions": "5.3.1_5.3.1.1",
    "SpacingBetweenSlices": 1,
    "StationName": "HOST_INGENIA",
    "UsePhilipsFloatNotDisplayScaling": 1,
    "acq_id": "01",
    "dataset": "ds001761",
    "modality": "T1w",
    "session_id": "04",
    "subject_id": "04"
  },
  "cjv": 0.32546780386809754,
  "cnr": 3.731134743592297,
  "efc": 0.7357092421556949,
  "fber": 1901.14306640625,
  "fwhm_avg": 3.6077299398649187,
  "fwhm_x": 3.8312898195947556,
  "fwhm_y": 3.64199,
  "fwhm_z": 3.34991,
  "icvs_csf": 0.23751996281299906,
  "icvs_gm": 0.38552740568779686,
  "icvs_wm": 0.3769526314992041,
  "inu_med": 2.46832013130188,
  "inu_range": 0.7913155317306519,
  "provenance": {
    "md5sum": "94959420f79f45b558455f9bcf85e6df",
    "settings": {
      "testing": false
    },
    "software": "mriqc",
    "version": "21.0.0rc2",
    "warnings": {
      "large_rot_frame": true,
      "small_air_mask": true
    },
    "webapi_port": null,
    "webapi_url": "https://mriqc.nimh.nih.gov/api/v1"
  },
  "qi_1": 0.0,
  "qi_2": 3.245467643281275e-05,
  "rpve_csf": 20.35347697614015,
  "rpve_gm": 12.198543842667009,
  "rpve_wm": 16.935225927730976,
  "size_x": 170,
  "size_y": 240,
  "size_z": 240,
  "snr_csf": 4.286701007509591,
  "snr_gm": 7.059570330067452,
  "snr_total": 10.054367808280821,
  "snr_wm": 18.816832087265418,
  "snrd_csf": 41.879772582669744,
  "snrd_gm": 77.54579995611745,
  "snrd_total": 81.67701960338356,
  "snrd_wm": 125.60548627136349,
  "spacing_x": 0.9999974370002747,
  "spacing_y": 1.0,
  "spacing_z": 1.0,
  "summary_bg_k": 4.2721396359718256,
  "summary_bg_mad": 5.21584586918772,
  "summary_bg_mean": 7.034096717834473,
  "summary_bg_median": 3.5180344581604004,
  "summary_bg_n": 224048.0,
  "summary_bg_p05": 0.0,
  "summary_bg_p95": 21.099960231781,
  "summary_bg_stdv": 6.683916091918945,
  "summary_csf_k": 2.7272883724175765,
  "summary_csf_mad": 54.529926805102754,
  "summary_csf_mean": 329.9007263183594,
  "summary_csf_median": 333.42437744140625,
  "summary_csf_n": 6805.0,
  "summary_csf_p05": 188.6211364746094,
  "summary_csf_p95": 445.211865234375,
  "summary_csf_stdv": 77.77539825439453,
  "summary_gm_k": 0.47730021449843374,
  "summary_gm_mad": 77.97389110322581,
  "summary_gm_mean": 622.19091796875,
  "summary_gm_median": 617.3782348632812,
  "summary_gm_n": 13890.0,
  "summary_gm_p05": 483.98425445556643,
  "summary_gm_p95": 779.3412567138672,
  "summary_gm_stdv": 87.44951629638672,
  "summary_wm_k": 1.1429182725502152,
  "summary_wm_mad": 46.55840613660938,
  "summary_wm_mean": 998.7039794921875,
  "summary_wm_median": 1000.0037841796875,
  "summary_wm_n": 202310.0,
  "summary_wm_p05": 908.5194549560547,
  "summary_wm_p95": 1082.8044372558593,
  "summary_wm_stdv": 53.143978118896484,
  "tpm_overlap_csf": 0.13347038626670837,
  "tpm_overlap_gm": 0.4147046208381653,
  "tpm_overlap_wm": 0.5033983588218689,
  "wm2max": 0.6372684812426892
}