{
  "bids_meta": {
    "AcquisitionMatrixPE": 240,
    "AcquisitionNumber": 2,
    "AcquisitionTime": "12:41:41.400000",
    "BodyPartExamined": "HEAD",
    "ConversionSoftware": "dcm2niix",
    "ConversionSoftwareVersion": "v1.0.20180622 GCC4.9.2",
    "DeviceSerialNumber": "34111",
    "EchoTime": 0.003721,
    "EchoTrainLength": 119,
    "FlipAngle": 8,
    "ImageOrientationPatientDICOM": [
      -0.054278,
      0.998526,
      1.20801e-11,
      0.0247892,
      0.00134749,
      -0.999692
    ],
    "ImageType": [
      "ORIGINAL",
      "PRIMARY",
      "M",
      "FFE",
      "M",
      "FFE"
    ],
    "InPlanePhaseEncodingDirectionDICOM": "ROW",
    "MRAcquisitionType": "3D",
    "MagneticFieldStrength": 3,
    "Manufacturer": "Philips",
    "ManufacturersModelName": "Achieva_dStream",
    "Modality": "MR",
    "PatientPosition": "HFS",
    "PercentPhaseFOV": 100,
    "PhaseEncodingSteps": 240,
    "PhilipsRescaleIntercept": 0,
    "PhilipsRescaleSlope": 4.54261,
    "PhilipsScaleSlope": 0.00173614,
    "PixelBandwidth": 191,
    "ProtocolName": "sT1W_1mm_3D_32ch",
    "ReconMatrixPE": 240,
    "RepetitionTime": 0.0081337,
    "SAR": 0.0132572,
    "ScanOptions": "OTHER",
    "ScanningSequence": "GR",
    "SequenceVariant": "MP",
    "SeriesDescription": "sT1W_1mm_3D_32ch",
    "SeriesNumber": 201,
    "SliceThickness": 1,
    "SoftwareVersions": "5.3.1_5.3.1.1",
    "SpacingBetweenSlices": 1,
    "StationName": "HOST_INGENIA",
    "UsePhilipsFloatNotDisplayScaling": 1,
    "acq_id": "01",
    "dataset": "ds001761",
    "modality": "T1w",
    "session_id": "01",
    "subject_id": "04"
  },
  "cjv": 0.31958543827700225,
  "cnr": 3.8263037179432757,
  "efc": 0.7354987776139708,
  "fber": 850.7775268554688,
  "fwhm_avg": 3.638277776650849,
  "fwhm_x": 3.8558533299525464,
  "fwhm_y": 3.70573,
  "fwhm_z": 3.35325,
  "icvs_csf": 0.23614223932637124,
  "icvs_gm": 0.38870607937961604,
  "icvs_wm": 0.3751516812940127,
  "inu_med": 2.862438201904297,
  "inu_range": 0.810075044631958,
  "provenance": {
    "md5sum": "3603955932fefbda15d6ff12c68edfc0",
    "settings": {
      "testing": false
    },
    "software": "mriqc",
    "version": "21.0.0rc2",
    "warnings": {
      "large_rot_frame": true,
      "small_air_mask": true
    },
    "webapi_port": null,
    "webapi_url": "https://mriqc.nimh.nih.gov/api/v1"
  },
  "qi_1": 0.0,
  "qi_2": 4.354710733259629e-05,
  "rpve_csf": 20.16333755636497,
  "rpve_gm": 12.017085800296035,
  "rpve_wm": 16.773386877071257,
  "size_x": 170,
  "size_y": 240,
  "size_z": 240,
  "snr_csf": 4.016655472100043,
  "snr_gm": 6.878666780102188,
  "snr_total": 10.187248743618612,
  "snr_wm": 19.666423978653608,
  "snrd_csf": 48.5776862882606,
  "snrd_gm": 87.3719282452023,
  "snrd_total": 93.16485803423011,
  "snrd_wm": 143.5449595692274,
  "spacing_x": 0.999996542930603,
  "spacing_y": 1.0,
  "spacing_z": 1.0,
  "summary_bg_k": 4.211300987400216,
  "summary_bg_mad": 4.563975354995035,
  "summary_bg_mean": 7.552231311798096,
  "summary_bg_median": 5.9571309089660645,
  "summary_bg_n": 227201.0,
  "summary_bg_p05": 0.0,
  "summary_bg_p95": 21.16207504272461,
  "summary_bg_stdv": 6.692880153656006,
  "summary_csf_k": 1.8801612124369074,
  "summary_csf_mad": 56.51135987868111,
  "summary_csf_mean": 330.8308410644531,
  "summary_csf_median": 338.4140625,
  "summary_csf_n": 6537.0,
  "summary_csf_p05": 169.0246612548828,
  "summary_csf_p95": 455.7992248535156,
  "summary_csf_stdv": 84.24625396728516,
  "summary_gm_k": 0.41039558363302975,
  "summary_gm_mad": 80.17566941618779,
  "summary_gm_mean": 614.6319580078125,
  "summary_gm_median": 608.6722412109375,
  "summary_gm_n": 14890.0,
  "summary_gm_p05": 477.97498779296876,
  "summary_gm_p95": 774.6617034912109,
  "summary_gm_stdv": 88.48397827148438,
  "summary_wm_k": 1.1151098619269932,
  "summary_wm_mad": 44.886632779322895,
  "summary_wm_mean": 998.7850341796875,
  "summary_wm_median": 999.9989013671875,
  "summary_wm_n": 203348.0,
  "summary_wm_p05": 912.1716400146485,
  "summary_wm_p95": 1079.0664672851562,
  "summary_wm_stdv": 50.847904205322266,
  "tpm_overlap_csf": 0.1405133306980133,
  "tpm_overlap_gm": 0.4185832440853119,
  "tpm_overlap_wm": 0.5032071471214294,
  "wm2max": 0.698464647219071
}