{
  "aor": 0.0021035384615384614,
  "aqi": 0.00854380446153846,
  "bids_meta": {
    "AcquisitionMatrixPE": 78,
    "AcquisitionNumber": 10,
    "AcquisitionTime": "13:31:18.290000",
    "BodyPartExamined": "HEAD",
    "ConversionSoftware": "dcm2niix",
    "ConversionSoftwareVersion": "v1.0.20180622 GCC4.9.2",
    "DeviceSerialNumber": "34111",
    "EchoTime": 0.030001,
    "EchoTrainLength": 31,
    "FlipAngle": 75,
    "ImageOrientationPatientDICOM": [
      0.999133,
      0.038692,
      0.0153847,
      -0.0380754,
      0.998532,
      -0.0385314
    ],
    "ImageType": [
      "ORIGINAL",
      "PRIMARY",
      "M",
      "FFE",
      "M",
      "FFE"
    ],
    "InPlanePhaseEncodingDirectionDICOM": "COL",
    "MRAcquisitionType": "2D",
    "MagneticFieldStrength": 3,
    "Manufacturer": "Philips",
    "ManufacturersModelName": "Achieva_dStream",
    "Modality": "MR",
    "PatientPosition": "HFS",
    "PercentPhaseFOV": 100,
    "PhaseEncodingAxis": "j",
    "PhaseEncodingSteps": 78,
    "PhilipsRescaleIntercept": 0,
    "PhilipsRescaleSlope": 0.801465,
    "PhilipsScaleSlope": 0.00727117,
    "PixelBandwidth": 3418,
    "ProtocolName": "EPI_run5_195dyn",
    "ReconMatrixPE": 80,
    "RepetitionTime": 2,
    "SAR": 0.0795428,
    "ScanOptions": "FS",
    "ScanningSequence": "GR",
    "SequenceVariant": "SK",
    "SeriesDescription": "EPI_run5_195dyn",
    "SeriesNumber": 1001,
    "SliceThickness": 3,
    "SoftwareVersions": "5.3.1_5.3.1.1",
    "SpacingBetweenSlices": 3.2,
    "StationName": "HOST_INGENIA",
    "TaskName": "faces",
    "UsePhilipsFloatNotDisplayScaling": 1,
    "dataset": "ds001761",
    "modality": "bold",
    "run_id": 5,
    "session_id": "01",
    "subject_id": "04",
    "task_id": "faces"
  },
  "dummy_trs": 0,
  "dvars_nstd": 26.921962737783506,
  "dvars_std": 1.2377081419072162,
  "dvars_vstd": 1.0077371442783505,
  "efc": 0.41969036287313044,
  "fber": 131514.75,
  "fd_mean": 0.09589030893470092,
  "fd_num": 11,
  "fd_perc": 5.641025641025641,
  "fwhm_avg": 1.819927422122911,
  "fwhm_x": 1.78914,
  "fwhm_y": 1.9729266666666667,
  "fwhm_z": 1.697715599702066,
  "gcor": 0.05303,
  "gsr_x": -0.0025945380330085754,
  "gsr_y": 0.0020290962420403957,
  "provenance": {
    "md5sum": "cd99f8a85acf36fb851508b111b7b407",
    "settings": {
      "fd_thres": 0.2,
      "testing": false
    },
    "software": "mriqc",
    "version": "21.0.0rc2",
    "webapi_port": null,
    "webapi_url": "https://mriqc.nimh.nih.gov/api/v1"
  },
  "size_t": 195,
  "size_x": 80,
  "size_y": 80,
  "size_z": 41,
  "snr": 4.992817741163543,
  "spacing_tr": 1.9999991655349731,
  "spacing_x": 3.0,
  "spacing_y": 3.0,
  "spacing_z": 3.200000047683716,
  "summary_bg_k": 113.51708686863167,
  "summary_bg_mad": 562.4986392159332,
  "summary_bg_mean": 3976.32470703125,
  "summary_bg_median": 447.138671875,
  "summary_bg_n": 180775.0,
  "summary_bg_p05": 19.571829414367677,
  "summary_bg_p95": 17983.781835937476,
  "summary_bg_stdv": 12040.2158203125,
  "summary_fg_k": 4.877744735197129,
  "summary_fg_mad": 25212.229867179365,
  "summary_fg_mean": 168123.53125,
  "summary_fg_median": 163167.796875,
  "summary_fg_n": 37735.0,
  "summary_fg_p05": 128602.34921875,
  "summary_fg_p95": 223270.68437499998,
  "summary_fg_stdv": 32680.0703125,
  "tsnr": 60.62793731689453
}