{
  "aor": 0.0012164615384615384,
  "aqi": 0.006956247948717949,
  "bids_meta": {
    "AcquisitionMatrixPE": 78,
    "AcquisitionNumber": 8,
    "AcquisitionTime": "13:18:19.870000",
    "BodyPartExamined": "HEAD",
    "ConversionSoftware": "dcm2niix",
    "ConversionSoftwareVersion": "v1.0.20180622 GCC4.9.2",
    "DeviceSerialNumber": "34111",
    "EchoTime": 0.030001,
    "EchoTrainLength": 31,
    "FlipAngle": 75,
    "ImageOrientationPatientDICOM": [
      0.999133,
      0.038692,
      0.0153847,
      -0.0380754,
      0.998532,
      -0.0385314
    ],
    "ImageType": [
      "ORIGINAL",
      "PRIMARY",
      "M",
      "FFE",
      "M",
      "FFE"
    ],
    "InPlanePhaseEncodingDirectionDICOM": "COL",
    "MRAcquisitionType": "2D",
    "MagneticFieldStrength": 3,
    "Manufacturer": "Philips",
    "ManufacturersModelName": "Achieva_dStream",
    "Modality": "MR",
    "PatientPosition": "HFS",
    "PercentPhaseFOV": 100,
    "PhaseEncodingAxis": "j",
    "PhaseEncodingSteps": 78,
    "PhilipsRescaleIntercept": 0,
    "PhilipsRescaleSlope": 0.764591,
    "PhilipsScaleSlope": 0.00770623,
    "PixelBandwidth": 3418,
    "ProtocolName": "EPI_run4_195dyn",
    "ReconMatrixPE": 80,
    "RepetitionTime": 2,
    "SAR": 0.0795428,
    "ScanOptions": "FS",
    "ScanningSequence": "GR",
    "SequenceVariant": "SK",
    "SeriesDescription": "EPI_run4_195dyn",
    "SeriesNumber": 801,
    "SliceThickness": 3,
    "SoftwareVersions": "5.3.1_5.3.1.1",
    "SpacingBetweenSlices": 3.2,
    "StationName": "HOST_INGENIA",
    "TaskName": "faces",
    "UsePhilipsFloatNotDisplayScaling": 1,
    "dataset": "ds001761",
    "modality": "bold",
    "run_id": 4,
    "session_id": "01",
    "subject_id": "04",
    "task_id": "faces"
  },
  "dummy_trs": 0,
  "dvars_nstd": 27.339311864948435,
  "dvars_std": 1.242652899381443,
  "dvars_vstd": 1.0039811354123716,
  "efc": 0.418230025455159,
  "fber": 144612.234375,
  "fd_mean": 0.0896622421855103,
  "fd_num": 8,
  "fd_perc": 4.102564102564102,
  "fwhm_avg": 1.807258880521142,
  "fwhm_x": 1.7814933333333334,
  "fwhm_y": 1.9556333333333333,
  "fwhm_z": 1.6846499748967592,
  "gcor": 0.0499167,
  "gsr_x": -0.0023151009809225798,
  "gsr_y": 0.0030143370386213064,
  "provenance": {
    "md5sum": "43488ef020d274970a38cbd8c91b19b8",
    "settings": {
      "fd_thres": 0.2,
      "testing": false
    },
    "software": "mriqc",
    "version": "21.0.0rc2",
    "webapi_port": null,
    "webapi_url": "https://mriqc.nimh.nih.gov/api/v1"
  },
  "size_t": 195,
  "size_x": 80,
  "size_y": 80,
  "size_z": 41,
  "snr": 5.006971451519069,
  "spacing_tr": 1.9999991655349731,
  "spacing_x": 3.0,
  "spacing_y": 3.0,
  "spacing_z": 3.200000047683716,
  "summary_bg_k": 121.95477333669258,
  "summary_bg_mad": 525.8452719120511,
  "summary_bg_mean": 3872.32421875,
  "summary_bg_median": 422.4744873046875,
  "summary_bg_n": 180923.0,
  "summary_bg_p05": 23.873912811279297,
  "summary_bg_p95": 17174.315039062498,
  "summary_bg_stdv": 11885.9375,
  "summary_fg_k": 4.77261167362147,
  "summary_fg_mad": 24877.94939822568,
  "summary_fg_mean": 166956.109375,
  "summary_fg_median": 162245.28125,
  "summary_fg_n": 37633.0,
  "summary_fg_p05": 127398.1109375,
  "summary_fg_p95": 222186.15625,
  "summary_fg_stdv": 32403.4453125,
  "tsnr": 65.80915832519531
}