{
  "aor": 0.003464642857142857,
  "aqi": 0.004920638928571428,
  "bids_meta": {
    "AcquisitionMatrixPE": 78,
    "AcquisitionNumber": 7,
    "AcquisitionTime": "13:15:17.940000",
    "BodyPartExamined": "HEAD",
    "ConversionSoftware": "dcm2niix",
    "ConversionSoftwareVersion": "v1.0.20180622 GCC4.9.2",
    "DeviceSerialNumber": "34111",
    "EchoTime": 0.030001,
    "EchoTrainLength": 31,
    "FlipAngle": 75,
    "ImageOrientationPatientDICOM": [
      0.999133,
      0.038692,
      0.0153847,
      -0.0380754,
      0.998532,
      -0.0385314
    ],
    "ImageType": [
      "ORIGINAL",
      "PRIMARY",
      "M",
      "FFE",
      "M",
      "FFE"
    ],
    "InPlanePhaseEncodingDirectionDICOM": "COL",
    "MRAcquisitionType": "2D",
    "MagneticFieldStrength": 3,
    "Manufacturer": "Philips",
    "ManufacturersModelName": "Achieva_dStream",
    "Modality": "MR",
    "PatientPosition": "HFS",
    "PercentPhaseFOV": 100,
    "PhaseEncodingAxis": "j",
    "PhaseEncodingSteps": 78,
    "PhilipsRescaleIntercept": 0,
    "PhilipsRescaleSlope": 0.778266,
    "PhilipsScaleSlope": 0.00749206,
    "PixelBandwidth": 3418,
    "ProtocolName": "EPI_LOCALIZER_56dyn",
    "ReconMatrixPE": 80,
    "RepetitionTime": 2,
    "SAR": 0.0795428,
    "ScanOptions": "FS",
    "ScanningSequence": "GR",
    "SequenceVariant": "SK",
    "SeriesDescription": "EPI_LOCALIZER_56dyn",
    "SeriesNumber": 701,
    "SliceThickness": 3,
    "SoftwareVersions": "5.3.1_5.3.1.1",
    "SpacingBetweenSlices": 3.2,
    "StationName": "HOST_INGENIA",
    "TaskName": "loc",
    "UsePhilipsFloatNotDisplayScaling": 1,
    "dataset": "ds001761",
    "modality": "bold",
    "run_id": 1,
    "session_id": "01",
    "subject_id": "04",
    "task_id": "loc"
  },
  "dummy_trs": 0,
  "dvars_nstd": 25.398695859090914,
  "dvars_std": 1.2310307025454545,
  "dvars_vstd": 1.0106409725454546,
  "efc": 0.41782834863240875,
  "fber": 154983.484375,
  "fd_mean": 0.05849072409869328,
  "fd_num": 0,
  "fd_perc": 0.0,
  "fwhm_avg": 1.814888394331691,
  "fwhm_x": 1.78108,
  "fwhm_y": 1.9631633333333334,
  "fwhm_z": 1.7004218496617398,
  "gcor": 0.014278,
  "gsr_x": -0.0019199290545657277,
  "gsr_y": 0.0031469669193029404,
  "provenance": {
    "md5sum": "7d9e9bdac94c9117af2fe68f84d62921",
    "settings": {
      "fd_thres": 0.2,
      "testing": false
    },
    "software": "mriqc",
    "version": "21.0.0rc2",
    "webapi_port": null,
    "webapi_url": "https://mriqc.nimh.nih.gov/api/v1"
  },
  "size_t": 56,
  "size_x": 80,
  "size_y": 80,
  "size_z": 41,
  "snr": 5.089676901452321,
  "spacing_tr": 1.9999991655349731,
  "spacing_x": 3.0,
  "spacing_y": 3.0,
  "spacing_z": 3.200000047683716,
  "summary_bg_k": 122.63158088852974,
  "summary_bg_mad": 521.8965732398599,
  "summary_bg_mean": 3797.33740234375,
  "summary_bg_median": 410.3961181640625,
  "summary_bg_n": 180814.0,
  "summary_bg_p05": 16.928679847717284,
  "summary_bg_p95": 17034.69853515627,
  "summary_bg_stdv": 11671.380859375,
  "summary_fg_k": 4.353129413707579,
  "summary_fg_mad": 25514.101578262904,
  "summary_fg_mean": 168105.71875,
  "summary_fg_median": 163347.96875,
  "summary_fg_n": 37731.0,
  "summary_fg_p05": 128618.6796875,
  "summary_fg_p95": 223273.3671875,
  "summary_fg_stdv": 32093.55078125,
  "tsnr": 76.82209777832031
}