{
  "aor": 0.0009345641025641023,
  "aqi": 0.0067027225641025645,
  "bids_meta": {
    "AcquisitionMatrixPE": 78,
    "AcquisitionNumber": 5,
    "AcquisitionTime": "12:59:41.890000",
    "BodyPartExamined": "HEAD",
    "ConversionSoftware": "dcm2niix",
    "ConversionSoftwareVersion": "v1.0.20180622 GCC4.9.2",
    "DeviceSerialNumber": "34111",
    "EchoTime": 0.030001,
    "EchoTrainLength": 31,
    "FlipAngle": 75,
    "ImageOrientationPatientDICOM": [
      0.999133,
      0.038692,
      0.0153847,
      -0.0380754,
      0.998532,
      -0.0385314
    ],
    "ImageType": [
      "ORIGINAL",
      "PRIMARY",
      "M",
      "FFE",
      "M",
      "FFE"
    ],
    "InPlanePhaseEncodingDirectionDICOM": "COL",
    "MRAcquisitionType": "2D",
    "MagneticFieldStrength": 3,
    "Manufacturer": "Philips",
    "ManufacturersModelName": "Achieva_dStream",
    "Modality": "MR",
    "PatientPosition": "HFS",
    "PercentPhaseFOV": 100,
    "PhaseEncodingAxis": "j",
    "PhaseEncodingSteps": 78,
    "PhilipsRescaleIntercept": 0,
    "PhilipsRescaleSlope": 0.775092,
    "PhilipsScaleSlope": 0.00745666,
    "PixelBandwidth": 3418,
    "ProtocolName": "EPI_run2_195dyn",
    "ReconMatrixPE": 80,
    "RepetitionTime": 2,
    "SAR": 0.0795428,
    "ScanOptions": "FS",
    "ScanningSequence": "GR",
    "SequenceVariant": "SK",
    "SeriesDescription": "EPI_run2_195dyn",
    "SeriesNumber": 501,
    "SliceThickness": 3,
    "SoftwareVersions": "5.3.1_5.3.1.1",
    "SpacingBetweenSlices": 3.2,
    "StationName": "HOST_INGENIA",
    "TaskName": "faces",
    "UsePhilipsFloatNotDisplayScaling": 1,
    "dataset": "ds001761",
    "modality": "bold",
    "run_id": 2,
    "session_id": "01",
    "subject_id": "04",
    "task_id": "faces"
  },
  "dummy_trs": 0,
  "dvars_nstd": 26.504629823402045,
  "dvars_std": 1.234228647319588,
  "dvars_vstd": 0.9918743323711341,
  "efc": 0.4168186180495443,
  "fber": 146297.4375,
  "fd_mean": 0.08005390911514984,
  "fd_num": 3,
  "fd_perc": 1.5384615384615385,
  "fwhm_avg": 1.8111620055282975,
  "fwhm_x": 1.7837333333333334,
  "fwhm_y": 1.9665433333333333,
  "fwhm_z": 1.6832093499182261,
  "gcor": 0.0588518,
  "gsr_x": -0.0020411729346960783,
  "gsr_y": 0.0028070539701730013,
  "provenance": {
    "md5sum": "6426a5cd264b743b618d2190e4a7e533",
    "settings": {
      "fd_thres": 0.2,
      "testing": false
    },
    "software": "mriqc",
    "version": "21.0.0rc2",
    "webapi_port": null,
    "webapi_url": "https://mriqc.nimh.nih.gov/api/v1"
  },
  "size_t": 195,
  "size_x": 80,
  "size_y": 80,
  "size_z": 41,
  "snr": 4.923729015069887,
  "spacing_tr": 1.9999991655349731,
  "spacing_x": 3.0,
  "spacing_y": 3.0,
  "spacing_z": 3.200000047683716,
  "summary_bg_k": 124.00881130244639,
  "summary_bg_mad": 532.0756297021595,
  "summary_bg_mean": 3846.2080078125,
  "summary_bg_median": 422.4407653808594,
  "summary_bg_n": 181000.0,
  "summary_bg_p05": 20.905795097351078,
  "summary_bg_p95": 17148.701953124983,
  "summary_bg_stdv": 11898.4375,
  "summary_fg_k": 4.805534332047575,
  "summary_fg_mad": 25723.577055775982,
  "summary_fg_mean": 168988.140625,
  "summary_fg_median": 163881.90625,
  "summary_fg_n": 37536.0,
  "summary_fg_p05": 128708.84375,
  "summary_fg_p95": 225326.47265625,
  "summary_fg_stdv": 33283.66015625,
  "tsnr": 64.63273620605469
}