{
  "aor": 0.0037730357142857144,
  "aqi": 0.004748885,
  "bids_meta": {
    "AcquisitionMatrixPE": 78,
    "AcquisitionNumber": 13,
    "AcquisitionTime": "13:54:35.710000",
    "BodyPartExamined": "HEAD",
    "ConversionSoftware": "dcm2niix",
    "ConversionSoftwareVersion": "v1.0.20180622 GCC4.9.2",
    "DeviceSerialNumber": "34111",
    "EchoTime": 0.030001,
    "EchoTrainLength": 31,
    "FlipAngle": 75,
    "ImageOrientationPatientDICOM": [
      0.999133,
      0.038692,
      0.0153847,
      -0.0380754,
      0.998532,
      -0.0385314
    ],
    "ImageType": [
      "ORIGINAL",
      "PRIMARY",
      "M",
      "FFE",
      "M",
      "FFE"
    ],
    "InPlanePhaseEncodingDirectionDICOM": "COL",
    "MRAcquisitionType": "2D",
    "MagneticFieldStrength": 3,
    "Manufacturer": "Philips",
    "ManufacturersModelName": "Achieva_dStream",
    "Modality": "MR",
    "PatientPosition": "HFS",
    "PercentPhaseFOV": 100,
    "PhaseEncodingAxis": "j",
    "PhaseEncodingSteps": 78,
    "PhilipsRescaleIntercept": 0,
    "PhilipsRescaleSlope": 0.810989,
    "PhilipsScaleSlope": 0.0074885,
    "PixelBandwidth": 3418,
    "ProtocolName": "EPI_LOCALIZER_56dyn",
    "ReconMatrixPE": 80,
    "RepetitionTime": 2,
    "SAR": 0.0795428,
    "ScanOptions": "FS",
    "ScanningSequence": "GR",
    "SequenceVariant": "SK",
    "SeriesDescription": "EPI_LOCALIZER_56dyn",
    "SeriesNumber": 1301,
    "SliceThickness": 3,
    "SoftwareVersions": "5.3.1_5.3.1.1",
    "SpacingBetweenSlices": 3.2,
    "StationName": "HOST_INGENIA",
    "TaskName": "loc",
    "UsePhilipsFloatNotDisplayScaling": 1,
    "dataset": "ds001761",
    "modality": "bold",
    "run_id": 2,
    "session_id": "01",
    "subject_id": "04",
    "task_id": "loc"
  },
  "dummy_trs": 0,
  "dvars_nstd": 25.145621386363644,
  "dvars_std": 1.2343357519999996,
  "dvars_vstd": 1.0144322514545459,
  "efc": 0.4197112946816952,
  "fber": 149983.90625,
  "fd_mean": 0.060827429098282024,
  "fd_num": 0,
  "fd_perc": 0.0,
  "fwhm_avg": 1.821195894307042,
  "fwhm_x": 1.7995633333333334,
  "fwhm_y": 1.95864,
  "fwhm_z": 1.705384349587793,
  "gcor": 0.0263633,
  "gsr_x": -0.0025938982143998146,
  "gsr_y": 0.002195505890995264,
  "provenance": {
    "md5sum": "9385946b24bc8df3164372015a958827",
    "settings": {
      "fd_thres": 0.2,
      "testing": false
    },
    "software": "mriqc",
    "version": "21.0.0rc2",
    "webapi_port": null,
    "webapi_url": "https://mriqc.nimh.nih.gov/api/v1"
  },
  "size_t": 56,
  "size_x": 80,
  "size_y": 80,
  "size_z": 41,
  "snr": 5.080056283785602,
  "spacing_tr": 1.9999991655349731,
  "spacing_x": 3.0,
  "spacing_y": 3.0,
  "spacing_z": 3.200000047683716,
  "summary_bg_k": 127.25836090501863,
  "summary_bg_mad": 531.997400355364,
  "summary_bg_mean": 3913.8583984375,
  "summary_bg_median": 416.6541748046875,
  "summary_bg_n": 180669.0,
  "summary_bg_p05": 14.221744155883789,
  "summary_bg_p95": 17844.310937500013,
  "summary_bg_stdv": 11902.185546875,
  "summary_fg_k": 4.428101172539096,
  "summary_fg_mad": 25348.328117706245,
  "summary_fg_mean": 167682.515625,
  "summary_fg_median": 162923.328125,
  "summary_fg_n": 37841.0,
  "summary_fg_p05": 128504.3984375,
  "summary_fg_p95": 222120.703125,
  "summary_fg_stdv": 32070.7421875,
  "tsnr": 78.71465301513672
}