{
  "aor": 0.0012806666666666667,
  "aqi": 0.006249515333333335,
  "bids_meta": {
    "AcquisitionMatrixPE": 78,
    "AcquisitionNumber": 12,
    "AcquisitionTime": "13:45:53.110000",
    "BodyPartExamined": "HEAD",
    "ConversionSoftware": "dcm2niix",
    "ConversionSoftwareVersion": "v1.0.20180622 GCC4.9.2",
    "DeviceSerialNumber": "34111",
    "EchoTime": 0.030001,
    "EchoTrainLength": 31,
    "FlipAngle": 75,
    "ImageOrientationPatientDICOM": [
      0.999133,
      0.038692,
      0.0153847,
      -0.0380754,
      0.998532,
      -0.0385314
    ],
    "ImageType": [
      "ORIGINAL",
      "PRIMARY",
      "M",
      "FFE",
      "M",
      "FFE"
    ],
    "InPlanePhaseEncodingDirectionDICOM": "COL",
    "MRAcquisitionType": "2D",
    "MagneticFieldStrength": 3,
    "Manufacturer": "Philips",
    "ManufacturersModelName": "Achieva_dStream",
    "Modality": "MR",
    "PatientPosition": "HFS",
    "PercentPhaseFOV": 100,
    "PhaseEncodingAxis": "j",
    "PhaseEncodingSteps": 78,
    "PhilipsRescaleIntercept": 0,
    "PhilipsRescaleSlope": 0.803175,
    "PhilipsScaleSlope": 0.00754848,
    "PixelBandwidth": 3418,
    "ProtocolName": "EPI_run7_195dyn",
    "ReconMatrixPE": 80,
    "RepetitionTime": 2,
    "SAR": 0.0795428,
    "ScanOptions": "FS",
    "ScanningSequence": "GR",
    "SequenceVariant": "SK",
    "SeriesDescription": "EPI_run7_195dyn",
    "SeriesNumber": 1201,
    "SliceThickness": 3,
    "SoftwareVersions": "5.3.1_5.3.1.1",
    "SpacingBetweenSlices": 3.2,
    "StationName": "HOST_INGENIA",
    "TaskName": "faces",
    "UsePhilipsFloatNotDisplayScaling": 1,
    "dataset": "ds001761",
    "modality": "bold",
    "run_id": 7,
    "session_id": "01",
    "subject_id": "04",
    "task_id": "faces"
  },
  "dummy_trs": 0,
  "dvars_nstd": 26.14698220288659,
  "dvars_std": 1.2349761510824744,
  "dvars_vstd": 1.0033650562886598,
  "efc": 0.4196993773016364,
  "fber": 145026.90625,
  "fd_mean": 0.07386941862373197,
  "fd_num": 4,
  "fd_perc": 2.051282051282051,
  "fwhm_avg": 1.818585616539633,
  "fwhm_x": 1.7853766666666668,
  "fwhm_y": 1.9670833333333333,
  "fwhm_z": 1.703296849618899,
  "gcor": 0.0444862,
  "gsr_x": -0.0024494894314557314,
  "gsr_y": 0.002225687960162759,
  "provenance": {
    "md5sum": "ee8a91a68c22943178b601aa9159fd2e",
    "settings": {
      "fd_thres": 0.2,
      "testing": false
    },
    "software": "mriqc",
    "version": "21.0.0rc2",
    "webapi_port": null,
    "webapi_url": "https://mriqc.nimh.nih.gov/api/v1"
  },
  "size_t": 195,
  "size_x": 80,
  "size_y": 80,
  "size_z": 41,
  "snr": 5.030352788906855,
  "spacing_tr": 1.9999991655349731,
  "spacing_x": 3.0,
  "spacing_y": 3.0,
  "spacing_z": 3.200000047683716,
  "summary_bg_k": 118.35333634029895,
  "summary_bg_mad": 529.2164777229589,
  "summary_bg_mean": 3894.8583984375,
  "summary_bg_median": 418.8668212890625,
  "summary_bg_n": 180786.0,
  "summary_bg_p05": 21.333187103271484,
  "summary_bg_p95": 17595.41650390625,
  "summary_bg_stdv": 11763.63671875,
  "summary_fg_k": 4.595742457487338,
  "summary_fg_mad": 24953.02930119719,
  "summary_fg_mean": 165443.9375,
  "summary_fg_median": 160711.640625,
  "summary_fg_n": 37793.0,
  "summary_fg_p05": 126586.7671875,
  "summary_fg_p95": 219476.93750000003,
  "summary_fg_stdv": 31947.9609375,
  "tsnr": 68.25313568115234
}