{
  "bids_meta": {
    "AcquisitionMatrixPE": 240,
    "AcquisitionNumber": 3,
    "AcquisitionTime": "10:10:10.310000",
    "ConversionSoftware": "dcm2niix",
    "ConversionSoftwareVersion": "v1.0.20180622 GCC4.9.2",
    "DeviceSerialNumber": "34111",
    "EchoTime": 0.003721,
    "EchoTrainLength": 119,
    "FlipAngle": 8,
    "ImageOrientationPatientDICOM": [
      0,
      1,
      0,
      0.0500586,
      0,
      -0.998746
    ],
    "ImageType": [
      "ORIGINAL",
      "PRIMARY",
      "M",
      "FFE",
      "M",
      "FFE"
    ],
    "InPlanePhaseEncodingDirectionDICOM": "ROW",
    "InstitutionName": "INSERM_PURPAN",
    "InstitutionalDepartmentName": "NEURO-SCIENCES",
    "MRAcquisitionType": "3D",
    "MagneticFieldStrength": 3,
    "Manufacturer": "Philips",
    "ManufacturersModelName": "Achieva_dStream",
    "Modality": "MR",
    "PatientPosition": "HFS",
    "PercentPhaseFOV": 100,
    "PhaseEncodingSteps": 240,
    "PhilipsRescaleIntercept": 0,
    "PhilipsRescaleSlope": 14.9194,
    "PhilipsScaleSlope": 0.00168653,
    "PixelBandwidth": 191,
    "ProtocolName": "sT1W_1mm_3D_32ch_SENSE",
    "ReconMatrixPE": 240,
    "RepetitionTime": 0.0081146,
    "SAR": 0.0129785,
    "ScanOptions": "OTHER",
    "ScanningSequence": "GR",
    "SequenceVariant": "MP",
    "SeriesDescription": "sT1W_1mm_3D_32ch",
    "SeriesNumber": 301,
    "SliceThickness": 1,
    "SoftwareVersions": "5.1.7_5.1.7.2",
    "SpacingBetweenSlices": 1,
    "StationName": "PHILIPS-IL8E2TF",
    "UsePhilipsFloatNotDisplayScaling": 1,
    "acq_id": "01",
    "dataset": "ds001761",
    "modality": "T1w",
    "session_id": "01",
    "subject_id": "01"
  },
  "cjv": 0.27321980980042054,
  "cnr": 4.421268051971312,
  "efc": 0.7600680162448803,
  "fber": 183.7724151611328,
  "fwhm_avg": 4.129745910486467,
  "fwhm_x": 4.4746077314594,
  "fwhm_y": 4.2911,
  "fwhm_z": 3.62353,
  "icvs_csf": 0.24693998783805232,
  "icvs_gm": 0.37810344043221505,
  "icvs_wm": 0.3749565717297326,
  "inu_med": 2.3252015113830566,
  "inu_range": 0.4703409433364869,
  "provenance": {
    "md5sum": "e71d81b9bb303528a125bfdebb4e1ca5",
    "settings": {
      "testing": false
    },
    "software": "mriqc",
    "version": "21.0.0rc2",
    "warnings": {
      "large_rot_frame": true,
      "small_air_mask": true
    },
    "webapi_port": null,
    "webapi_url": "https://mriqc.nimh.nih.gov/api/v1"
  },
  "qi_1": 0.0,
  "qi_2": 7.12250042507726e-05,
  "rpve_csf": 19.83156682169335,
  "rpve_gm": 12.269465405191456,
  "rpve_wm": 16.970332839578546,
  "size_x": 170,
  "size_y": 240,
  "size_z": 240,
  "snr_csf": 2.4951453673216393,
  "snr_gm": 8.159094271027797,
  "snr_total": 10.813687973596865,
  "snr_wm": 21.786824282441163,
  "snrd_csf": 152.6579402930195,
  "snrd_gm": 351.6227958642228,
  "snrd_total": 360.0184323362934,
  "snrd_wm": 575.7745608516381,
  "spacing_x": 1.0000027418136597,
  "spacing_y": 1.0,
  "spacing_z": 1.0,
  "summary_bg_k": 1.1196429197993059,
  "summary_bg_mad": 0.13783383690613826,
  "summary_bg_mean": 10.37193775177002,
  "summary_bg_median": 9.939338684082031,
  "summary_bg_n": 76282.0,
  "summary_bg_p05": 0.0,
  "summary_bg_p95": 20.064611148834228,
  "summary_bg_stdv": 6.683772087097168,
  "summary_csf_k": -0.6058982023928428,
  "summary_csf_mad": 95.55735071518018,
  "summary_csf_mean": 242.35169982910156,
  "summary_csf_median": 265.1346740722656,
  "summary_csf_n": 11815.0,
  "summary_csf_p05": 46.009796905517575,
  "summary_csf_p95": 386.5019775390624,
  "summary_csf_stdv": 106.2557144165039,
  "summary_gm_k": 0.5976044514391043,
  "summary_gm_mad": 67.292169235743,
  "summary_gm_mean": 612.9281616210938,
  "summary_gm_median": 610.6947021484375,
  "summary_gm_n": 13692.0,
  "summary_gm_p05": 492.36560211181643,
  "summary_gm_p95": 743.1948181152344,
  "summary_gm_stdv": 74.84561157226562,
  "summary_wm_k": 2.4347361669519527,
  "summary_wm_mad": 39.073500057350245,
  "summary_wm_mean": 999.8740844726562,
  "summary_wm_median": 999.9990844726562,
  "summary_wm_n": 198693.0,
  "summary_wm_p05": 925.3161376953125,
  "summary_wm_p95": 1073.1472900390625,
  "summary_wm_stdv": 45.89914321899414,
  "tpm_overlap_csf": 0.1690056025981903,
  "tpm_overlap_gm": 0.42635464668273926,
  "tpm_overlap_wm": 0.5097848176956177,
  "wm2max": 0.6663525970959446
}