{
  "aor": 0.003834974358974359,
  "aqi": 0.0055599598461538455,
  "bids_meta": {
    "AcquisitionMatrixPE": 78,
    "AcquisitionNumber": 16,
    "AcquisitionTime": "12:23:47.750000",
    "BodyPartExamined": "HEAD",
    "ConversionSoftware": "dcm2niix",
    "ConversionSoftwareVersion": "v1.0.20180622 GCC4.9.2",
    "DeviceSerialNumber": "34111",
    "EchoTime": 0.030001,
    "EchoTrainLength": 31,
    "FlipAngle": 75,
    "ImageOrientationPatientDICOM": [
      0.998899,
      0.0286916,
      0.0371287,
      -0.0238257,
      0.991815,
      -0.125438
    ],
    "ImageType": [
      "ORIGINAL",
      "PRIMARY",
      "M",
      "FFE",
      "M",
      "FFE"
    ],
    "InPlanePhaseEncodingDirectionDICOM": "COL",
    "MRAcquisitionType": "2D",
    "MagneticFieldStrength": 3,
    "Manufacturer": "Philips",
    "ManufacturersModelName": "Achieva_dStream",
    "Modality": "MR",
    "PatientPosition": "HFS",
    "PercentPhaseFOV": 100,
    "PhaseEncodingAxis": "j",
    "PhaseEncodingSteps": 78,
    "PhilipsRescaleIntercept": 0,
    "PhilipsRescaleSlope": 0.759219,
    "PhilipsScaleSlope": 0.00759271,
    "PixelBandwidth": 3420,
    "ProtocolName": "EPI_run11_195dyn",
    "ReconMatrixPE": 80,
    "RepetitionTime": 2,
    "SAR": 0.0791065,
    "ScanOptions": "FS",
    "ScanningSequence": "GR",
    "SequenceVariant": "SK",
    "SeriesDescription": "EPI_run11_195dyn",
    "SeriesNumber": 1601,
    "SliceThickness": 3,
    "SoftwareVersions": "5.3.1_5.3.1.1",
    "SpacingBetweenSlices": 3.2,
    "StationName": "HOST_INGENIA",
    "TaskName": "faces",
    "UsePhilipsFloatNotDisplayScaling": 1,
    "dataset": "ds001761",
    "modality": "bold",
    "run_id": 11,
    "session_id": "01",
    "subject_id": "02",
    "task_id": "faces"
  },
  "dummy_trs": 0,
  "dvars_nstd": 23.627366243144316,
  "dvars_std": 1.2086239468556705,
  "dvars_vstd": 1.0408302880412375,
  "efc": 0.4517429204758251,
  "fber": 82829.4765625,
  "fd_mean": 0.10548189922553562,
  "fd_num": 15,
  "fd_perc": 7.6923076923076925,
  "fwhm_avg": 1.852679158047649,
  "fwhm_x": 1.7971133333333331,
  "fwhm_y": 2.0256866666666666,
  "fwhm_z": 1.7352374741429468,
  "gcor": 0.0211255,
  "gsr_x": -0.007459980435669422,
  "gsr_y": 0.016820179298520088,
  "provenance": {
    "md5sum": "f6d14ef3a619de0a67cca913f47008e1",
    "settings": {
      "fd_thres": 0.2,
      "testing": false
    },
    "software": "mriqc",
    "version": "21.0.0rc2",
    "webapi_port": null,
    "webapi_url": "https://mriqc.nimh.nih.gov/api/v1"
  },
  "size_t": 195,
  "size_x": 80,
  "size_y": 80,
  "size_z": 41,
  "snr": 5.709700986733136,
  "spacing_tr": 1.9999991655349731,
  "spacing_x": 3.0,
  "spacing_y": 3.0,
  "spacing_z": 3.200000047683716,
  "summary_bg_k": 103.93983357504705,
  "summary_bg_mad": 734.448960498548,
  "summary_bg_mean": 4099.10888671875,
  "summary_bg_median": 582.5091552734375,
  "summary_bg_n": 171701.0,
  "summary_bg_p05": 23.98725128173828,
  "summary_bg_p95": 18684.93359375,
  "summary_bg_stdv": 11268.3876953125,
  "summary_fg_k": 2.7115777597634985,
  "summary_fg_mad": 27738.653544491903,
  "summary_fg_mean": 174340.859375,
  "summary_fg_median": 171554.046875,
  "summary_fg_n": 44392.0,
  "summary_fg_p05": 132864.85859375,
  "summary_fg_p95": 224003.74609375,
  "summary_fg_stdv": 30045.7265625,
  "tsnr": 70.53073120117188
}