{
  "aor": 0.0024453333333333336,
  "aqi": 0.006439793794871794,
  "bids_meta": {
    "AcquisitionMatrixPE": 78,
    "AcquisitionNumber": 15,
    "AcquisitionTime": "12:16:22.360000",
    "BodyPartExamined": "HEAD",
    "ConversionSoftware": "dcm2niix",
    "ConversionSoftwareVersion": "v1.0.20180622 GCC4.9.2",
    "DeviceSerialNumber": "34111",
    "EchoTime": 0.030001,
    "EchoTrainLength": 31,
    "FlipAngle": 75,
    "ImageOrientationPatientDICOM": [
      0.998899,
      0.0286916,
      0.0371287,
      -0.0238257,
      0.991815,
      -0.125438
    ],
    "ImageType": [
      "ORIGINAL",
      "PRIMARY",
      "M",
      "FFE",
      "M",
      "FFE"
    ],
    "InPlanePhaseEncodingDirectionDICOM": "COL",
    "MRAcquisitionType": "2D",
    "MagneticFieldStrength": 3,
    "Manufacturer": "Philips",
    "ManufacturersModelName": "Achieva_dStream",
    "Modality": "MR",
    "PatientPosition": "HFS",
    "PercentPhaseFOV": 100,
    "PhaseEncodingAxis": "j",
    "PhaseEncodingSteps": 78,
    "PhilipsRescaleIntercept": 0,
    "PhilipsRescaleSlope": 0.750183,
    "PhilipsScaleSlope": 0.00759896,
    "PixelBandwidth": 3420,
    "ProtocolName": "EPI_run10_195dyn",
    "ReconMatrixPE": 80,
    "RepetitionTime": 2,
    "SAR": 0.0791065,
    "ScanOptions": "FS",
    "ScanningSequence": "GR",
    "SequenceVariant": "SK",
    "SeriesDescription": "EPI_run10_195dyn",
    "SeriesNumber": 1501,
    "SliceThickness": 3,
    "SoftwareVersions": "5.3.1_5.3.1.1",
    "SpacingBetweenSlices": 3.2,
    "StationName": "HOST_INGENIA",
    "TaskName": "faces",
    "UsePhilipsFloatNotDisplayScaling": 1,
    "dataset": "ds001761",
    "modality": "bold",
    "run_id": 10,
    "session_id": "01",
    "subject_id": "02",
    "task_id": "faces"
  },
  "dummy_trs": 0,
  "dvars_nstd": 23.132122659226813,
  "dvars_std": 1.1694200871134015,
  "dvars_vstd": 1.004786420927835,
  "efc": 0.4516334104481696,
  "fber": 83251.828125,
  "fd_mean": 0.08275902055002844,
  "fd_num": 7,
  "fd_perc": 3.58974358974359,
  "fwhm_avg": 1.854489991367509,
  "fwhm_x": 1.7994733333333333,
  "fwhm_y": 2.0260466666666668,
  "fwhm_z": 1.7379499741025273,
  "gcor": 0.0138925,
  "gsr_x": -0.0072209578938782215,
  "gsr_y": 0.017233263701200485,
  "provenance": {
    "md5sum": "206aef0204034350a2119d7b20c50dda",
    "settings": {
      "fd_thres": 0.2,
      "testing": false
    },
    "software": "mriqc",
    "version": "21.0.0rc2",
    "webapi_port": null,
    "webapi_url": "https://mriqc.nimh.nih.gov/api/v1"
  },
  "size_t": 195,
  "size_x": 80,
  "size_y": 80,
  "size_z": 41,
  "snr": 5.751651757243899,
  "spacing_tr": 1.9999991655349731,
  "spacing_x": 3.0,
  "spacing_y": 3.0,
  "spacing_z": 3.200000047683716,
  "summary_bg_k": 108.01694681192181,
  "summary_bg_mad": 735.6740427020419,
  "summary_bg_mean": 4102.3388671875,
  "summary_bg_median": 584.05615234375,
  "summary_bg_n": 171756.0,
  "summary_bg_p05": 24.57782506942749,
  "summary_bg_p95": 18700.6806640625,
  "summary_bg_stdv": 11317.619140625,
  "summary_fg_k": 2.744977669856306,
  "summary_fg_mad": 27680.947886268506,
  "summary_fg_mean": 175059.46875,
  "summary_fg_median": 172255.453125,
  "summary_fg_n": 44351.0,
  "summary_fg_p05": 133729.90625,
  "summary_fg_p95": 224465.875,
  "summary_fg_stdv": 29948.529296875,
  "tsnr": 70.46514892578125
}