{
  "aor": 0.004744285714285714,
  "aqi": 0.004639855714285714,
  "bids_meta": {
    "AcquisitionMatrixPE": 78,
    "AcquisitionNumber": 11,
    "AcquisitionTime": "11:50:38.780000",
    "BodyPartExamined": "HEAD",
    "ConversionSoftware": "dcm2niix",
    "ConversionSoftwareVersion": "v1.0.20180622 GCC4.9.2",
    "DeviceSerialNumber": "34111",
    "EchoTime": 0.030001,
    "EchoTrainLength": 31,
    "FlipAngle": 75,
    "ImageOrientationPatientDICOM": [
      0.998899,
      0.0286916,
      0.0371287,
      -0.0238257,
      0.991815,
      -0.125438
    ],
    "ImageType": [
      "ORIGINAL",
      "PRIMARY",
      "M",
      "FFE",
      "M",
      "FFE"
    ],
    "InPlanePhaseEncodingDirectionDICOM": "COL",
    "MRAcquisitionType": "2D",
    "MagneticFieldStrength": 3,
    "Manufacturer": "Philips",
    "ManufacturersModelName": "Achieva_dStream",
    "Modality": "MR",
    "PatientPosition": "HFS",
    "PercentPhaseFOV": 100,
    "PhaseEncodingAxis": "j",
    "PhaseEncodingSteps": 78,
    "PhilipsRescaleIntercept": 0,
    "PhilipsRescaleSlope": 0.816361,
    "PhilipsScaleSlope": 0.00688944,
    "PixelBandwidth": 3420,
    "ProtocolName": "EPI_LOCALIZER_56dyn",
    "ReconMatrixPE": 80,
    "RepetitionTime": 2,
    "SAR": 0.0791065,
    "ScanOptions": "FS",
    "ScanningSequence": "GR",
    "SequenceVariant": "SK",
    "SeriesDescription": "EPI_LOCALIZER_56dyn",
    "SeriesNumber": 1101,
    "SliceThickness": 3,
    "SoftwareVersions": "5.3.1_5.3.1.1",
    "SpacingBetweenSlices": 3.2,
    "StationName": "HOST_INGENIA",
    "TaskName": "loc",
    "UsePhilipsFloatNotDisplayScaling": 1,
    "dataset": "ds001761",
    "modality": "bold",
    "run_id": 2,
    "session_id": "01",
    "subject_id": "02",
    "task_id": "loc"
  },
  "dummy_trs": 0,
  "dvars_nstd": 23.14350662163636,
  "dvars_std": 1.1929728434545455,
  "dvars_vstd": 1.0284993865454548,
  "efc": 0.45007570956298726,
  "fber": 90240.0234375,
  "fd_mean": 0.07506164684333026,
  "fd_num": 2,
  "fd_perc": 3.5714285714285716,
  "fwhm_avg": 1.844574713625308,
  "fwhm_x": 1.78991,
  "fwhm_y": 2.0130266666666667,
  "fwhm_z": 1.7307874742092568,
  "gcor": 0.0338934,
  "gsr_x": -0.007221708539873362,
  "gsr_y": 0.01703576371073723,
  "provenance": {
    "md5sum": "cffc7e23d4fa0dc156ced57b45df58d5",
    "settings": {
      "fd_thres": 0.2,
      "testing": false
    },
    "software": "mriqc",
    "version": "21.0.0rc2",
    "webapi_port": null,
    "webapi_url": "https://mriqc.nimh.nih.gov/api/v1"
  },
  "size_t": 56,
  "size_x": 80,
  "size_y": 80,
  "size_z": 41,
  "snr": 5.703539426558849,
  "spacing_tr": 1.9999991655349731,
  "spacing_x": 3.0,
  "spacing_y": 3.0,
  "spacing_z": 3.200000047683716,
  "summary_bg_k": 110.98208622754942,
  "summary_bg_mad": 724.8074762899294,
  "summary_bg_mean": 3997.92578125,
  "summary_bg_median": 565.55712890625,
  "summary_bg_n": 171826.0,
  "summary_bg_p05": 16.85801887512207,
  "summary_bg_p95": 18321.81298828125,
  "summary_bg_stdv": 11163.529296875,
  "summary_fg_k": 2.8181268263549057,
  "summary_fg_mad": 27793.99630542956,
  "summary_fg_mean": 176152.484375,
  "summary_fg_median": 173281.421875,
  "summary_fg_n": 44281.0,
  "summary_fg_p05": 134207.953125,
  "summary_fg_p95": 226220.453125,
  "summary_fg_stdv": 30381.041015625,
  "tsnr": 78.36370086669922
}