{
  "bids_meta": {
    "AcquisitionMatrixPE": 240,
    "AcquisitionNumber": 2,
    "AcquisitionTime": "10:20:16.710000",
    "BodyPartExamined": "HEAD",
    "ConversionSoftware": "dcm2niix",
    "ConversionSoftwareVersion": "v1.0.20180622 GCC4.9.2",
    "DeviceSerialNumber": "34111",
    "EchoTime": 0.003735,
    "EchoTrainLength": 119,
    "FlipAngle": 8,
    "ImageOrientationPatientDICOM": [
      0.0212893,
      0.998858,
      -0.0427793,
      0.0298035,
      -0.0434041,
      -0.998613
    ],
    "ImageType": [
      "ORIGINAL",
      "PRIMARY",
      "M",
      "FFE",
      "M",
      "FFE"
    ],
    "InPlanePhaseEncodingDirectionDICOM": "ROW",
    "MRAcquisitionType": "3D",
    "MagneticFieldStrength": 3,
    "Manufacturer": "Philips",
    "ManufacturersModelName": "Achieva_dStream",
    "Modality": "MR",
    "PatientPosition": "HFS",
    "PercentPhaseFOV": 100,
    "PhaseEncodingSteps": 240,
    "PhilipsRescaleIntercept": 0,
    "PhilipsRescaleSlope": 4.4906,
    "PhilipsScaleSlope": 0.00169509,
    "PixelBandwidth": 191,
    "ProtocolName": "sT1W_1mm_3D_32ch",
    "ReconMatrixPE": 240,
    "RepetitionTime": 0.0081321,
    "SAR": 0.0130521,
    "ScanOptions": "OTHER",
    "ScanningSequence": "GR",
    "SequenceVariant": "MP",
    "SeriesDescription": "sT1W_1mm_3D_32ch",
    "SeriesNumber": 201,
    "SliceThickness": 1,
    "SoftwareVersions": "5.3.1_5.3.1.1",
    "SpacingBetweenSlices": 1,
    "StationName": "HOST_INGENIA",
    "UsePhilipsFloatNotDisplayScaling": 1,
    "acq_id": "01",
    "dataset": "ds001761",
    "modality": "T1w",
    "session_id": "08",
    "subject_id": "03"
  },
  "cjv": 0.2743509220723259,
  "cnr": 4.322782721896893,
  "efc": 0.7479343328920374,
  "fber": 421.7854309082031,
  "fwhm_avg": 3.7573343172233975,
  "fwhm_x": 3.8092929516701917,
  "fwhm_y": 3.99213,
  "fwhm_z": 3.47058,
  "icvs_csf": 0.24489932958472588,
  "icvs_gm": 0.3690115820473077,
  "icvs_wm": 0.3860890883679664,
  "inu_med": 2.6258530616760254,
  "inu_range": 0.7979209899902342,
  "provenance": {
    "md5sum": "41a8c9b65e7d850b2dd0abe6179f6710",
    "settings": {
      "testing": false
    },
    "software": "mriqc",
    "version": "21.0.0rc2",
    "warnings": {
      "large_rot_frame": true,
      "small_air_mask": true
    },
    "webapi_port": null,
    "webapi_url": "https://mriqc.nimh.nih.gov/api/v1"
  },
  "qi_1": 0.0,
  "qi_2": 1.6362309081283262e-05,
  "rpve_csf": 17.690620671459666,
  "rpve_gm": 11.124219834670484,
  "rpve_wm": 15.202221100612077,
  "size_x": 170,
  "size_y": 240,
  "size_z": 240,
  "snr_csf": 2.9888285561857644,
  "snr_gm": 6.701332391373578,
  "snr_total": 10.773321389866004,
  "snr_wm": 22.629803222038664,
  "snrd_csf": 22.329219316216342,
  "snrd_gm": 45.035381297811895,
  "snrd_total": 48.36927257200614,
  "snrd_wm": 77.74321710199017,
  "spacing_x": 0.9999992251396179,
  "spacing_y": 1.0,
  "spacing_z": 1.0,
  "summary_bg_k": 2.5642450395624667,
  "summary_bg_mad": 8.42684062047411,
  "summary_bg_mean": 9.250375747680664,
  "summary_bg_median": 8.683074951171875,
  "summary_bg_n": 238182.0,
  "summary_bg_p05": 0.0,
  "summary_bg_p95": 21.66924371719358,
  "summary_bg_stdv": 6.896427631378174,
  "summary_csf_k": 1.1748707117013684,
  "summary_csf_mad": 68.88831485840325,
  "summary_csf_mean": 272.3043212890625,
  "summary_csf_median": 287.21466064453125,
  "summary_csf_n": 10890.0,
  "summary_csf_p05": 74.30014305114746,
  "summary_csf_p95": 408.78234863281233,
  "summary_csf_stdv": 96.0916519165039,
  "summary_gm_k": 0.681436431660952,
  "summary_gm_mad": 76.37573205897364,
  "summary_gm_mean": 586.013671875,
  "summary_gm_median": 579.27783203125,
  "summary_gm_n": 16593.0,
  "summary_gm_p05": 453.8411560058594,
  "summary_gm_p95": 743.701171875,
  "summary_gm_stdv": 86.43958282470703,
  "summary_wm_k": 1.7782367618624288,
  "summary_wm_mad": 39.046986235937766,
  "summary_wm_mean": 999.1801147460938,
  "summary_wm_median": 999.9898071289062,
  "summary_wm_n": 233446.0,
  "summary_wm_p05": 926.1202697753906,
  "summary_wm_p95": 1068.0309448242188,
  "summary_wm_stdv": 44.188968658447266,
  "tpm_overlap_csf": 0.15740787982940674,
  "tpm_overlap_gm": 0.41445019841194153,
  "tpm_overlap_wm": 0.5016825795173645,
  "wm2max": 0.6976872983687319
}